##TITLE=Parameter List, ParaVision 6.0.1
##JCAMPDX=4.24
##DATATYPE=Parameter Values
##ORIGIN=Bruker BioSpin MRI GmbH
##OWNER=nmr
$$ 2023-06-06 15:14:25.193 +0200  nmr@CZC7039C06
$$ /opt/PV6.0.1/data/nmr/20230606_141317_ML_21304_9_1_1/9/visu_pars
$$ process /opt/PV6.0.1/prog/mod/acq_out
##$VisuVersion=3
##$VisuUid=( 65 )
<2.16.756.5.5.100.8323328.113537.1686057265.1>
##$VisuCreator=( 65 )
<ParaVision>
##$VisuCreatorVersion=( 65 )
<6.0.1>
##$VisuCreationDate=<2023-06-06T15:14:25,156+0200>
##$VisuInstanceModality=( 65 )
<MR>
##$VisuCoreFrameCount=114
##$VisuCoreDim=2
##$VisuCoreSize=( 2 )
128 128
##$VisuCoreDimDesc=( 2 )
spatial spatial
##$VisuCoreExtent=( 2 )
19.2 19.2
##$VisuCoreFrameThickness=( 1 )
1
##$VisuCoreUnits=( 2, 65 )
<mm> <mm>
##$VisuCoreOrientation=( 19, 9 )
1 0 0 0 1 0 0 0 1 1 0 0 0 1 0 0 0 1 1 0 0 0 1 0 0 0 1 1 0 0 0 1 0 0 0 1 1 0 0 
0 1 0 0 0 1 1 0 0 0 1 0 0 0 1 1 0 0 0 1 0 0 0 1 1 0 0 0 1 0 0 0 1 1 0 0 0 1 0 
0 0 1 1 0 0 0 1 0 0 0 1 1 0 0 0 1 0 0 0 1 1 0 0 0 1 0 0 0 1 1 0 0 0 1 0 0 0 1 
1 0 0 0 1 0 0 0 1 1 0 0 0 1 0 0 0 1 1 0 0 0 1 0 0 0 1 1 0 0 0 1 0 0 0 1 1 0 0 
0 1 0 0 0 1 1 0 0 0 1 0 0 0 1
##$VisuCorePosition=( 19, 3 )
-10.031034 -11.91214 -9.646552 -10.031034 -11.91214 -8.646552 -10.031034 
-11.91214 -7.646552 -10.031034 -11.91214 -6.646552 -10.031034 -11.91214 
-5.646552 -10.031034 -11.91214 -4.646552 -10.031034 -11.91214 -3.646552 
-10.031034 -11.91214 -2.646552 -10.031034 -11.91214 -1.646552 -10.031034 
-11.91214 -0.646552 -10.031034 -11.91214 0.353448 -10.031034 -11.91214 
1.353448 -10.031034 -11.91214 2.353448 -10.031034 -11.91214 3.353448 
-10.031034 -11.91214 4.353448 -10.031034 -11.91214 5.353448 -10.031034 
-11.91214 6.353448 -10.031034 -11.91214 7.353448 -10.031034 -11.91214 8.353448
##$VisuCoreDataMin=( 114 )
104.887863212623 135.27460733427 126.310000391118 140.432921298054 
85.0362529418214 96.6348588235765 126.816451122972 117.934365755214 
133.336229436099 85.0420934129087 109.87533022024 133.476211732701 
101.842118031651 109.941534256211 130.3282167547 122.494134627743 
122.324100560499 148.532631163366 124.215971500485 107.3672688642 
113.720397494375 129.831211878866 140.019180599838 105.731305341703 
135.007747241856 133.971391115325 112.139583329268 125.19054705899 
105.246014576211 116.081598729778 139.976414985405 122.502228224217 
126.598267527785 89.2558673564155 137.901089759081 139.381757436601 
87.797720971073 117.313854964917 117.074989475239 138.374223758796 
96.7652843804934 106.599859835963 138.855709134539 97.2809488794023 
123.320751180071 106.592857482187 67.3339638593834 94.0889997558604 
53.7674372229908 135.899101908343 89.9849355967692 121.352295208239 
137.505582637294 78.1007586194767 82.0373705699808 138.412340222439 
89.0135872854557 134.155346423982 144.421088945685 132.712841606462 
126.567431387184 121.862419998826 120.449745652501 128.842566194598 
96.3362991264286 128.72506553431 122.243025315853 116.30717651464 
109.607202624367 141.411453715734 157.771296007309 151.311157869579 
96.8822337922778 136.53089195068 140.58044489366 146.481866807173 
102.189851893231 133.817237058435 136.146537218388 101.491392482367 
142.17165301904 130.232346463266 157.476896483924 123.555181212228 
139.450500679673 124.308638440367 146.147248459783 116.86741754469 
122.071720440396 120.798265432106 120.425089192616 75.8523064415315 
135.142525062638 116.524060190094 124.178696050421 102.24933288213 
70.8229065304995 140.595828472837 153.808749164942 154.947552308488 
140.342395707885 172.497797374852 149.790650703454 169.82842858748 
174.475386861752 135.811161324283 177.804066092166 111.489095026577 
145.968338335683 130.557650593097 105.31918680821 153.339053798059 
172.632652771137 140.065950964611
##$VisuCoreDataMax=( 114 )
11516.4154622293 13483.4374863406 9810.55479168742 9238.6283651306 
11390.6213654367 9990.24889595945 8717.7183819377 7485.34348573203 
7936.21078374787 7160.89853369576 8886.34202087084 8559.67463957748 
9475.23764551312 10227.5348900616 11463.3031937599 10775.0102237158 
10406.515449122 11425.8909225004 11605.0200505393 14740.131629395 
17111.5845544621 12859.4238683732 11382.0049752989 13928.6979886329 
12906.7915216413 10904.7137993804 9565.76414915206 9627.60399078469 
8949.60895028576 10326.1546024637 11044.8590547206 12438.1345320224 
12787.6665902025 14579.2738360318 13350.7002433276 12881.876143337 
14425.7741184476 14698.0669536732 15989.6354817173 19204.6377593691 
14816.0979719046 12792.6497688902 15902.8878774925 14396.0612209232 
11888.3899817976 10920.3122588233 10398.3915559692 9773.86092094201 
11187.3286185422 12515.6483795271 13915.968003113 13818.7537804413 
15773.2998137734 14459.2531247015 14528.6382423594 15674.2220218847 
15921.2571977935 19883.6046975321 23235.6698797469 18655.7036659639 
15866.7892888024 19195.3433179678 16695.8933499161 13909.3113500187 
13108.2687585368 12528.3479543735 11959.9559204346 12522.8248472401 
14266.5355967791 17052.0853615365 16171.8992005824 18483.2383695947 
17085.1953747949 16916.2004234344 18464.5785301624 18735.4483488218 
26204.7415121289 29011.5754273445 25826.4314625993 21657.5090700342 
23290.7203986872 19571.9539750191 17094.1942058846 15177.6055939573 
15306.8757986709 14193.6218441073 15629.866294972 16814.0428787216 
19577.3878589359 19646.7458205353 21284.7353779156 20245.8988372824 
20124.2725527895 22794.4480877736 21744.8302670795 31493.6418197081 32766.5 
31833.9489861332 26921.0131192288 25282.6544297457 20965.0117109865 
18324.2125898542 15892.3488854483 16646.5089404276 15688.2139773397 
15701.5972062048 17952.3593423 20999.986829033 22430.249196397 
22684.7534892963 21560.4710518229 21997.6612258777 24801.9562358364 
23341.3911825851
##$VisuCoreDataOffs=( 114 )
0 0 0 0 0 0 0 0 0 0 0 0 0 0 0 0 0 0 0 0 0 0 0 0 0 0 0 0 0 0 0 0 0 0 0 0 0 0 0 
0 0 0 0 0 0 0 0 0 0 0 0 0 0 0 0 0 0 0 0 0 0 0 0 0 0 0 0 0 0 0 0 0 0 0 0 0 0 0 
0 0 0 0 0 0 0 0 0 0 0 0 0 0 0 0 0 0 0 0 0 0 0 0 0 0 0 0 0 0 0 0 0 0 0 0
##$VisuCoreDataSlope=( 114 )
0.00464482588846174 0.00464482588846174 0.00464482588846174 
0.00464482588846174 0.00464482588846174 0.00464482588846174 
0.00464482588846174 0.00464482588846174 0.00464482588846174 
0.00464482588846174 0.00464482588846174 0.00464482588846174 
0.00464482588846174 0.00464482588846174 0.00464482588846174 
0.00464482588846174 0.00464482588846174 0.00464482588846174 
0.00464482588846174 0.00464482588846174 0.00464482588846174 
0.00464482588846174 0.00464482588846174 0.00464482588846174 
0.00464482588846174 0.00464482588846174 0.00464482588846174 
0.00464482588846174 0.00464482588846174 0.00464482588846174 
0.00464482588846174 0.00464482588846174 0.00464482588846174 
0.00464482588846174 0.00464482588846174 0.00464482588846174 
0.00464482588846174 0.00464482588846174 0.00464482588846174 
0.00464482588846174 0.00464482588846174 0.00464482588846174 
0.00464482588846174 0.00464482588846174 0.00464482588846174 
0.00464482588846174 0.00464482588846174 0.00464482588846174 
0.00464482588846174 0.00464482588846174 0.00464482588846174 
0.00464482588846174 0.00464482588846174 0.00464482588846174 
0.00464482588846174 0.00464482588846174 0.00464482588846174 
0.00464482588846174 0.00464482588846174 0.00464482588846174 
0.00464482588846174 0.00464482588846174 0.00464482588846174 
0.00464482588846174 0.00464482588846174 0.00464482588846174 
0.00464482588846174 0.00464482588846174 0.00464482588846174 
0.00464482588846174 0.00464482588846174 0.00464482588846174 
0.00464482588846174 0.00464482588846174 0.00464482588846174 
0.00464482588846174 0.00464482588846174 0.00464482588846174 
0.00464482588846174 0.00464482588846174 0.00464482588846174 
0.00464482588846174 0.00464482588846174 0.00464482588846174 
0.00464482588846174 0.00464482588846174 0.00464482588846174 
0.00464482588846174 0.00464482588846174 0.00464482588846174 
0.00464482588846174 0.00464482588846174 0.00464482588846174 
0.00464482588846174 0.00464482588846174 0.00464482588846174 
0.00464482588846174 0.00464482588846174 0.00464482588846174 
0.00464482588846174 0.00464482588846174 0.00464482588846174 
0.00464482588846174 0.00464482588846174 0.00464482588846174 
0.00464482588846174 0.00464482588846174 0.00464482588846174 
0.00464482588846174 0.00464482588846174 0.00464482588846174 
0.00464482588846174 0.00464482588846174 0.00464482588846174
##$VisuCoreFrameType=( 1 )
MAGNITUDE_IMAGE
##$VisuFGElemComment=( 6, 65 )
<VTR=   540.0ms> <VTR=   800.0ms> <VTR=  1000.0ms> <VTR=  1500.0ms> <VTR=  
3000.0ms> <VTR=  6000.0ms>
##$VisuCoreSlicePacksDef=(0, 1)
##$VisuCoreSlicePacksSlices=( 1 )
(0, 19)
##$VisuCoreSlicePacksSliceDist=( 1 )
1
##$VisuCoreWordType=_16BIT_SGN_INT
##$VisuCoreByteOrder=littleEndian
##$VisuFGOrderDescDim=2
##$VisuFGOrderDesc=( 2 )
(19, <FG_SLICE>, <>, 0, 2) (6, <FG_MOVIE>, <vtr>, 2, 2)
##$VisuGroupDepVals=( 4 )
(<VisuCoreOrientation>, 0) (<VisuCorePosition>, 0) (<VisuFGElemComment>, 0) 
(<VisuAcqRepetitionTime>, 0)
##$VisuSubjectName=( 65 )
<ML_21304_9>
##$VisuSubjectId=( 65 )
<ML_21304_9>
##$VisuSubjectUid=( 65 )
<2.16.756.5.5.100.8323328.66482.1686053597.3>
##$VisuSubjectInstanceCreationDate=(1686053597, 593, 120)
##$VisuSubjectBirthDate=( 9 )
<20230606>
##$VisuSubjectSex=UNKNOWN
##$VisuSubjectType=Quadruped
##$VisuStudyUid=( 65 )
<2.16.756.5.5.100.8323328.66482.1686053597.4>
##$VisuStudyDate=<2023-06-06T14:13:17,593+0200>
##$VisuStudyId=( 65 )
<ML_21304_9>
##$VisuStudyNumber=1
##$VisuSubjectWeight=0.001
##$VisuStudyReferringPhysician=( 65 )
<nmr>
##$VisuStudyDescription=( 2048 )
<\
>
##$VisuExperimentNumber=9
##$VisuProcessingNumber=1
##$VisuSeriesDate=<2023-06-06T15:14:25,156+0200>
##$VisuSubjectPosition=Head_Supine
##$VisuSeriesTypeId=( 65 )
<ACQ_BRUKER_PVM>
##$VisuManufacturer=( 65 )
<Bruker BioSpin MRI GmbH>
##$VisuAcqSoftwareVersion=( 65 )
<6.0.1>
##$VisuInstitution=( 65 )
<CHUS - LINC>
##$VisuStation=( 65 )
<BioSpec 94/21>
##$VisuSystemOrderNumber=( 65 )
<unknown>
##$VisuAcqDate=<2023-06-06T15:00:39,839+0200>
##$VisuAcqEchoTrainLength=2
##$VisuAcqSequenceName=( 40 )
<Bruker:RAREVTR>
##$VisuAcqNumberOfAverages=1
##$VisuAcqImagingFrequency=400.342458318047
##$VisuAcqImagedNucleus=( 8 )
<1H>
##$VisuAcqRepetitionTime=( 6 )
540 800 1000 1500 3000 6000
##$VisuAcqPhaseEncSteps=128
##$VisuAcqPixelBandwidth=697.544642857143
##$VisuAcqFlipAngle=90
##$VisuAcqSize=( 2 )
128 128
##$VisuAcqImageSizeAccellerated=No
##$VisuAcqGradEncoding=( 2 )
read_enc phase_enc
##$VisuAcqEchoTime=( 1 )
7.5
##$VisuAcquisitionProtocol=( 65 )
<T1map_RARE_Rat>
##$VisuAcqScanTime=821760
##$VisuAcqAntiAlias=( 2 )
1 1
##$VisuAcqEchoSequenceType=Both
##$VisuAcqSpinsVelocityEncoded=No
##$VisuAcqHasTimeOfFlightContrast=No
##$VisuAcqIsEpiSequence=No
##$VisuAcqSpectralSuppression=NoSuppression
##$VisuAcqKSpaceTraversal=RectilinearTraversal
##$VisuAcqEncodingOrder=( 2 )
LinearEncoding LinearEncoding
##$VisuAcqKSpaceTrajectoryCnt=1
##$VisuAcqKSpaceFiltering=( 2 )
NO_WDW NO_WDW
##$VisuAcqFlowCompensation=FlowNone
##$VisuAcqSpoiling=GradientSpoiled
##$VisuAcqSaturation=( 3 )
(FovSaturation, 10, -0 -1 -6.12323399573677e-17, 0 12.1387 
7.43281005040499e-16) (FovSaturation, 10, -1 -0 0, 14.5115 0 -0) 
(FovSaturation, 10, -1 -0 -6.12323399573677e-17, -14.9425 -0 
-9.14964239812967e-16)
##$VisuAcqPartialFourier=( 2 )
1 1
##$VisuAcqParallelReductionFactor=( 2 )
1 1
##$VisuAcqMagnetizationTransfer=No
##$VisuAcqBloodSignalNulling=No
##$VisuCardiacSynchUsed=No
##$VisuRespSynchUsed=No
##END=
$$ File finished by PARX at 2023-06-06 15:14:25.194 +0200
