##TITLE=Parameter List, ParaVision 6.0.1
##JCAMPDX=4.24
##DATATYPE=Parameter Values
##ORIGIN=Bruker BioSpin MRI GmbH
##OWNER=nmr
$$ 2023-06-06 15:35:01.427 +0200  nmr@CZC7039C06
$$ /opt/PV6.0.1/data/nmr/20230606_141317_ML_21304_9_1_1/10/pdata/1/reco
$$ process /opt/PV6.0.1/prog/bin/parxserver
##$RECO_mode=USER_MODE
##$RecoAutoDerive=No
##$RecoDim=2
##$RecoObjectsPerRepetition=19
##$RecoObjectsPerSetupStep=38
$$ @vis= RECO_mode RecoAutoDerive RecoDim RecoObjectsPerRepetition
##$RecoNumRepetitions=6
##$RECO_inp_order=NO_REORDERING
##$RECO_inp_size=( 2 )
128 128
$$ @vis= RecoObjectsPerSetupStep RecoNumRepetitions RECO_inp_order
##$RECO_ft_size=( 2 )
128 128
##$RECO_fov=( 2 )
1.92 1.92
##$RECO_size=( 2 )
128 128
##$RECO_offset=( 2, 19 )
0 0 0 0 0 0 0 0 0 0 0 0 0 0 0 0 0 0 0 0 0 0 0 0 0 0 0 0 0 0 0 0 0 0 0 0 0 0
##$RECO_regrid_mode=NO_REGRID
##$RECO_regrid_offset=0
##$RECO_ramp_gap=0
##$RECO_ramp_time=0
##$RECO_ne_mode=NO_NAV_DATA
##$RECO_ne_dist=NeNoInterleave
##$RECO_ne_dens=NeCorrPerScan
##$RECO_ne_type=NAV_PHASE
##$RECO_bc_mode=( 2 )
NO_BC NO_BC
##$RECO_bc_start=( 2 )
96 96
##$RECO_bc_len=( 2 )
32 32
##$RECO_dc_offset=( 2 )
0 0
##$RECO_dc_divisor=1
##$RECO_bc_coroff=( 2 )
0 0
##$RECO_qopts=( 2 )
COMPLEX_CONJUGATE NO_QOPTS
##$RECO_wdw_mode=( 2 )
NO_WDW NO_WDW
$$ @vis= RECO_inp_size RECO_ft_size RECO_fov RECO_size RECO_ne_mode
##$RECO_lb=( 2 )
-0.5 -0.5
##$RECO_sw=( 2 )
89285.7142857143 1
##$RECO_gb=( 2 )
0.5 0.5
##$RECO_sbs=( 2 )
1 1
##$RECO_tm1=( 2 )
0.25 0.25
##$RECO_tm2=( 2 )
0.75 0.75
##$RECO_ft_mode=( 2 )
COMPLEX_FT COMPLEX_FT
##$RECO_pc_mode=( 2 )
FIRST_ORDER_PC FIRST_ORDER_PC
##$RECO_pc_lin=( 2 )
(0, 180) (0, 180)
##$RECO_rotate=( 2, 19 )
0.5 0.5 0.5 0.5 0.5 0.5 0.5 0.5 0.5 0.5 0.5 0.5 0.5 0.5 0.5 0.5 0.5 0.5 0.5 
0.620423958333333 0.620423958333333 0.620423958333333 0.620423958333333 
0.620423958333333 0.620423958333333 0.620423958333333 0.620423958333333 
0.620423958333333 0.620423958333333 0.620423958333333 0.620423958333333 
0.620423958333333 0.620423958333333 0.620423958333333 0.620423958333333 
0.620423958333333 0.620423958333333 0.620423958333333
##$RECO_ppc_mode=NO_PPC
##$RECO_ref_image=0
##$RECO_nr_supports=0.4
##$RECO_sig_threshold=0.15
##$RECO_ppc_degree=1
##$RECO_ppc_coeffs=( 19, 2, 2 )
0 0 0 0 0 0 0 0 0 0 0 0 0 0 0 0 0 0 0 0 0 0 0 0 0 0 0 0 0 0 0 0 0 0 0 0 0 0 0 
0 0 0 0 0 0 0 0 0 0 0 0 0 0 0 0 0 0 0 0 0 0 0 0 0 0 0 0 0 0 0 0 0 0 0 0 0
##$RECO_dc_elim=Yes
##$RECO_transposition=( 19 )
0 0 0 0 0 0 0 0 0 0 0 0 0 0 0 0 0 0 0
$$ @vis= RECO_wdw_mode RECO_ft_mode RECO_pc_mode RECO_pc_lin RECO_rotate
##$RECO_image_type=MAGNITUDE_IMAGE
##$RECO_image_threshold=0.15
##$RECO_ir_scale=10
##$RECO_wordtype=_16BIT_SGN_INT
##$RECO_map_mode=ABSOLUTE_MAPPING
##$RECO_map_range=( 2 )
-2147483647 2147483647
##$RECO_map_percentile=( 2 )
1 99.99
##$RECO_map_error=0.0025
##$RECO_globex=( 114 )
0 0 0 0 0 0 0 0 0 0 0 0 0 0 0 0 0 0 0 0 0 0 0 0 0 0 0 0 0 0 0 0 0 0 0 0 0 0 0 
0 0 0 0 0 0 0 0 0 0 0 0 0 0 0 0 0 0 0 0 0 0 0 0 0 0 0 0 0 0 0 0 0 0 0 0 0 0 0 
0 0 0 0 0 0 0 0 0 0 0 0 0 0 0 0 0 0 0 0 0 0 0 0 0 0 0 0 0 0 0 0 0 0 0 0
##$RECO_minima=( 114 )
139.887571664715 133.979213944433 163.513467558878 130.369923215706 
134.65297819532 120.107797064768 122.460590181423 160.385817393681 
132.082186653158 76.5632748221243 116.105546866936 151.162556807433 
114.416101721394 87.3198247200204 151.132641969302 98.4445338042892 
83.0227164672091 145.162279691442 99.3735659597262 148.122063740249 
104.870108572821 128.274559476779 119.34513068245 129.582883313897 
108.934083816156 127.328079047726 129.711079556552 124.04822650838 
121.395986907497 140.967141651025 142.403240413575 147.009999349757 
116.500929270898 109.661557371042 111.132449452607 80.3984487847985 
109.162025039348 126.06314224944 138.024930381413 170.119927955554 
122.297778190939 156.971019933207 130.8722717277 141.262163997541 
96.1342161104276 162.644415418525 106.265492397149 116.577841197195 
135.233306609995 112.377044075807 138.150568575563 149.619297601405 
156.752212727079 133.627580555023 129.322787112055 103.507921286668 
132.516117550087 146.570027721062 125.557199174661 127.076090650177 
173.048096568741 127.694063501301 81.2344965049072 124.062929795503 
104.962105020926 138.408834343316 149.955545718514 125.285629128864 
123.783966400758 153.398468718111 153.289389915268 135.149973012575 
113.7911798503 148.261811212324 120.726093626835 130.810530501169 
150.673422860543 141.44225525395 146.467304226672 157.625918384974 
133.90517983426 138.984354167641 110.737301717515 144.752980176067 
147.016024937709 167.880878868519 92.8460552817152 140.485185079239 
144.161629985237 137.854509499587 162.699823912158 115.240237157992 
136.138393538091 72.2871331864465 106.373028378582 172.120562850587 
144.863656379106 154.355312298347 124.045382491166 163.740052152209 
117.314341602191 167.914909117941 125.280913645341 146.610293908993 
135.647447981619 140.469923563238 178.645029316759 146.361292505966 
149.481666323172 164.307527455061 130.29541497261 138.202479603236 
129.419466334097 112.690786186197
##$RECO_maxima=( 114 )
22297.2597895557 22166.6488265915 20854.6767204527 19051.8090018863 
16615.1900158531 14644.2219893336 11520.8081417976 10496.6574802575 
10279.1423161911 9834.83635109846 9966.88388601929 12498.0740000382 
11443.2598159165 12448.6060217286 12203.6006808734 12828.6049983755 
12717.2133820129 13651.5700422505 14537.7348448314 25749.7804616399 
24515.8384143442 23972.7047919153 21574.7156862529 18271.6354274414 
16175.5664994268 13004.9418274997 12108.749636526 10838.1649960471 
10911.8119158555 11049.8236393485 13831.2063529228 13284.137807583 
14606.7285231303 14826.0482484735 13948.200312967 13981.9369222618 
16369.3065137928 16419.782017095 26977.8785573576 25480.8629800279 
25105.539254941 21882.1152468692 19092.6475653592 16814.5024685602 
13746.3840453889 12721.3567402393 11802.8807180437 12029.1479426625 
11990.0228331684 15424.8610557924 14851.3717470131 16131.5192989634 
16156.2826500618 15641.0609243616 15450.7507129871 17857.7638773881 
18192.5586531079 29492.3387661142 27696.9575455921 27846.6734615382 
24141.6562758841 20798.020483733 18779.4571001535 15313.9325181402 
14144.9243272365 13082.7352166755 13275.784207345 13915.676751702 
15002.7065545967 16447.2170648356 18462.7013254713 18410.2014776019 
17239.6798224877 17340.4438765679 19583.5461340151 20200.9881474518 
32066.5881979808 30157.6781675705 30503.2026185289 27033.2402868915 
23117.5216959091 19944.8112752661 16618.6674521522 15193.6986200652 
14452.3949422327 14217.3045829842 15638.3873101809 16655.2587705976 
17962.8417417156 20519.4567765574 20480.7336075988 19771.9649420054 
19330.6056294855 21571.3964964056 21805.2626479779 32766.5 31553.6129878538 
31368.5935910805 27794.3469960654 24144.9523848225 20585.3636212557 
17384.689650062 15747.3921667744 15146.1030097939 14342.0428530561 
16542.194881616 17532.1707778952 19070.0073234422 21186.1861969025 
21761.24099438 20786.1557658294 19889.0272018506 22883.9176832552 
22732.9795686443
##$RECO_map_min=( 114 )
-149.82924123446 -149.82924123446 -149.82924123446 -149.82924123446 
-149.82924123446 -149.82924123446 -149.82924123446 -149.82924123446 
-149.82924123446 -149.82924123446 -149.82924123446 -149.82924123446 
-149.82924123446 -149.82924123446 -149.82924123446 -149.82924123446 
-149.82924123446 -149.82924123446 -149.82924123446 -149.82924123446 
-149.82924123446 -149.82924123446 -149.82924123446 -149.82924123446 
-149.82924123446 -149.82924123446 -149.82924123446 -149.82924123446 
-149.82924123446 -149.82924123446 -149.82924123446 -149.82924123446 
-149.82924123446 -149.82924123446 -149.82924123446 -149.82924123446 
-149.82924123446 -149.82924123446 -149.82924123446 -149.82924123446 
-149.82924123446 -149.82924123446 -149.82924123446 -149.82924123446 
-149.82924123446 -149.82924123446 -149.82924123446 -149.82924123446 
-149.82924123446 -149.82924123446 -149.82924123446 -149.82924123446 
-149.82924123446 -149.82924123446 -149.82924123446 -149.82924123446 
-149.82924123446 -149.82924123446 -149.82924123446 -149.82924123446 
-149.82924123446 -149.82924123446 -149.82924123446 -149.82924123446 
-149.82924123446 -149.82924123446 -149.82924123446 -149.82924123446 
-149.82924123446 -149.82924123446 -149.82924123446 -149.82924123446 
-149.82924123446 -149.82924123446 -149.82924123446 -149.82924123446 
-149.82924123446 -149.82924123446 -149.82924123446 -149.82924123446 
-149.82924123446 -149.82924123446 -149.82924123446 -149.82924123446 
-149.82924123446 -149.82924123446 -149.82924123446 -149.82924123446 
-149.82924123446 -149.82924123446 -149.82924123446 -149.82924123446 
-149.82924123446 -149.82924123446 -149.82924123446 -149.82924123446 
-149.82924123446 -149.82924123446 -149.82924123446 -149.82924123446 
-149.82924123446 -149.82924123446 -149.82924123446 -149.82924123446 
-149.82924123446 -149.82924123446 -149.82924123446 -149.82924123446 
-149.82924123446 -149.82924123446 -149.82924123446 -149.82924123446 
-149.82924123446 -149.82924123446
##$RECO_map_max=( 114 )
149.82924123446 149.82924123446 149.82924123446 149.82924123446 
149.82924123446 149.82924123446 149.82924123446 149.82924123446 
149.82924123446 149.82924123446 149.82924123446 149.82924123446 
149.82924123446 149.82924123446 149.82924123446 149.82924123446 
149.82924123446 149.82924123446 149.82924123446 149.82924123446 
149.82924123446 149.82924123446 149.82924123446 149.82924123446 
149.82924123446 149.82924123446 149.82924123446 149.82924123446 
149.82924123446 149.82924123446 149.82924123446 149.82924123446 
149.82924123446 149.82924123446 149.82924123446 149.82924123446 
149.82924123446 149.82924123446 149.82924123446 149.82924123446 
149.82924123446 149.82924123446 149.82924123446 149.82924123446 
149.82924123446 149.82924123446 149.82924123446 149.82924123446 
149.82924123446 149.82924123446 149.82924123446 149.82924123446 
149.82924123446 149.82924123446 149.82924123446 149.82924123446 
149.82924123446 149.82924123446 149.82924123446 149.82924123446 
149.82924123446 149.82924123446 149.82924123446 149.82924123446 
149.82924123446 149.82924123446 149.82924123446 149.82924123446 
149.82924123446 149.82924123446 149.82924123446 149.82924123446 
149.82924123446 149.82924123446 149.82924123446 149.82924123446 
149.82924123446 149.82924123446 149.82924123446 149.82924123446 
149.82924123446 149.82924123446 149.82924123446 149.82924123446 
149.82924123446 149.82924123446 149.82924123446 149.82924123446 
149.82924123446 149.82924123446 149.82924123446 149.82924123446 
149.82924123446 149.82924123446 149.82924123446 149.82924123446 
149.82924123446 149.82924123446 149.82924123446 149.82924123446 
149.82924123446 149.82924123446 149.82924123446 149.82924123446 
149.82924123446 149.82924123446 149.82924123446 149.82924123446 
149.82924123446 149.82924123446 149.82924123446 149.82924123446 
149.82924123446 149.82924123446
##$RECO_map_offset=( 114 )
0 0 0 0 0 0 0 0 0 0 0 0 0 0 0 0 0 0 0 0 0 0 0 0 0 0 0 0 0 0 0 0 0 0 0 0 0 0 0 
0 0 0 0 0 0 0 0 0 0 0 0 0 0 0 0 0 0 0 0 0 0 0 0 0 0 0 0 0 0 0 0 0 0 0 0 0 0 0 
0 0 0 0 0 0 0 0 0 0 0 0 0 0 0 0 0 0 0 0 0 0 0 0 0 0 0 0 0 0 0 0 0 0 0 0
##$RECO_map_slope=( 114 )
218.692290837443 218.692290837443 218.692290837443 218.692290837443 
218.692290837443 218.692290837443 218.692290837443 218.692290837443 
218.692290837443 218.692290837443 218.692290837443 218.692290837443 
218.692290837443 218.692290837443 218.692290837443 218.692290837443 
218.692290837443 218.692290837443 218.692290837443 218.692290837443 
218.692290837443 218.692290837443 218.692290837443 218.692290837443 
218.692290837443 218.692290837443 218.692290837443 218.692290837443 
218.692290837443 218.692290837443 218.692290837443 218.692290837443 
218.692290837443 218.692290837443 218.692290837443 218.692290837443 
218.692290837443 218.692290837443 218.692290837443 218.692290837443 
218.692290837443 218.692290837443 218.692290837443 218.692290837443 
218.692290837443 218.692290837443 218.692290837443 218.692290837443 
218.692290837443 218.692290837443 218.692290837443 218.692290837443 
218.692290837443 218.692290837443 218.692290837443 218.692290837443 
218.692290837443 218.692290837443 218.692290837443 218.692290837443 
218.692290837443 218.692290837443 218.692290837443 218.692290837443 
218.692290837443 218.692290837443 218.692290837443 218.692290837443 
218.692290837443 218.692290837443 218.692290837443 218.692290837443 
218.692290837443 218.692290837443 218.692290837443 218.692290837443 
218.692290837443 218.692290837443 218.692290837443 218.692290837443 
218.692290837443 218.692290837443 218.692290837443 218.692290837443 
218.692290837443 218.692290837443 218.692290837443 218.692290837443 
218.692290837443 218.692290837443 218.692290837443 218.692290837443 
218.692290837443 218.692290837443 218.692290837443 218.692290837443 
218.692290837443 218.692290837443 218.692290837443 218.692290837443 
218.692290837443 218.692290837443 218.692290837443 218.692290837443 
218.692290837443 218.692290837443 218.692290837443 218.692290837443 
218.692290837443 218.692290837443 218.692290837443 218.692290837443 
218.692290837443 218.692290837443
##$RECO_byte_order=littleEndian
$$ @vis= RECO_transposition RECO_image_type RECO_wordtype RECO_map_mode
##$RECO_time=<2023-06-06T15:35:01,424+0200>
##$RECO_abs_time=(1686058501, 424, 120)
##$RECO_base_image_uid=( 65 )
<2.16.756.5.5.100.8323328.122621.1686058501.1>
##$RecoUserUpdate=Yes
##$RecoReverseSegment=0
##$RecoB0DemodOff=0
##$RecoB0DemodDelay=0
##$RecoFTOrder=( 2 )
0 1
##$RecoHalfFT=( 2 )
No No
$$ @vis= RECO_byte_order RecoUserUpdate RecoB0DemodOff RecoWindow RecoFTOrder
##$RecoHalfFTPos=( 2 )
64 64
##$RecoCorrPhase=RecoCorrPhaseOff
##$RecoCorrPhaseRef=-1
##$RECO_map_user_slope=1
##$RECO_map_user_offset=0
##$RecoNumInputChan=4
$$ @vis= RecoHalfFT RecoHalfFTPos RecoCorrPhase RecoCorrPhaseRef RecoMap
##$RecoScaleChan=( 4 )
0.879 1 0.712 0.737
##$RecoPhaseChan=( 4 )
0 0 0 0
##$RecoCombineMode=SumOfSquares
##$RecoSortDim=2
$$ @vis= RecoNumInputChan RecoScaleChan RecoPhaseChan RecoCombineMode
##$RecoSortSize=( 2 )
128 19
##$RecoSortRange=( 2 )
128 19
##$RecoSortSegment=( 2 )
2 0
##$RecoSortMaps=( 147 )
32 96 33 97 34 98 35 99 36 100 37 101 38 102 39 103 40 104 41 105 42 106 43 
107 44 108 45 109 46 110 47 111 48 112 49 113 50 114 51 115 52 116 53 117 54 
118 55 119 56 120 57 121 58 122 59 123 60 124 61 125 62 126 63 127 64 0 65 1 
66 2 67 3 68 4 69 5 70 6 71 7 72 8 73 9 74 10 75 11 76 12 77 13 78 14 79 15 
80 16 81 17 82 18 83 19 84 20 85 21 86 22 87 23 88 24 89 25 90 26 91 27 92 28 
93 29 94 30 95 31 0 2 4 6 8 10 12 14 16 18 1 3 5 7 9 11 13 15 17
$$ @vis= RecoSortDim RecoSortSize RecoSortRange RecoSortSegment RecoSortMaps
##$RecoGrappaAccelFactor=1
##$RecoGrappaKernelRead=0
##$RecoGrappaKernelPhase=0
##$RecoGrappaNumRefRead=0
##$RecoGrappaNumRefPhase=0
##$RecoGrappaIncludeRefLines=Yes
##$RecoGrappaReadCenter=0
##$RecoGrappaPhaseCenter=0
##$RecoGrappaTruncThresh=-1
##$RecoRegridN=Off
$$ @vis= RecoSortGroup RecoGrappaAccelFactor RecoGrappaGroup RecoRegridN
##$RecoStageNrPasses=4
##$RecoStagePasses=( 4 )
(<FIRSTPASS>, 0) (<FTPASS1>, 1) (<PREPPASS>, 2) (<MAPPASS>, 3)
##$RecoStageNrNodes=65
##$RecoStageNodes=( 65 )
(<merge>, 0, <RecoQueueSource 
Source0{queueId=0;nr=1;procDim=1;dim=2;sizes={256,14592}
;baseField=REAL;verbose=false;initOnce=true}>) (<merge>, 0, <RecoQueueSource 
Source1{queueId=1;nr=1;procDim=1;dim=2;sizes={256,14592}
;baseField=REAL;verbose=false;initOnce=true}>) (<merge>, 0, <RecoQueueSource 
Source2{queueId=2;nr=1;procDim=1;dim=2;sizes={256,14592}
;baseField=REAL;verbose=false;initOnce=true}>) (<merge>, 0, <RecoQueueSource 
Source3{queueId=3;nr=1;procDim=1;dim=2;sizes={256,14592}
;baseField=REAL;verbose=false;initOnce=true}>) (<merge>, 0, 
<RecoCombineFilter Combine{verbose=false;dim=1}>) (<merge>, 0, <RecoQueueSink 
Sink{verbose=false;initOnce=true;}>) (<input>, 0, <RecoFileSource 
Q{numChan=4;byteOrder=\<BYTORDA\>;contData=false;initFromACQP=true;}>) 
(<input>, 0, <RecoQueueSink S{initQueue=true;initOnce=true;}>) (<compute>, 0, 
<RecoQueueSource Q0{initFromACQP=true;initOnce=true;}>) (<compute>, 0, 
<RecoBufferSink S0{procDim=1;frameDim=2;bufferId="FIRSTPASS0";memId="out0"}>) 
(<compute>, 0, <RecoBufferSink 
S1{procDim=1;frameDim=2;bufferId="FIRSTPASS1";memId="out1"}>) (<compute>, 0, 
<RecoBufferSink S2{procDim=1;frameDim=2;bufferId="FIRSTPASS2";memId="out2"}>) 
(<compute>, 0, <RecoBufferSink 
S3{procDim=1;frameDim=2;bufferId="FIRSTPASS3";memId="out3"}>) (<compute>, 0, 
<RecoSplitFilter SP0{dim=1; keepBlocksize=1}>) (<compute>, 0, <RecoCastFilter 
CAST0{dataRep=FLOAT; wordSize=8}>) (<compute>, 0, <RecoFTShiftFilter 
FTS0{frameDim=2; winDirection=0; shift=\<RECO_rotate[0]\>; exponent=1}>) 
(<compute>, 0, <RecoFTFilter FT0{direction=0; exponent=1}>) (<compute>, 0, 
<RecoSortFilter REORD0{sortDim=\<RecoSortDim\>; sortSize=\<RecoSortSize\>; 
sortRange=\<RecoSortRange\>; sortSegment=\<RecoSortSegment\>; 
sortMaps=\<RecoSortMaps\>; frameDim = 2}>) (<compute>, 0, <RecoCastFilter 
CAST1{dataRep=FLOAT; wordSize=8}>) (<compute>, 0, <RecoFTShiftFilter 
FTS1{frameDim=2; winDirection=0; shift=\<RECO_rotate[0]\>; exponent=1}>) 
(<compute>, 0, <RecoFTFilter FT1{direction=0; exponent=1}>) (<compute>, 0, 
<RecoSortFilter REORD1{sortDim=\<RecoSortDim\>; sortSize=\<RecoSortSize\>; 
sortRange=\<RecoSortRange\>; sortSegment=\<RecoSortSegment\>; 
sortMaps=\<RecoSortMaps\>; frameDim = 2}>) (<compute>, 0, <RecoCastFilter 
CAST2{dataRep=FLOAT; wordSize=8}>) (<compute>, 0, <RecoFTShiftFilter 
FTS2{frameDim=2; winDirection=0; shift=\<RECO_rotate[0]\>; exponent=1}>) 
(<compute>, 0, <RecoFTFilter FT2{direction=0; exponent=1}>) (<compute>, 0, 
<RecoSortFilter REORD2{sortDim=\<RecoSortDim\>; sortSize=\<RecoSortSize\>; 
sortRange=\<RecoSortRange\>; sortSegment=\<RecoSortSegment\>; 
sortMaps=\<RecoSortMaps\>; frameDim = 2}>) (<compute>, 0, <RecoCastFilter 
CAST3{dataRep=FLOAT; wordSize=8}>) (<compute>, 0, <RecoFTShiftFilter 
FTS3{frameDim=2; winDirection=0; shift=\<RECO_rotate[0]\>; exponent=1}>) 
(<compute>, 0, <RecoFTFilter FT3{direction=0; exponent=1}>) (<compute>, 0, 
<RecoSortFilter REORD3{sortDim=\<RecoSortDim\>; sortSize=\<RecoSortSize\>; 
sortRange=\<RecoSortRange\>; sortSegment=\<RecoSortSegment\>; 
sortMaps=\<RecoSortMaps\>; frameDim = 2}>) (<compute>, 1, <RecoBufferSource 
Q0{procDim=1;frameDim=2;bufferId="FIRSTPASS0";memId="out0"}>) (<compute>, 1, 
<RecoBufferSource Q1{procDim=1;frameDim=2;bufferId="FIRSTPASS1";memId="out1"}>
) (<compute>, 1, <RecoBufferSource 
Q2{procDim=1;frameDim=2;bufferId="FIRSTPASS2";memId="out2"}>) (<compute>, 1, 
<RecoBufferSource Q3{procDim=1;frameDim=2;bufferId="FIRSTPASS3";memId="out3"}>
) (<compute>, 1, <RecoBufferSink 
S0{procDim=1;frameDim=2;bufferId="FTPASS10";memId="in0"}>) (<compute>, 1, 
<RecoBufferSink S1{procDim=1;frameDim=2;bufferId="FTPASS11";memId="in1"}>) 
(<compute>, 1, <RecoBufferSink 
S2{procDim=1;frameDim=2;bufferId="FTPASS12";memId="in2"}>) (<compute>, 1, 
<RecoBufferSink S3{procDim=1;frameDim=2;bufferId="FTPASS13";memId="in3"}>) 
(<compute>, 1, <RecoFTShiftFilter FTS0{frameDim=2; winDirection=1; 
shift=\<RECO_rotate[1]\>; exponent=1}>) (<compute>, 1, <RecoFTFilter 
FT0{direction=1;exponent=1;}>) (<compute>, 1, <RecoFTShiftFilter 
FTS1{frameDim=2; winDirection=1; shift=\<RECO_rotate[1]\>; exponent=1}>) 
(<compute>, 1, <RecoFTFilter FT1{direction=1;exponent=1;}>) (<compute>, 1, 
<RecoFTShiftFilter FTS2{frameDim=2; winDirection=1; shift=\<RECO_rotate[1]\>; 
exponent=1}>) (<compute>, 1, <RecoFTFilter FT2{direction=1;exponent=1;}>) 
(<compute>, 1, <RecoFTShiftFilter FTS3{frameDim=2; winDirection=1; 
shift=\<RECO_rotate[1]\>; exponent=1}>) (<compute>, 1, <RecoFTFilter 
FT3{direction=1;exponent=1;}>) (<compute>, 2, <RecoBufferSource 
Q0{procDim=2;frameDim=2;bufferId="FTPASS10";memId="in0"}>) (<compute>, 2, 
<RecoBufferSource Q1{procDim=2;frameDim=2;bufferId="FTPASS11";memId="in1"}>) 
(<compute>, 2, <RecoBufferSource 
Q2{procDim=2;frameDim=2;bufferId="FTPASS12";memId="in2"}>) (<compute>, 2, 
<RecoBufferSource Q3{procDim=2;frameDim=2;bufferId="FTPASS13";memId="in3"}>) 
(<compute>, 2, <RecoBufferSink 
S0{procDim=2;frameDim=2;bufferId="PREPPASS0";memId="out0"}>) (<compute>, 2, 
<RecoScaleFilter SCALE0{scaleFactor=\<RecoScaleChan[0]\>; 
phaseOffset=\<RecoPhaseChan[0]\>}>) (<compute>, 2, <RecoScaleFilter 
SCALE1{scaleFactor=\<RecoScaleChan[1]\>; phaseOffset=\<RecoPhaseChan[1]\>}>) 
(<compute>, 2, <RecoScaleFilter SCALE2{scaleFactor=\<RecoScaleChan[2]\>; 
phaseOffset=\<RecoPhaseChan[2]\>}>) (<compute>, 2, <RecoScaleFilter 
SCALE3{scaleFactor=\<RecoScaleChan[3]\>; phaseOffset=\<RecoPhaseChan[3]\>}>) 
(<compute>, 2, <RecoSumOfSquaresFilter SOS0>) (<compute>, 2, 
<RecoMagnitudeFilter G0>) (<compute>, 2, <RecoMinMaxFilter 
M0{map_min=\<RECO_map_min\>;map_max=\<RECO_map_max\>;}>) (<compute>, 3, 
<RecoBufferSource Q0{procDim=2;frameDim=2;bufferId="PREPPASS0";memId="out0"}>)
 (<compute>, 3, <RecoQueueSink S0>) (<compute>, 3, <RecoMapFilter 
MAP0{symmetricMode=true;minima=\<RECO_minima\>;maxima=\<RECO_maxima\>;slope=\<RECO_map_slope\>;offset=\<RECO_map_offset\>;map_min=\<RECO_map_min\>;map_max=\<RECO_map_max\>;rangeMin=-32766.500000;rangeMax=32766.500000;perObjectMode=false;cutoffMode=true;}>) (<compute>, 3, <RecoCastFilter CAST0{dataRep=SIGNED;wordSize=2}>) (<output>, 3, <RecoQueueSource Q{procDim=2;initFromRECO=true;initOnce=true;}>) (<output>, 3, <RecoImageDisplayFilter DISP{showAll=true;}>) (<output>, 3, <RecoFileSink S{writePars=true;shuffle=false;filename="2dseq";numChans=1;}>)
$$ @vis= RecoRegridNGroup RecoStageNrPasses RecoStagePasses RecoStageNrNodes
##$RecoStageNrEdges=55
##$RecoStageEdges=( 55 )
(<merge>, 0, <Source0-\>Combine>) (<merge>, 0, <Source1-\>Combine>) (<merge>, 
0, <Source2-\>Combine>) (<merge>, 0, <Source3-\>Combine>) (<merge>, 0, 
<Combine-\>Sink>) (<input>, 0, <Q-\>S>) (<compute>, 0, <Q0-\>SP0>) (<compute>,
 0, <SP0-\>CAST0>) (<compute>, 0, <SP0-\>CAST1>) (<compute>, 0, <SP0-\>CAST2>)
 (<compute>, 0, <SP0-\>CAST3>) (<compute>, 0, <CAST0-\>FTS0>) (<compute>, 0, 
<FTS0-\>FT0>) (<compute>, 0, <FT0-\>REORD0>) (<compute>, 0, <REORD0-\>S0>) 
(<compute>, 0, <CAST1-\>FTS1>) (<compute>, 0, <FTS1-\>FT1>) (<compute>, 0, 
<FT1-\>REORD1>) (<compute>, 0, <REORD1-\>S1>) (<compute>, 0, <CAST2-\>FTS2>) 
(<compute>, 0, <FTS2-\>FT2>) (<compute>, 0, <FT2-\>REORD2>) (<compute>, 0, 
<REORD2-\>S2>) (<compute>, 0, <CAST3-\>FTS3>) (<compute>, 0, <FTS3-\>FT3>) 
(<compute>, 0, <FT3-\>REORD3>) (<compute>, 0, <REORD3-\>S3>) (<compute>, 1, 
<Q0-\>FTS0>) (<compute>, 1, <Q1-\>FTS1>) (<compute>, 1, <Q2-\>FTS2>) 
(<compute>, 1, <Q3-\>FTS3>) (<compute>, 1, <FTS0-\>FT0>) (<compute>, 1, 
<FT0-\>S0>) (<compute>, 1, <FTS1-\>FT1>) (<compute>, 1, <FT1-\>S1>) (<compute>
, 1, <FTS2-\>FT2>) (<compute>, 1, <FT2-\>S2>) (<compute>, 1, <FTS3-\>FT3>) 
(<compute>, 1, <FT3-\>S3>) (<compute>, 2, <Q0-\>SCALE0>) (<compute>, 2, 
<Q1-\>SCALE1>) (<compute>, 2, <Q2-\>SCALE2>) (<compute>, 2, <Q3-\>SCALE3>) 
(<compute>, 2, <SCALE0-\>SOS0.0>) (<compute>, 2, <SCALE1-\>SOS0.1>) (<compute>
, 2, <SCALE2-\>SOS0.2>) (<compute>, 2, <SCALE3-\>SOS0.3>) (<compute>, 2, 
<SOS0-\>G0>) (<compute>, 2, <G0-\>M0>) (<compute>, 2, <M0-\>S0>) (<compute>, 
3, <Q0-\>MAP0>) (<compute>, 3, <MAP0-\>CAST0>) (<compute>, 3, <CAST0-\>S0>) 
(<output>, 3, <Q-\>DISP>) (<output>, 3, <DISP-\>S>)
$$ @vis= RecoStageNodes RecoStageNrEdges RecoStageEdges RecoStageGroup
##$GS_reco_display=Yes
##$GO_reco_display=Yes
##$GO_reco_each_nr=No
##$GO_max_reco_mem=0
$$ @vis= RecoModeUser GS_reco_display RECO_GS GO_reco_display GO_reco_each_nr
##$RecoPrototype=No
$$ @vis= GO_max_reco_mem RECO_GO RecoPrototype RECO
##END=
$$ File finished by PARX at 2023-06-06 15:35:01.428 +0200
