##TITLE=Parameter List, ParaVision 6.0.1
##JCAMPDX=4.24
##DATATYPE=Parameter Values
##ORIGIN=Bruker BioSpin MRI GmbH
##OWNER=nmr
$$ 2023-06-06 14:41:00.735 +0200  nmr@CZC7039C06
$$ /opt/PV6.0.1/data/nmr/20230606_141317_ML_21304_9_1_1/2/pdata/2/visu_pars
$$ process /opt/PV6.0.1/prog/mod/xtip
##$VisuVersion=3
##$VisuUid=( 65 )
<2.16.756.5.5.100.8323328.84866.1686055260.243>
##$VisuCreator=( 65 )
<ParaVision;xtip>
##$VisuCreatorVersion=( 65 )
<6.0.1;6.0.1>
##$VisuCreationDate=<2023-06-06T14:41:00,734+0200>
$$ @vis= VisuVersion VisuUid VisuCreator VisuCreatorVersion VisuCreationDate
##$VisuCoreFrameCount=100
##$VisuCoreDim=2
##$VisuCoreSize=( 2 )
192 192
##$VisuCoreDimDesc=( 2 )
spatial spatial
$$ @vis= VisuInstance VisuCoreFrameCount VisuCoreDim VisuCoreSize
##$VisuCoreExtent=( 2 )
19.2 19.2
##$VisuCoreFrameThickness=( 1 )
1
##$VisuCoreUnits=( 2, 65 )
<mm> <mm>
##$VisuCoreOrientation=( 20, 9 )
1 0 0 0 1 6.12303176911189e-17 0 -6.12303176911189e-17 1 1 0 0 0 1 
6.12303176911189e-17 0 -6.12303176911189e-17 1 1 0 0 0 1 6.12303176911189e-17 
0 -6.12303176911189e-17 1 1 0 0 0 1 6.12303176911189e-17 0 
-6.12303176911189e-17 1 1 0 0 0 1 6.12303176911189e-17 0 
-6.12303176911189e-17 1 1 0 0 0 1 6.12303176911189e-17 0 
-6.12303176911189e-17 1 1 0 0 0 1 6.12303176911189e-17 0 
-6.12303176911189e-17 1 1 0 0 0 1 6.12303176911189e-17 0 
-6.12303176911189e-17 1 1 0 0 0 1 6.12303176911189e-17 0 
-6.12303176911189e-17 1 1 0 0 0 1 6.12303176911189e-17 0 
-6.12303176911189e-17 1 1 0 0 0 1 6.12303176911189e-17 0 
-6.12303176911189e-17 1 1 0 0 0 1 6.12303176911189e-17 0 
-6.12303176911189e-17 1 1 0 0 0 1 6.12303176911189e-17 0 
-6.12303176911189e-17 1 1 0 0 0 1 6.12303176911189e-17 0 
-6.12303176911189e-17 1 1 0 0 0 1 6.12303176911189e-17 0 
-6.12303176911189e-17 1 1 0 0 0 1 6.12303176911189e-17 0 
-6.12303176911189e-17 1 1 0 0 0 1 6.12303176911189e-17 0 
-6.12303176911189e-17 1 1 0 0 0 1 6.12303176911189e-17 0 
-6.12303176911189e-17 1 1 0 0 0 1 6.12303176911189e-17 0 
-6.12303176911189e-17 1 1 0 0 0 1 6.12303176911189e-17 0 
-6.12303176911189e-17 1
$$ @vis= VisuCoreDimDesc VisuCoreExtent VisuCoreFrameThickness VisuCoreUnits
##$VisuCorePosition=( 20, 3 )
-10.087465 -13.35722 -10.87283 -10.087465 -13.35722 -9.87283 -10.087465 
-13.35722 -8.87283 -10.087465 -13.35722 -7.87283 -10.087465 -13.35722 
-6.87283 -10.087465 -13.35722 -5.87283 -10.087465 -13.35722 -4.87283 
-10.087465 -13.35722 -3.87283 -10.087465 -13.35722 -2.87283 -10.087465 
-13.35722 -1.87283 -10.087465 -13.35722 -0.872830000000001 -10.087465 
-13.35722 0.127169999999999 -10.087465 -13.35722 1.12717 -10.087465 -13.35722 
2.12717 -10.087465 -13.35722 3.12717 -10.087465 -13.35722 4.12717 -10.087465 
-13.35722 5.12717 -10.087465 -13.35722 6.12717 -10.087465 -13.35722 7.12717 
-10.087465 -13.35722 8.12717
##$VisuCoreDataMin=( 100 )
10208393 1025584 0 0 14019139 19441086 2133083 0 0 32069300 20433058 2122287 
0 0 16016610 19502842 1853318 0 0 13784947 20457472 1906786 0 0 13674640 
21299778 2284755 0 0 15794432 18592224 2302472 0 0 33226956 20688372 2251283 
0 0 34344228 33902796 3902952 0 0 14109945 35220024 4042658 0 0 28533106 
38555144 3928926 0 0 28332464 18956444 1861827 0 0 56805860 20711144 2261146 
0 0 17109186 18522252 1778532 0 0 26769762 20011872 2134940 0 0 65057660 
19890554 2241931 0 0 33000278 19158120 1918438 0 0 29266552 17102632 2146995 
0 0 62075860 18222026 2053333 0 0 29629316 19154880 1770423 0 0 25563626
##$VisuCoreDataMax=( 100 )
1095290752 119030136 2122196224 1965853696 1815626624 1809815808 144617264 
2046441216 2036087808 1171795712 1556852608 213474368 1460341888 1380917504 
1628109952 1386890368 163453536 1723723264 1518176640 1246623232 1447732992 
192601888 1405696512 1368119936 1468858112 1638849280 158075456 1190040192 
1167467648 1205731328 1346610304 126462208 1241009920 1224958336 1928884224 
1099911168 122851352 1294578944 1137778048 1874120064 2062233728 287477568 
1729858816 1484232960 1096145152 1923677952 220608944 2140696448 2129863552 
1682393984 2012131328 271698752 1889847552 1818544128 2072401920 1108775680 
67719936 1153098496 1127510400 2066187136 1248547200 265056672 1093366144 
1044455360 2021750272 1318884864 85212248 1259156352 1225499648 1299786752 
1374803072 64873668 1436048384 1330444928 1979121536 1483556480 81463672 
1210307456 1104012672 1242473728 1446780544 133534872 1103860352 992214528 
1547261952 1315684096 474209344 2133698944 2079345152 2128001152 1622475520 
194958848 1152824832 1013016960 1123069696 1517726208 121193592 1152309760 
1051521344 1848553088
##$VisuCoreDataOffs=( 100 )
0 0 0 0 0 0 0 0 0 0 0 0 0 0 0 0 0 0 0 0 0 0 0 0 0 0 0 0 0 0 0 0 0 0 0 0 0 0 0 
0 0 0 0 0 0 0 0 0 0 0 0 0 0 0 0 0 0 0 0 0 0 0 0 0 0 0 0 0 0 0 0 0 0 0 0 0 0 0 
0 0 0 0 0 0 0 0 0 0 0 0 0 0 0 0 0 0 0 0 0 0
$$ @vis= VisuCoreOrientation VisuCorePosition VisuCoreDataMin VisuCoreDataMax
##$VisuCoreDataSlope=( 100 )
1.19209289550781e-07 1.19209289550781e-07 4.76837158203125e-07 
4.76837158203125e-07 1.49011611938477e-08 5.96046447753906e-08 
5.96046447753906e-08 4.76837158203125e-07 4.76837158203125e-07 
7.45058059692383e-09 5.96046447753906e-08 5.96046447753906e-08 
9.5367431640625e-07 9.5367431640625e-07 1.49011611938477e-08 
5.96046447753906e-08 5.96046447753906e-08 9.5367431640625e-07 
9.5367431640625e-07 1.49011611938477e-08 5.96046447753906e-08 
5.96046447753906e-08 9.5367431640625e-07 9.5367431640625e-07 
1.49011611938477e-08 5.96046447753906e-08 5.96046447753906e-08 
9.5367431640625e-07 9.5367431640625e-07 1.49011611938477e-08 
5.96046447753906e-08 5.96046447753906e-08 9.5367431640625e-07 
9.5367431640625e-07 7.45058059692383e-09 5.96046447753906e-08 
5.96046447753906e-08 9.5367431640625e-07 9.5367431640625e-07 
7.45058059692383e-09 2.98023223876953e-08 2.98023223876953e-08 
9.5367431640625e-07 9.5367431640625e-07 1.49011611938477e-08 
2.98023223876953e-08 2.98023223876953e-08 4.76837158203125e-07 
4.76837158203125e-07 7.45058059692383e-09 2.98023223876953e-08 
2.98023223876953e-08 4.76837158203125e-07 4.76837158203125e-07 
7.45058059692383e-09 5.96046447753906e-08 5.96046447753906e-08 
9.5367431640625e-07 9.5367431640625e-07 3.72529029846191e-09 
5.96046447753906e-08 5.96046447753906e-08 9.5367431640625e-07 
9.5367431640625e-07 1.49011611938477e-08 5.96046447753906e-08 
5.96046447753906e-08 9.5367431640625e-07 9.5367431640625e-07 
7.45058059692383e-09 5.96046447753906e-08 5.96046447753906e-08 
9.5367431640625e-07 9.5367431640625e-07 3.72529029846191e-09 
5.96046447753906e-08 5.96046447753906e-08 9.5367431640625e-07 
9.5367431640625e-07 7.45058059692383e-09 5.96046447753906e-08 
5.96046447753906e-08 9.5367431640625e-07 9.5367431640625e-07 
7.45058059692383e-09 5.96046447753906e-08 5.96046447753906e-08 
4.76837158203125e-07 4.76837158203125e-07 3.72529029846191e-09 
5.96046447753906e-08 5.96046447753906e-08 9.5367431640625e-07 
9.5367431640625e-07 7.45058059692383e-09 5.96046447753906e-08 
5.96046447753906e-08 9.5367431640625e-07 9.5367431640625e-07 
7.45058059692383e-09
##$VisuCoreDataUnits=( 5, 65 )
<> <> <ms> <ms> <>
##$VisuCoreFrameType=( 1 )
REAL_IMAGE
$$ @vis= VisuCoreDataOffs VisuCoreDataSlope VisuCoreDataUnits
##$VisuFGElemComment=( 5, 65 )
<signal intensity> <std dev of signal intensity> <T2 relaxation time> <std 
dev of T2 relaxation time> <std dev of the fit>
##$VisuCoreSlicePacksDef=(1, 1)
##$VisuCoreSlicePacksSlices=( 1 )
(0, 20)
$$ @vis= VisuCoreFrameType VisuFGElemComment VisuCoreSlicePacksDef
##$VisuCoreSlicePacksSliceDist=( 1 )
0
##$VisuCoreWordType=_32BIT_SGN_INT
$$ @vis= VisuCoreSlicePacksSlices VisuCoreSlicePacksSliceDist VisuCore
##$VisuCoreByteOrder=littleEndian
##$VisuFGOrderDescDim=2
##$VisuFGOrderDesc=( 2 )
(5, <FG_ISA>, <T2 relaxation: y=A+C*exp(-t/T2)>, 0, 2) (20, <FG_SLICE>, <>, 2,
 2)
$$ @vis= VisuCoreWordType VisuCoreByteOrder VisuPixel VisuFGOrderDescDim
##$VisuGroupDepVals=( 4 )
(<VisuCoreDataUnits>, 0) (<VisuFGElemComment>, 0) (<VisuCoreOrientation>, 0) 
(<VisuCorePosition>, 0)
##$VisuSubjectName=( 65 )
<ML_21304_9>
##$VisuSubjectId=( 65 )
<ML_21304_9>
$$ @vis= VisuFGOrderDesc VisuGroupDepVals VisuFrameOrderDesc VisuSubjectName
##$VisuSubjectUid=( 65 )
<2.16.756.5.5.100.8323328.66482.1686053597.3>
##$VisuSubjectInstanceCreationDate=(1686053597, 593, 120)
##$VisuSubjectBirthDate=( 9 )
<20230606>
$$ @vis= VisuSubjectId VisuSubjectUid VisuSubjectInstanceCreationDate
##$VisuSubjectSex=UNKNOWN
##$VisuSubjectType=Quadruped
##$VisuStudyUid=( 65 )
<2.16.756.5.5.100.8323328.66482.1686053597.4>
$$ @vis= VisuSubjectBirthDate VisuSubjectSex VisuSubjectType VisuSubject
##$VisuStudyDate=<2023-06-06T14:13:17,593+0200>
##$VisuStudyId=( 65 )
<ML_21304_9>
##$VisuStudyNumber=1
##$VisuSubjectWeight=0.001
$$ @vis= VisuStudyUid VisuStudyDate VisuStudyId VisuStudyNumber
##$VisuStudyReferringPhysician=( 65 )
<nmr>
##$VisuStudyDescription=( 2048 )
<\
>
$$ @vis= VisuSubjectWeight VisuStudyReferringPhysician VisuStudyDescription
##$VisuExperimentNumber=2
##$VisuProcessingNumber=2
##$VisuSeriesDate=<2023-06-06T14:41:00,734+0200>
##$VisuSubjectPosition=Head_Supine
$$ @vis= VisuStudy VisuExperimentNumber VisuProcessingNumber VisuSeriesDate
##$VisuSeriesTypeId=( 65 )
<DERIVED_ISA>
##$VisuSeriesComment=( 65 )
<Parametric image for T2 relaxation: y=A+C*exp(-t/T2) produced fr>
##$VisuSeriesReferenceUid=( 65 )
<2.16.756.5.5.100.8323328.70940.1686055229.1>
$$ @vis= VisuSubjectPosition VisuSeriesTypeId VisuSeriesComment
##$VisuSeriesReferenceTypeId=( 65 )
<ACQ_BRUKER_PVM>
$$ @vis= VisuSeriesReferenceUid VisuSeriesReferenceTypeId VisuSeries
##$VisuManufacturer=( 65 )
<Bruker BioSpin MRI GmbH>
$$ @vis= VisuCoilReceive VisuCoilTransmit VisuContrastAgent VisuManufacturer
$$ @vis= VisuEquipment VisuAcquisition VisuMpi VisuDepricated Visu
##END=
$$ File finished by PARX at 2023-06-06 14:41:00.735 +0200
