##TITLE=Parameter List, ParaVision 6.0.1
##JCAMPDX=4.24
##DATATYPE=Parameter Values
##ORIGIN=Bruker BioSpin MRI GmbH
##OWNER=nmr
$$ 2023-06-06 14:40:29.036 +0200  nmr@CZC7039C06
$$ /opt/PV6.0.1/data/nmr/20230606_141317_ML_21304_9_1_1/2/pdata/1/reco
$$ process /opt/PV6.0.1/prog/bin/parxserver
##$RECO_mode=USER_MODE
##$RecoAutoDerive=No
##$RecoDim=2
##$RecoObjectsPerRepetition=320
##$RecoObjectsPerSetupStep=320
$$ @vis= RECO_mode RecoAutoDerive RecoDim RecoObjectsPerRepetition
##$RecoNumRepetitions=1
##$RECO_inp_order=NO_REORDERING
##$RECO_inp_size=( 2 )
192 192
$$ @vis= RecoObjectsPerSetupStep RecoNumRepetitions RECO_inp_order
##$RECO_ft_size=( 2 )
192 192
##$RECO_fov=( 2 )
1.92 1.92
##$RECO_size=( 2 )
192 192
##$RECO_offset=( 2, 320 )
0 0 0 0 0 0 0 0 0 0 0 0 0 0 0 0 0 0 0 0 0 0 0 0 0 0 0 0 0 0 0 0 0 0 0 0 0 0 0 
0 0 0 0 0 0 0 0 0 0 0 0 0 0 0 0 0 0 0 0 0 0 0 0 0 0 0 0 0 0 0 0 0 0 0 0 0 0 0 
0 0 0 0 0 0 0 0 0 0 0 0 0 0 0 0 0 0 0 0 0 0 0 0 0 0 0 0 0 0 0 0 0 0 0 0 0 0 0 
0 0 0 0 0 0 0 0 0 0 0 0 0 0 0 0 0 0 0 0 0 0 0 0 0 0 0 0 0 0 0 0 0 0 0 0 0 0 0 
0 0 0 0 0 0 0 0 0 0 0 0 0 0 0 0 0 0 0 0 0 0 0 0 0 0 0 0 0 0 0 0 0 0 0 0 0 0 0 
0 0 0 0 0 0 0 0 0 0 0 0 0 0 0 0 0 0 0 0 0 0 0 0 0 0 0 0 0 0 0 0 0 0 0 0 0 0 0 
0 0 0 0 0 0 0 0 0 0 0 0 0 0 0 0 0 0 0 0 0 0 0 0 0 0 0 0 0 0 0 0 0 0 0 0 0 0 0 
0 0 0 0 0 0 0 0 0 0 0 0 0 0 0 0 0 0 0 0 0 0 0 0 0 0 0 0 0 0 0 0 0 0 0 0 0 0 0 
0 0 0 0 0 0 0 0 0 0 0 0 0 0 0 0 0 0 0 0 0 0 0 0 0 0 0 0 0 0 0 0 0 0 0 0 0 0 0 
0 0 0 0 0 0 0 0 0 0 0 0 0 0 0 0 0 0 0 0 0 0 0 0 0 0 0 0 0 0 0 0 0 0 0 0 0 0 0 
0 0 0 0 0 0 0 0 0 0 0 0 0 0 0 0 0 0 0 0 0 0 0 0 0 0 0 0 0 0 0 0 0 0 0 0 0 0 0 
0 0 0 0 0 0 0 0 0 0 0 0 0 0 0 0 0 0 0 0 0 0 0 0 0 0 0 0 0 0 0 0 0 0 0 0 0 0 0 
0 0 0 0 0 0 0 0 0 0 0 0 0 0 0 0 0 0 0 0 0 0 0 0 0 0 0 0 0 0 0 0 0 0 0 0 0 0 0 
0 0 0 0 0 0 0 0 0 0 0 0 0 0 0 0 0 0 0 0 0 0 0 0 0 0 0 0 0 0 0 0 0 0 0 0 0 0 0 
0 0 0 0 0 0 0 0 0 0 0 0 0 0 0 0 0 0 0 0 0 0 0 0 0 0 0 0 0 0 0 0 0 0 0 0 0 0 0 
0 0 0 0 0 0 0 0 0 0 0 0 0 0 0 0 0 0 0 0 0 0 0 0 0 0 0 0 0 0 0 0 0 0 0 0 0 0 0 
0 0 0 0 0 0 0 0 0 0 0 0 0 0 0 0
##$RECO_regrid_mode=NO_REGRID
##$RECO_regrid_offset=0
##$RECO_ramp_gap=0
##$RECO_ramp_time=0
##$RECO_ne_mode=NO_NAV_DATA
##$RECO_ne_dist=NeNoInterleave
##$RECO_ne_dens=NeCorrPerScan
##$RECO_ne_type=NAV_PHASE
##$RECO_bc_mode=( 2 )
NO_BC NO_BC
##$RECO_bc_start=( 2 )
144 144
##$RECO_bc_len=( 2 )
48 48
##$RECO_dc_offset=( 2 )
0 0
##$RECO_dc_divisor=1
##$RECO_bc_coroff=( 2 )
0 0
##$RECO_qopts=( 2 )
COMPLEX_CONJUGATE NO_QOPTS
##$RECO_wdw_mode=( 2 )
NO_WDW NO_WDW
$$ @vis= RECO_inp_size RECO_ft_size RECO_fov RECO_size RECO_ne_mode
##$RECO_lb=( 2 )
-0.5 -0.5
##$RECO_sw=( 2 )
69444.4444444444 1
##$RECO_gb=( 2 )
0.5 0.5
##$RECO_sbs=( 2 )
1 1
##$RECO_tm1=( 2 )
0.25 0.25
##$RECO_tm2=( 2 )
0.75 0.75
##$RECO_ft_mode=( 2 )
COMPLEX_FT COMPLEX_FT
##$RECO_pc_mode=( 2 )
FIRST_ORDER_PC FIRST_ORDER_PC
##$RECO_pc_lin=( 2 )
(0, 180) (0, 180)
##$RECO_rotate=( 2, 320 )
0.5 0.5 0.5 0.5 0.5 0.5 0.5 0.5 0.5 0.5 0.5 0.5 0.5 0.5 0.5 0.5 0.5 0.5 0.5 
0.5 0.5 0.5 0.5 0.5 0.5 0.5 0.5 0.5 0.5 0.5 0.5 0.5 0.5 0.5 0.5 0.5 0.5 0.5 
0.5 0.5 0.5 0.5 0.5 0.5 0.5 0.5 0.5 0.5 0.5 0.5 0.5 0.5 0.5 0.5 0.5 0.5 0.5 
0.5 0.5 0.5 0.5 0.5 0.5 0.5 0.5 0.5 0.5 0.5 0.5 0.5 0.5 0.5 0.5 0.5 0.5 0.5 
0.5 0.5 0.5 0.5 0.5 0.5 0.5 0.5 0.5 0.5 0.5 0.5 0.5 0.5 0.5 0.5 0.5 0.5 0.5 
0.5 0.5 0.5 0.5 0.5 0.5 0.5 0.5 0.5 0.5 0.5 0.5 0.5 0.5 0.5 0.5 0.5 0.5 0.5 
0.5 0.5 0.5 0.5 0.5 0.5 0.5 0.5 0.5 0.5 0.5 0.5 0.5 0.5 0.5 0.5 0.5 0.5 0.5 
0.5 0.5 0.5 0.5 0.5 0.5 0.5 0.5 0.5 0.5 0.5 0.5 0.5 0.5 0.5 0.5 0.5 0.5 0.5 
0.5 0.5 0.5 0.5 0.5 0.5 0.5 0.5 0.5 0.5 0.5 0.5 0.5 0.5 0.5 0.5 0.5 0.5 0.5 
0.5 0.5 0.5 0.5 0.5 0.5 0.5 0.5 0.5 0.5 0.5 0.5 0.5 0.5 0.5 0.5 0.5 0.5 0.5 
0.5 0.5 0.5 0.5 0.5 0.5 0.5 0.5 0.5 0.5 0.5 0.5 0.5 0.5 0.5 0.5 0.5 0.5 0.5 
0.5 0.5 0.5 0.5 0.5 0.5 0.5 0.5 0.5 0.5 0.5 0.5 0.5 0.5 0.5 0.5 0.5 0.5 0.5 
0.5 0.5 0.5 0.5 0.5 0.5 0.5 0.5 0.5 0.5 0.5 0.5 0.5 0.5 0.5 0.5 0.5 0.5 0.5 
0.5 0.5 0.5 0.5 0.5 0.5 0.5 0.5 0.5 0.5 0.5 0.5 0.5 0.5 0.5 0.5 0.5 0.5 0.5 
0.5 0.5 0.5 0.5 0.5 0.5 0.5 0.5 0.5 0.5 0.5 0.5 0.5 0.5 0.5 0.5 0.5 0.5 0.5 
0.5 0.5 0.5 0.5 0.5 0.5 0.5 0.5 0.5 0.5 0.5 0.5 0.5 0.5 0.5 0.5 0.5 0.5 0.5 
0.5 0.5 0.5 0.5 0.5 0.5 0.5 0.5 0.5 0.5 0.5 0.5 0.5 0.5 0.5 0.5 
0.695688541666667 0.695688541666667 0.695688541666667 0.695688541666667 
0.695688541666667 0.695688541666667 0.695688541666667 0.695688541666667 
0.695688541666667 0.695688541666667 0.695688541666667 0.695688541666667 
0.695688541666667 0.695688541666667 0.695688541666667 0.695688541666667 
0.695688541666667 0.695688541666667 0.695688541666667 0.695688541666667 
0.695688541666667 0.695688541666667 0.695688541666667 0.695688541666667 
0.695688541666667 0.695688541666667 0.695688541666667 0.695688541666667 
0.695688541666667 0.695688541666667 0.695688541666667 0.695688541666667 
0.695688541666667 0.695688541666667 0.695688541666667 0.695688541666667 
0.695688541666667 0.695688541666667 0.695688541666667 0.695688541666667 
0.695688541666667 0.695688541666667 0.695688541666667 0.695688541666667 
0.695688541666667 0.695688541666667 0.695688541666667 0.695688541666667 
0.695688541666667 0.695688541666667 0.695688541666667 0.695688541666667 
0.695688541666667 0.695688541666667 0.695688541666667 0.695688541666667 
0.695688541666667 0.695688541666667 0.695688541666667 0.695688541666667 
0.695688541666667 0.695688541666667 0.695688541666667 0.695688541666667 
0.695688541666667 0.695688541666667 0.695688541666667 0.695688541666667 
0.695688541666667 0.695688541666667 0.695688541666667 0.695688541666667 
0.695688541666667 0.695688541666667 0.695688541666667 0.695688541666667 
0.695688541666667 0.695688541666667 0.695688541666667 0.695688541666667 
0.695688541666667 0.695688541666667 0.695688541666667 0.695688541666667 
0.695688541666667 0.695688541666667 0.695688541666667 0.695688541666667 
0.695688541666667 0.695688541666667 0.695688541666667 0.695688541666667 
0.695688541666667 0.695688541666667 0.695688541666667 0.695688541666667 
0.695688541666667 0.695688541666667 0.695688541666667 0.695688541666667 
0.695688541666667 0.695688541666667 0.695688541666667 0.695688541666667 
0.695688541666667 0.695688541666667 0.695688541666667 0.695688541666667 
0.695688541666667 0.695688541666667 0.695688541666667 0.695688541666667 
0.695688541666667 0.695688541666667 0.695688541666667 0.695688541666667 
0.695688541666667 0.695688541666667 0.695688541666667 0.695688541666667 
0.695688541666667 0.695688541666667 0.695688541666667 0.695688541666667 
0.695688541666667 0.695688541666667 0.695688541666667 0.695688541666667 
0.695688541666667 0.695688541666667 0.695688541666667 0.695688541666667 
0.695688541666667 0.695688541666667 0.695688541666667 0.695688541666667 
0.695688541666667 0.695688541666667 0.695688541666667 0.695688541666667 
0.695688541666667 0.695688541666667 0.695688541666667 0.695688541666667 
0.695688541666667 0.695688541666667 0.695688541666667 0.695688541666667 
0.695688541666667 0.695688541666667 0.695688541666667 0.695688541666667 
0.695688541666667 0.695688541666667 0.695688541666667 0.695688541666667 
0.695688541666667 0.695688541666667 0.695688541666667 0.695688541666667 
0.695688541666667 0.695688541666667 0.695688541666667 0.695688541666667 
0.695688541666667 0.695688541666667 0.695688541666667 0.695688541666667 
0.695688541666667 0.695688541666667 0.695688541666667 0.695688541666667 
0.695688541666667 0.695688541666667 0.695688541666667 0.695688541666667 
0.695688541666667 0.695688541666667 0.695688541666667 0.695688541666667 
0.695688541666667 0.695688541666667 0.695688541666667 0.695688541666667 
0.695688541666667 0.695688541666667 0.695688541666667 0.695688541666667 
0.695688541666667 0.695688541666667 0.695688541666667 0.695688541666667 
0.695688541666667 0.695688541666667 0.695688541666667 0.695688541666667 
0.695688541666667 0.695688541666667 0.695688541666667 0.695688541666667 
0.695688541666667 0.695688541666667 0.695688541666667 0.695688541666667 
0.695688541666667 0.695688541666667 0.695688541666667 0.695688541666667 
0.695688541666667 0.695688541666667 0.695688541666667 0.695688541666667 
0.695688541666667 0.695688541666667 0.695688541666667 0.695688541666667 
0.695688541666667 0.695688541666667 0.695688541666667 0.695688541666667 
0.695688541666667 0.695688541666667 0.695688541666667 0.695688541666667 
0.695688541666667 0.695688541666667 0.695688541666667 0.695688541666667 
0.695688541666667 0.695688541666667 0.695688541666667 0.695688541666667 
0.695688541666667 0.695688541666667 0.695688541666667 0.695688541666667 
0.695688541666667 0.695688541666667 0.695688541666667 0.695688541666667 
0.695688541666667 0.695688541666667 0.695688541666667 0.695688541666667 
0.695688541666667 0.695688541666667 0.695688541666667 0.695688541666667 
0.695688541666667 0.695688541666667 0.695688541666667 0.695688541666667 
0.695688541666667 0.695688541666667 0.695688541666667 0.695688541666667 
0.695688541666667 0.695688541666667 0.695688541666667 0.695688541666667 
0.695688541666667 0.695688541666667 0.695688541666667 0.695688541666667 
0.695688541666667 0.695688541666667 0.695688541666667 0.695688541666667 
0.695688541666667 0.695688541666667 0.695688541666667 0.695688541666667 
0.695688541666667 0.695688541666667 0.695688541666667 0.695688541666667 
0.695688541666667 0.695688541666667 0.695688541666667 0.695688541666667 
0.695688541666667 0.695688541666667 0.695688541666667 0.695688541666667 
0.695688541666667 0.695688541666667 0.695688541666667 0.695688541666667 
0.695688541666667 0.695688541666667 0.695688541666667 0.695688541666667 
0.695688541666667 0.695688541666667 0.695688541666667 0.695688541666667 
0.695688541666667 0.695688541666667 0.695688541666667 0.695688541666667 
0.695688541666667 0.695688541666667 0.695688541666667 0.695688541666667 
0.695688541666667 0.695688541666667 0.695688541666667 0.695688541666667 
0.695688541666667 0.695688541666667 0.695688541666667 0.695688541666667 
0.695688541666667 0.695688541666667 0.695688541666667 0.695688541666667 
0.695688541666667 0.695688541666667 0.695688541666667 0.695688541666667
##$RECO_ppc_mode=NO_PPC
##$RECO_ref_image=0
##$RECO_nr_supports=0.4
##$RECO_sig_threshold=0.15
##$RECO_ppc_degree=1
##$RECO_ppc_coeffs=( 320, 2, 2 )
0 0 0 0 0 0 0 0 0 0 0 0 0 0 0 0 0 0 0 0 0 0 0 0 0 0 0 0 0 0 0 0 0 0 0 0 0 0 0 
0 0 0 0 0 0 0 0 0 0 0 0 0 0 0 0 0 0 0 0 0 0 0 0 0 0 0 0 0 0 0 0 0 0 0 0 0 0 0 
0 0 0 0 0 0 0 0 0 0 0 0 0 0 0 0 0 0 0 0 0 0 0 0 0 0 0 0 0 0 0 0 0 0 0 0 0 0 0 
0 0 0 0 0 0 0 0 0 0 0 0 0 0 0 0 0 0 0 0 0 0 0 0 0 0 0 0 0 0 0 0 0 0 0 0 0 0 0 
0 0 0 0 0 0 0 0 0 0 0 0 0 0 0 0 0 0 0 0 0 0 0 0 0 0 0 0 0 0 0 0 0 0 0 0 0 0 0 
0 0 0 0 0 0 0 0 0 0 0 0 0 0 0 0 0 0 0 0 0 0 0 0 0 0 0 0 0 0 0 0 0 0 0 0 0 0 0 
0 0 0 0 0 0 0 0 0 0 0 0 0 0 0 0 0 0 0 0 0 0 0 0 0 0 0 0 0 0 0 0 0 0 0 0 0 0 0 
0 0 0 0 0 0 0 0 0 0 0 0 0 0 0 0 0 0 0 0 0 0 0 0 0 0 0 0 0 0 0 0 0 0 0 0 0 0 0 
0 0 0 0 0 0 0 0 0 0 0 0 0 0 0 0 0 0 0 0 0 0 0 0 0 0 0 0 0 0 0 0 0 0 0 0 0 0 0 
0 0 0 0 0 0 0 0 0 0 0 0 0 0 0 0 0 0 0 0 0 0 0 0 0 0 0 0 0 0 0 0 0 0 0 0 0 0 0 
0 0 0 0 0 0 0 0 0 0 0 0 0 0 0 0 0 0 0 0 0 0 0 0 0 0 0 0 0 0 0 0 0 0 0 0 0 0 0 
0 0 0 0 0 0 0 0 0 0 0 0 0 0 0 0 0 0 0 0 0 0 0 0 0 0 0 0 0 0 0 0 0 0 0 0 0 0 0 
0 0 0 0 0 0 0 0 0 0 0 0 0 0 0 0 0 0 0 0 0 0 0 0 0 0 0 0 0 0 0 0 0 0 0 0 0 0 0 
0 0 0 0 0 0 0 0 0 0 0 0 0 0 0 0 0 0 0 0 0 0 0 0 0 0 0 0 0 0 0 0 0 0 0 0 0 0 0 
0 0 0 0 0 0 0 0 0 0 0 0 0 0 0 0 0 0 0 0 0 0 0 0 0 0 0 0 0 0 0 0 0 0 0 0 0 0 0 
0 0 0 0 0 0 0 0 0 0 0 0 0 0 0 0 0 0 0 0 0 0 0 0 0 0 0 0 0 0 0 0 0 0 0 0 0 0 0 
0 0 0 0 0 0 0 0 0 0 0 0 0 0 0 0 0 0 0 0 0 0 0 0 0 0 0 0 0 0 0 0 0 0 0 0 0 0 0 
0 0 0 0 0 0 0 0 0 0 0 0 0 0 0 0 0 0 0 0 0 0 0 0 0 0 0 0 0 0 0 0 0 0 0 0 0 0 0 
0 0 0 0 0 0 0 0 0 0 0 0 0 0 0 0 0 0 0 0 0 0 0 0 0 0 0 0 0 0 0 0 0 0 0 0 0 0 0 
0 0 0 0 0 0 0 0 0 0 0 0 0 0 0 0 0 0 0 0 0 0 0 0 0 0 0 0 0 0 0 0 0 0 0 0 0 0 0 
0 0 0 0 0 0 0 0 0 0 0 0 0 0 0 0 0 0 0 0 0 0 0 0 0 0 0 0 0 0 0 0 0 0 0 0 0 0 0 
0 0 0 0 0 0 0 0 0 0 0 0 0 0 0 0 0 0 0 0 0 0 0 0 0 0 0 0 0 0 0 0 0 0 0 0 0 0 0 
0 0 0 0 0 0 0 0 0 0 0 0 0 0 0 0 0 0 0 0 0 0 0 0 0 0 0 0 0 0 0 0 0 0 0 0 0 0 0 
0 0 0 0 0 0 0 0 0 0 0 0 0 0 0 0 0 0 0 0 0 0 0 0 0 0 0 0 0 0 0 0 0 0 0 0 0 0 0 
0 0 0 0 0 0 0 0 0 0 0 0 0 0 0 0 0 0 0 0 0 0 0 0 0 0 0 0 0 0 0 0 0 0 0 0 0 0 0 
0 0 0 0 0 0 0 0 0 0 0 0 0 0 0 0 0 0 0 0 0 0 0 0 0 0 0 0 0 0 0 0 0 0 0 0 0 0 0 
0 0 0 0 0 0 0 0 0 0 0 0 0 0 0 0 0 0 0 0 0 0 0 0 0 0 0 0 0 0 0 0 0 0 0 0 0 0 0 
0 0 0 0 0 0 0 0 0 0 0 0 0 0 0 0 0 0 0 0 0 0 0 0 0 0 0 0 0 0 0 0 0 0 0 0 0 0 0 
0 0 0 0 0 0 0 0 0 0 0 0 0 0 0 0 0 0 0 0 0 0 0 0 0 0 0 0 0 0 0 0 0 0 0 0 0 0 0 
0 0 0 0 0 0 0 0 0 0 0 0 0 0 0 0 0 0 0 0 0 0 0 0 0 0 0 0 0 0 0 0 0 0 0 0 0 0 0 
0 0 0 0 0 0 0 0 0 0 0 0 0 0 0 0 0 0 0 0 0 0 0 0 0 0 0 0 0 0 0 0 0 0 0 0 0 0 0 
0 0 0 0 0 0 0 0 0 0 0 0 0 0 0 0 0 0 0 0 0 0 0 0 0 0 0 0 0 0 0 0 0 0 0 0 0 0 0 
0 0 0 0 0 0 0 0 0 0 0 0 0 0 0 0 0 0 0 0 0 0 0 0 0 0 0 0 0 0 0 0
##$RECO_dc_elim=Yes
##$RECO_transposition=( 320 )
0 0 0 0 0 0 0 0 0 0 0 0 0 0 0 0 0 0 0 0 0 0 0 0 0 0 0 0 0 0 0 0 0 0 0 0 0 0 0 
0 0 0 0 0 0 0 0 0 0 0 0 0 0 0 0 0 0 0 0 0 0 0 0 0 0 0 0 0 0 0 0 0 0 0 0 0 0 0 
0 0 0 0 0 0 0 0 0 0 0 0 0 0 0 0 0 0 0 0 0 0 0 0 0 0 0 0 0 0 0 0 0 0 0 0 0 0 0 
0 0 0 0 0 0 0 0 0 0 0 0 0 0 0 0 0 0 0 0 0 0 0 0 0 0 0 0 0 0 0 0 0 0 0 0 0 0 0 
0 0 0 0 0 0 0 0 0 0 0 0 0 0 0 0 0 0 0 0 0 0 0 0 0 0 0 0 0 0 0 0 0 0 0 0 0 0 0 
0 0 0 0 0 0 0 0 0 0 0 0 0 0 0 0 0 0 0 0 0 0 0 0 0 0 0 0 0 0 0 0 0 0 0 0 0 0 0 
0 0 0 0 0 0 0 0 0 0 0 0 0 0 0 0 0 0 0 0 0 0 0 0 0 0 0 0 0 0 0 0 0 0 0 0 0 0 0 
0 0 0 0 0 0 0 0 0 0 0 0 0 0 0 0 0 0 0 0 0 0 0 0 0 0 0 0 0 0 0 0 0 0 0 0 0 0 0 
0 0 0 0 0 0 0 0
$$ @vis= RECO_wdw_mode RECO_ft_mode RECO_pc_mode RECO_pc_lin RECO_rotate
##$RECO_image_type=MAGNITUDE_IMAGE
##$RECO_image_threshold=0.15
##$RECO_ir_scale=10
##$RECO_wordtype=_16BIT_SGN_INT
##$RECO_map_mode=ABSOLUTE_MAPPING
##$RECO_map_range=( 2 )
-2147483647 2147483647
##$RECO_map_percentile=( 2 )
1 99.99
##$RECO_map_error=0.0025
##$RECO_globex=( 320 )
0 0 0 0 0 0 0 0 0 0 0 0 0 0 0 0 0 0 0 0 0 0 0 0 0 0 0 0 0 0 0 0 0 0 0 0 0 0 0 
0 0 0 0 0 0 0 0 0 0 0 0 0 0 0 0 0 0 0 0 0 0 0 0 0 0 0 0 0 0 0 0 0 0 0 0 0 0 0 
0 0 0 0 0 0 0 0 0 0 0 0 0 0 0 0 0 0 0 0 0 0 0 0 0 0 0 0 0 0 0 0 0 0 0 0 0 0 0 
0 0 0 0 0 0 0 0 0 0 0 0 0 0 0 0 0 0 0 0 0 0 0 0 0 0 0 0 0 0 0 0 0 0 0 0 0 0 0 
0 0 0 0 0 0 0 0 0 0 0 0 0 0 0 0 0 0 0 0 0 0 0 0 0 0 0 0 0 0 0 0 0 0 0 0 0 0 0 
0 0 0 0 0 0 0 0 0 0 0 0 0 0 0 0 0 0 0 0 0 0 0 0 0 0 0 0 0 0 0 0 0 0 0 0 0 0 0 
0 0 0 0 0 0 0 0 0 0 0 0 0 0 0 0 0 0 0 0 0 0 0 0 0 0 0 0 0 0 0 0 0 0 0 0 0 0 0 
0 0 0 0 0 0 0 0 0 0 0 0 0 0 0 0 0 0 0 0 0 0 0 0 0 0 0 0 0 0 0 0 0 0 0 0 0 0 0 
0 0 0 0 0 0 0 0
##$RECO_minima=( 320 )
163.651903311654 126.007196938411 150.324771629351 141.719608052532 
131.615247075527 171.730066718057 127.087315816728 125.274850788096 
104.90130100676 124.173186602341 123.128600495283 140.941198818528 
124.70305341074 119.613457209594 146.880829067718 119.7231263986 
165.50059797398 172.825401814918 151.024339148777 102.52999250377 
150.605702346765 148.71045618843 113.675632925864 131.993577444212 
126.545111649394 136.602795421652 129.657603637331 93.8486450262806 
103.555115158778 103.244564557087 106.536819223042 124.353063438533 
97.418368773935 151.048630054358 136.097742018125 110.900921897335 
80.3676114881439 145.020631327316 143.889102877915 108.038195138852 
144.778846013877 127.919490247638 122.815777894976 135.608728746776 
101.055485096314 157.145404719415 102.270170756859 83.8128400667652 
150.886014600809 143.487596543525 142.927704976206 155.003885884172 
130.716486266256 124.547651506994 133.898516332087 115.751132588743 
126.104909273624 108.035258210682 124.152209291822 84.8783377472966 
90.0858541004776 132.972430328205 130.011201644335 138.342267101404 
117.527552653866 151.653095633319 143.965609609821 125.245513221658 
110.587051309084 147.025054764341 129.276116534598 134.040527834698 
107.305368617236 112.038117717371 133.722573276131 115.819726185407 
113.851908814598 123.085434411359 140.758138949229 147.996941066619 
131.335901965782 140.072042577119 137.13402110917 97.5610052494824 
142.000350811051 105.903911612019 126.693839401356 168.081497697463 
125.100061877151 132.214801337454 127.093299565436 66.6400278765572 
132.033596464357 129.988369533051 109.503702225611 112.319231194176 
150.654862313418 111.226699488812 137.990352473481 111.86665967286 
112.948004226109 118.507618865474 72.9804193143668 120.964742686032 
109.483184646515 134.782175616564 136.299436773216 124.601731068107 
126.236541936848 84.9424417216596 117.106181555797 113.409712729366 
133.226401369286 141.01163052651 125.888091959165 106.942723256817 
139.337098078507 133.648158814134 129.101602540518 112.222457798747 
117.502841646919 127.041656206843 119.396218260642 100.31774732617 
127.252236004117 138.470338215977 130.083557297511 142.790837479485 
151.712352692376 155.679649838773 126.435069822607 138.687750336774 
133.275597011953 137.315255619589 116.242403703717 111.154336068589 
106.42755106846 91.8056208436911 129.366328076301 103.637049354329 
74.4952842310791 146.548131871618 127.05482812017 128.216370502402 
122.432665585392 124.694574812776 146.662957249042 143.840328986518 
142.564454153782 137.731609565273 139.891037208422 123.014774674415 
101.201350769319 108.61705830836 78.560786020384 83.7813077805664 
89.0816789379518 111.264805018357 115.963146195539 119.300469704932 
152.023482845617 103.024395794122 134.069868372502 106.166625944123 
97.3688835467064 142.686518409522 115.497184852179 126.018572844227 
152.879071475742 137.396194645032 113.115006896294 128.876451053984 
96.7408833970188 120.474041231007 129.678168741584 93.2135270509498 
131.076051832395 135.103008343353 156.386926270731 131.520315951042 
124.036317422158 147.109505751023 139.906900887387 100.112647684911 
117.521949776947 118.95363259097 111.392343801642 123.101404530676 
110.509865542361 104.150189468439 115.316829427204 121.17611755431 
143.774803369048 117.235523414204 111.871341460563 95.4957477849169 
151.492139659798 105.706905865361 118.107339924451 70.6545256702218 
98.5735758488144 126.807633404731 126.542378858351 128.84952075594 
107.548696305237 129.277057781217 82.2386991298684 123.044344740671 
142.35301043426 123.660012903582 130.269091419262 144.100278123445 
92.9118555938538 114.359531207104 103.508910722237 100.449766314628 
94.9167779140543 90.2372359615794 132.60487987376 121.07538249933 
153.035083324974 112.024465372917 123.272921136522 111.377757834581 
142.338818313026 155.19869105426 150.688729771462 119.955631652192 
149.039322454811 83.2542464262839 119.901435699659 121.441750929295 
123.815226525238 112.79310397073 148.478728855043 109.190153460717 
113.74663924463 127.987448107135 100.330683019611 108.230240138155 
136.26956203288 143.109448744501 148.942945750491 135.69208094982 
106.092543653749 121.556798326861 133.212256255898 129.410345608139 
127.003597895353 122.03486248654 128.741849442632 119.197088591043 
129.179493049479 94.5599268336249 73.5322901644607 112.509178477917 
134.514751857053 148.767785183025 113.78256468355 145.326675506266 
135.181442325395 100.50429750077 92.8514900362652 111.685248436149 
124.554793267924 123.317056533044 122.618579975762 82.2873267564992 
126.791972254417 105.010907973981 136.268175865396 101.627108958675 
123.07248841154 114.206404993531 103.935297149306 127.79272649975 
140.975321822653 114.684709723297 114.349183925323 136.804430380117 
142.793838256631 98.2339583787799 123.2926858484 111.396786708006 
126.040408736373 90.1400494146362 93.5003914881363 114.46809850928 
139.060562358133 151.424113093063 144.449904569166 100.854619463295 
125.45864299721 158.489977756061 121.946264229776 100.308760337531 
119.33873480102 117.112170433057 123.639270907852 97.792263176298 
85.6947734890897 116.400447218179 120.256875058935 101.902028518177 
156.803414907855 148.732505820107 144.509729475714 133.533827594425 
116.237457546015 94.2106864814797 99.9076477769716 138.664603464806 
77.585487070248 127.20207503283 111.335787747532 123.708324384912 
118.650021525815 125.258949763514 112.961450971204 109.860631776393
##$RECO_maxima=( 320 )
32766.5 30230.821670215 23462.6312877571 21254.8324160735 18857.8040399202 
17409.6423070158 16237.6826710636 15302.1949003596 14259.4854585935 
13741.0673315898 12762.7700564342 13070.4060175809 12124.4118572473 
11898.9997152265 11369.5331791621 11047.4859021526 26888.6830138578 
25404.8544308971 20363.2456392888 19157.9116916735 17378.8238272967 
16509.2698336149 15238.645560798 14151.0026265492 13486.9716640262 
13246.3037058876 12367.3894682726 11893.4190640093 11237.9828089237 
10527.3024967663 10412.1754212621 10085.4166915166 23177.5339590024 
21957.1594004418 17160.5397633783 16247.0407519076 13743.6709205244 
12617.8286917493 11607.4820450405 10724.2281034723 10051.6526414534 
9619.52980098633 9158.3822538762 8706.76154256908 8212.69263835089 
8119.85602785151 7913.16756946692 7453.72016937219 20443.0416220635 
19113.7566062218 15287.3008266214 14120.6336812561 12799.1639732951 
11702.4036348078 11045.3056307172 10334.2403818522 9718.908357661 
9366.41329855962 9138.19343916422 8533.47775446574 7988.14378558164 
7791.1046028329 7406.452494484 7238.59251825403 21594.4804632209 
20651.0192988471 16871.172055607 15674.9255308599 13614.7418036127 
12917.9577958314 11917.6446438902 11127.2444209674 10459.7842066621 
9707.83532220588 8965.16631551829 8766.84053763545 8493.33084681472 
7870.75001459781 7653.45831653851 7486.45877444118 23412.2120676613 
24072.1893124688 19827.0299543598 18734.8171552676 16723.3813211342 
15890.4994076701 14643.7561060245 13725.8571526793 12320.9302235136 
12244.3156858653 11271.1393875971 10650.6564143086 10335.1819796451 
9853.41920655495 9743.9305204966 8929.71571162129 18916.3412995161 
20027.7137976759 16640.3484266152 16236.233330836 14097.9809061043 
13715.2290361986 12350.1897295489 11776.9108820974 10692.8174712124 
10749.7293783673 9631.23298205644 9436.80021731316 8696.06906055793 
8445.83619163057 8415.84507379927 7850.52746351703 15059.0195879745 
16647.6605796232 13716.3951554804 13243.7734777179 11896.9392537327 
11330.8644058515 10563.5318857171 9850.49884773744 9157.3449151429 
8607.65783812868 8168.21022039797 7925.15707336647 7704.71382388438 
7211.34311221933 6666.14114147866 6765.51015364978 14667.5758397992 
15610.4625870276 12838.0355152255 12693.3957501043 11127.6268943112 
11139.4666098578 9763.37659763955 9210.88878544212 8752.3532530678 
8725.60319265204 7846.78931789988 8231.62614469454 7401.77026173773 
6928.69812326453 6717.72134787285 6666.17547471934 13345.516119951 
14911.8921717941 12152.0113189322 11822.7543417989 11020.5590736996 
9926.45465284525 9849.8264795226 9181.34006408736 8233.96294691833 
7735.95032863362 7529.64737528657 7021.58806148811 6794.3177055107 
6572.37891849975 6168.91207729357 6019.61633132795 14064.6420382882 
15412.9484157507 12660.5627433835 12393.0488607292 11411.9832021503 
10169.7724952438 9825.06705611968 8958.5136973147 8585.01188332872 
8059.62335463685 7633.16511146572 7411.69386055455 6643.3277334022 
7119.07672098253 6508.57100659484 6228.73164404258 15289.902045198 
16664.0535931084 14079.7970387688 13053.0836528618 11515.4770853165 
11008.0954347994 10253.028183499 10253.8493746305 9391.81265174989 
9036.22234710451 8490.06430426979 7814.98277593187 7323.78609815335 
7279.41308697382 7206.64961378537 6761.35558010928 17417.7669982952 
18900.8368651456 14751.1259857188 15049.4359842105 13440.8010299132 
12692.40777267 11387.1962933455 10732.3412896058 9686.18326488944 
9604.78511237075 9192.66435781049 8724.71144769837 8126.69060716822 
7837.84799457759 7862.87030148958 6990.49146701583 18847.4079183765 
19524.0075895703 16028.4209327411 15219.7891494956 13442.2069907784 
12654.8638893073 11554.3553085123 11207.335711313 10451.5226364329 
9993.39213848137 9563.462940159 8311.03863758987 8857.29878041186 
7894.32149999908 7539.67664048311 7307.27887395288 19418.8625659453 
20231.7612754673 16512.4778729968 15620.9470832295 13919.734504234 
13429.4842873519 11972.2185841769 11700.637306369 10429.7588585886 
9981.571908667 9493.29189104288 8967.73419986841 8473.45653262714 
8429.2202718347 7992.77905542483 7426.20673599574 21591.2058546675 
21575.6719051266 18372.0535730039 17218.3679488342 15223.5652382106 
14480.3419540898 13085.7413178718 12806.9254208937 11678.6591183657 
11282.8349382811 10408.7816044157 10243.1858098069 9709.00273842767 
9078.76299615631 8840.96378572169 8396.66289824177 20935.5898571385 
21194.7930835922 17678.0229192292 16417.5435322568 15247.0443936949 
14472.7309666009 12788.1498615607 12613.6290149192 11049.3567586162 
10691.6811466244 10124.4724709852 9963.02510693404 9699.02515496437 
8872.9718514994 8983.32945894223 8042.75629595626 18918.5509537423 
18960.8775130009 15794.7169618551 15076.9971347167 13220.2469522634 
12236.1242910501 11322.2821042993 11027.2167828908 9756.21637781702 
9524.64356007591 9070.96297581637 8224.17717168668 8176.44729847049 
7740.1982810109 7731.14366936407 7019.43936864735 23077.9803533822 
24223.1347643026 19183.2964661254 18799.27142083 16193.6557617195 
15452.1499356303 14280.7678214242 13236.1610726345 12179.8833832646 
12009.5865785905 11478.4161999038 10935.1352340486 9981.01558327574 
9446.89432711172 8930.60234969644 9078.10692567415 21497.2886597706 
22919.2170589138 18198.1309293719 17521.1572912746 15260.7582927046 
14838.0544590014 13426.1804096797 12459.447049051 11830.8182270966 
11250.6477856596 10411.5782247788 10070.0661554268 9672.5723540326 
9145.35227664723 8882.17176097635 8745.81586290295
##$RECO_map_min=( 320 )
-127.039912661449 -127.039912661449 -127.039912661449 -127.039912661449 
-127.039912661449 -127.039912661449 -127.039912661449 -127.039912661449 
-127.039912661449 -127.039912661449 -127.039912661449 -127.039912661449 
-127.039912661449 -127.039912661449 -127.039912661449 -127.039912661449 
-127.039912661449 -127.039912661449 -127.039912661449 -127.039912661449 
-127.039912661449 -127.039912661449 -127.039912661449 -127.039912661449 
-127.039912661449 -127.039912661449 -127.039912661449 -127.039912661449 
-127.039912661449 -127.039912661449 -127.039912661449 -127.039912661449 
-127.039912661449 -127.039912661449 -127.039912661449 -127.039912661449 
-127.039912661449 -127.039912661449 -127.039912661449 -127.039912661449 
-127.039912661449 -127.039912661449 -127.039912661449 -127.039912661449 
-127.039912661449 -127.039912661449 -127.039912661449 -127.039912661449 
-127.039912661449 -127.039912661449 -127.039912661449 -127.039912661449 
-127.039912661449 -127.039912661449 -127.039912661449 -127.039912661449 
-127.039912661449 -127.039912661449 -127.039912661449 -127.039912661449 
-127.039912661449 -127.039912661449 -127.039912661449 -127.039912661449 
-127.039912661449 -127.039912661449 -127.039912661449 -127.039912661449 
-127.039912661449 -127.039912661449 -127.039912661449 -127.039912661449 
-127.039912661449 -127.039912661449 -127.039912661449 -127.039912661449 
-127.039912661449 -127.039912661449 -127.039912661449 -127.039912661449 
-127.039912661449 -127.039912661449 -127.039912661449 -127.039912661449 
-127.039912661449 -127.039912661449 -127.039912661449 -127.039912661449 
-127.039912661449 -127.039912661449 -127.039912661449 -127.039912661449 
-127.039912661449 -127.039912661449 -127.039912661449 -127.039912661449 
-127.039912661449 -127.039912661449 -127.039912661449 -127.039912661449 
-127.039912661449 -127.039912661449 -127.039912661449 -127.039912661449 
-127.039912661449 -127.039912661449 -127.039912661449 -127.039912661449 
-127.039912661449 -127.039912661449 -127.039912661449 -127.039912661449 
-127.039912661449 -127.039912661449 -127.039912661449 -127.039912661449 
-127.039912661449 -127.039912661449 -127.039912661449 -127.039912661449 
-127.039912661449 -127.039912661449 -127.039912661449 -127.039912661449 
-127.039912661449 -127.039912661449 -127.039912661449 -127.039912661449 
-127.039912661449 -127.039912661449 -127.039912661449 -127.039912661449 
-127.039912661449 -127.039912661449 -127.039912661449 -127.039912661449 
-127.039912661449 -127.039912661449 -127.039912661449 -127.039912661449 
-127.039912661449 -127.039912661449 -127.039912661449 -127.039912661449 
-127.039912661449 -127.039912661449 -127.039912661449 -127.039912661449 
-127.039912661449 -127.039912661449 -127.039912661449 -127.039912661449 
-127.039912661449 -127.039912661449 -127.039912661449 -127.039912661449 
-127.039912661449 -127.039912661449 -127.039912661449 -127.039912661449 
-127.039912661449 -127.039912661449 -127.039912661449 -127.039912661449 
-127.039912661449 -127.039912661449 -127.039912661449 -127.039912661449 
-127.039912661449 -127.039912661449 -127.039912661449 -127.039912661449 
-127.039912661449 -127.039912661449 -127.039912661449 -127.039912661449 
-127.039912661449 -127.039912661449 -127.039912661449 -127.039912661449 
-127.039912661449 -127.039912661449 -127.039912661449 -127.039912661449 
-127.039912661449 -127.039912661449 -127.039912661449 -127.039912661449 
-127.039912661449 -127.039912661449 -127.039912661449 -127.039912661449 
-127.039912661449 -127.039912661449 -127.039912661449 -127.039912661449 
-127.039912661449 -127.039912661449 -127.039912661449 -127.039912661449 
-127.039912661449 -127.039912661449 -127.039912661449 -127.039912661449 
-127.039912661449 -127.039912661449 -127.039912661449 -127.039912661449 
-127.039912661449 -127.039912661449 -127.039912661449 -127.039912661449 
-127.039912661449 -127.039912661449 -127.039912661449 -127.039912661449 
-127.039912661449 -127.039912661449 -127.039912661449 -127.039912661449 
-127.039912661449 -127.039912661449 -127.039912661449 -127.039912661449 
-127.039912661449 -127.039912661449 -127.039912661449 -127.039912661449 
-127.039912661449 -127.039912661449 -127.039912661449 -127.039912661449 
-127.039912661449 -127.039912661449 -127.039912661449 -127.039912661449 
-127.039912661449 -127.039912661449 -127.039912661449 -127.039912661449 
-127.039912661449 -127.039912661449 -127.039912661449 -127.039912661449 
-127.039912661449 -127.039912661449 -127.039912661449 -127.039912661449 
-127.039912661449 -127.039912661449 -127.039912661449 -127.039912661449 
-127.039912661449 -127.039912661449 -127.039912661449 -127.039912661449 
-127.039912661449 -127.039912661449 -127.039912661449 -127.039912661449 
-127.039912661449 -127.039912661449 -127.039912661449 -127.039912661449 
-127.039912661449 -127.039912661449 -127.039912661449 -127.039912661449 
-127.039912661449 -127.039912661449 -127.039912661449 -127.039912661449 
-127.039912661449 -127.039912661449 -127.039912661449 -127.039912661449 
-127.039912661449 -127.039912661449 -127.039912661449 -127.039912661449 
-127.039912661449 -127.039912661449 -127.039912661449 -127.039912661449 
-127.039912661449 -127.039912661449 -127.039912661449 -127.039912661449 
-127.039912661449 -127.039912661449 -127.039912661449 -127.039912661449 
-127.039912661449 -127.039912661449 -127.039912661449 -127.039912661449 
-127.039912661449 -127.039912661449 -127.039912661449 -127.039912661449 
-127.039912661449 -127.039912661449 -127.039912661449 -127.039912661449 
-127.039912661449 -127.039912661449 -127.039912661449 -127.039912661449 
-127.039912661449 -127.039912661449 -127.039912661449 -127.039912661449 
-127.039912661449 -127.039912661449 -127.039912661449 -127.039912661449 
-127.039912661449 -127.039912661449 -127.039912661449 -127.039912661449
##$RECO_map_max=( 320 )
127.039912661449 127.039912661449 127.039912661449 127.039912661449 
127.039912661449 127.039912661449 127.039912661449 127.039912661449 
127.039912661449 127.039912661449 127.039912661449 127.039912661449 
127.039912661449 127.039912661449 127.039912661449 127.039912661449 
127.039912661449 127.039912661449 127.039912661449 127.039912661449 
127.039912661449 127.039912661449 127.039912661449 127.039912661449 
127.039912661449 127.039912661449 127.039912661449 127.039912661449 
127.039912661449 127.039912661449 127.039912661449 127.039912661449 
127.039912661449 127.039912661449 127.039912661449 127.039912661449 
127.039912661449 127.039912661449 127.039912661449 127.039912661449 
127.039912661449 127.039912661449 127.039912661449 127.039912661449 
127.039912661449 127.039912661449 127.039912661449 127.039912661449 
127.039912661449 127.039912661449 127.039912661449 127.039912661449 
127.039912661449 127.039912661449 127.039912661449 127.039912661449 
127.039912661449 127.039912661449 127.039912661449 127.039912661449 
127.039912661449 127.039912661449 127.039912661449 127.039912661449 
127.039912661449 127.039912661449 127.039912661449 127.039912661449 
127.039912661449 127.039912661449 127.039912661449 127.039912661449 
127.039912661449 127.039912661449 127.039912661449 127.039912661449 
127.039912661449 127.039912661449 127.039912661449 127.039912661449 
127.039912661449 127.039912661449 127.039912661449 127.039912661449 
127.039912661449 127.039912661449 127.039912661449 127.039912661449 
127.039912661449 127.039912661449 127.039912661449 127.039912661449 
127.039912661449 127.039912661449 127.039912661449 127.039912661449 
127.039912661449 127.039912661449 127.039912661449 127.039912661449 
127.039912661449 127.039912661449 127.039912661449 127.039912661449 
127.039912661449 127.039912661449 127.039912661449 127.039912661449 
127.039912661449 127.039912661449 127.039912661449 127.039912661449 
127.039912661449 127.039912661449 127.039912661449 127.039912661449 
127.039912661449 127.039912661449 127.039912661449 127.039912661449 
127.039912661449 127.039912661449 127.039912661449 127.039912661449 
127.039912661449 127.039912661449 127.039912661449 127.039912661449 
127.039912661449 127.039912661449 127.039912661449 127.039912661449 
127.039912661449 127.039912661449 127.039912661449 127.039912661449 
127.039912661449 127.039912661449 127.039912661449 127.039912661449 
127.039912661449 127.039912661449 127.039912661449 127.039912661449 
127.039912661449 127.039912661449 127.039912661449 127.039912661449 
127.039912661449 127.039912661449 127.039912661449 127.039912661449 
127.039912661449 127.039912661449 127.039912661449 127.039912661449 
127.039912661449 127.039912661449 127.039912661449 127.039912661449 
127.039912661449 127.039912661449 127.039912661449 127.039912661449 
127.039912661449 127.039912661449 127.039912661449 127.039912661449 
127.039912661449 127.039912661449 127.039912661449 127.039912661449 
127.039912661449 127.039912661449 127.039912661449 127.039912661449 
127.039912661449 127.039912661449 127.039912661449 127.039912661449 
127.039912661449 127.039912661449 127.039912661449 127.039912661449 
127.039912661449 127.039912661449 127.039912661449 127.039912661449 
127.039912661449 127.039912661449 127.039912661449 127.039912661449 
127.039912661449 127.039912661449 127.039912661449 127.039912661449 
127.039912661449 127.039912661449 127.039912661449 127.039912661449 
127.039912661449 127.039912661449 127.039912661449 127.039912661449 
127.039912661449 127.039912661449 127.039912661449 127.039912661449 
127.039912661449 127.039912661449 127.039912661449 127.039912661449 
127.039912661449 127.039912661449 127.039912661449 127.039912661449 
127.039912661449 127.039912661449 127.039912661449 127.039912661449 
127.039912661449 127.039912661449 127.039912661449 127.039912661449 
127.039912661449 127.039912661449 127.039912661449 127.039912661449 
127.039912661449 127.039912661449 127.039912661449 127.039912661449 
127.039912661449 127.039912661449 127.039912661449 127.039912661449 
127.039912661449 127.039912661449 127.039912661449 127.039912661449 
127.039912661449 127.039912661449 127.039912661449 127.039912661449 
127.039912661449 127.039912661449 127.039912661449 127.039912661449 
127.039912661449 127.039912661449 127.039912661449 127.039912661449 
127.039912661449 127.039912661449 127.039912661449 127.039912661449 
127.039912661449 127.039912661449 127.039912661449 127.039912661449 
127.039912661449 127.039912661449 127.039912661449 127.039912661449 
127.039912661449 127.039912661449 127.039912661449 127.039912661449 
127.039912661449 127.039912661449 127.039912661449 127.039912661449 
127.039912661449 127.039912661449 127.039912661449 127.039912661449 
127.039912661449 127.039912661449 127.039912661449 127.039912661449 
127.039912661449 127.039912661449 127.039912661449 127.039912661449 
127.039912661449 127.039912661449 127.039912661449 127.039912661449 
127.039912661449 127.039912661449 127.039912661449 127.039912661449 
127.039912661449 127.039912661449 127.039912661449 127.039912661449 
127.039912661449 127.039912661449 127.039912661449 127.039912661449 
127.039912661449 127.039912661449 127.039912661449 127.039912661449 
127.039912661449 127.039912661449 127.039912661449 127.039912661449 
127.039912661449 127.039912661449 127.039912661449 127.039912661449 
127.039912661449 127.039912661449 127.039912661449 127.039912661449 
127.039912661449 127.039912661449 127.039912661449 127.039912661449
##$RECO_map_offset=( 320 )
0 0 0 0 0 0 0 0 0 0 0 0 0 0 0 0 0 0 0 0 0 0 0 0 0 0 0 0 0 0 0 0 0 0 0 0 0 0 0 
0 0 0 0 0 0 0 0 0 0 0 0 0 0 0 0 0 0 0 0 0 0 0 0 0 0 0 0 0 0 0 0 0 0 0 0 0 0 0 
0 0 0 0 0 0 0 0 0 0 0 0 0 0 0 0 0 0 0 0 0 0 0 0 0 0 0 0 0 0 0 0 0 0 0 0 0 0 0 
0 0 0 0 0 0 0 0 0 0 0 0 0 0 0 0 0 0 0 0 0 0 0 0 0 0 0 0 0 0 0 0 0 0 0 0 0 0 0 
0 0 0 0 0 0 0 0 0 0 0 0 0 0 0 0 0 0 0 0 0 0 0 0 0 0 0 0 0 0 0 0 0 0 0 0 0 0 0 
0 0 0 0 0 0 0 0 0 0 0 0 0 0 0 0 0 0 0 0 0 0 0 0 0 0 0 0 0 0 0 0 0 0 0 0 0 0 0 
0 0 0 0 0 0 0 0 0 0 0 0 0 0 0 0 0 0 0 0 0 0 0 0 0 0 0 0 0 0 0 0 0 0 0 0 0 0 0 
0 0 0 0 0 0 0 0 0 0 0 0 0 0 0 0 0 0 0 0 0 0 0 0 0 0 0 0 0 0 0 0 0 0 0 0 0 0 0 
0 0 0 0 0 0 0 0
##$RECO_map_slope=( 320 )
257.922878830373 257.922878830373 257.922878830373 257.922878830373 
257.922878830373 257.922878830373 257.922878830373 257.922878830373 
257.922878830373 257.922878830373 257.922878830373 257.922878830373 
257.922878830373 257.922878830373 257.922878830373 257.922878830373 
257.922878830373 257.922878830373 257.922878830373 257.922878830373 
257.922878830373 257.922878830373 257.922878830373 257.922878830373 
257.922878830373 257.922878830373 257.922878830373 257.922878830373 
257.922878830373 257.922878830373 257.922878830373 257.922878830373 
257.922878830373 257.922878830373 257.922878830373 257.922878830373 
257.922878830373 257.922878830373 257.922878830373 257.922878830373 
257.922878830373 257.922878830373 257.922878830373 257.922878830373 
257.922878830373 257.922878830373 257.922878830373 257.922878830373 
257.922878830373 257.922878830373 257.922878830373 257.922878830373 
257.922878830373 257.922878830373 257.922878830373 257.922878830373 
257.922878830373 257.922878830373 257.922878830373 257.922878830373 
257.922878830373 257.922878830373 257.922878830373 257.922878830373 
257.922878830373 257.922878830373 257.922878830373 257.922878830373 
257.922878830373 257.922878830373 257.922878830373 257.922878830373 
257.922878830373 257.922878830373 257.922878830373 257.922878830373 
257.922878830373 257.922878830373 257.922878830373 257.922878830373 
257.922878830373 257.922878830373 257.922878830373 257.922878830373 
257.922878830373 257.922878830373 257.922878830373 257.922878830373 
257.922878830373 257.922878830373 257.922878830373 257.922878830373 
257.922878830373 257.922878830373 257.922878830373 257.922878830373 
257.922878830373 257.922878830373 257.922878830373 257.922878830373 
257.922878830373 257.922878830373 257.922878830373 257.922878830373 
257.922878830373 257.922878830373 257.922878830373 257.922878830373 
257.922878830373 257.922878830373 257.922878830373 257.922878830373 
257.922878830373 257.922878830373 257.922878830373 257.922878830373 
257.922878830373 257.922878830373 257.922878830373 257.922878830373 
257.922878830373 257.922878830373 257.922878830373 257.922878830373 
257.922878830373 257.922878830373 257.922878830373 257.922878830373 
257.922878830373 257.922878830373 257.922878830373 257.922878830373 
257.922878830373 257.922878830373 257.922878830373 257.922878830373 
257.922878830373 257.922878830373 257.922878830373 257.922878830373 
257.922878830373 257.922878830373 257.922878830373 257.922878830373 
257.922878830373 257.922878830373 257.922878830373 257.922878830373 
257.922878830373 257.922878830373 257.922878830373 257.922878830373 
257.922878830373 257.922878830373 257.922878830373 257.922878830373 
257.922878830373 257.922878830373 257.922878830373 257.922878830373 
257.922878830373 257.922878830373 257.922878830373 257.922878830373 
257.922878830373 257.922878830373 257.922878830373 257.922878830373 
257.922878830373 257.922878830373 257.922878830373 257.922878830373 
257.922878830373 257.922878830373 257.922878830373 257.922878830373 
257.922878830373 257.922878830373 257.922878830373 257.922878830373 
257.922878830373 257.922878830373 257.922878830373 257.922878830373 
257.922878830373 257.922878830373 257.922878830373 257.922878830373 
257.922878830373 257.922878830373 257.922878830373 257.922878830373 
257.922878830373 257.922878830373 257.922878830373 257.922878830373 
257.922878830373 257.922878830373 257.922878830373 257.922878830373 
257.922878830373 257.922878830373 257.922878830373 257.922878830373 
257.922878830373 257.922878830373 257.922878830373 257.922878830373 
257.922878830373 257.922878830373 257.922878830373 257.922878830373 
257.922878830373 257.922878830373 257.922878830373 257.922878830373 
257.922878830373 257.922878830373 257.922878830373 257.922878830373 
257.922878830373 257.922878830373 257.922878830373 257.922878830373 
257.922878830373 257.922878830373 257.922878830373 257.922878830373 
257.922878830373 257.922878830373 257.922878830373 257.922878830373 
257.922878830373 257.922878830373 257.922878830373 257.922878830373 
257.922878830373 257.922878830373 257.922878830373 257.922878830373 
257.922878830373 257.922878830373 257.922878830373 257.922878830373 
257.922878830373 257.922878830373 257.922878830373 257.922878830373 
257.922878830373 257.922878830373 257.922878830373 257.922878830373 
257.922878830373 257.922878830373 257.922878830373 257.922878830373 
257.922878830373 257.922878830373 257.922878830373 257.922878830373 
257.922878830373 257.922878830373 257.922878830373 257.922878830373 
257.922878830373 257.922878830373 257.922878830373 257.922878830373 
257.922878830373 257.922878830373 257.922878830373 257.922878830373 
257.922878830373 257.922878830373 257.922878830373 257.922878830373 
257.922878830373 257.922878830373 257.922878830373 257.922878830373 
257.922878830373 257.922878830373 257.922878830373 257.922878830373 
257.922878830373 257.922878830373 257.922878830373 257.922878830373 
257.922878830373 257.922878830373 257.922878830373 257.922878830373 
257.922878830373 257.922878830373 257.922878830373 257.922878830373 
257.922878830373 257.922878830373 257.922878830373 257.922878830373 
257.922878830373 257.922878830373 257.922878830373 257.922878830373 
257.922878830373 257.922878830373 257.922878830373 257.922878830373 
257.922878830373 257.922878830373 257.922878830373 257.922878830373 
257.922878830373 257.922878830373 257.922878830373 257.922878830373 
257.922878830373 257.922878830373 257.922878830373 257.922878830373
##$RECO_byte_order=littleEndian
$$ @vis= RECO_transposition RECO_image_type RECO_wordtype RECO_map_mode
##$RECO_time=<2023-06-06T14:40:29,032+0200>
##$RECO_abs_time=(1686055229, 32, 120)
##$RECO_base_image_uid=( 65 )
<2.16.756.5.5.100.8323328.70940.1686055229.1>
##$RecoUserUpdate=Yes
##$RecoReverseSegment=0
##$RecoB0DemodOff=0
##$RecoB0DemodDelay=0
##$RecoFTOrder=( 2 )
0 1
##$RecoHalfFT=( 2 )
No No
$$ @vis= RECO_byte_order RecoUserUpdate RecoB0DemodOff RecoWindow RecoFTOrder
##$RecoHalfFTPos=( 2 )
96 96
##$RecoCorrPhase=RecoCorrPhaseOff
##$RecoCorrPhaseRef=-1
##$RECO_map_user_slope=1
##$RECO_map_user_offset=0
##$RecoNumInputChan=4
$$ @vis= RecoHalfFT RecoHalfFTPos RecoCorrPhase RecoCorrPhaseRef RecoMap
##$RecoScaleChan=( 4 )
0.879 1 0.712 0.737
##$RecoPhaseChan=( 4 )
0 0 0 0
##$RecoCombineMode=SumOfSquares
##$RecoSortDim=2
$$ @vis= RecoNumInputChan RecoScaleChan RecoPhaseChan RecoCombineMode
##$RecoSortSize=( 2 )
192 320
##$RecoSortRange=( 2 )
192 320
##$RecoSortSegment=( 2 )
1 0
##$RecoSortMaps=( 512 )
0 1 2 3 4 5 6 7 8 9 10 11 12 13 14 15 16 17 18 19 20 21 22 23 24 25 26 27 28 
29 30 31 32 33 34 35 36 37 38 39 40 41 42 43 44 45 46 47 48 49 50 51 52 53 54 
55 56 57 58 59 60 61 62 63 64 65 66 67 68 69 70 71 72 73 74 75 76 77 78 79 80 
81 82 83 84 85 86 87 88 89 90 91 92 93 94 95 96 97 98 99 100 101 102 103 104 
105 106 107 108 109 110 111 112 113 114 115 116 117 118 119 120 121 122 123 
124 125 126 127 128 129 130 131 132 133 134 135 136 137 138 139 140 141 142 
143 144 145 146 147 148 149 150 151 152 153 154 155 156 157 158 159 160 161 
162 163 164 165 166 167 168 169 170 171 172 173 174 175 176 177 178 179 180 
181 182 183 184 185 186 187 188 189 190 191 0 1 2 3 4 5 6 7 8 9 10 11 12 13 
14 15 32 33 34 35 36 37 38 39 40 41 42 43 44 45 46 47 64 65 66 67 68 69 70 71 
72 73 74 75 76 77 78 79 96 97 98 99 100 101 102 103 104 105 106 107 108 109 
110 111 128 129 130 131 132 133 134 135 136 137 138 139 140 141 142 143 160 
161 162 163 164 165 166 167 168 169 170 171 172 173 174 175 192 193 194 195 
196 197 198 199 200 201 202 203 204 205 206 207 224 225 226 227 228 229 230 
231 232 233 234 235 236 237 238 239 256 257 258 259 260 261 262 263 264 265 
266 267 268 269 270 271 288 289 290 291 292 293 294 295 296 297 298 299 300 
301 302 303 16 17 18 19 20 21 22 23 24 25 26 27 28 29 30 31 48 49 50 51 52 53 
54 55 56 57 58 59 60 61 62 63 80 81 82 83 84 85 86 87 88 89 90 91 92 93 94 95 
112 113 114 115 116 117 118 119 120 121 122 123 124 125 126 127 144 145 146 
147 148 149 150 151 152 153 154 155 156 157 158 159 176 177 178 179 180 181 
182 183 184 185 186 187 188 189 190 191 208 209 210 211 212 213 214 215 216 
217 218 219 220 221 222 223 240 241 242 243 244 245 246 247 248 249 250 251 
252 253 254 255 272 273 274 275 276 277 278 279 280 281 282 283 284 285 286 
287 304 305 306 307 308 309 310 311 312 313 314 315 316 317 318 319
$$ @vis= RecoSortDim RecoSortSize RecoSortRange RecoSortSegment RecoSortMaps
##$RecoGrappaAccelFactor=1
##$RecoGrappaKernelRead=0
##$RecoGrappaKernelPhase=0
##$RecoGrappaNumRefRead=0
##$RecoGrappaNumRefPhase=0
##$RecoGrappaIncludeRefLines=Yes
##$RecoGrappaReadCenter=0
##$RecoGrappaPhaseCenter=0
##$RecoGrappaTruncThresh=-1
##$RecoRegridN=Off
$$ @vis= RecoSortGroup RecoGrappaAccelFactor RecoGrappaGroup RecoRegridN
##$RecoStageNrPasses=4
##$RecoStagePasses=( 4 )
(<FIRSTPASS>, 0) (<FTPASS1>, 1) (<PREPPASS>, 2) (<MAPPASS>, 3)
##$RecoStageNrNodes=65
##$RecoStageNodes=( 65 )
(<merge>, 0, <RecoQueueSource 
Source0{queueId=0;nr=1;procDim=1;dim=2;sizes={384,122880}
;baseField=REAL;verbose=false;initOnce=true}>) (<merge>, 0, <RecoQueueSource 
Source1{queueId=1;nr=1;procDim=1;dim=2;sizes={384,122880}
;baseField=REAL;verbose=false;initOnce=true}>) (<merge>, 0, <RecoQueueSource 
Source2{queueId=2;nr=1;procDim=1;dim=2;sizes={384,122880}
;baseField=REAL;verbose=false;initOnce=true}>) (<merge>, 0, <RecoQueueSource 
Source3{queueId=3;nr=1;procDim=1;dim=2;sizes={384,122880}
;baseField=REAL;verbose=false;initOnce=true}>) (<merge>, 0, 
<RecoCombineFilter Combine{verbose=false;dim=1}>) (<merge>, 0, <RecoQueueSink 
Sink{verbose=false;initOnce=true;}>) (<input>, 0, <RecoFileSource 
Q{numChan=4;byteOrder=\<BYTORDA\>;contData=false;initFromACQP=true;}>) 
(<input>, 0, <RecoQueueSink S{initQueue=true;initOnce=true;}>) (<compute>, 0, 
<RecoQueueSource Q0{initFromACQP=true;initOnce=true;}>) (<compute>, 0, 
<RecoBufferSink S0{procDim=1;frameDim=2;bufferId="FIRSTPASS0";memId="out0"}>) 
(<compute>, 0, <RecoBufferSink 
S1{procDim=1;frameDim=2;bufferId="FIRSTPASS1";memId="out1"}>) (<compute>, 0, 
<RecoBufferSink S2{procDim=1;frameDim=2;bufferId="FIRSTPASS2";memId="out2"}>) 
(<compute>, 0, <RecoBufferSink 
S3{procDim=1;frameDim=2;bufferId="FIRSTPASS3";memId="out3"}>) (<compute>, 0, 
<RecoSplitFilter SP0{dim=1; keepBlocksize=1}>) (<compute>, 0, <RecoCastFilter 
CAST0{dataRep=FLOAT; wordSize=8}>) (<compute>, 0, <RecoFTShiftFilter 
FTS0{frameDim=2; winDirection=0; shift=\<RECO_rotate[0]\>; exponent=1}>) 
(<compute>, 0, <RecoFTFilter FT0{direction=0; exponent=1}>) (<compute>, 0, 
<RecoSortFilter REORD0{sortDim=\<RecoSortDim\>; sortSize=\<RecoSortSize\>; 
sortRange=\<RecoSortRange\>; sortSegment=\<RecoSortSegment\>; 
sortMaps=\<RecoSortMaps\>; frameDim = 2}>) (<compute>, 0, <RecoCastFilter 
CAST1{dataRep=FLOAT; wordSize=8}>) (<compute>, 0, <RecoFTShiftFilter 
FTS1{frameDim=2; winDirection=0; shift=\<RECO_rotate[0]\>; exponent=1}>) 
(<compute>, 0, <RecoFTFilter FT1{direction=0; exponent=1}>) (<compute>, 0, 
<RecoSortFilter REORD1{sortDim=\<RecoSortDim\>; sortSize=\<RecoSortSize\>; 
sortRange=\<RecoSortRange\>; sortSegment=\<RecoSortSegment\>; 
sortMaps=\<RecoSortMaps\>; frameDim = 2}>) (<compute>, 0, <RecoCastFilter 
CAST2{dataRep=FLOAT; wordSize=8}>) (<compute>, 0, <RecoFTShiftFilter 
FTS2{frameDim=2; winDirection=0; shift=\<RECO_rotate[0]\>; exponent=1}>) 
(<compute>, 0, <RecoFTFilter FT2{direction=0; exponent=1}>) (<compute>, 0, 
<RecoSortFilter REORD2{sortDim=\<RecoSortDim\>; sortSize=\<RecoSortSize\>; 
sortRange=\<RecoSortRange\>; sortSegment=\<RecoSortSegment\>; 
sortMaps=\<RecoSortMaps\>; frameDim = 2}>) (<compute>, 0, <RecoCastFilter 
CAST3{dataRep=FLOAT; wordSize=8}>) (<compute>, 0, <RecoFTShiftFilter 
FTS3{frameDim=2; winDirection=0; shift=\<RECO_rotate[0]\>; exponent=1}>) 
(<compute>, 0, <RecoFTFilter FT3{direction=0; exponent=1}>) (<compute>, 0, 
<RecoSortFilter REORD3{sortDim=\<RecoSortDim\>; sortSize=\<RecoSortSize\>; 
sortRange=\<RecoSortRange\>; sortSegment=\<RecoSortSegment\>; 
sortMaps=\<RecoSortMaps\>; frameDim = 2}>) (<compute>, 1, <RecoBufferSource 
Q0{procDim=1;frameDim=2;bufferId="FIRSTPASS0";memId="out0"}>) (<compute>, 1, 
<RecoBufferSource Q1{procDim=1;frameDim=2;bufferId="FIRSTPASS1";memId="out1"}>
) (<compute>, 1, <RecoBufferSource 
Q2{procDim=1;frameDim=2;bufferId="FIRSTPASS2";memId="out2"}>) (<compute>, 1, 
<RecoBufferSource Q3{procDim=1;frameDim=2;bufferId="FIRSTPASS3";memId="out3"}>
) (<compute>, 1, <RecoBufferSink 
S0{procDim=1;frameDim=2;bufferId="FTPASS10";memId="in0"}>) (<compute>, 1, 
<RecoBufferSink S1{procDim=1;frameDim=2;bufferId="FTPASS11";memId="in1"}>) 
(<compute>, 1, <RecoBufferSink 
S2{procDim=1;frameDim=2;bufferId="FTPASS12";memId="in2"}>) (<compute>, 1, 
<RecoBufferSink S3{procDim=1;frameDim=2;bufferId="FTPASS13";memId="in3"}>) 
(<compute>, 1, <RecoFTShiftFilter FTS0{frameDim=2; winDirection=1; 
shift=\<RECO_rotate[1]\>; exponent=1}>) (<compute>, 1, <RecoFTFilter 
FT0{direction=1;exponent=1;}>) (<compute>, 1, <RecoFTShiftFilter 
FTS1{frameDim=2; winDirection=1; shift=\<RECO_rotate[1]\>; exponent=1}>) 
(<compute>, 1, <RecoFTFilter FT1{direction=1;exponent=1;}>) (<compute>, 1, 
<RecoFTShiftFilter FTS2{frameDim=2; winDirection=1; shift=\<RECO_rotate[1]\>; 
exponent=1}>) (<compute>, 1, <RecoFTFilter FT2{direction=1;exponent=1;}>) 
(<compute>, 1, <RecoFTShiftFilter FTS3{frameDim=2; winDirection=1; 
shift=\<RECO_rotate[1]\>; exponent=1}>) (<compute>, 1, <RecoFTFilter 
FT3{direction=1;exponent=1;}>) (<compute>, 2, <RecoBufferSource 
Q0{procDim=2;frameDim=2;bufferId="FTPASS10";memId="in0"}>) (<compute>, 2, 
<RecoBufferSource Q1{procDim=2;frameDim=2;bufferId="FTPASS11";memId="in1"}>) 
(<compute>, 2, <RecoBufferSource 
Q2{procDim=2;frameDim=2;bufferId="FTPASS12";memId="in2"}>) (<compute>, 2, 
<RecoBufferSource Q3{procDim=2;frameDim=2;bufferId="FTPASS13";memId="in3"}>) 
(<compute>, 2, <RecoBufferSink 
S0{procDim=2;frameDim=2;bufferId="PREPPASS0";memId="out0"}>) (<compute>, 2, 
<RecoScaleFilter SCALE0{scaleFactor=\<RecoScaleChan[0]\>; 
phaseOffset=\<RecoPhaseChan[0]\>}>) (<compute>, 2, <RecoScaleFilter 
SCALE1{scaleFactor=\<RecoScaleChan[1]\>; phaseOffset=\<RecoPhaseChan[1]\>}>) 
(<compute>, 2, <RecoScaleFilter SCALE2{scaleFactor=\<RecoScaleChan[2]\>; 
phaseOffset=\<RecoPhaseChan[2]\>}>) (<compute>, 2, <RecoScaleFilter 
SCALE3{scaleFactor=\<RecoScaleChan[3]\>; phaseOffset=\<RecoPhaseChan[3]\>}>) 
(<compute>, 2, <RecoSumOfSquaresFilter SOS0>) (<compute>, 2, 
<RecoMagnitudeFilter G0>) (<compute>, 2, <RecoMinMaxFilter 
M0{map_min=\<RECO_map_min\>;map_max=\<RECO_map_max\>;}>) (<compute>, 3, 
<RecoBufferSource Q0{procDim=2;frameDim=2;bufferId="PREPPASS0";memId="out0"}>)
 (<compute>, 3, <RecoQueueSink S0>) (<compute>, 3, <RecoMapFilter 
MAP0{symmetricMode=true;minima=\<RECO_minima\>;maxima=\<RECO_maxima\>;slope=\<RECO_map_slope\>;offset=\<RECO_map_offset\>;map_min=\<RECO_map_min\>;map_max=\<RECO_map_max\>;rangeMin=-32766.500000;rangeMax=32766.500000;perObjectMode=false;cutoffMode=true;}>) (<compute>, 3, <RecoCastFilter CAST0{dataRep=SIGNED;wordSize=2}>) (<output>, 3, <RecoQueueSource Q{procDim=2;initFromRECO=true;initOnce=true;}>) (<output>, 3, <RecoImageDisplayFilter DISP{showAll=true;}>) (<output>, 3, <RecoFileSink S{writePars=true;shuffle=false;filename="2dseq";numChans=1;}>)
$$ @vis= RecoRegridNGroup RecoStageNrPasses RecoStagePasses RecoStageNrNodes
##$RecoStageNrEdges=55
##$RecoStageEdges=( 55 )
(<merge>, 0, <Source0-\>Combine>) (<merge>, 0, <Source1-\>Combine>) (<merge>, 
0, <Source2-\>Combine>) (<merge>, 0, <Source3-\>Combine>) (<merge>, 0, 
<Combine-\>Sink>) (<input>, 0, <Q-\>S>) (<compute>, 0, <Q0-\>SP0>) (<compute>,
 0, <SP0-\>CAST0>) (<compute>, 0, <SP0-\>CAST1>) (<compute>, 0, <SP0-\>CAST2>)
 (<compute>, 0, <SP0-\>CAST3>) (<compute>, 0, <CAST0-\>FTS0>) (<compute>, 0, 
<FTS0-\>FT0>) (<compute>, 0, <FT0-\>REORD0>) (<compute>, 0, <REORD0-\>S0>) 
(<compute>, 0, <CAST1-\>FTS1>) (<compute>, 0, <FTS1-\>FT1>) (<compute>, 0, 
<FT1-\>REORD1>) (<compute>, 0, <REORD1-\>S1>) (<compute>, 0, <CAST2-\>FTS2>) 
(<compute>, 0, <FTS2-\>FT2>) (<compute>, 0, <FT2-\>REORD2>) (<compute>, 0, 
<REORD2-\>S2>) (<compute>, 0, <CAST3-\>FTS3>) (<compute>, 0, <FTS3-\>FT3>) 
(<compute>, 0, <FT3-\>REORD3>) (<compute>, 0, <REORD3-\>S3>) (<compute>, 1, 
<Q0-\>FTS0>) (<compute>, 1, <Q1-\>FTS1>) (<compute>, 1, <Q2-\>FTS2>) 
(<compute>, 1, <Q3-\>FTS3>) (<compute>, 1, <FTS0-\>FT0>) (<compute>, 1, 
<FT0-\>S0>) (<compute>, 1, <FTS1-\>FT1>) (<compute>, 1, <FT1-\>S1>) (<compute>
, 1, <FTS2-\>FT2>) (<compute>, 1, <FT2-\>S2>) (<compute>, 1, <FTS3-\>FT3>) 
(<compute>, 1, <FT3-\>S3>) (<compute>, 2, <Q0-\>SCALE0>) (<compute>, 2, 
<Q1-\>SCALE1>) (<compute>, 2, <Q2-\>SCALE2>) (<compute>, 2, <Q3-\>SCALE3>) 
(<compute>, 2, <SCALE0-\>SOS0.0>) (<compute>, 2, <SCALE1-\>SOS0.1>) (<compute>
, 2, <SCALE2-\>SOS0.2>) (<compute>, 2, <SCALE3-\>SOS0.3>) (<compute>, 2, 
<SOS0-\>G0>) (<compute>, 2, <G0-\>M0>) (<compute>, 2, <M0-\>S0>) (<compute>, 
3, <Q0-\>MAP0>) (<compute>, 3, <MAP0-\>CAST0>) (<compute>, 3, <CAST0-\>S0>) 
(<output>, 3, <Q-\>DISP>) (<output>, 3, <DISP-\>S>)
$$ @vis= RecoStageNodes RecoStageNrEdges RecoStageEdges RecoStageGroup
##$GS_reco_display=Yes
##$GO_reco_display=Yes
##$GO_reco_each_nr=No
##$GO_max_reco_mem=0
$$ @vis= RecoModeUser GS_reco_display RECO_GS GO_reco_display GO_reco_each_nr
##$RecoPrototype=No
$$ @vis= GO_max_reco_mem RECO_GO RecoPrototype RECO
##END=
$$ File finished by PARX at 2023-06-06 14:40:29.041 +0200
