##TITLE=Parameter List, ParaVision 6.0.1
##JCAMPDX=4.24
##DATATYPE=Parameter Values
##ORIGIN=Bruker BioSpin MRI GmbH
##OWNER=nmr
$$ 2023-06-06 14:58:40.211 +0200  nmr@CZC7039C06
$$ /opt/PV6.0.1/data/nmr/20230606_141317_ML_21304_9_1_1/7/pdata/1/reco
$$ process /opt/PV6.0.1/prog/bin/parxserver
##$RECO_mode=USER_MODE
##$RecoAutoDerive=No
##$RecoDim=1
##$RecoObjectsPerRepetition=1
##$RecoObjectsPerSetupStep=1
$$ @vis= RECO_mode RecoAutoDerive RecoDim RecoObjectsPerRepetition
##$RecoNumRepetitions=1
##$RECO_inp_order=NO_REORDERING
##$RECO_inp_size=( 1 )
2048
$$ @vis= RecoObjectsPerSetupStep RecoNumRepetitions RECO_inp_order
##$RECO_ft_size=( 1 )
2048
##$RECO_fov=( 1 )
5.8
##$RECO_size=( 1 )
2048
##$RECO_offset=( 1, 1 )
0
##$RECO_regrid_mode=NO_REGRID
##$RECO_regrid_offset=0
##$RECO_ramp_gap=0
##$RECO_ramp_time=0
##$RECO_ne_mode=NO_NAV_DATA
##$RECO_ne_dist=NeNoInterleave
##$RECO_ne_dens=NeCorrPerScan
##$RECO_ne_type=NAV_PHASE
##$RECO_bc_mode=( 1 )
NO_BC
##$RECO_bc_start=( 1 )
1536
##$RECO_bc_len=( 1 )
512
##$RECO_dc_offset=( 2 )
0 0
##$RECO_dc_divisor=1
##$RECO_bc_coroff=( 1 )
0
##$RECO_qopts=( 1 )
COMPLEX_CONJUGATE
##$RECO_wdw_mode=( 1 )
NO_WDW
$$ @vis= RECO_inp_size RECO_ft_size RECO_fov RECO_size RECO_ne_mode
##$RECO_lb=( 1 )
-0.5
##$RECO_sw=( 1 )
4401.40845070423
##$RECO_gb=( 1 )
0.5
##$RECO_sbs=( 1 )
1
##$RECO_tm1=( 1 )
0.25
##$RECO_tm2=( 1 )
0.75
##$RECO_ft_mode=( 1 )
COMPLEX_FT
##$RECO_pc_mode=( 1 )
NO_PC
##$RECO_pc_lin=( 1 )
(0, 0)
##$RECO_rotate=( 1, 1 )
0.5
##$RECO_ppc_mode=NO_PPC
##$RECO_ref_image=0
##$RECO_nr_supports=0.4
##$RECO_sig_threshold=0.15
##$RECO_ppc_degree=1
##$RECO_ppc_coeffs=( 1, 1, 2 )
0 0
##$RECO_dc_elim=Yes
##$RECO_transposition=( 1 )
0
$$ @vis= RECO_wdw_mode RECO_ft_mode RECO_pc_mode RECO_rotate
##$RECO_image_type=MAGNITUDE_IMAGE
##$RECO_image_threshold=0.15
##$RECO_ir_scale=10
##$RECO_wordtype=_16BIT_SGN_INT
##$RECO_map_mode=ABSOLUTE_MAPPING
##$RECO_map_range=( 2 )
-2147483647 2147483647
##$RECO_map_percentile=( 2 )
1 99.9
##$RECO_map_error=0.025
##$RECO_globex=( 1 )
0
##$RECO_minima=( 1 )
67.7071932329776
##$RECO_maxima=( 1 )
32766.5
##$RECO_map_min=( 1 )
-58112.9457325579
##$RECO_map_max=( 1 )
58112.9457325579
##$RECO_map_offset=( 1 )
0
##$RECO_map_slope=( 1 )
0.56384166362509
##$RECO_byte_order=littleEndian
$$ @vis= RECO_transposition RECO_image_type RECO_wordtype RECO_map_mode
##$RECO_time=<2023-06-06T14:58:40,208+0200>
##$RECO_abs_time=(1686056320, 208, 120)
##$RECO_base_image_uid=( 65 )
<2.16.756.5.5.100.8323328.112548.1686056320.1>
##$RecoUserUpdate=Yes
##$RecoReverseSegment=0
##$RecoB0DemodOff=0
##$RecoB0DemodDelay=0
##$RecoFTOrder=( 1 )
-1
##$RecoHalfFT=( 1 )
No
$$ @vis= RECO_byte_order RecoUserUpdate RecoB0DemodOff RecoWindow RecoFTOrder
##$RecoHalfFTPos=( 1 )
1024
##$RecoCorrPhase=RecoCorrPhaseOff
##$RecoCorrPhaseRef=-1
##$RECO_map_user_slope=1
##$RECO_map_user_offset=0
##$RecoNumInputChan=4
$$ @vis= RecoHalfFT RecoHalfFTPos RecoCorrPhase RecoCorrPhaseRef RecoMap
##$RecoScaleChan=( 4 )
0.879 1 0.712 0.737
##$RecoPhaseChan=( 4 )
0 0 0 0
##$RecoCombineMode=AddImages
##$RecoSortDim=0
$$ @vis= RecoNumInputChan RecoScaleChan RecoPhaseChan RecoCombineMode
##$RecoSortSize=( 1 )
0
##$RecoSortRange=( 1 )
0
##$RecoSortSegment=( 1 )
0
##$RecoSortMaps=( 1 )
0
##$RecoGrappaAccelFactor=1
##$RecoGrappaKernelRead=0
##$RecoGrappaKernelPhase=0
##$RecoGrappaNumRefRead=0
##$RecoGrappaNumRefPhase=0
##$RecoGrappaIncludeRefLines=Yes
##$RecoGrappaReadCenter=0
##$RecoGrappaPhaseCenter=0
##$RecoGrappaTruncThresh=-1
##$RecoRegridN=Off
$$ @vis= RecoSortDim RecoSortGroup RecoGrappaAccelFactor RecoGrappaGroup
##$RecoStageNrPasses=3
##$RecoStagePasses=( 3 )
(<FIRSTPASS>, 0) (<PREPPASS>, 1) (<MAPPASS>, 2)
##$RecoStageNrNodes=72
$$ @vis= RecoRegridN RecoRegridNGroup RecoStageNrPasses RecoStagePasses
##$RecoStageNodes=( 72 )
(<job0>, 0, <RecoQueueSource 
Q0{initOnce=true;queueId=0;dim=2;procDim=1;sizes={2048,1}
;nr=1;dataRep=SIGNED;baseField=COMPLEX;wordSize=4}>) (<job0>, 0, 
<RecoQueueSource Q1{initOnce=true;queueId=1;dim=2;procDim=1;sizes={2048,1}
;nr=1;dataRep=SIGNED;baseField=COMPLEX;wordSize=4}>) (<job0>, 0, 
<RecoQueueSource Q2{initOnce=true;queueId=2;dim=2;procDim=1;sizes={2048,1}
;nr=1;dataRep=SIGNED;baseField=COMPLEX;wordSize=4}>) (<job0>, 0, 
<RecoQueueSource Q3{initOnce=true;queueId=3;dim=2;procDim=1;sizes={2048,1}
;nr=1;dataRep=SIGNED;baseField=COMPLEX;wordSize=4}>) (<job0>, 0, 
<RecoProfileDisplayFilter 
D{isOnlineMode=true;isAcqDisp=true;cnt=2;ndx=0;ni=1;}>) (<job0>, 0, 
<RecoFileSink 
FS{jobNdx=0;writeAcqPars=true;filename="/opt/PV6.0.1/data/nmr/20230606_141317_ML_21304_9_1_1/7/rawdata.job0"}>) (<job0>, 0, <RecoCombineFilter C{dim=1}>) (<job0>, 0, <RecoTeeFilter T>) (<job0>, 0, <RecoQueueSink QS{queueId=0}>) (<job0>, 0, <RecoProgressMonitorFilter PM>) (<job1>, 0, <RecoQueueSource Q0{initOnce=true;queueId=0;dim=2;procDim=1;sizes={136,1};nr=1;dataRep=SIGNED;baseField=COMPLEX;wordSize=4}>) (<job1>, 0, <RecoQueueSource Q1{initOnce=true;queueId=1;dim=2;procDim=1;sizes={136,1};nr=1;dataRep=SIGNED;baseField=COMPLEX;wordSize=4}>) (<job1>, 0, <RecoQueueSource Q2{initOnce=true;queueId=2;dim=2;procDim=1;sizes={136,1};nr=1;dataRep=SIGNED;baseField=COMPLEX;wordSize=4}>) (<job1>, 0, <RecoQueueSource Q3{initOnce=true;queueId=3;dim=2;procDim=1;sizes={136,1};nr=1;dataRep=SIGNED;baseField=COMPLEX;wordSize=4}>) (<job1>, 0, <RecoProfileDisplayFilter D{isOnlineMode=true;isAcqDisp=true;cnt=2;ndx=1;ni=1;}>) (<job1>, 0, <RecoFileSink FS{jobNdx=1;writeAcqPars=false;filename="/opt/PV6.0.1/data/nmr/20230606_141317_ML_21304_9_1_1/7/rawdata.job1"}>) (<job1>, 0, <RecoCombineFilter C{dim=1}>) (<job1>, 0, <RecoTeeFilter T>) (<job1>, 0, <RecoQueueSink QS{queueId=0}>) (<job1>, 0, <RecoCastFilter Cfloat{dataRep=FLOAT;wordSize=8;}>) (<job1>, 0, <RecoDetermineB0Filter DB{width=\<ACQ_DriftCompFilterWidth\>;step=\<ACQ_DriftCompStep\>; sampleBW=\<ACQ_jobs[1].swh\>;B0Value=\<ACQ_DriftCompOffset\>;activeReceivers=4;debugFiles=0;}>) (<job1>, 0, <RecoCastFilter Cback{dataRep=SIGNED;wordSize=4;}>) (<job1>, 0, <RecoReloadB0Filter B0{B0Value=\<ACQ_DriftCompOffset\>;}>) (<input>, 0, <RecoFileSource FS0{initFromJob=0;procDim=2;numChan=4;contData=true;}>) (<input>, 0, <RecoQueueSink JQ0{queueId=0;initQueue=true;initOnce=true;}>) (<input>, 0, <RecoFileSource FS1{initFromJob=1;procDim=2;numChan=4;contData=true;}>) (<input>, 0, <RecoQueueSink JQ1{queueId=1;initQueue=true;initOnce=true;}>) (<compute>, 0, <RecoQueueSource Q0{initFromJob=0;queueId=0;initOnce=true;}>) (<compute>, 0, <RecoQueueSource JQ1{initFromJob=1;queueId=1;initOnce=true;}>) (<compute>, 0, <RecoDummySink JS1{verbose=false}>) (<compute>, 0, <RecoBufferSink S0{procDim=1;frameDim=2;bufferId="FIRSTPASS0";memId="out0"}>) (<compute>, 0, <RecoBufferSink S1{procDim=1;frameDim=2;bufferId="FIRSTPASS1";memId="out1"}>) (<compute>, 0, <RecoBufferSink S2{procDim=1;frameDim=2;bufferId="FIRSTPASS2";memId="out2"}>) (<compute>, 0, <RecoBufferSink S3{procDim=1;frameDim=2;bufferId="FIRSTPASS3";memId="out3"}>) (<compute>, 0, <RecoSplitFilter SP0{dim=1; keepBlocksize=1}>) (<compute>, 0, <RecoCastFilter CAST0{dataRep=FLOAT; wordSize=8}>) (<compute>, 0, <RecoCastFilter CAST1{dataRep=FLOAT; wordSize=8}>) (<compute>, 0, <RecoCastFilter CAST2{dataRep=FLOAT; wordSize=8}>) (<compute>, 0, <RecoCastFilter CAST3{dataRep=FLOAT; wordSize=8}>) (<compute>, 1, <RecoBufferSource Q0{procDim=1;frameDim=2;bufferId="FIRSTPASS0";memId="out0"}>) (<compute>, 1, <RecoBufferSource Q1{procDim=1;frameDim=2;bufferId="FIRSTPASS1";memId="out1"}>) (<compute>, 1, <RecoBufferSource Q2{procDim=1;frameDim=2;bufferId="FIRSTPASS2";memId="out2"}>) (<compute>, 1, <RecoBufferSource Q3{procDim=1;frameDim=2;bufferId="FIRSTPASS3";memId="out3"}>) (<compute>, 1, <RecoBufferSink S0{procDim=1;frameDim=2;bufferId="PREPPASS0";memId="in0"}>) (<compute>, 1, <RecoScaleFilter SCALE0{scaleFactor=\<RecoScaleChan[0]\>; phaseOffset=\<RecoPhaseChan[0]\>}>) (<compute>, 1, <RecoScaleFilter SCALE1{scaleFactor=\<RecoScaleChan[1]\>; phaseOffset=\<RecoPhaseChan[1]\>}>) (<compute>, 1, <RecoScaleFilter SCALE2{scaleFactor=\<RecoScaleChan[2]\>; phaseOffset=\<RecoPhaseChan[2]\>}>) (<compute>, 1, <RecoScaleFilter SCALE3{scaleFactor=\<RecoScaleChan[3]\>; phaseOffset=\<RecoPhaseChan[3]\>}>) (<compute>, 1, <RecoAddFilter SOS0>) (<compute>, 1, <RecoMagnitudeFilter G0>) (<compute>, 1, <RecoMinMaxFilter M0{map_min=\<RECO_map_min\>;map_max=\<RECO_map_max\>;}>) (<compute>, 2, <RecoBufferSource Q0{procDim=1;frameDim=2;bufferId="PREPPASS0";memId="in0"}>) (<compute>, 2, <RecoQueueSink S0>) (<compute>, 2, <RecoMapFilter MAP0{symmetricMode=true;minima=\<RECO_minima\>;maxima=\<RECO_maxima\>;slope=\<RECO_map_slope\>;offset=\<RECO_map_offset\>;map_min=\<RECO_map_min\>;map_max=\<RECO_map_max\>;rangeMin=-32766.500000;rangeMax=32766.500000;perObjectMode=false;cutoffMode=true;}>) (<compute>, 2, <RecoCastFilter CAST0{dataRep=SIGNED;wordSize=2}>) (<output>, 2, <RecoQueueSource Q{procDim=1;initFromRECO=true;initOnce=true;}>) (<output>, 2, <RecoProfileDisplayFilter DISP{isRecoDisp=true;dim=1;}>) (<output>, 2, <RecoFileSink S{writePars=true;shuffle=false;filename="2dseq";numChans=1;}>) (<compute>, 0, <RecoAverageFilter AVE0{avList=\<AverageList\>; avListSize=1; nObj=1; newSize=\<RECO_ft_size\>;}>) (<compute>, 0, <RecoAverageFilter AVE1{avList=\<AverageList\>; avListSize=1; nObj=1; newSize=\<RECO_ft_size\>;}>) (<compute>, 0, <RecoAverageFilter AVE2{avList=\<AverageList\>; avListSize=1; nObj=1; newSize=\<RECO_ft_size\>;}>) (<compute>, 0, <RecoAverageFilter AVE3{avList=\<AverageList\>; avListSize=1; nObj=1; newSize=\<RECO_ft_size\>;}>) (<compute>, 0, <RecoSpectCorrFilter SPECTCORR0{useNav = 0;refPoint = 0.000000;digShift = 68.000000;refcor = 1;refData = \<PVM_RefScan[0]\>;filterWidth = 0}>) (<compute>, 0, <RecoSpectCorrFilter SPECTCORR1{useNav = 0;refPoint = 0.000000;digShift = 68.000000;refcor = 1;refData = \<PVM_RefScan[1]\>;filterWidth = 0}>) (<compute>, 0, <RecoSpectCorrFilter SPECTCORR2{useNav = 0;refPoint = 0.000000;digShift = 68.000000;refcor = 1;refData = \<PVM_RefScan[2]\>;filterWidth = 0}>) (<compute>, 0, <RecoSpectCorrFilter SPECTCORR3{useNav = 0;refPoint = 0.000000;digShift = 68.000000;refcor = 1;refData = \<PVM_RefScan[3]\>;filterWidth = 0}>) (<compute>, 1, <RecoFTShiftFilter FTS0{shift=0.5; winDirection=0; exponent=1}>) (<compute>, 1, <RecoFTFilter FT0{direction=0; exponent=1}>) (<compute>, 1, <RecoTeeFilter T0>) (<compute>, 1, <RecoCastFilter FILECAST0{wordSize=4; dataRep=SIGNED}>) (<compute>, 1, <RecoFileSink FSINK0{filename="/opt/PV6.0.1/data/nmr/20230606_141317_ML_21304_9_1_1/7/fid";shuffle=true}>) (<compute>, 1, <RecoZfillFilter ZFILL0{fillingPosition=1.0; fixedSize=2048}>)
##$RecoStageNrEdges=63
##$RecoStageEdges=( 63 )
(<job0>, 0, <Q0-\>C>) (<job0>, 0, <Q1-\>C>) (<job0>, 0, <Q2-\>C>) (<job0>, 0, 
<Q3-\>C>) (<job0>, 0, <D-\>T>) (<job0>, 0, <T-\>FS>) (<job0>, 0, <T-\>QS>) 
(<job0>, 0, <PM-\>D>) (<job0>, 0, <C-\>PM>) (<job1>, 0, <Q0-\>C>) (<job1>, 0, 
<Q1-\>C>) (<job1>, 0, <Q2-\>C>) (<job1>, 0, <Q3-\>C>) (<job1>, 0, <C-\>D>) 
(<job1>, 0, <D-\>T>) (<job1>, 0, <T-\>QS>) (<job1>, 0, <T-\>Cfloat>) (<job1>, 
0, <Cfloat-\>DB>) (<job1>, 0, <DB-\>Cback>) (<job1>, 0, <Cback-\>B0>) (<job1>,
 0, <B0-\>FS>) (<input>, 0, <FS0-\>JQ0>) (<input>, 0, <FS1-\>JQ1>) (<compute>,
 0, <JQ1-\>JS1>) (<compute>, 0, <Q0-\>SP0>) (<compute>, 0, <SP0-\>CAST0>) 
(<compute>, 0, <SP0-\>CAST1>) (<compute>, 0, <SP0-\>CAST2>) (<compute>, 0, 
<SP0-\>CAST3>) (<compute>, 0, <AVE0-\>S0>) (<compute>, 0, <AVE1-\>S1>) 
(<compute>, 0, <AVE2-\>S2>) (<compute>, 0, <AVE3-\>S3>) (<compute>, 1, 
<Q0-\>SCALE0>) (<compute>, 1, <Q1-\>SCALE1>) (<compute>, 1, <Q2-\>SCALE2>) 
(<compute>, 1, <Q3-\>SCALE3>) (<compute>, 1, <SCALE0-\>SOS0.0>) (<compute>, 1,
 <SCALE1-\>SOS0.1>) (<compute>, 1, <SCALE2-\>SOS0.2>) (<compute>, 1, 
<SCALE3-\>SOS0.3>) (<compute>, 1, <FT0-\>G0>) (<compute>, 1, <G0-\>M0>) 
(<compute>, 1, <M0-\>S0>) (<compute>, 2, <Q0-\>MAP0>) (<compute>, 2, 
<MAP0-\>CAST0>) (<compute>, 2, <CAST0-\>S0>) (<output>, 2, <Q-\>DISP>) 
(<output>, 2, <DISP-\>S>) (<compute>, 0, <SPECTCORR0-\>AVE0>) (<compute>, 0, 
<SPECTCORR1-\>AVE1>) (<compute>, 0, <SPECTCORR2-\>AVE2>) (<compute>, 0, 
<SPECTCORR3-\>AVE3>) (<compute>, 0, <CAST0-\>SPECTCORR0>) (<compute>, 0, 
<CAST1-\>SPECTCORR1>) (<compute>, 0, <CAST2-\>SPECTCORR2>) (<compute>, 0, 
<CAST3-\>SPECTCORR3>) (<compute>, 1, <T0-\>FTS0>) (<compute>, 1, <FTS0-\>FT0>)
 (<compute>, 1, <SOS0-\>T0>) (<compute>, 1, <T0-\>FILECAST0>) (<compute>, 1, 
<FILECAST0-\>ZFILL0>) (<compute>, 1, <ZFILL0-\>FSINK0>)
$$ @vis= RecoStageNrNodes RecoStageNodes RecoStageNrEdges RecoStageEdges
##$GS_reco_display=Yes
##$GO_reco_display=Yes
##$GO_reco_each_nr=No
$$ @vis= RecoStageGroup RecoModeUser GS_reco_display RECO_GS GO_reco_display
##$GO_max_reco_mem=0
##$RecoPrototype=No
$$ @vis= GO_reco_each_nr GO_max_reco_mem RECO_GO RecoPrototype RECO
##END=
$$ File finished by PARX at 2023-06-06 14:58:40.212 +0200
