##TITLE=Parameter List, ParaVision 6.0.1
##JCAMPDX=4.24
##DATATYPE=Parameter Values
##ORIGIN=Bruker BioSpin MRI GmbH
##OWNER=nmr
$$ 2023-06-06 15:35:08.525 +0200  nmr@CZC7039C06
$$ /opt/PV6.0.1/data/nmr/20230606_141317_ML_21304_9_1_1/10/pdata/2/visu_pars
$$ process /opt/PV6.0.1/prog/mod/xtip
##$VisuVersion=3
##$VisuUid=( 65 )
<2.16.756.5.5.100.8323328.84866.1686058508.705>
##$VisuCreator=( 65 )
<ParaVision;xtip>
##$VisuCreatorVersion=( 65 )
<6.0.1;6.0.1>
##$VisuCreationDate=<2023-06-06T15:35:08,525+0200>
$$ @vis= VisuVersion VisuUid VisuCreator VisuCreatorVersion VisuCreationDate
##$VisuCoreFrameCount=95
##$VisuCoreDim=2
##$VisuCoreSize=( 2 )
128 128
##$VisuCoreDimDesc=( 2 )
spatial spatial
$$ @vis= VisuInstance VisuCoreFrameCount VisuCoreDim VisuCoreSize
##$VisuCoreExtent=( 2 )
19.2 19.2
##$VisuCoreFrameThickness=( 1 )
1
##$VisuCoreUnits=( 2, 65 )
<mm> <mm>
##$VisuCoreOrientation=( 19, 9 )
1 0 0 0 1 0 0 0 1 1 0 0 0 1 0 0 0 1 1 0 0 0 1 0 0 0 1 1 0 0 0 1 0 0 0 1 1 0 0 
0 1 0 0 0 1 1 0 0 0 1 0 0 0 1 1 0 0 0 1 0 0 0 1 1 0 0 0 1 0 0 0 1 1 0 0 0 1 0 
0 0 1 1 0 0 0 1 0 0 0 1 1 0 0 0 1 0 0 0 1 1 0 0 0 1 0 0 0 1 1 0 0 0 1 0 0 0 1 
1 0 0 0 1 0 0 0 1 1 0 0 0 1 0 0 0 1 1 0 0 0 1 0 0 0 1 1 0 0 0 1 0 0 0 1 1 0 0 
0 1 0 0 0 1 1 0 0 0 1 0 0 0 1
$$ @vis= VisuCoreDimDesc VisuCoreExtent VisuCoreFrameThickness VisuCoreUnits
##$VisuCorePosition=( 19, 3 )
-10.031034 -11.91214 -9.646552 -10.031034 -11.91214 -8.646552 -10.031034 
-11.91214 -7.646552 -10.031034 -11.91214 -6.646552 -10.031034 -11.91214 
-5.646552 -10.031034 -11.91214 -4.646552 -10.031034 -11.91214 -3.646552 
-10.031034 -11.91214 -2.646552 -10.031034 -11.91214 -1.646552 -10.031034 
-11.91214 -0.646552 -10.031034 -11.91214 0.353448 -10.031034 -11.91214 
1.353448 -10.031034 -11.91214 2.353448 -10.031034 -11.91214 3.353448 
-10.031034 -11.91214 4.353448 -10.031034 -11.91214 5.353448 -10.031034 
-11.91214 6.353448 -10.031034 -11.91214 7.353448 -10.031034 -11.91214 8.353448
##$VisuCoreDataMin=( 95 )
0 0 0 0 6173129 0 0 0 0 3939962 0 0 0 0 4382392 0 0 0 0 3656876 0 0 0 0 
2828465 0 0 0 0 3410860 0 0 0 0 3897196 0 0 0 0 6870599 0 0 0 0 9220815 0 0 0 
0 6176157 0 0 0 0 8587374 0 0 0 0 4741833 0 0 0 0 4334906 0 0 0 0 6066509 0 0 
0 0 5465159 0 0 0 0 3777659 0 0 0 0 2767373 0 0 0 0 3452576 0 0 0 0 7867260
##$VisuCoreDataMax=( 95 )
1224643456 133976848 1849812224 1630772096 1098481024 1174071680 271633248 
1240188928 902753792 2053944448 1169611648 398150080 2020584960 1549422336 
1097431808 2069496192 1039889216 1163918080 735610304 2098044032 1792881536 
254050048 1260513920 878915712 2068247168 1529425408 224299152 1654808320 
831726016 1137446912 1285144448 210465472 1669479424 1191376384 1133902592 
1183048320 345895968 1256518400 969356864 1959839360 1119525376 134761424 
1841072000 1369920128 1813024512 1088215040 435237600 1672476416 1155078656 
1808696448 1240072064 251086960 1280245760 1008676224 1548348416 1316175104 
339295296 1517837184 896699584 1741147392 1411093376 299386560 1170618880 
537542976 1542901632 1930392320 833885760 1532789248 814125568 1594240896 
1625521792 204765888 1958166400 561941184 1758003328 1555176960 164830640 
1446051968 1172278016 1545874432 1495332736 200089472 1838841856 811348608 
1960468480 1692511488 342007616 1129836160 891742016 1642015104 1695903232 
103360376 1259515136 1035371712 1699832064
##$VisuCoreDataOffs=( 95 )
0 0 0 0 0 0 0 0 0 0 0 0 0 0 0 0 0 0 0 0 0 0 0 0 0 0 0 0 0 0 0 0 0 0 0 0 0 0 0 
0 0 0 0 0 0 0 0 0 0 0 0 0 0 0 0 0 0 0 0 0 0 0 0 0 0 0 0 0 0 0 0 0 0 0 0 0 0 0 
0 0 0 0 0 0 0 0 0 0 0 0 0 0 0 0 0
$$ @vis= VisuCoreOrientation VisuCorePosition VisuCoreDataMin VisuCoreDataMax
##$VisuCoreDataSlope=( 95 )
1.19209289550781e-07 1.19209289550781e-07 3.814697265625e-06 
3.814697265625e-06 1.49011611938477e-08 1.19209289550781e-07 
1.19209289550781e-07 7.62939453125e-06 7.62939453125e-06 7.45058059692383e-09 
1.19209289550781e-07 1.19209289550781e-07 7.62939453125e-06 7.62939453125e-06 
1.49011611938477e-08 5.96046447753906e-08 5.96046447753906e-08 
1.52587890625e-05 1.52587890625e-05 1.49011611938477e-08 5.96046447753906e-08 
5.96046447753906e-08 7.62939453125e-06 7.62939453125e-06 1.49011611938477e-08 
5.96046447753906e-08 5.96046447753906e-08 3.814697265625e-06 
3.814697265625e-06 1.49011611938477e-08 5.96046447753906e-08 
5.96046447753906e-08 3.814697265625e-06 3.814697265625e-06 
1.49011611938477e-08 5.96046447753906e-08 5.96046447753906e-08 
7.62939453125e-06 7.62939453125e-06 7.45058059692383e-09 5.96046447753906e-08 
5.96046447753906e-08 3.814697265625e-06 3.814697265625e-06 
7.45058059692383e-09 5.96046447753906e-08 5.96046447753906e-08 
7.62939453125e-06 7.62939453125e-06 7.45058059692383e-09 5.96046447753906e-08 
5.96046447753906e-08 7.62939453125e-06 7.62939453125e-06 7.45058059692383e-09 
5.96046447753906e-08 5.96046447753906e-08 7.62939453125e-06 7.62939453125e-06 
7.45058059692383e-09 5.96046447753906e-08 5.96046447753906e-08 
7.62939453125e-06 7.62939453125e-06 1.49011611938477e-08 5.96046447753906e-08 
5.96046447753906e-08 7.62939453125e-06 7.62939453125e-06 1.49011611938477e-08 
5.96046447753906e-08 5.96046447753906e-08 3.814697265625e-06 
3.814697265625e-06 1.49011611938477e-08 5.96046447753906e-08 
5.96046447753906e-08 3.814697265625e-06 3.814697265625e-06 
7.45058059692383e-09 5.96046447753906e-08 5.96046447753906e-08 
3.814697265625e-06 3.814697265625e-06 1.49011611938477e-08 
5.96046447753906e-08 5.96046447753906e-08 7.62939453125e-06 7.62939453125e-06 
1.49011611938477e-08 5.96046447753906e-08 5.96046447753906e-08 
3.814697265625e-06 3.814697265625e-06 7.45058059692383e-09
##$VisuCoreDataUnits=( 5, 65 )
<> <> <ms> <ms> <>
##$VisuCoreFrameType=( 1 )
REAL_IMAGE
$$ @vis= VisuCoreDataOffs VisuCoreDataSlope VisuCoreDataUnits
##$VisuFGElemComment=( 5, 65 )
<signal intensity> <std dev of signal intensity> <T1 relaxation time> <std 
dev of T1 relaxation time> <std dev of the fit>
##$VisuCoreSlicePacksDef=(1, 1)
##$VisuCoreSlicePacksSlices=( 1 )
(0, 19)
$$ @vis= VisuCoreFrameType VisuFGElemComment VisuCoreSlicePacksDef
##$VisuCoreSlicePacksSliceDist=( 1 )
0
##$VisuCoreWordType=_32BIT_SGN_INT
$$ @vis= VisuCoreSlicePacksSlices VisuCoreSlicePacksSliceDist VisuCore
##$VisuCoreByteOrder=littleEndian
##$VisuFGOrderDescDim=2
##$VisuFGOrderDesc=( 2 )
(5, <FG_ISA>, <T1 saturation recovery>, 0, 2) (19, <FG_SLICE>, <>, 2, 2)
$$ @vis= VisuCoreWordType VisuCoreByteOrder VisuPixel VisuFGOrderDescDim
##$VisuGroupDepVals=( 4 )
(<VisuCoreDataUnits>, 0) (<VisuFGElemComment>, 0) (<VisuCoreOrientation>, 0) 
(<VisuCorePosition>, 0)
##$VisuSubjectName=( 65 )
<ML_21304_9>
##$VisuSubjectId=( 65 )
<ML_21304_9>
$$ @vis= VisuFGOrderDesc VisuGroupDepVals VisuFrameOrderDesc VisuSubjectName
##$VisuSubjectUid=( 65 )
<2.16.756.5.5.100.8323328.66482.1686053597.3>
##$VisuSubjectInstanceCreationDate=(1686053597, 593, 120)
##$VisuSubjectBirthDate=( 9 )
<20230606>
$$ @vis= VisuSubjectId VisuSubjectUid VisuSubjectInstanceCreationDate
##$VisuSubjectSex=UNKNOWN
##$VisuSubjectType=Quadruped
##$VisuStudyUid=( 65 )
<2.16.756.5.5.100.8323328.66482.1686053597.4>
$$ @vis= VisuSubjectBirthDate VisuSubjectSex VisuSubjectType VisuSubject
##$VisuStudyDate=<2023-06-06T14:13:17,593+0200>
##$VisuStudyId=( 65 )
<ML_21304_9>
##$VisuStudyNumber=1
##$VisuSubjectWeight=0.001
$$ @vis= VisuStudyUid VisuStudyDate VisuStudyId VisuStudyNumber
##$VisuStudyReferringPhysician=( 65 )
<nmr>
##$VisuStudyDescription=( 2048 )
<\
>
$$ @vis= VisuSubjectWeight VisuStudyReferringPhysician VisuStudyDescription
##$VisuExperimentNumber=10
##$VisuProcessingNumber=2
##$VisuSeriesDate=<2023-06-06T15:35:08,525+0200>
##$VisuSubjectPosition=Head_Supine
$$ @vis= VisuStudy VisuExperimentNumber VisuProcessingNumber VisuSeriesDate
##$VisuSeriesTypeId=( 65 )
<DERIVED_ISA>
##$VisuSeriesComment=( 65 )
<Parametric image for T1 saturation recovery produced from /opt/P>
##$VisuSeriesReferenceUid=( 65 )
<2.16.756.5.5.100.8323328.122621.1686058501.1>
$$ @vis= VisuSubjectPosition VisuSeriesTypeId VisuSeriesComment
##$VisuSeriesReferenceTypeId=( 65 )
<ACQ_BRUKER_PVM>
$$ @vis= VisuSeriesReferenceUid VisuSeriesReferenceTypeId VisuSeries
##$VisuManufacturer=( 65 )
<Bruker BioSpin MRI GmbH>
$$ @vis= VisuCoilReceive VisuCoilTransmit VisuContrastAgent VisuManufacturer
$$ @vis= VisuEquipment VisuAcquisition VisuMpi VisuDepricated Visu
##END=
$$ File finished by PARX at 2023-06-06 15:35:08.526 +0200
