##TITLE=Parameter List, ParaVision 6.0.1
##JCAMPDX=4.24
##DATATYPE=Parameter Values
##ORIGIN=Bruker BioSpin MRI GmbH
##OWNER=nmr
$$ 2023-06-06 14:58:42.653 +0200  nmr@CZC7039C06
$$ /opt/PV6.0.1/data/nmr/20230606_141317_ML_21304_9_1_1/7/acqp
$$ process /opt/PV6.0.1/prog/bin/parxserver
##$PULPROG=( 32 )
<STEAM.ppg>
##$GRDPROG=( 16 )
<>
##$ACQ_experiment_mode=ParallelExperiment
##$ACQ_ReceiverSelect=( 4 )
Yes Yes Yes Yes
##$ACQ_PexSelect=0
##$ACQ_load_shim_set_list=No
$$ @vis= PULPROG GRDPROG ACQ_experiment_mode ACQ_ReceiverSelect
##$ACQ_user_filter=No
##$ACQ_DS_enabled=No
##$ACQ_switch_pll_enabled=No
$$ @vis= ACQ_load_shim_set_list ACQ_user_filter ACQ_DS_enabled
##$ACQ_preload=0
##$ACQ_branch_preload=( 10, 2 )
1000000 1000000 1000000 1000000 1000000 1000000 1000000 1000000 1000000 
1000000 1000000 1000000 1000000 1000000 1000000 1000000 1000000 1000000 500 
500
##$ACQ_jobs_size=2
##$ACQ_jobs=( 2 )
(4096, 1, 0, 1, 101, 4401.40845070423, 0, 1) (272, 1, 0, 1, 45.2, 
4401.40845070423, -1, 1)
$$ @vis= ACQ_switch_pll_enabled ACQ_preload ACQ_branch_preload ACQ_jobs_size
##$ACQ_dim=1
##$ACQ_dim_desc=( 1 )
Spectroscopic
##$ACQ_size=( 1 )
4096
##$ACQ_ns_list_size=1
##$ACQ_ns=1
##$ACQ_ns_list=( 1 )
1
$$ @vis= ACQ_jobs ACQ_dim ACQ_dim_desc ACQ_size ACQ_ns_list_size ACQ_ns
##$ACQ_phase_factor=1
##$ACQ_scan_size=One_scan
##$NI=1
##$NA=1
##$NAE=1
##$NR=1
##$DS=0
##$D=( 64 )
1.8592144 0 0 0 0 0 0 0 2.5e-05 0 0 0 0 0 0 0 0 0 0 0 0 0 0 0 0 0 0 0 0 0 0 0 
0 0 0 0 0 0 0 0 0 0 0 0 0 0 0 0 0 0 0 0 0 0 0 0 0 0 0 0 0 0 0 0
##$P=( 64 )
548 500 500 500 0 0 0 0 0 0 0 0 0 0 0 0 0 0 0 0 0 0 0 0 0 0 0 0 0 0 0 0 0 0 0 
0 0 0 0 0 0 0 0 0 0 0 0 0 0 0 0 0 0 0 0 0 0 0 0 0 0 0 0 0
##$PLW=( 64 )
0 0 0 0 0 0 0 0 0 0 0 0 0 0 0 0 0 0 0 0 0 0 0 0 0 0 0 0 0 0 0 0 0 0 0 0 0 0 0 
0 0 0 0 0 0 0 0 0 0 0 0 0 0 0 0 0 0 0 0 0 0 0 0 0
##$SPPEX=( 64 )
0 0 0 0 0 0 0 0 0 0 0 0 0 0 0 0 0 0 0 0 0 0 0 0 0 0 0 0 0 0 0 0 0 0 0 0 0 0 0 
0 0 0 0 0 0 0 0 0 0 0 0 0 0 0 0 0 0 0 0 0 0 0 0 0
##$ACQ_RfShapes=( 64 )
(<gauss.exc>, 3.0896958028119, 0, 0.5, 0, 100 100 100 100 100 100 100 100, 0 
0 0 0 0 0 0 0) (<$VoxPul1Shape>, 561.933764175724, 0, 0.5, 0, 100 100 100 100 
100 100 100 100, 0 0 0 0 0 0 0 0) (<$VoxPul2Shape>, 561.933764175724, 0, 0.5, 
0, 100 100 100 100 100 100 100 100, 0 0 0 0 0 0 0 0) (<$VoxPul3Shape>, 
561.933764175724, 0, 0.5, 0, 100 100 100 100 100 100 100 100, 0 0 0 0 0 0 0 0)
 (<>, 0, 0, 0.5, 0, 0 0 0 0 0 0 0 0, 0 0 0 0 0 0 0 0) (<>, 0, 0, 0.5, 0, 0 0 
0 0 0 0 0 0, 0 0 0 0 0 0 0 0) (<>, 0, 0, 0.5, 0, 0 0 0 0 0 0 0 0, 0 0 0 0 0 0 
0 0) (<>, 0, 0, 0.5, 0, 0 0 0 0 0 0 0 0, 0 0 0 0 0 0 0 0) (<>, 0, 0, 0.5, 0, 
0 0 0 0 0 0 0 0, 0 0 0 0 0 0 0 0) (<>, 0, 0, 0.5, 0, 0 0 0 0 0 0 0 0, 0 0 0 0 
0 0 0 0) (<>, 0, 0, 0.5, 0, 0 0 0 0 0 0 0 0, 0 0 0 0 0 0 0 0) (<>, 0, 0, 0.5, 
0, 0 0 0 0 0 0 0 0, 0 0 0 0 0 0 0 0) (<>, 0, 0, 0.5, 0, 0 0 0 0 0 0 0 0, 0 0 
0 0 0 0 0 0) (<>, 0, 0, 0.5, 0, 0 0 0 0 0 0 0 0, 0 0 0 0 0 0 0 0) (<>, 0, 0, 
0.5, 0, 0 0 0 0 0 0 0 0, 0 0 0 0 0 0 0 0) (<>, 0, 0, 0.5, 0, 0 0 0 0 0 0 0 0, 
0 0 0 0 0 0 0 0) (<>, 0, 0, 0.5, 0, 0 0 0 0 0 0 0 0, 0 0 0 0 0 0 0 0) (<>, 0, 
0, 0.5, 0, 0 0 0 0 0 0 0 0, 0 0 0 0 0 0 0 0) (<>, 0, 0, 0.5, 0, 0 0 0 0 0 0 0 
0, 0 0 0 0 0 0 0 0) (<>, 0, 0, 0.5, 0, 0 0 0 0 0 0 0 0, 0 0 0 0 0 0 0 0) (<>, 
0, 0, 0.5, 0, 0 0 0 0 0 0 0 0, 0 0 0 0 0 0 0 0) (<>, 0, 0, 0.5, 0, 0 0 0 0 0 
0 0 0, 0 0 0 0 0 0 0 0) (<>, 0, 0, 0.5, 0, 0 0 0 0 0 0 0 0, 0 0 0 0 0 0 0 0) 
(<>, 0, 0, 0.5, 0, 0 0 0 0 0 0 0 0, 0 0 0 0 0 0 0 0) (<>, 0, 0, 0.5, 0, 0 0 0 
0 0 0 0 0, 0 0 0 0 0 0 0 0) (<>, 0, 0, 0.5, 0, 0 0 0 0 0 0 0 0, 0 0 0 0 0 0 0 
0) (<>, 0, 0, 0.5, 0, 0 0 0 0 0 0 0 0, 0 0 0 0 0 0 0 0) (<>, 0, 0, 0.5, 0, 0 
0 0 0 0 0 0 0, 0 0 0 0 0 0 0 0) (<>, 0, 0, 0.5, 0, 0 0 0 0 0 0 0 0, 0 0 0 0 0 
0 0 0) (<>, 0, 0, 0.5, 0, 0 0 0 0 0 0 0 0, 0 0 0 0 0 0 0 0) (<>, 0, 0, 0.5, 0,
 0 0 0 0 0 0 0 0, 0 0 0 0 0 0 0 0) (<>, 0, 0, 0.5, 0, 0 0 0 0 0 0 0 0, 0 0 0 
0 0 0 0 0) (<>, 0, 0, 0.5, 0, 0 0 0 0 0 0 0 0, 0 0 0 0 0 0 0 0) (<>, 0, 0, 
0.5, 0, 0 0 0 0 0 0 0 0, 0 0 0 0 0 0 0 0) (<>, 0, 0, 0.5, 0, 0 0 0 0 0 0 0 0, 
0 0 0 0 0 0 0 0) (<>, 0, 0, 0.5, 0, 0 0 0 0 0 0 0 0, 0 0 0 0 0 0 0 0) (<>, 0, 
0, 0.5, 0, 0 0 0 0 0 0 0 0, 0 0 0 0 0 0 0 0) (<>, 0, 0, 0.5, 0, 0 0 0 0 0 0 0 
0, 0 0 0 0 0 0 0 0) (<>, 0, 0, 0.5, 0, 0 0 0 0 0 0 0 0, 0 0 0 0 0 0 0 0) (<>, 
0, 0, 0.5, 0, 0 0 0 0 0 0 0 0, 0 0 0 0 0 0 0 0) (<>, 0, 0, 0.5, 0, 0 0 0 0 0 
0 0 0, 0 0 0 0 0 0 0 0) (<>, 0, 0, 0.5, 0, 0 0 0 0 0 0 0 0, 0 0 0 0 0 0 0 0) 
(<>, 0, 0, 0.5, 0, 0 0 0 0 0 0 0 0, 0 0 0 0 0 0 0 0) (<>, 0, 0, 0.5, 0, 0 0 0 
0 0 0 0 0, 0 0 0 0 0 0 0 0) (<>, 0, 0, 0.5, 0, 0 0 0 0 0 0 0 0, 0 0 0 0 0 0 0 
0) (<>, 0, 0, 0.5, 0, 0 0 0 0 0 0 0 0, 0 0 0 0 0 0 0 0) (<>, 0, 0, 0.5, 0, 0 
0 0 0 0 0 0 0, 0 0 0 0 0 0 0 0) (<>, 0, 0, 0.5, 0, 0 0 0 0 0 0 0 0, 0 0 0 0 0 
0 0 0) (<>, 0, 0, 0.5, 0, 0 0 0 0 0 0 0 0, 0 0 0 0 0 0 0 0) (<>, 0, 0, 0.5, 0,
 0 0 0 0 0 0 0 0, 0 0 0 0 0 0 0 0) (<>, 0, 0, 0.5, 0, 0 0 0 0 0 0 0 0, 0 0 0 
0 0 0 0 0) (<>, 0, 0, 0.5, 0, 0 0 0 0 0 0 0 0, 0 0 0 0 0 0 0 0) (<>, 0, 0, 
0.5, 0, 0 0 0 0 0 0 0 0, 0 0 0 0 0 0 0 0) (<sech.exc>, 282.951601903055, 0, 
0.5, 0, 100 100 100 100 100 100 100 100, 0 0 0 0 0 0 0 0) (<>, 0, 0, 0.5, 0, 
0 0 0 0 0 0 0 0, 0 0 0 0 0 0 0 0) (<>, 0, 0, 0.5, 0, 0 0 0 0 0 0 0 0, 0 0 0 0 
0 0 0 0) (<>, 0, 0, 0.5, 0, 0 0 0 0 0 0 0 0, 0 0 0 0 0 0 0 0) (<>, 0, 0, 0.5, 
0, 0 0 0 0 0 0 0 0, 0 0 0 0 0 0 0 0) (<>, 0, 0, 0.5, 0, 0 0 0 0 0 0 0 0, 0 0 
0 0 0 0 0 0) (<>, 0, 0, 0.5, 0, 0 0 0 0 0 0 0 0, 0 0 0 0 0 0 0 0) (<>, 0, 0, 
0.5, 0, 0 0 0 0 0 0 0 0, 0 0 0 0 0 0 0 0) (<>, 0, 0, 0.5, 0, 0 0 0 0 0 0 0 0, 
0 0 0 0 0 0 0 0) (<>, 0, 0, 0.5, 0, 0 0 0 0 0 0 0 0, 0 0 0 0 0 0 0 0) (<>, 0, 
0, 0.5, 0, 0 0 0 0 0 0 0 0, 0 0 0 0 0 0 0 0)
$$ @vis= ACQ_ns_list ACQ_phase_factor ACQ_scan_size NI NA NAE NR DS D P PLW
##$SW_h=4401.40845070423
##$SW=10.9941085669399
##$FW=0
##$RG=90.5
##$AQ_mod=qdig
##$DR=23
##$PAPS=QP
##$PH_ref=0
##$BF1=400.342458318047
##$SFO1=400.342458318047
##$SF0ppm=400.340576717337
##$O1=0
##$ACQ_O1_list_size=3
$$ @vis= ACQ_RfShapes SW_h SW RG AQ_mod DR PAPS PH_ref BF1 SFO1 SF0ppm O1
##$ACQ_O1_list=( 3 )
948.870692073549 5683.86388795645 -1100.0745
##$ACQ_O1B_list_size=1
##$ACQ_O1B_list=( 1 )
0
##$BF2=400.3
##$SFO2=400.3
##$O2=0
$$ @vis= ACQ_O1_list_size ACQ_O1_list ACQ_O1B_list_size ACQ_O1B_list BF2 SFO2
##$ACQ_O2_list_size=1
##$ACQ_O2_list=( 1 )
0
##$BF3=400.3
##$SFO3=400.3
##$O3=0
##$ACQ_O3_list_size=1
##$ACQ_O3_list=( 1 )
0
$$ @vis= O2 ACQ_O2_list_size ACQ_O2_list BF3 SFO3 O3 ACQ_O3_list_size
##$BF4=400.3
##$SFO4=400.3
##$O4=0
##$BF5=400.3
##$SFO5=400.3
##$O5=0
##$BF6=400.3
##$SFO6=400.3
##$O6=0
##$BF7=400.3
##$SFO7=400.3
##$O7=0
##$BF8=400.3
##$SFO8=400.3
##$O8=0
$$ @vis= ACQ_O3_list BF4 SFO4 O4 BF5 SFO5 O5 BF6 SFO6 O6 BF7 SFO7 O7 BF8 SFO8
##$NUC1=( 8 )
<1H>
##$NUC2=( 8 )
<off>
##$NUC3=( 8 )
<off>
##$NUC4=( 8 )
<off>
##$NUC5=( 8 )
<off>
##$NUC6=( 8 )
<off>
##$NUC7=( 8 )
<off>
##$NUC8=( 8 )
<off>
##$NUCLEUS=( 8 )
<1H>
##$ACQ_Routing=RouteDefinedByCoil
##$ACQ_Routing_base_ext=( 128 )
<parallel>
##$ACQ_vd_list_size=1
##$ACQ_vd_list=( 1 )
1e-06
$$ @vis= O8 NUC1 NUC2 NUC3 NUC4 NUC5 NUC6 NUC7 NUC8 NUCLEUS ACQ_vd_list_size
##$ACQ_vp_list_size=1
##$ACQ_vp_list=( 1 )
1e-06
##$ACQ_protocol_name=( 64 )
<2_Localized_shim>
##$ACQ_scan_name=( 64 )
<2_Localized_shim (E7)>
$$ @vis= ACQ_vd_list ACQ_vp_list_size ACQ_vp_list ACQ_protocol_name
##$ACQ_method=( 40 )
<Bruker:STEAM>
##$ACQ_completed=Yes
##$ACQ_pipe_status=Wrapup
##$ACQ_scans_completed=0
$$ @vis= ACQ_scan_name ACQ_method ACQ_completed ACQ_pipe_status
##$ACQ_nr_completed=0
##$ACQ_total_completed=0
##$ACQ_word_size=_32_BIT
$$ @vis= ACQ_scans_completed ACQ_nr_completed ACQ_total_completed
##$NECHOES=1
##$ACQ_n_echo_images=1
##$ACQ_n_movie_frames=1
##$ACQ_echo_descr=( 1, 20 )
<>
$$ @vis= ACQ_word_size NECHOES ACQ_n_echo_images ACQ_n_movie_frames
##$ACQ_movie_descr=( 1, 20 )
<>
##$ACQ_fov=( 1 )
5.8
##$ACQ_read_ext=1
##$ACQ_slice_angle=( 1 )
0
##$ACQ_slice_orient=Arbitrary_Oblique
$$ @vis= ACQ_echo_descr ACQ_movie_descr ACQ_fov ACQ_read_ext ACQ_slice_angle
##$ACQ_patient_pos=Head_Supine
##$ACQ_slice_sepn=( 1 )
0
##$ACQ_slice_sepn_mode=Contiguous
##$ACQ_slice_thick=7
$$ @vis= ACQ_slice_orient ACQ_patient_pos ACQ_slice_sepn ACQ_slice_sepn_mode
##$ACQ_slice_offset=( 1 )
0
##$ACQ_obj_order=( 1 )
0
##$ACQ_flip_angle=71.2002397819764
##$ACQ_flipback=No
$$ @vis= ACQ_slice_thick ACQ_slice_offset ACQ_obj_order ACQ_flip_angle
##$ACQ_echo_time=( 1 )
0
##$ACQ_inter_echo_time=( 1 )
0
##$ACQ_recov_time=( 1 )
0
##$ACQ_repetition_time=( 1 )
0
$$ @vis= ACQ_flipback ACQ_echo_time ACQ_inter_echo_time ACQ_recov_time
##$ACQ_scan_time=0
##$ACQ_inversion_time=( 1 )
0
##$ACQ_temporal_delay=( 1 )
0
$$ @vis= ACQ_repetition_time ACQ_scan_time ACQ_inversion_time
##$ACQ_time=<2023-06-06T14:58:33,178+0200>
##$ACQ_abs_time=(1686056313, 178, 120)
##$ACQ_operator=( 16 )
<nmr>
##$ACQ_RF_power=0
##$ACQ_transmitter_coil=( 16 )
<>
$$ @vis= ACQ_temporal_delay ACQ_time ACQ_abs_time ACQ_operator ACQ_RF_power
##$ACQ_contrast_agent=( 20 )
<>
##$ACQ_trigger_enable=No
##$ACQ_institution=( 48 )
<CHUS - LINC>
$$ @vis= ACQ_transmitter_coil ACQ_contrast_agent ACQ_trigger_enable
##$ACQ_station=( 64 )
<BioSpec 94/21>
##$ACQ_system_order_number=( 24 )
<unknown>
##$ACQ_sw_version=( 65 )
<PV 6.0.1>
##$ACQ_grad_str_X=0
$$ @vis= ACQ_institution ACQ_station ACQ_system_order_number ACQ_sw_version
##$ACQ_grad_str_Y=0
##$ACQ_grad_str_Z=0
##$ACQ_position_X=0
##$ACQ_position_Y=0
$$ @vis= ACQ_grad_str_X ACQ_grad_str_Y ACQ_grad_str_Z ACQ_position_X
##$ACQ_position_Z=0
##$BYTORDA=little
##$INSTRUM=( 64 )
<spect>
##$ACQ_adc_overflow=( 8 )
No No No No No No No No
##$GRPDLY=67.9842987060547
$$ @vis= ACQ_position_Y ACQ_position_Z BYTORDA INSTRUM ACQ_adc_overflow
##$FRQLO3=0
##$ACQ_CalibratedRG=( 4, 2 )
101 45.2 101 45.2 101 45.2 101 45.2
##$FQ1LIST=( 16 )
<ACQ_O1_list>
##$FQ2LIST=( 16 )
<ACQ_O2_list>
##$FQ3LIST=( 16 )
<ACQ_O3_list>
##$FQ8LIST=( 16 )
<ACQ_O1B_list>
$$ @vis= GRPDLY FRQLO3 ACQ_CalibratedRG ACQ_INFO FQ1LIST FQ2LIST FQ3LIST
##$SPW=( 64 )
3.0896958028119 561.933764175724 561.933764175724 561.933764175724 0 0 0 0 0 
0 0 0 0 0 0 0 0 0 0 0 0 0 0 0 0 0 0 0 0 0 0 0 0 0 0 0 0 0 0 0 0 0 0 0 0 0 0 0 
0 0 0 0 0 282.951601903055 0 0 0 0 0 0 0 0 0 0
##$SPOAL=( 64 )
0.5 0.5 0.5 0.5 0.5 0.5 0.5 0.5 0.5 0.5 0.5 0.5 0.5 0.5 0.5 0.5 0.5 0.5 0.5 
0.5 0.5 0.5 0.5 0.5 0.5 0.5 0.5 0.5 0.5 0.5 0.5 0.5 0.5 0.5 0.5 0.5 0.5 0.5 
0.5 0.5 0.5 0.5 0.5 0.5 0.5 0.5 0.5 0.5 0.5 0.5 0.5 0.5 0.5 0.5 0.5 0.5 0.5 
0.5 0.5 0.5 0.5 0.5 0.5 0.5
##$SPOFFS=( 64 )
0 0 0 0 0 0 0 0 0 0 0 0 0 0 0 0 0 0 0 0 0 0 0 0 0 0 0 0 0 0 0 0 0 0 0 0 0 0 0 
0 0 0 0 0 0 0 0 0 0 0 0 0 0 0 0 0 0 0 0 0 0 0 0 0
##$SPNAM0=( 64 )
<gauss.exc>
##$SPNAM1=( 64 )
<$VoxPul1Shape>
##$SPNAM2=( 64 )
<$VoxPul2Shape>
##$SPNAM3=( 64 )
<$VoxPul3Shape>
##$SPNAM4=( 64 )
<>
##$SPNAM5=( 64 )
<>
##$SPNAM6=( 64 )
<>
$$ @vis= FQ8LIST SPW SPOAL SPOFFS SPNAM0 SPNAM1 SPNAM2 SPNAM3 SPNAM4 SPNAM5
##$SPNAM7=( 64 )
<>
##$SPNAM8=( 64 )
<>
##$SPNAM9=( 64 )
<>
##$SPNAM10=( 64 )
<>
##$SPNAM11=( 64 )
<>
##$SPNAM12=( 64 )
<>
##$SPNAM13=( 64 )
<>
##$SPNAM14=( 64 )
<>
##$SPNAM15=( 64 )
<>
$$ @vis= SPNAM6 SPNAM7 SPNAM8 SPNAM9 SPNAM10 SPNAM11 SPNAM12 SPNAM13 SPNAM14
##$SPNAM16=( 64 )
<>
##$SPNAM17=( 64 )
<>
##$SPNAM18=( 64 )
<>
##$SPNAM19=( 64 )
<>
##$SPNAM20=( 64 )
<>
##$SPNAM21=( 64 )
<>
##$SPNAM22=( 64 )
<>
##$SPNAM23=( 64 )
<>
$$ @vis= SPNAM15 SPNAM16 SPNAM17 SPNAM18 SPNAM19 SPNAM20 SPNAM21 SPNAM22
##$SPNAM24=( 64 )
<>
##$SPNAM25=( 64 )
<>
##$SPNAM26=( 64 )
<>
##$SPNAM27=( 64 )
<>
##$SPNAM28=( 64 )
<>
##$SPNAM29=( 64 )
<>
##$SPNAM30=( 64 )
<>
##$SPNAM31=( 64 )
<>
$$ @vis= SPNAM23 SPNAM24 SPNAM25 SPNAM26 SPNAM27 SPNAM28 SPNAM29 SPNAM30
##$SPNAM32=( 64 )
<>
##$SPNAM33=( 64 )
<>
##$SPNAM34=( 64 )
<>
##$SPNAM35=( 64 )
<>
##$SPNAM36=( 64 )
<>
##$SPNAM37=( 64 )
<>
##$SPNAM38=( 64 )
<>
##$SPNAM39=( 64 )
<>
$$ @vis= SPNAM31 SPNAM32 SPNAM33 SPNAM34 SPNAM35 SPNAM36 SPNAM37 SPNAM38
##$SPNAM40=( 64 )
<>
##$SPNAM41=( 64 )
<>
##$SPNAM42=( 64 )
<>
##$SPNAM43=( 64 )
<>
##$SPNAM44=( 64 )
<>
##$SPNAM45=( 64 )
<>
##$SPNAM46=( 64 )
<>
##$SPNAM47=( 64 )
<>
$$ @vis= SPNAM39 SPNAM40 SPNAM41 SPNAM42 SPNAM43 SPNAM44 SPNAM45 SPNAM46
##$SPNAM48=( 64 )
<>
##$SPNAM49=( 64 )
<>
##$SPNAM50=( 64 )
<>
##$SPNAM51=( 64 )
<>
##$SPNAM52=( 64 )
<>
##$SPNAM53=( 64 )
<sech.exc>
##$SPNAM54=( 64 )
<>
##$SPNAM55=( 64 )
<>
$$ @vis= SPNAM47 SPNAM48 SPNAM49 SPNAM50 SPNAM51 SPNAM52 SPNAM53 SPNAM54
##$SPNAM56=( 64 )
<>
##$SPNAM57=( 64 )
<>
##$SPNAM58=( 64 )
<>
##$SPNAM59=( 64 )
<>
##$SPNAM60=( 64 )
<>
##$SPNAM61=( 64 )
<>
##$SPNAM62=( 64 )
<>
##$SPNAM63=( 64 )
<>
$$ @vis= SPNAM55 SPNAM56 SPNAM57 SPNAM58 SPNAM59 SPNAM60 SPNAM61 SPNAM62
##$HPPRGN=normal
##$LOCNUC=( 8 )
<off>
##$QNP=1
##$SOLVENT=( 16 )
<>
##$DIGMOD=digital_mode
##$DIGTYP=DRU
##$DQDMODE=DQDMODE_add
$$ @vis= SPNAM63 SPNAMES HPPRGN LOCNUC QNP SOLVENT HIRES DIGMOD DIGTYP
##$DSPFIRM=DSP_standard
##$DECIM=4544
##$DSPFVS=20
##$ACQ_scan_shift=0
##$DEOSC=465414.4
##$DE=6
##$HDDUTY=20
##$HDRATE=1
$$ @vis= DQDMODE DSPFIRM DECIM DSPFVS ACQ_scan_shift DEOSC DE HDDUTY HDRATE
##$ACQ_n_trim=1
##$ACQ_trim=( 1, 3 )
0 0 0
##$ACQ_scaling_read=1
##$ACQ_scaling_phase=1
$$ @vis= AVANCE_PARS ACQ_n_trim ACQ_trim ACQ_trim_values ACQ_scaling_read
##$ACQ_scaling_slice=1
##$ACQ_grad_matrix_size=1
##$ACQ_grad_matrix=( 1, 3, 3 )
0.985624519745696 0.168950602473227 0 -0.168950602473227 0.985624519745696 0 
0 0 1
$$ @vis= ACQ_scaling_phase ACQ_scaling_slice ACQ_grad_matrix_size
##$NSLICES=1
##$ACQ_rare_factor=1
##$ACQ_phase_encoding_mode=( 1 )
Read
##$ACQ_phase_enc_start=( 1 )
-1
$$ @vis= ACQ_grad_matrix NSLICES ACQ_rare_factor ACQ_phase_encoding_mode
##$GS_dim=1
##$GS_disp_update=Each_Accum
##$GS_online_reco=Yes
##$GS_reco_display=Yes
$$ @vis= ACQ_phase_enc_start GRAD_PARS GS_dim GS_disp_update GS_online_reco
##$GS_shuffle_profiles=No
##$GS_typ=Gradients
##$GS_info_dig_filling=Yes
##$GS_info_normalized_area=No_info
$$ @vis= GS_reco_display GS_shuffle_profiles GS_typ GS_info_dig_filling
##$GS_info_max_point=No_info
##$GS_get_info_points=No_info
##$GS_continue=Exit_gsauto
$$ @vis= GS_info_normalized_area GS_info_max_point GS_get_info_points
##$GO_init_files=No
##$GO_data_save=Yes
##$GO_block_size=Standard_KBlock_Format
##$GO_raw_data_format=GO_32BIT_SGN_INT
$$ @vis= GS_continue GS GO_init_files GO_data_save GO_block_size
##$GO_disp_update=Each_Accum
##$GO_online_reco=Yes
##$GO_reco_display=Yes
##$GO_reco_each_nr=No
$$ @vis= GO_raw_data_format GO_disp_update GO_online_reco GO_reco_display
##$GO_max_reco_mem=0
##$GO_time_est=Yes
##$GO_use_macro=No
##$GO_macro=( 4096 )
<>
##$GO_LogTimestamp=No
$$ @vis= GO_reco_each_nr GO_max_reco_mem GO_time_est GO_use_macro
##$ACQ_DriftCompActive=Yes
##$ACQ_DriftCompJob=1
##$ACQ_DriftCompFilterWidth=1
$$ @vis= GO_LogTimestamp GO ACQ_DriftCompActive ACQ_DriftCompJob
##$ACQ_DriftCompStep=1
##$ACQ_DriftCompOffset=0
##$ACQ_DriftCompDebug=No
$$ @vis= ACQ_DriftCompFilterWidth ACQ_DriftCompStep ACQ_DriftCompOffset
##$ACQ_MPI_field_steps=1
##$ACQ_MPI_drive_field_cycle=0
$$ @vis= ACQ_DriftCompDebug Drift ACQ_MPI_field_steps
##$ACQ_MPI_selection_field_gradient=0
##$ACQ_MPI_base_frequency=0
$$ @vis= ACQ_MPI_drive_field_cycle ACQ_MPI_selection_field_gradient
##$ACQ_MPI_drive_field_strength=( 3 )
0 0 0
##$ACQ_MPI_div=( 3 )
0 0 0
##$ACQ_MPI_frequency_select=( 3 )
Yes Yes Yes
$$ @vis= ACQ_MPI_base_frequency ACQ_MPI_drive_field_strength ACQ_MPI_div
$$ @vis= ACQ_MPI_frequency_select MPI ACQP
##END=
$$ File finished by PARX at 2023-06-06 14:58:42.657 +0200
