##TITLE=Parameter List, ParaVision 6.0.1
##JCAMPDX=4.24
##DATATYPE=Parameter Values
##ORIGIN=Bruker BioSpin MRI GmbH
##OWNER=nmr
$$ 2023-06-06 15:55:03.537 +0200  nmr@CZC7039C06
$$ /opt/PV6.0.1/data/nmr/20230606_141317_ML_21304_9_1_1/12/visu_pars
$$ process /opt/PV6.0.1/prog/mod/acq_out
##$VisuVersion=3
##$VisuUid=( 65 )
<2.16.756.5.5.100.8323328.133829.1686059703.1>
##$VisuCreator=( 65 )
<ParaVision>
##$VisuCreatorVersion=( 65 )
<6.0.1>
##$VisuCreationDate=<2023-06-06T15:55:03,492+0200>
##$VisuInstanceModality=( 65 )
<MR>
##$VisuCoreFrameCount=19
##$VisuCoreDim=2
##$VisuCoreSize=( 2 )
256 256
##$VisuCoreDimDesc=( 2 )
spatial spatial
##$VisuCoreExtent=( 2 )
19.2 19.2
##$VisuCoreFrameThickness=( 1 )
1
##$VisuCoreUnits=( 2, 65 )
<mm> <mm>
##$VisuCoreOrientation=( 19, 9 )
1 0 0 0 1 0 0 0 1 1 0 0 0 1 0 0 0 1 1 0 0 0 1 0 0 0 1 1 0 0 0 1 0 0 0 1 1 0 0 
0 1 0 0 0 1 1 0 0 0 1 0 0 0 1 1 0 0 0 1 0 0 0 1 1 0 0 0 1 0 0 0 1 1 0 0 0 1 0 
0 0 1 1 0 0 0 1 0 0 0 1 1 0 0 0 1 0 0 0 1 1 0 0 0 1 0 0 0 1 1 0 0 0 1 0 0 0 1 
1 0 0 0 1 0 0 0 1 1 0 0 0 1 0 0 0 1 1 0 0 0 1 0 0 0 1 1 0 0 0 1 0 0 0 1 1 0 0 
0 1 0 0 0 1 1 0 0 0 1 0 0 0 1
##$VisuCorePosition=( 19, 3 )
-10.031034 -11.91214 -9.646552 -10.031034 -11.91214 -8.646552 -10.031034 
-11.91214 -7.646552 -10.031034 -11.91214 -6.646552 -10.031034 -11.91214 
-5.646552 -10.031034 -11.91214 -4.646552 -10.031034 -11.91214 -3.646552 
-10.031034 -11.91214 -2.646552 -10.031034 -11.91214 -1.646552 -10.031034 
-11.91214 -0.646552 -10.031034 -11.91214 0.353448 -10.031034 -11.91214 
1.353448 -10.031034 -11.91214 2.353448 -10.031034 -11.91214 3.353448 
-10.031034 -11.91214 4.353448 -10.031034 -11.91214 5.353448 -10.031034 
-11.91214 6.353448 -10.031034 -11.91214 7.353448 -10.031034 -11.91214 8.353448
##$VisuCoreDataMin=( 19 )
176.415676238682 185.372593080622 165.450920157298 157.068791577993 
156.167583428504 84.8332022435255 169.182668867125 135.933713861934 
167.589028595254 140.118192310845 125.600009401201 178.516129748571 
171.678100527975 142.679957668575 142.500259513192 160.982296506573 
115.250139344375 105.373360517209 172.488065698554
##$VisuCoreDataMax=( 19 )
32377.1697706043 32766.5 28368.3942079861 27581.3362785533 23810.5968802351 
22776.9342635075 20015.5895693043 16186.820585846 16340.894445592 
15107.7410627275 15547.6334881612 16664.1822103703 17232.686725995 
19613.5596923653 20889.7394947149 19855.0942029424 20621.5709085646 
20666.768066506 24173.9218285713
##$VisuCoreDataOffs=( 19 )
0 0 0 0 0 0 0 0 0 0 0 0 0 0 0 0 0 0 0
##$VisuCoreDataSlope=( 19 )
0.00173642523013556 0.00173642523013556 0.00173642523013556 
0.00173642523013556 0.00173642523013556 0.00173642523013556 
0.00173642523013556 0.00173642523013556 0.00173642523013556 
0.00173642523013556 0.00173642523013556 0.00173642523013556 
0.00173642523013556 0.00173642523013556 0.00173642523013556 
0.00173642523013556 0.00173642523013556 0.00173642523013556 
0.00173642523013556
##$VisuCoreFrameType=( 1 )
MAGNITUDE_IMAGE
##$VisuCoreSlicePacksDef=(0, 1)
##$VisuCoreSlicePacksSlices=( 1 )
(0, 19)
##$VisuCoreSlicePacksSliceDist=( 1 )
1
##$VisuCoreWordType=_16BIT_SGN_INT
##$VisuCoreByteOrder=littleEndian
##$VisuFGOrderDescDim=1
##$VisuFGOrderDesc=( 1 )
(19, <FG_SLICE>, <>, 0, 2)
##$VisuGroupDepVals=( 2 )
(<VisuCoreOrientation>, 0) (<VisuCorePosition>, 0)
##$VisuSubjectName=( 65 )
<ML_21304_9>
##$VisuSubjectId=( 65 )
<ML_21304_9>
##$VisuSubjectUid=( 65 )
<2.16.756.5.5.100.8323328.66482.1686053597.3>
##$VisuSubjectInstanceCreationDate=(1686053597, 593, 120)
##$VisuSubjectBirthDate=( 9 )
<20230606>
##$VisuSubjectSex=UNKNOWN
##$VisuSubjectType=Quadruped
##$VisuStudyUid=( 65 )
<2.16.756.5.5.100.8323328.66482.1686053597.4>
##$VisuStudyDate=<2023-06-06T14:13:17,593+0200>
##$VisuStudyId=( 65 )
<ML_21304_9>
##$VisuStudyNumber=1
##$VisuSubjectWeight=0.001
##$VisuStudyReferringPhysician=( 65 )
<nmr>
##$VisuStudyDescription=( 2048 )
<\
>
##$VisuExperimentNumber=12
##$VisuProcessingNumber=1
##$VisuSeriesDate=<2023-06-06T15:55:03,492+0200>
##$VisuSubjectPosition=Head_Supine
##$VisuSeriesTypeId=( 65 )
<ACQ_BRUKER_PVM>
##$VisuManufacturer=( 65 )
<Bruker BioSpin MRI GmbH>
##$VisuAcqSoftwareVersion=( 65 )
<6.0.1>
##$VisuInstitution=( 65 )
<CHUS - LINC>
##$VisuStation=( 65 )
<BioSpec 94/21>
##$VisuSystemOrderNumber=( 65 )
<unknown>
##$VisuAcqDate=<2023-06-06T15:51:19,701+0200>
##$VisuAcqEchoTrainLength=4
##$VisuAcqSequenceName=( 40 )
<Bruker:RARE>
##$VisuAcqNumberOfAverages=3
##$VisuAcqImagingFrequency=400.342458318047
##$VisuAcqImagedNucleus=( 8 )
<1H>
##$VisuAcqRepetitionTime=( 1 )
1500
##$VisuAcqPhaseEncSteps=192
##$VisuAcqPixelBandwidth=390.625
##$VisuAcqFlipAngle=90
##$VisuAcqSize=( 2 )
256 192
##$VisuAcqImageSizeAccellerated=Yes
##$VisuAcqGradEncoding=( 2 )
read_enc phase_enc
##$VisuAcqEchoTime=( 1 )
6.6
##$VisuAcquisitionProtocol=( 65 )
<1_T1_RARE>
##$VisuAcqScanTime=216000
##$VisuAcqAntiAlias=( 2 )
1 1
##$VisuAcqEchoSequenceType=Both
##$VisuAcqSpinsVelocityEncoded=No
##$VisuAcqHasTimeOfFlightContrast=No
##$VisuAcqIsEpiSequence=No
##$VisuAcqSpectralSuppression=FatSuppression
##$VisuAcqKSpaceTraversal=RectilinearTraversal
##$VisuAcqEncodingOrder=( 2 )
LinearEncoding LinearEncoding
##$VisuAcqKSpaceTrajectoryCnt=1
##$VisuAcqKSpaceFiltering=( 2 )
NO_WDW NO_WDW
##$VisuAcqFlowCompensation=FlowNone
##$VisuAcqSpoiling=GradientSpoiled
##$VisuAcqSaturation=( 3 )
(FovSaturation, 10, -0 -1 -6.12323399573677e-17, 0 12.1387 
7.43281005040499e-16) (FovSaturation, 10, -1 -0 0, 14.5115 0 -0) 
(FovSaturation, 10, -1 -0 -6.12323399573677e-17, -14.9425 -0 
-9.14964239812967e-16)
##$VisuAcqPartialFourier=( 2 )
1 1
##$VisuAcqParallelReductionFactor=( 2 )
1 1
##$VisuAcqMagnetizationTransfer=No
##$VisuAcqBloodSignalNulling=No
##$VisuCardiacSynchUsed=No
##$VisuRespSynchUsed=No
##END=
$$ File finished by PARX at 2023-06-06 15:55:03.538 +0200
