##TITLE=Parameter List, ParaVision 6.0.1
##JCAMPDX=4.24
##DATATYPE=Parameter Values
##ORIGIN=Bruker BioSpin MRI GmbH
##OWNER=nmr
$$ 2023-06-06 14:40:29.072 +0200  nmr@CZC7039C06
$$ /opt/PV6.0.1/data/nmr/20230606_141317_ML_21304_9_1_1/2/acqp
$$ process /opt/PV6.0.1/prog/mod/acq_out
##$PULPROG=( 32 )
<MSME.ppg>
##$GRDPROG=( 16 )
<>
##$ACQ_experiment_mode=ParallelExperiment
##$ACQ_ReceiverSelect=( 4 )
Yes Yes Yes Yes
##$ACQ_PexSelect=0
##$ACQ_load_shim_set_list=No
$$ @vis= PULPROG GRDPROG ACQ_experiment_mode ACQ_ReceiverSelect
##$ACQ_user_filter=No
##$ACQ_DS_enabled=Yes
##$ACQ_switch_pll_enabled=No
$$ @vis= ACQ_load_shim_set_list ACQ_user_filter ACQ_DS_enabled
##$ACQ_preload=0
##$ACQ_branch_preload=( 10, 2 )
1000000 1000000 1000000 1000000 1000000 1000000 1000000 1000000 1000000 
1000000 1000000 1000000 1000000 1000000 1000000 1000000 1000000 1000000 500 
500
##$ACQ_jobs_size=0
##$ACQ_jobs=( 1 )
(0, 1, 0, 1, 64, 100, 0, 0)
##$ACQ_dim=2
$$ @vis= ACQ_switch_pll_enabled ACQ_preload ACQ_branch_preload ACQ_jobs_size
##$ACQ_dim_desc=( 2 )
Spatial Spatial
##$ACQ_size=( 2 )
384 192
##$ACQ_ns_list_size=16
##$ACQ_ns_list=( 16 )
1 1 1 1 1 1 1 1 1 1 1 1 1 1 1 1
##$ACQ_phase_factor=1
$$ @vis= ACQ_dim ACQ_dim_desc ACQ_size ACQ_ns_list_size ACQ_ns_list
##$ACQ_scan_size=One_scan
##$NI=320
##$NA=2
##$NAE=1
##$NR=1
##$DS=1
##$D=( 64 )
1e-05 0.000343533333333333 0.0027648 0.0002 0 0.00246218333333333 0.00012 0 
2.5e-05 0.001 1e-05 0.0027648 0 0 0 0 0 0 0 0 0 0 0 0 0 0 0 0 0 0 0 0 0 0 0 0 
0 0 0 0 0 0 0 0 0 0 0 0 0 0 0 0 0 0 0 0 0 0 0 0 0 0 0 0
##$P=( 64 )
1712.5 670.833333333333 0 0 0 0 0 0 0 0 0 0 0 0 0 0 0 0 0 0 0 0 0 0 0 0 0 0 0 
0 0 0 0 0 0 0 0 0 0 0 0 0 0 0 0 0 0 0 0 0 0 0 0 0 0 0 0 0 0 0 0 0 0 0
##$PLW=( 64 )
0 0 0 0 0 0 0 0 0 0 0 0 0 0 0 0 0 0 0 0 0 0 0 0 0 0 0 0 0 0 0 0 0 0 0 0 0 0 0 
0 0 0 0 0 0 0 0 0 0 0 0 0 0 0 0 0 0 0 0 0 0 0 0 0
##$SPPEX=( 64 )
0 0 0 0 0 0 0 0 0 0 0 0 0 0 0 0 0 0 0 0 0 0 0 0 0 0 0 0 0 0 0 0 0 0 0 0 0 0 0 
0 0 0 0 0 0 0 0 0 0 0 0 0 0 0 0 0 0 0 0 0 0 0 0 0
##$ACQ_RfShapes=( 64 )
(<gauss512.exc>, 26.0118381152226, 0, 0.5, 0, 100 100 100 100 100 100 100 100,
 0 0 0 0 0 0 0 0) (<gauss512.rfc>, 501.733822257312, 0, 0, 0, 100 100 100 100 
100 100 100 100, 0 0 0 0 0 0 0 0) (<>, 0, 0, 0.5, 0, 0 0 0 0 0 0 0 0, 0 0 0 0 
0 0 0 0) (<>, 0, 0, 0.5, 0, 0 0 0 0 0 0 0 0, 0 0 0 0 0 0 0 0) (<>, 0, 0, 0.5, 
0, 0 0 0 0 0 0 0 0, 0 0 0 0 0 0 0 0) (<>, 0, 0, 0.5, 0, 0 0 0 0 0 0 0 0, 0 0 
0 0 0 0 0 0) (<>, 0, 0, 0.5, 0, 0 0 0 0 0 0 0 0, 0 0 0 0 0 0 0 0) (<>, 0, 0, 
0.5, 0, 0 0 0 0 0 0 0 0, 0 0 0 0 0 0 0 0) (<>, 0, 0, 0.5, 0, 0 0 0 0 0 0 0 0, 
0 0 0 0 0 0 0 0) (<>, 0, 0, 0.5, 0, 0 0 0 0 0 0 0 0, 0 0 0 0 0 0 0 0) (<>, 0, 
0, 0.5, 0, 0 0 0 0 0 0 0 0, 0 0 0 0 0 0 0 0) (<>, 0, 0, 0.5, 0, 0 0 0 0 0 0 0 
0, 0 0 0 0 0 0 0 0) (<>, 0, 0, 0.5, 0, 0 0 0 0 0 0 0 0, 0 0 0 0 0 0 0 0) (<>, 
0, 0, 0.5, 0, 0 0 0 0 0 0 0 0, 0 0 0 0 0 0 0 0) (<>, 0, 0, 0.5, 0, 0 0 0 0 0 
0 0 0, 0 0 0 0 0 0 0 0) (<>, 0, 0, 0.5, 0, 0 0 0 0 0 0 0 0, 0 0 0 0 0 0 0 0) 
(<>, 0, 0, 0.5, 0, 0 0 0 0 0 0 0 0, 0 0 0 0 0 0 0 0) (<>, 0, 0, 0.5, 0, 0 0 0 
0 0 0 0 0, 0 0 0 0 0 0 0 0) (<>, 0, 0, 0.5, 0, 0 0 0 0 0 0 0 0, 0 0 0 0 0 0 0 
0) (<>, 0, 0, 0.5, 0, 0 0 0 0 0 0 0 0, 0 0 0 0 0 0 0 0) (<>, 0, 0, 0.5, 0, 0 
0 0 0 0 0 0 0, 0 0 0 0 0 0 0 0) (<>, 0, 0, 0.5, 0, 0 0 0 0 0 0 0 0, 0 0 0 0 0 
0 0 0) (<>, 0, 0, 0.5, 0, 0 0 0 0 0 0 0 0, 0 0 0 0 0 0 0 0) (<>, 0, 0, 0.5, 0,
 0 0 0 0 0 0 0 0, 0 0 0 0 0 0 0 0) (<>, 0, 0, 0.5, 0, 0 0 0 0 0 0 0 0, 0 0 0 
0 0 0 0 0) (<>, 0, 0, 0.5, 0, 0 0 0 0 0 0 0 0, 0 0 0 0 0 0 0 0) (<>, 0, 0, 
0.5, 0, 0 0 0 0 0 0 0 0, 0 0 0 0 0 0 0 0) (<>, 0, 0, 0.5, 0, 0 0 0 0 0 0 0 0, 
0 0 0 0 0 0 0 0) (<>, 0, 0, 0.5, 0, 0 0 0 0 0 0 0 0, 0 0 0 0 0 0 0 0) (<>, 0, 
0, 0.5, 0, 0 0 0 0 0 0 0 0, 0 0 0 0 0 0 0 0) (<>, 0, 0, 0.5, 0, 0 0 0 0 0 0 0 
0, 0 0 0 0 0 0 0 0) (<>, 0, 0, 0.5, 0, 0 0 0 0 0 0 0 0, 0 0 0 0 0 0 0 0) (<>, 
0, 0, 0.5, 0, 0 0 0 0 0 0 0 0, 0 0 0 0 0 0 0 0) (<>, 0, 0, 0.5, 0, 0 0 0 0 0 
0 0 0, 0 0 0 0 0 0 0 0) (<>, 0, 0, 0.5, 0, 0 0 0 0 0 0 0 0, 0 0 0 0 0 0 0 0) 
(<>, 0, 0, 0.5, 0, 0 0 0 0 0 0 0 0, 0 0 0 0 0 0 0 0) (<>, 0, 0, 0.5, 0, 0 0 0 
0 0 0 0 0, 0 0 0 0 0 0 0 0) (<>, 0, 0, 0.5, 0, 0 0 0 0 0 0 0 0, 0 0 0 0 0 0 0 
0) (<>, 0, 0, 0.5, 0, 0 0 0 0 0 0 0 0, 0 0 0 0 0 0 0 0) (<>, 0, 0, 0.5, 0, 0 
0 0 0 0 0 0 0, 0 0 0 0 0 0 0 0) (<gauss512.exc>, 19.9153135569673, 0, 0.5, 0, 
100 100 100 100 100 100 100 100, 0 0 0 0 0 0 0 0) (<gauss512.exc>, 
254.02185659397, 0, 0.5, 0, 100 100 100 100 100 100 100 100, 0 0 0 0 0 0 0 0) 
(<$PVM_SelIrPulShape>, 345.001868016241, 0, 0, 0, 100 100 100 100 100 100 100 
100, 0 0 0 0 0 0 0 0) (<>, 0, 0, 0.5, 0, 0 0 0 0 0 0 0 0, 0 0 0 0 0 0 0 0) 
(<$PVM_FlowSatPulShape>, 378.157911917031, 0, 0.5, 0, 100 100 100 100 100 100 
100 100, 0 0 0 0 0 0 0 0) (<>, 0, 0, 0.5, 0, 0 0 0 0 0 0 0 0, 0 0 0 0 0 0 0 0)
 (<>, 0, 0, 0.5, 0, 0 0 0 0 0 0 0 0, 0 0 0 0 0 0 0 0) (<>, 0, 0, 0.5, 0, 0 0 
0 0 0 0 0 0, 0 0 0 0 0 0 0 0) (<>, 0, 0, 0.5, 0, 0 0 0 0 0 0 0 0, 0 0 0 0 0 0 
0 0) (<>, 0, 0, 0.5, 0, 0 0 0 0 0 0 0 0, 0 0 0 0 0 0 0 0) (<>, 0, 0, 0.5, 0, 
0 0 0 0 0 0 0 0, 0 0 0 0 0 0 0 0) (<>, 0, 0, 0.5, 0, 0 0 0 0 0 0 0 0, 0 0 0 0 
0 0 0 0) (<>, 0, 0, 0.5, 0, 0 0 0 0 0 0 0 0, 0 0 0 0 0 0 0 0) (<>, 0, 0, 0.5, 
0, 0 0 0 0 0 0 0 0, 0 0 0 0 0 0 0 0) (<>, 0, 0, 0.5, 0, 0 0 0 0 0 0 0 0, 0 0 
0 0 0 0 0 0) (<>, 0, 0, 0.5, 0, 0 0 0 0 0 0 0 0, 0 0 0 0 0 0 0 0) (<>, 0, 0, 
0.5, 0, 0 0 0 0 0 0 0 0, 0 0 0 0 0 0 0 0) (<>, 0, 0, 0.5, 0, 0 0 0 0 0 0 0 0, 
0 0 0 0 0 0 0 0) (<>, 0, 0, 0.5, 0, 0 0 0 0 0 0 0 0, 0 0 0 0 0 0 0 0) (<>, 0, 
0, 0.5, 0, 0 0 0 0 0 0 0 0, 0 0 0 0 0 0 0 0) (<>, 0, 0, 0.5, 0, 0 0 0 0 0 0 0 
0, 0 0 0 0 0 0 0 0) (<>, 0, 0, 0.5, 0, 0 0 0 0 0 0 0 0, 0 0 0 0 0 0 0 0) (<>, 
0, 0, 0.5, 0, 0 0 0 0 0 0 0 0, 0 0 0 0 0 0 0 0) (<>, 0, 0, 0.5, 0, 0 0 0 0 0 
0 0 0, 0 0 0 0 0 0 0 0)
##$SW_h=69444.4444444444
$$ @vis= ACQ_phase_factor ACQ_scan_size NI NA NAE NR DS D P PLW ACQ_RfShapes
##$SW=173.462598279105
##$FW=0
##$RG=101
##$AQ_mod=qdig
##$DR=21
##$PAPS=QP
##$PH_ref=0
##$BF1=400.342466522418
##$SFO1=400.342466522418
##$O1=0
##$ACQ_O1_list_size=20
##$ACQ_O1_list=( 20 )
-17396.528 -14196.528 -10996.528 -7796.528 -4596.528 -1396.528 1803.472 
5003.472 8203.472 11403.472 -15796.528 -12596.528 -9396.528 -6196.528 
-2996.528 203.472 3403.472 6603.472 9803.472 13003.472
$$ @vis= SW_h SW RG AQ_mod DR PAPS PH_ref BF1 SFO1 O1 ACQ_O1_list_size
##$ACQ_O1B_list_size=20
##$ACQ_O1B_list=( 20 )
1763.11125578704 1763.11125578704 1763.11125578704 1763.11125578704 
1763.11125578704 1763.11125578704 1763.11125578704 1763.11125578704 
1763.11125578704 1763.11125578704 1763.11125578704 1763.11125578704 
1763.11125578704 1763.11125578704 1763.11125578704 1763.11125578704 
1763.11125578704 1763.11125578704 1763.11125578704 1763.11125578704
##$BF2=400.3
##$SFO2=400.3
##$O2=0
##$ACQ_O2_list_size=1
$$ @vis= ACQ_O1_list ACQ_O1B_list_size ACQ_O1B_list BF2 SFO2 O2
##$ACQ_O2_list=( 1 )
0
##$BF3=400.3
##$SFO3=400.3
##$O3=0
##$ACQ_O3_list_size=1
##$ACQ_O3_list=( 1 )
0
$$ @vis= ACQ_O2_list_size ACQ_O2_list BF3 SFO3 O3 ACQ_O3_list_size
##$BF4=400.3
##$SFO4=400.3
##$O4=0
##$BF5=400.3
##$SFO5=400.3
##$O5=0
##$BF6=400.3
##$SFO6=400.3
##$O6=0
##$BF7=400.3
##$SFO7=400.3
##$O7=0
##$BF8=400.3
##$SFO8=400.3
##$O8=0
$$ @vis= ACQ_O3_list BF4 SFO4 O4 BF5 SFO5 O5 BF6 SFO6 O6 BF7 SFO7 O7 BF8 SFO8
##$NUC1=( 8 )
<1H>
##$NUC2=( 8 )
<off>
##$NUC3=( 8 )
<off>
##$NUC4=( 8 )
<off>
##$NUC5=( 8 )
<off>
##$NUC6=( 8 )
<off>
##$NUC7=( 8 )
<off>
##$NUC8=( 8 )
<off>
##$NUCLEUS=( 8 )
<1H>
##$ACQ_Routing=RouteDefinedByCoil
##$ACQ_Routing_base_ext=( 128 )
<parallel>
##$ACQ_vd_list_size=1
##$ACQ_vd_list=( 1 )
1e-06
$$ @vis= O8 NUC1 NUC2 NUC3 NUC4 NUC5 NUC6 NUC7 NUC8 NUCLEUS ACQ_vd_list_size
##$ACQ_vp_list_size=1
##$ACQ_vp_list=( 1 )
1e-06
##$ACQ_protocol_name=( 64 )
<T2map_MSME_cereb>
##$ACQ_scan_name=( 64 )
<T2map_MSME_cereb (E2)>
$$ @vis= ACQ_vd_list ACQ_vp_list_size ACQ_vp_list ACQ_protocol_name
##$ACQ_method=( 40 )
<Bruker:MSME>
##$ACQ_completed=Yes
##$ACQ_pipe_status=Wrapup
##$ACQ_scans_completed=0
$$ @vis= ACQ_scan_name ACQ_method ACQ_completed ACQ_pipe_status
##$ACQ_nr_completed=1
##$ACQ_total_completed=61440
##$ACQ_word_size=_32_BIT
$$ @vis= ACQ_scans_completed ACQ_nr_completed ACQ_total_completed
##$NECHOES=16
##$ACQ_n_echo_images=16
##$ACQ_n_movie_frames=1
##$ACQ_echo_descr=( 1, 20 )
<>
$$ @vis= ACQ_word_size NECHOES ACQ_n_echo_images ACQ_n_movie_frames
##$ACQ_movie_descr=( 1, 20 )
<>
##$ACQ_fov=( 2 )
1.92 1.92
##$ACQ_read_ext=1
##$ACQ_slice_angle=( 1 )
0
##$ACQ_slice_orient=Arbitrary_Oblique
$$ @vis= ACQ_echo_descr ACQ_movie_descr ACQ_fov ACQ_read_ext ACQ_slice_angle
##$ACQ_patient_pos=Head_Supine
##$ACQ_read_offset=( 20 )
0.487465 0.487465 0.487465 0.487465 0.487465 0.487465 0.487465 0.487465 
0.487465 0.487465 0.487465 0.487465 0.487465 0.487465 0.487465 0.487465 
0.487465 0.487465 0.487465 0.487465
##$ACQ_phase1_offset=( 20 )
3.75722 3.75722 3.75722 3.75722 3.75722 3.75722 3.75722 3.75722 3.75722 
3.75722 3.75722 3.75722 3.75722 3.75722 3.75722 3.75722 3.75722 3.75722 
3.75722 3.75722
##$ACQ_phase2_offset=( 20 )
0 0 0 0 0 0 0 0 0 0 0 0 0 0 0 0 0 0 0 0
$$ @vis= ACQ_slice_orient ACQ_patient_pos ACQ_read_offset ACQ_phase1_offset
##$ACQ_slice_sepn=( 1 )
1
##$ACQ_slice_sepn_mode=Contiguous
##$ACQ_slice_thick=1
##$ACQ_slice_offset=( 20 )
-10.87283 -9.87283 -8.87283 -7.87283 -6.87283 -5.87283 -4.87283 -3.87283 
-2.87283 -1.87283 -0.87283 0.12717 1.12717 2.12717 3.12717 4.12717 5.12717 
6.12717 7.12717 8.12717
$$ @vis= ACQ_phase2_offset ACQ_slice_sepn ACQ_slice_sepn_mode ACQ_slice_thick
##$ACQ_obj_order=( 320 )
0 1 2 3 4 5 6 7 8 9 10 11 12 13 14 15 32 33 34 35 36 37 38 39 40 41 42 43 44 
45 46 47 64 65 66 67 68 69 70 71 72 73 74 75 76 77 78 79 96 97 98 99 100 101 
102 103 104 105 106 107 108 109 110 111 128 129 130 131 132 133 134 135 136 
137 138 139 140 141 142 143 160 161 162 163 164 165 166 167 168 169 170 171 
172 173 174 175 192 193 194 195 196 197 198 199 200 201 202 203 204 205 206 
207 224 225 226 227 228 229 230 231 232 233 234 235 236 237 238 239 256 257 
258 259 260 261 262 263 264 265 266 267 268 269 270 271 288 289 290 291 292 
293 294 295 296 297 298 299 300 301 302 303 16 17 18 19 20 21 22 23 24 25 26 
27 28 29 30 31 48 49 50 51 52 53 54 55 56 57 58 59 60 61 62 63 80 81 82 83 84 
85 86 87 88 89 90 91 92 93 94 95 112 113 114 115 116 117 118 119 120 121 122 
123 124 125 126 127 144 145 146 147 148 149 150 151 152 153 154 155 156 157 
158 159 176 177 178 179 180 181 182 183 184 185 186 187 188 189 190 191 208 
209 210 211 212 213 214 215 216 217 218 219 220 221 222 223 240 241 242 243 
244 245 246 247 248 249 250 251 252 253 254 255 272 273 274 275 276 277 278 
279 280 281 282 283 284 285 286 287 304 305 306 307 308 309 310 311 312 313 
314 315 316 317 318 319
##$ACQ_flip_angle=90
##$ACQ_flipback=No
##$ACQ_echo_time=( 16 )
9 18 27 36 45 54 63 72 81 90 99 108 117 126 135 144
$$ @vis= ACQ_slice_offset ACQ_obj_order ACQ_flip_angle ACQ_flipback
##$ACQ_inter_echo_time=( 1 )
9
##$ACQ_recov_time=( 1 )
3012.31
##$ACQ_repetition_time=( 1 )
3151.81
##$ACQ_scan_time=0
$$ @vis= ACQ_echo_time ACQ_inter_echo_time ACQ_recov_time ACQ_repetition_time
##$ACQ_temporal_delay=( 1 )
0
##$ACQ_time=<2023-06-06T14:20:06,637+0200>
##$ACQ_time_points=( 1 )
0
##$ACQ_abs_time=(1686054006, 637, 120)
$$ @vis= ACQ_scan_time ACQ_temporal_delay ACQ_time ACQ_time_points
##$ACQ_operator=( 16 )
<nmr>
##$ACQ_RF_power=0
##$ACQ_transmitter_coil=( 16 )
<>
##$ACQ_contrast_agent=( 20 )
<>
$$ @vis= ACQ_abs_time ACQ_operator ACQ_RF_power ACQ_transmitter_coil
##$ACQ_trigger_enable=No
##$ACQ_institution=( 48 )
<CHUS - LINC>
##$ACQ_station=( 64 )
<BioSpec 94/21>
##$ACQ_system_order_number=( 24 )
<unknown>
$$ @vis= ACQ_contrast_agent ACQ_trigger_enable ACQ_institution ACQ_station
##$ACQ_sw_version=( 65 )
<PV 6.0.1>
##$ACQ_grad_str_X=0
##$ACQ_grad_str_Y=0
##$ACQ_grad_str_Z=0
$$ @vis= ACQ_system_order_number ACQ_sw_version ACQ_grad_str_X ACQ_grad_str_Y
##$ACQ_position_X=0
##$ACQ_position_Y=0
##$ACQ_position_Z=0
##$BYTORDA=little
##$INSTRUM=( 64 )
<spect>
$$ @vis= ACQ_grad_str_Z ACQ_position_X ACQ_position_Y ACQ_position_Z BYTORDA
##$ACQ_fit_function_name=( 32 )
<t2vtr>
##$ACQ_adc_overflow=( 4 )
No No No No
##$GRPDLY=67.9830780029297
##$FRQLO3=0
##$ACQ_CalibratedRG=( 4, 1 )
101 101 101 101
$$ @vis= INSTRUM ACQ_fit_function_name ACQ_adc_overflow GRPDLY FRQLO3
##$FQ1LIST=( 16 )
<ACQ_O1_list>
##$FQ2LIST=( 16 )
<ACQ_O2_list>
##$FQ3LIST=( 16 )
<ACQ_O3_list>
##$FQ8LIST=( 16 )
<ACQ_O1B_list>
##$SPW=( 64 )
26.0118381152226 501.733822257312 0 0 0 0 0 0 0 0 0 0 0 0 0 0 0 0 0 0 0 0 0 0 
0 0 0 0 0 0 0 0 0 0 0 0 0 0 0 0 19.9153135569673 254.02185659397 
345.001868016241 0 378.157911917031 0 0 0 0 0 0 0 0 0 0 0 0 0 0 0 0 0 0 0
##$SPOAL=( 64 )
0.5 0 0.5 0.5 0.5 0.5 0.5 0.5 0.5 0.5 0.5 0.5 0.5 0.5 0.5 0.5 0.5 0.5 0.5 0.5 
0.5 0.5 0.5 0.5 0.5 0.5 0.5 0.5 0.5 0.5 0.5 0.5 0.5 0.5 0.5 0.5 0.5 0.5 0.5 
0.5 0.5 0.5 0 0.5 0.5 0.5 0.5 0.5 0.5 0.5 0.5 0.5 0.5 0.5 0.5 0.5 0.5 0.5 0.5 
0.5 0.5 0.5 0.5 0.5
##$SPOFFS=( 64 )
0 0 0 0 0 0 0 0 0 0 0 0 0 0 0 0 0 0 0 0 0 0 0 0 0 0 0 0 0 0 0 0 0 0 0 0 0 0 0 
0 0 0 0 0 0 0 0 0 0 0 0 0 0 0 0 0 0 0 0 0 0 0 0 0
$$ @vis= ACQ_CalibratedRG ACQ_INFO FQ1LIST FQ2LIST FQ3LIST FQ8LIST SPW SPOAL
##$SPNAM0=( 64 )
<gauss512.exc>
##$SPNAM1=( 64 )
<gauss512.rfc>
##$SPNAM2=( 64 )
<>
##$SPNAM3=( 64 )
<>
##$SPNAM4=( 64 )
<>
##$SPNAM5=( 64 )
<>
##$SPNAM6=( 64 )
<>
##$SPNAM7=( 64 )
<>
##$SPNAM8=( 64 )
<>
$$ @vis= SPOFFS SPNAM0 SPNAM1 SPNAM2 SPNAM3 SPNAM4 SPNAM5 SPNAM6 SPNAM7
##$SPNAM9=( 64 )
<>
##$SPNAM10=( 64 )
<>
##$SPNAM11=( 64 )
<>
##$SPNAM12=( 64 )
<>
##$SPNAM13=( 64 )
<>
##$SPNAM14=( 64 )
<>
##$SPNAM15=( 64 )
<>
##$SPNAM16=( 64 )
<>
$$ @vis= SPNAM8 SPNAM9 SPNAM10 SPNAM11 SPNAM12 SPNAM13 SPNAM14 SPNAM15
##$SPNAM17=( 64 )
<>
##$SPNAM18=( 64 )
<>
##$SPNAM19=( 64 )
<>
##$SPNAM20=( 64 )
<>
##$SPNAM21=( 64 )
<>
##$SPNAM22=( 64 )
<>
##$SPNAM23=( 64 )
<>
##$SPNAM24=( 64 )
<>
$$ @vis= SPNAM16 SPNAM17 SPNAM18 SPNAM19 SPNAM20 SPNAM21 SPNAM22 SPNAM23
##$SPNAM25=( 64 )
<>
##$SPNAM26=( 64 )
<>
##$SPNAM27=( 64 )
<>
##$SPNAM28=( 64 )
<>
##$SPNAM29=( 64 )
<>
##$SPNAM30=( 64 )
<>
##$SPNAM31=( 64 )
<>
##$SPNAM32=( 64 )
<>
$$ @vis= SPNAM24 SPNAM25 SPNAM26 SPNAM27 SPNAM28 SPNAM29 SPNAM30 SPNAM31
##$SPNAM33=( 64 )
<>
##$SPNAM34=( 64 )
<>
##$SPNAM35=( 64 )
<>
##$SPNAM36=( 64 )
<>
##$SPNAM37=( 64 )
<>
##$SPNAM38=( 64 )
<>
##$SPNAM39=( 64 )
<>
##$SPNAM40=( 64 )
<gauss512.exc>
$$ @vis= SPNAM32 SPNAM33 SPNAM34 SPNAM35 SPNAM36 SPNAM37 SPNAM38 SPNAM39
##$SPNAM41=( 64 )
<gauss512.exc>
##$SPNAM42=( 64 )
<$PVM_SelIrPulShape>
##$SPNAM43=( 64 )
<>
##$SPNAM44=( 64 )
<$PVM_FlowSatPulShape>
##$SPNAM45=( 64 )
<>
##$SPNAM46=( 64 )
<>
##$SPNAM47=( 64 )
<>
##$SPNAM48=( 64 )
<>
$$ @vis= SPNAM40 SPNAM41 SPNAM42 SPNAM43 SPNAM44 SPNAM45 SPNAM46 SPNAM47
##$SPNAM49=( 64 )
<>
##$SPNAM50=( 64 )
<>
##$SPNAM51=( 64 )
<>
##$SPNAM52=( 64 )
<>
##$SPNAM53=( 64 )
<>
##$SPNAM54=( 64 )
<>
##$SPNAM55=( 64 )
<>
##$SPNAM56=( 64 )
<>
$$ @vis= SPNAM48 SPNAM49 SPNAM50 SPNAM51 SPNAM52 SPNAM53 SPNAM54 SPNAM55
##$SPNAM57=( 64 )
<>
##$SPNAM58=( 64 )
<>
##$SPNAM59=( 64 )
<>
##$SPNAM60=( 64 )
<>
##$SPNAM61=( 64 )
<>
##$SPNAM62=( 64 )
<>
##$SPNAM63=( 64 )
<>
$$ @vis= SPNAM56 SPNAM57 SPNAM58 SPNAM59 SPNAM60 SPNAM61 SPNAM62 SPNAM63
##$HPPRGN=normal
##$LOCNUC=( 8 )
<off>
##$QNP=1
##$SOLVENT=( 16 )
<>
##$DIGMOD=digital_mode
##$DIGTYP=DRU
##$DQDMODE=DQDMODE_add
##$DSPFIRM=DSP_standard
$$ @vis= SPNAMES HPPRGN LOCNUC QNP SOLVENT HIRES DIGMOD DIGTYP DQDMODE
##$DECIM=288
##$DSPFVS=20
##$ACQ_scan_shift=-136
##$DEOSC=5306.98333333333
##$DE=6
##$HDDUTY=20
##$HDRATE=1
$$ @vis= DSPFIRM DECIM DSPFVS ACQ_scan_shift DEOSC DE HDDUTY HDRATE
##$ACQ_n_trim=1
##$ACQ_scaling_read=1
##$ACQ_scaling_phase=1
$$ @vis= AVANCE_PARS ACQ_n_trim ACQ_trim_values ACQ_scaling_read
##$ACQ_scaling_slice=1
##$ACQ_grad_matrix_size=20
##$ACQ_grad_matrix=( 20, 3, 3 )
1 0 0 0 1 -6.12303176911189e-17 0 6.12303176911189e-17 1 1 0 0 0 1 
-6.12303176911189e-17 0 6.12303176911189e-17 1 1 0 0 0 1 
-6.12303176911189e-17 0 6.12303176911189e-17 1 1 0 0 0 1 
-6.12303176911189e-17 0 6.12303176911189e-17 1 1 0 0 0 1 
-6.12303176911189e-17 0 6.12303176911189e-17 1 1 0 0 0 1 
-6.12303176911189e-17 0 6.12303176911189e-17 1 1 0 0 0 1 
-6.12303176911189e-17 0 6.12303176911189e-17 1 1 0 0 0 1 
-6.12303176911189e-17 0 6.12303176911189e-17 1 1 0 0 0 1 
-6.12303176911189e-17 0 6.12303176911189e-17 1 1 0 0 0 1 
-6.12303176911189e-17 0 6.12303176911189e-17 1 1 0 0 0 1 
-6.12303176911189e-17 0 6.12303176911189e-17 1 1 0 0 0 1 
-6.12303176911189e-17 0 6.12303176911189e-17 1 1 0 0 0 1 
-6.12303176911189e-17 0 6.12303176911189e-17 1 1 0 0 0 1 
-6.12303176911189e-17 0 6.12303176911189e-17 1 1 0 0 0 1 
-6.12303176911189e-17 0 6.12303176911189e-17 1 1 0 0 0 1 
-6.12303176911189e-17 0 6.12303176911189e-17 1 1 0 0 0 1 
-6.12303176911189e-17 0 6.12303176911189e-17 1 1 0 0 0 1 
-6.12303176911189e-17 0 6.12303176911189e-17 1 1 0 0 0 1 
-6.12303176911189e-17 0 6.12303176911189e-17 1 1 0 0 0 1 
-6.12303176911189e-17 0 6.12303176911189e-17 1
$$ @vis= ACQ_scaling_phase ACQ_scaling_slice ACQ_grad_matrix_size
##$NSLICES=20
##$ACQ_rare_factor=1
##$ACQ_phase_encoding_mode=( 2 )
Read User_Defined_Encoding
##$ACQ_phase_enc_start=( 2 )
-1 -1
$$ @vis= ACQ_grad_matrix NSLICES ACQ_rare_factor ACQ_phase_encoding_mode
##$ACQ_spatial_size_1=192
##$ACQ_spatial_phase_1=( 192 )
-1 -0.989583333333333 -0.979166666666667 -0.96875 -0.958333333333333 
-0.947916666666667 -0.9375 -0.927083333333333 -0.916666666666667 -0.90625 
-0.895833333333333 -0.885416666666667 -0.875 -0.864583333333333 
-0.854166666666667 -0.84375 -0.833333333333333 -0.822916666666667 -0.8125 
-0.802083333333333 -0.791666666666667 -0.78125 -0.770833333333333 
-0.760416666666667 -0.75 -0.739583333333333 -0.729166666666667 -0.71875 
-0.708333333333333 -0.697916666666667 -0.6875 -0.677083333333333 
-0.666666666666667 -0.65625 -0.645833333333333 -0.635416666666667 -0.625 
-0.614583333333333 -0.604166666666667 -0.59375 -0.583333333333333 
-0.572916666666667 -0.5625 -0.552083333333333 -0.541666666666667 -0.53125 
-0.520833333333333 -0.510416666666667 -0.5 -0.489583333333333 
-0.479166666666667 -0.46875 -0.458333333333333 -0.447916666666667 -0.4375 
-0.427083333333333 -0.416666666666667 -0.40625 -0.395833333333333 
-0.385416666666667 -0.375 -0.364583333333333 -0.354166666666667 -0.34375 
-0.333333333333333 -0.322916666666667 -0.3125 -0.302083333333333 
-0.291666666666667 -0.28125 -0.270833333333333 -0.260416666666667 -0.25 
-0.239583333333333 -0.229166666666667 -0.21875 -0.208333333333333 
-0.197916666666667 -0.1875 -0.177083333333333 -0.166666666666667 -0.15625 
-0.145833333333333 -0.135416666666667 -0.125 -0.114583333333333 
-0.104166666666667 -0.09375 -0.0833333333333333 -0.0729166666666667 -0.0625 
-0.0520833333333333 -0.0416666666666667 -0.03125 -0.0208333333333333 
-0.0104166666666667 0 0.0104166666666667 0.0208333333333333 0.03125 
0.0416666666666667 0.0520833333333333 0.0625 0.0729166666666667 
0.0833333333333333 0.09375 0.104166666666667 0.114583333333333 0.125 
0.135416666666667 0.145833333333333 0.15625 0.166666666666667 
0.177083333333333 0.1875 0.197916666666667 0.208333333333333 0.21875 
0.229166666666667 0.239583333333333 0.25 0.260416666666667 0.270833333333333 
0.28125 0.291666666666667 0.302083333333333 0.3125 0.322916666666667 
0.333333333333333 0.34375 0.354166666666667 0.364583333333333 0.375 
0.385416666666667 0.395833333333333 0.40625 0.416666666666667 
0.427083333333333 0.4375 0.447916666666667 0.458333333333333 0.46875 
0.479166666666667 0.489583333333333 0.5 0.510416666666667 0.520833333333333 
0.53125 0.541666666666667 0.552083333333333 0.5625 0.572916666666667 
0.583333333333333 0.59375 0.604166666666667 0.614583333333333 0.625 
0.635416666666667 0.645833333333333 0.65625 0.666666666666667 
0.677083333333333 0.6875 0.697916666666667 0.708333333333333 0.71875 
0.729166666666667 0.739583333333333 0.75 0.760416666666667 0.770833333333333 
0.78125 0.791666666666667 0.802083333333333 0.8125 0.822916666666667 
0.833333333333333 0.84375 0.854166666666667 0.864583333333333 0.875 
0.885416666666667 0.895833333333333 0.90625 0.916666666666667 
0.927083333333333 0.9375 0.947916666666667 0.958333333333333 0.96875 
0.979166666666667 0.989583333333333
##$ACQ_gradient_amplitude=( 100 )
7.83545543584721 19.588638589618 13.9250398298329 5.03204360950649 
9.944750216416 17.7125276598832 0 1.77125276598832 4.972375108208 0 0 0 0 0 0 
0 0 0 0 0 0 0 0 0 0 0 0 0 0 0 0 0 0 0 0 0 0 0 0 0 0 0 0 0 0 0 0 0 0 0 0 0 0 0 
0 0 0 0 0 0 0 0 0 0 0 0 0 0 0 0 0 0 0 0 0 0 0 0 0 0 0 0 0 0 0 0 0 0 0 0 0 0 0 
0 0 0 0 0 0 0
$$ @vis= ACQ_phase_enc_start ACQ_spatial_size_1 ACQ_spatial_phase_1
##$GS_dim=1
##$GS_disp_update=Each_Accum
##$GS_online_reco=Yes
$$ @vis= ACQ_gradient_amplitude GRAD_PARS GS_dim GS_disp_update
##$GS_reco_display=Yes
##$GS_shuffle_profiles=Yes
##$GS_typ=Spectrometer_Parameters
##$GS_info_dig_filling=Yes
$$ @vis= GS_online_reco GS_reco_display GS_shuffle_profiles GS_typ
##$GS_info_normalized_area=No_info
##$GS_info_max_point=No_info
##$GS_get_info_points=No_info
$$ @vis= GS_info_dig_filling GS_info_normalized_area GS_info_max_point
##$GS_continue=Exit_gsauto
##$GO_init_files=No
##$GO_data_save=Yes
##$GO_block_size=Standard_KBlock_Format
$$ @vis= GS_get_info_points GS_continue GS GO_init_files GO_data_save
##$GO_raw_data_format=GO_32BIT_SGN_INT
##$GO_disp_update=Each_Accum
##$GO_online_reco=Yes
##$GO_reco_display=Yes
$$ @vis= GO_block_size GO_raw_data_format GO_disp_update GO_online_reco
##$GO_reco_each_nr=No
##$GO_max_reco_mem=0
##$GO_time_est=Yes
##$GO_use_macro=No
$$ @vis= GO_reco_display GO_reco_each_nr GO_max_reco_mem GO_time_est
##$GO_macro=( 4096 )
<>
##$GO_LogTimestamp=No
##$ACQ_DriftCompActive=No
##$ACQ_DriftCompJob=1
##$ACQ_DriftCompFilterWidth=1
$$ @vis= GO_use_macro GO_LogTimestamp GO ACQ_DriftCompActive ACQ_DriftCompJob
##$ACQ_DriftCompStep=1
##$ACQ_DriftCompOffset=0
##$ACQ_DriftCompDebug=No
$$ @vis= ACQ_DriftCompFilterWidth ACQ_DriftCompStep ACQ_DriftCompOffset
##$ACQ_MPI_field_steps=1
##$ACQ_MPI_drive_field_cycle=0
$$ @vis= ACQ_DriftCompDebug Drift ACQ_MPI_field_steps
##$ACQ_MPI_selection_field_gradient=0
##$ACQ_MPI_base_frequency=0
$$ @vis= ACQ_MPI_drive_field_cycle ACQ_MPI_selection_field_gradient
##$ACQ_MPI_drive_field_strength=( 3 )
0 0 0
##$ACQ_MPI_div=( 3 )
0 0 0
##$ACQ_MPI_frequency_select=( 3 )
Yes Yes Yes
$$ @vis= ACQ_MPI_base_frequency ACQ_MPI_drive_field_strength ACQ_MPI_div
$$ @vis= ACQ_MPI_frequency_select MPI ACQP
##END=
$$ File finished by PARX at 2023-06-06 14:40:29.074 +0200
