##TITLE=Parameter List, ParaVision 6.0.1
##JCAMPDX=4.24
##DATATYPE=Parameter Values
##ORIGIN=Bruker BioSpin MRI GmbH
##OWNER=nmr
$$ 2023-06-06 14:40:29.071 +0200  nmr@CZC7039C06
$$ /opt/PV6.0.1/data/nmr/20230606_141317_ML_21304_9_1_1/2/method
$$ process /opt/PV6.0.1/prog/mod/acq_out
##$Method=<Bruker:MSME>
##$PVM_EchoTime=9
##$EffectiveTE=( 16 )
9 18 27 36 45 54 63 72 81 90 99 108 117 126 135 144
##$PVM_RepetitionTime=3151.81
##$PVM_NAverages=2
##$PVM_NRepetitions=1
$$ @vis= Method PVM_EchoTime EffectiveTE PVM_RepetitionTime PVM_NAverages
##$PVM_ScanTimeStr=( 16 )
<0h20m10s295ms>
##$PVM_ScanTime=1210295.04
##$PVM_DeriveGains=Yes
##$ExcPulse1Enum=<gauss512>
##$ExcPulse1=(1.7125, 1600, 90, No, 3, 2740, 0.4150688, 0.295357137487272, 0, 
50, 26.0118381152226, <gauss512.exc>)
$$ @vis= PVM_NRepetitions PVM_ScanTimeStr PVM_DeriveGains ExcPulse1Enum
##$ExcPulse1Ampl=(26.0118381152226, 36.063720076569, -14.1517104251084)
##$RefPulse1Enum=<gauss512>
##$RefPulse1=(0.670833333333333, 2400, 154.838063599812, No, 5, 1610, 
0.4150688, 0.295357137487272, 1, 0, 501.733822257312, <gauss512.rfc>)
##$RefPulse1Ampl=(501.733822257312, 158.387787132928, -27.0047337813481)
##$PVM_GradCalConst=20420
##$PVM_Nucleus1Enum=<1H>
$$ @vis= ExcPulse1 RefPulse1Enum RefPulse1 RF_Pulses PVM_GradCalConst
##$PVM_Nucleus1=( 8 )
<1H>
##$PVM_RefPowMod1=AutoAdj
##$PVM_RefPowCh1=13.1423304155378
##$PVM_RefPowStat1=( 1024 )
<Study: Adj by AdjRefG (protocol ADJ_REFG)>
$$ @vis= PVM_Nucleus1Enum PVM_Nucleus1 PVM_RefPowMod1 PVM_RefPowCh1
##$PVM_Nucleus2Enum=<1H>
##$PVM_Nucleus3Enum=<1H>
##$PVM_Nucleus4Enum=<1H>
##$PVM_Nucleus5Enum=<1H>
##$PVM_Nucleus6Enum=<1H>
##$PVM_Nucleus7Enum=<1H>
##$PVM_Nucleus8Enum=<1H>
##$PVM_FrqRef=( 8 )
400.342466522418 0 0 0 0 0 0 0
##$PVM_FrqWorkOffset=( 8 )
0 0 0 0 0 0 0 0
##$PVM_FrqWork=( 8 )
400.342466522418 0 0 0 0 0 0 0
##$PVM_FrqRefPpm=( 8 )
4.7 0 0 0 0 0 0 0
$$ @vis= PVM_RefPowStat1 PVM_FrqRef PVM_FrqWorkOffset PVM_FrqWork
##$PVM_FrqWorkOffsetPpm=( 8 )
0 0 0 0 0 0 0 0
##$PVM_FrqWorkPpm=( 8 )
4.7 0 0 0 0 0 0 0
##$PVM_NucleiPpmWork=( 20 )
(<1H>, 4.7) (<none>, 0) (<none>, 0) (<none>, 0) (<none>, 0) (<none>, 0) 
(<none>, 0) (<none>, 0) (<none>, 0) (<none>, 0) (<none>, 0) (<none>, 0) 
(<none>, 0) (<none>, 0) (<none>, 0) (<none>, 0) (<none>, 0) (<none>, 0) 
(<none>, 0) (<none>, 0)
$$ @vis= PVM_FrqRefPpm PVM_FrqWorkOffsetPpm PVM_FrqWorkPpm PVM_NucleiPpmWork
##$PVM_SpatDimEnum=<2D>
##$PVM_IsotropicFovRes=Isot_None
##$PVM_Matrix=( 2 )
192 192
##$PVM_MinMatrix=( 2 )
32 32
##$PVM_MaxMatrix=( 2 )
2048 2048
$$ @vis= Nuclei PVM_SpatDimEnum PVM_IsotropicFovRes PVM_Matrix PVM_MinMatrix
##$PVM_DefMatrix=( 3 )
256 256 64
##$PVM_AntiAlias=( 2 )
1 1
##$PVM_MaxAntiAlias=( 2 )
2 8
##$PVM_EncSpectroscopy=No
$$ @vis= PVM_MaxMatrix PVM_DefMatrix PVM_AntiAlias PVM_MaxAntiAlias
##$PVM_EncUseMultiRec=Yes
##$PVM_EncActReceivers=( 4 )
On On On On
##$PVM_EncZf=( 2 )
1 1
##$PVM_EncPft=( 2 )
1 1
$$ @vis= PVM_EncSpectroscopy PVM_EncUseMultiRec PVM_EncActReceivers PVM_EncZf
##$PVM_EncPftOverscans=( 2 )
96 96
##$PVM_EncPpi=( 2 )
1 1
##$PVM_EncPpiRefLines=( 2 )
0 0
##$PVM_EncOrder=( 2 )
LINEAR_ENC LINEAR_ENC
##$PVM_EncStart=( 2 )
0 -1
##$PVM_EncNReceivers=4
$$ @vis= PVM_EncPft PVM_EncPftOverscans PVM_EncPpi PVM_EncOrder PVM_EncStart
##$PVM_EncAvailReceivers=4
##$PVM_EncChanScaling=( 4 )
0.879 1 0.712 0.737
##$PVM_EncMatrix=( 2 )
192 192
$$ @vis= PVM_EncNReceivers PVM_EncAvailReceivers PVM_EncChanScaling
##$PVM_EncTotalAccel=1
##$PVM_EncSteps1=( 192 )
-96 -95 -94 -93 -92 -91 -90 -89 -88 -87 -86 -85 -84 -83 -82 -81 -80 -79 -78 
-77 -76 -75 -74 -73 -72 -71 -70 -69 -68 -67 -66 -65 -64 -63 -62 -61 -60 -59 
-58 -57 -56 -55 -54 -53 -52 -51 -50 -49 -48 -47 -46 -45 -44 -43 -42 -41 -40 
-39 -38 -37 -36 -35 -34 -33 -32 -31 -30 -29 -28 -27 -26 -25 -24 -23 -22 -21 
-20 -19 -18 -17 -16 -15 -14 -13 -12 -11 -10 -9 -8 -7 -6 -5 -4 -3 -2 -1 0 1 2 
3 4 5 6 7 8 9 10 11 12 13 14 15 16 17 18 19 20 21 22 23 24 25 26 27 28 29 30 
31 32 33 34 35 36 37 38 39 40 41 42 43 44 45 46 47 48 49 50 51 52 53 54 55 56 
57 58 59 60 61 62 63 64 65 66 67 68 69 70 71 72 73 74 75 76 77 78 79 80 81 82 
83 84 85 86 87 88 89 90 91 92 93 94 95
##$PVM_EncSteps2=( 1 )
0
##$PVM_EncCentralStep1=1
##$PVM_EncValues1=( 192 )
-1 -0.989583333333333 -0.979166666666667 -0.96875 -0.958333333333333 
-0.947916666666667 -0.9375 -0.927083333333333 -0.916666666666667 -0.90625 
-0.895833333333333 -0.885416666666667 -0.875 -0.864583333333333 
-0.854166666666667 -0.84375 -0.833333333333333 -0.822916666666667 -0.8125 
-0.802083333333333 -0.791666666666667 -0.78125 -0.770833333333333 
-0.760416666666667 -0.75 -0.739583333333333 -0.729166666666667 -0.71875 
-0.708333333333333 -0.697916666666667 -0.6875 -0.677083333333333 
-0.666666666666667 -0.65625 -0.645833333333333 -0.635416666666667 -0.625 
-0.614583333333333 -0.604166666666667 -0.59375 -0.583333333333333 
-0.572916666666667 -0.5625 -0.552083333333333 -0.541666666666667 -0.53125 
-0.520833333333333 -0.510416666666667 -0.5 -0.489583333333333 
-0.479166666666667 -0.46875 -0.458333333333333 -0.447916666666667 -0.4375 
-0.427083333333333 -0.416666666666667 -0.40625 -0.395833333333333 
-0.385416666666667 -0.375 -0.364583333333333 -0.354166666666667 -0.34375 
-0.333333333333333 -0.322916666666667 -0.3125 -0.302083333333333 
-0.291666666666667 -0.28125 -0.270833333333333 -0.260416666666667 -0.25 
-0.239583333333333 -0.229166666666667 -0.21875 -0.208333333333333 
-0.197916666666667 -0.1875 -0.177083333333333 -0.166666666666667 -0.15625 
-0.145833333333333 -0.135416666666667 -0.125 -0.114583333333333 
-0.104166666666667 -0.09375 -0.0833333333333333 -0.0729166666666667 -0.0625 
-0.0520833333333333 -0.0416666666666667 -0.03125 -0.0208333333333333 
-0.0104166666666667 0 0.0104166666666667 0.0208333333333333 0.03125 
0.0416666666666667 0.0520833333333333 0.0625 0.0729166666666667 
0.0833333333333333 0.09375 0.104166666666667 0.114583333333333 0.125 
0.135416666666667 0.145833333333333 0.15625 0.166666666666667 
0.177083333333333 0.1875 0.197916666666667 0.208333333333333 0.21875 
0.229166666666667 0.239583333333333 0.25 0.260416666666667 0.270833333333333 
0.28125 0.291666666666667 0.302083333333333 0.3125 0.322916666666667 
0.333333333333333 0.34375 0.354166666666667 0.364583333333333 0.375 
0.385416666666667 0.395833333333333 0.40625 0.416666666666667 
0.427083333333333 0.4375 0.447916666666667 0.458333333333333 0.46875 
0.479166666666667 0.489583333333333 0.5 0.510416666666667 0.520833333333333 
0.53125 0.541666666666667 0.552083333333333 0.5625 0.572916666666667 
0.583333333333333 0.59375 0.604166666666667 0.614583333333333 0.625 
0.635416666666667 0.645833333333333 0.65625 0.666666666666667 
0.677083333333333 0.6875 0.697916666666667 0.708333333333333 0.71875 
0.729166666666667 0.739583333333333 0.75 0.760416666666667 0.770833333333333 
0.78125 0.791666666666667 0.802083333333333 0.8125 0.822916666666667 
0.833333333333333 0.84375 0.854166666666667 0.864583333333333 0.875 
0.885416666666667 0.895833333333333 0.90625 0.916666666666667 
0.927083333333333 0.9375 0.947916666666667 0.958333333333333 0.96875 
0.979166666666667 0.989583333333333
$$ @vis= PVM_EncMatrix PVM_EncTotalAccel PVM_EncSteps1 PVM_EncCentralStep1
##$PVM_NEchoImages=16
##$ConstNEchoes=No
##$NEchoesPerEchoImage=( 16 )
1 1 1 1 1 1 1 1 1 1 1 1 1 1 1 1
$$ @vis= PVM_EncValues1 Encoding_Output Encoding PVM_NEchoImages ConstNEchoes
##$NEchoes=16
##$PVM_EffSWh=69444.4444444444
##$EncGradDur=2.46218333333333
##$PVM_AcquisitionTime=2.7648
$$ @vis= NEchoesPerEchoImage NEchoes Echoes PVM_EffSWh EncGradDur
##$PVM_MinEchoTime=4.93478414866746
##$RepetitionSpoiler=(Yes, 4, 1, 19.588638589618)
##$PVM_DigAutSet=Yes
##$PVM_DigQuad=Yes
$$ @vis= PVM_AcquisitionTime PVM_MinEchoTime RepetitionSpoiler PVM_DigAutSet
##$PVM_DigFilter=<Digital_Sharp>
##$PVM_DigRes=21
##$PVM_DigDw=0.0144
##$PVM_DigSw=69444.4444444444
##$PVM_DigNp=192
##$PVM_DigShift=68
$$ @vis= PVM_DigQuad PVM_DigFilter PVM_DigRes PVM_DigDw PVM_DigSw PVM_DigNp
##$PVM_DigShiftDbl=68
##$PVM_DigGroupDel=0.9792
##$PVM_DigDur=2.7648
##$PVM_DigEndDelMin=0
$$ @vis= PVM_DigShift PVM_DigShiftDbl PVM_DigGroupDel PVM_DigDur
##$PVM_DigEndDelOpt=0.1088
##$EchoSpoilingAuto=Yes
##$EchoSpoilingSlice=1
$$ @vis= PVM_DigEndDelMin PVM_DigEndDelOpt DigitizerPars EchoSpoilingAuto
##$EchoSpoilingSliceEff=1
##$EchoSpoilingRead=0.25
##$EchoSpoilingReadEff=0.25
$$ @vis= EchoSpoilingSlice EchoSpoilingSliceEff EchoSpoilingRead
##$PVM_Isotropic=Isotropic_None
##$PVM_Fov=( 2 )
19.2 19.2
##$PVM_FovCm=( 2 )
1.92 1.92
##$PVM_SpatResol=( 2 )
0.1 0.1
$$ @vis= EchoSpoilingReadEff Sequence_Details PVM_Isotropic PVM_Fov
##$PVM_SliceThick=1
##$PVM_ObjOrderScheme=Interlaced
##$PVM_ObjOrderList=( 20 )
0 2 4 6 8 10 12 14 16 18 1 3 5 7 9 11 13 15 17 19
##$PVM_NSPacks=1
$$ @vis= PVM_SpatResol PVM_SliceThick PVM_ObjOrderScheme PVM_ObjOrderList
##$PVM_SPackArrNSlices=( 1 )
20
##$PVM_MajSliceOri=No
##$PVM_SPackArrSliceOrient=( 1 )
axial
$$ @vis= PVM_NSPacks PVM_SPackArrNSlices PVM_MajSliceOri
##$PVM_SPackArrReadOrient=( 1 )
L_R
##$PVM_SPackArrReadOffset=( 1 )
0.487465
$$ @vis= PVM_SPackArrSliceOrient PVM_SPackArrReadOrient
##$PVM_SPackArrPhase1Offset=( 1 )
3.75722
##$PVM_SPackArrPhase2Offset=( 1 )
0
##$PVM_SPackArrSliceOffset=( 1 )
-1.37283
$$ @vis= PVM_SPackArrReadOffset PVM_SPackArrPhase1Offset
##$PVM_SPackArrSliceGapMode=( 1 )
non_contiguous
##$PVM_SPackArrSliceGap=( 1 )
0
$$ @vis= PVM_SPackArrSliceOffset PVM_SPackArrSliceGapMode
##$PVM_SPackArrSliceDistance=( 1 )
1
##$PVM_SPackArrGradOrient=( 1, 3, 3 )
1 0 0 0 1 -6.12303176911189e-17 0 6.12303176911189e-17 1
##$PVM_SliceGeo=( 1 )
(((-1 0 0 0 1 6.12303176911189e-17 0 6.12303176911189e-17 -1, -0.487465 
3.75722 1.37283), 19.2 19.2 20, <+R;read> <+P;phase> <+S;slice>, 0), 20, 1, 
256, 1, 0, No)
##$PVM_SliceGeoObj=(<BRUKER_SLICEPACKAGE>, GeoCuboidPackId, Standard_GobjShape,
 <PVM_SliceGeo>, <PVM_ObjOrderList>, 0, <R;read> <P;phase> <S;slice>, Yes, 
4195848)
$$ @vis= PVM_SPackArrSliceGap PVM_SPackArrSliceDistance PVM_SliceGeo
##$PVM_EffPhase0Offset=( 20 )
0.487465 0.487465 0.487465 0.487465 0.487465 0.487465 0.487465 0.487465 
0.487465 0.487465 0.487465 0.487465 0.487465 0.487465 0.487465 0.487465 
0.487465 0.487465 0.487465 0.487465
##$PVM_EffPhase1Offset=( 20 )
3.75722 3.75722 3.75722 3.75722 3.75722 3.75722 3.75722 3.75722 3.75722 
3.75722 3.75722 3.75722 3.75722 3.75722 3.75722 3.75722 3.75722 3.75722 
3.75722 3.75722
##$PVM_EffPhase2Offset=( 20 )
0 0 0 0 0 0 0 0 0 0 0 0 0 0 0 0 0 0 0 0
##$PVM_EffSliceOffset=( 20 )
-10.87283 -9.87283 -8.87283 -7.87283 -6.87283 -5.87283 -4.87283 -3.87283 
-2.87283 -1.87283 -0.87283 0.12717 1.12717 2.12717 3.12717 4.12717 5.12717 
6.12717 7.12717 8.12717
##$PVM_EffReadOffset=( 20 )
0.487465 0.487465 0.487465 0.487465 0.487465 0.487465 0.487465 0.487465 
0.487465 0.487465 0.487465 0.487465 0.487465 0.487465 0.487465 0.487465 
0.487465 0.487465 0.487465 0.487465
##$PVM_Phase0Offset=( 20 )
0.487465 0.487465 0.487465 0.487465 0.487465 0.487465 0.487465 0.487465 
0.487465 0.487465 0.487465 0.487465 0.487465 0.487465 0.487465 0.487465 
0.487465 0.487465 0.487465 0.487465
##$PVM_Phase1Offset=( 20 )
3.75722 3.75722 3.75722 3.75722 3.75722 3.75722 3.75722 3.75722 3.75722 
3.75722 3.75722 3.75722 3.75722 3.75722 3.75722 3.75722 3.75722 3.75722 
3.75722 3.75722
##$PVM_Phase2Offset=( 20 )
0 0 0 0 0 0 0 0 0 0 0 0 0 0 0 0 0 0 0 0
##$PVM_SliceOffset=( 20 )
-10.87283 -9.87283 -8.87283 -7.87283 -6.87283 -5.87283 -4.87283 -3.87283 
-2.87283 -1.87283 -0.87283 0.12717 1.12717 2.12717 3.12717 4.12717 5.12717 
6.12717 7.12717 8.12717
##$PVM_ReadOffset=( 20 )
0.487465 0.487465 0.487465 0.487465 0.487465 0.487465 0.487465 0.487465 
0.487465 0.487465 0.487465 0.487465 0.487465 0.487465 0.487465 0.487465 
0.487465 0.487465 0.487465 0.487465
##$PVM_DummyScans=1
##$PVM_DummyScansDur=6303.62
$$ @vis= PVM_SliceGeoObj SliceOffsetPars ImageGeometry PVM_DummyScans
##$PVM_FreqDriftYN=No
##$PVM_TriggerModule=Off
##$PVM_TriggerMode=per_PhaseStep
##$PVM_TriggerDelay=1
##$PVM_TriggerDur=0.01
##$PVM_TriggerModuleTime=0
##$PVM_EvolutionOnOff=Off
$$ @vis= PVM_DummyScansDur DummyScans_Parameters PVM_TriggerModule
##$PVM_NEvolutionCycles=2
##$PVM_EvolutionCycles=1
##$PVM_EvolutionMode=Constant_Delay
##$PVM_EvolutionTime=( 2 )
1 0
##$PVM_EvolutionDelay=1
##$PVM_EvolutionModuleTime=0
##$PVM_SelIrOnOff=Off
##$PVM_FatSupOnOff=Off
##$PVM_FatSupPulEnum=<gauss512>
##$PVM_FatSupPul=(1.95714285714286, 1400, 90, No, 4, 2740, 0.4150688, 
0.295357137487272, 0, 50, 19.9153135569673, <gauss512.exc>)
##$PVM_FatSupPulAmpl=(19.9153135569673, 31.5557550669979, -12.9918714855547)
##$PVM_FatSupBandWidth=1400
##$PVM_FatSupSpoil=(No, 2.4504, 0.6, 20)
##$PVM_FatSupModuleTime=0
##$PVM_FatSupPerform=No
##$PVM_FatSupRampTime=0.11
##$PVM_FatSupAmpEnable=0.025
##$PVM_FatSupGradWait=0.01
##$PVM_FatSupFL=( 1 )
-1401.19204722584
##$PVM_FatSupRfLength=1957.14285714286
##$PVM_FatSupSpoilDur=0.4
##$PVM_FatSupSpoilAmp=20
##$PVM_MagTransOnOff=Off
##$PVM_MagTransPulse1Enum=<gauss>
##$PVM_MagTransPulse1=(1.82666666666667, 1500, 117.1, No, 4, 2740, 0.4181723, 
0.298723764675971, 0, 50, 38.1304580610923, <gauss.exc>)
##$PVM_MagTransPulse1Ampl=(38.1304580610923, 43.6637481562751, 
-15.8127202248348)
##$PVM_MagTransPower=10.0017644460368
##$PVM_MagTransOffset=1500
##$PVM_MagTransInterDelay=0.01
##$PVM_MagTransPulsNumb=1
##$PVM_MagTransSpoil=(Yes, 5, 2, 12.2428991185113)
##$PVM_MagTransSpoiler=12.2428991185113
##$PVM_MagTransModuleTime=0
##$PVM_MagTransFL=( 1 )
1500
##$PVM_MtD0=1e-06
##$PVM_MtD1=1e-06
##$PVM_MtD2=1e-06
##$PVM_MtD3=1e-06
##$PVM_MtP0=10
##$PVM_MtLp0=0
##$PVM_FovSatOnOff=On
$$ @vis= PVM_EvolutionOnOff PVM_SelIrOnOff PVM_FatSupOnOff PVM_MagTransOnOff
##$PVM_FovSatPulEnum=<gauss512>
##$PVM_FovSatPul=(0.548, 5000, 90, No, 3, 2740, 0.4150688, 0.295357137487272, 
0, 50, 254.02185659397, <gauss512.exc>)
##$PVM_FovSatPulAmpl=(254.02185659397, 112.699125239278, -24.0487108587103)
##$PVM_FovSatNSlices=1
##$PVM_FovSatThick=( 1 )
6
$$ @vis= PVM_FovSatOnOff PVM_FovSatPulEnum PVM_FovSatPul PVM_FovSatNSlices
##$PVM_FovSatOffset=( 1 )
-8.86158977236801
##$PVM_FovSatSpoil=(Yes, 10, 0.8, 10.2024159320927)
##$PVM_FovSatSpoilDur=0.6
##$PVM_FovSatSpoilAmp=10.2024159320927
$$ @vis= PVM_FovSatThick PVM_FovSatOffset PVM_FovSatSpoil PVM_FovSatSpoilDur
##$PVM_FovSatModuleTime=1.403
##$PVM_FovSatGrad=( 1, 3 )
0 4.08092722783244 -0.0178744891662957
##$PVM_FovSatRampTime=0.11
$$ @vis= PVM_FovSatSpoilAmp PVM_FovSatModuleTime PVM_FovSatGrad
##$PVM_FovSatAmpEnable=0.025
##$PVM_FovSatGradWait=0.01
##$PVM_FovSatSliceOri=( 1 )
coronal
$$ @vis= PVM_FovSatRampTime PVM_FovSatAmpEnable PVM_FovSatGradWait
##$PVM_FovSatSliceOriMat=( 1, 9 )
1 0 0 0 0.00437996482530909 -0.999990407908061 0 0.999990407908061 
0.00437996482530909
##$PVM_FovSatSliceVec=( 1, 3 )
0 0.999990407908061 -0.00437996482530909
##$PVM_FovSatSlicePos=( 1, 2 )
-0.504322 -1.97381238448916
$$ @vis= PVM_FovSatSliceOri PVM_FovSatSliceOriMat PVM_FovSatSliceVec
##$PVM_FovSatFL=( 1 )
-7384.65814364001
##$PVM_FovSatRfLength=548
##$PVM_FovSatGeoObj=(<BRUKER_FOVSAT>, GeoPlanarId, Standard_GobjShape, 
<PVM_FovSatGeoCub>, <>, 0, <1;first> <2;second> <S;slice>, Yes, 524384)
##$PVM_FovSatGeoCub=( 1 )
(((1 0 0 0 0.00437996482530909 -0.999990407908061 0 0.999990407908061 
0.00437996482530909, -0.504322 -8.87015000000001 1.93498000000001), 58 58 6, 
<+1;first> <+2;second> <+S;slice>, 0), 1, 1, 1, 6, 0, No)
$$ @vis= PVM_FovSatSlicePos PVM_FovSatFL PVM_FovSatRfLength PVM_FovSatGeoObj
##$PVM_InFlowSatOnOff=Off
##$PVM_InFlowSatNSlices=1
##$PVM_InFlowSatThick=( 1 )
4
##$PVM_InFlowSatMinThick=0.244857982370225
##$PVM_InFlowSatSliceGap=1
##$PVM_FlowSatGeoObj=(<BRUKER_FLOWSAT>, GeoPlanarId, Standard_GobjShape, 
<PVM_FlowSatGeoCub>, <>, 0, <1;first> <2;second> <S;slice>, Yes, 553191)
##$PVM_FlowSatGeoCub=( 1 )
(((-1 0 0 0 1 0 0 0 -1, 0 0 -7.35), 42 42 4, <+1;first> <+2;second> <+S;slice>
, 0), 1, 1, 1, 4, 0, No)
##$PVM_FlowSatPulEnum=<Calculated>
##$PVM_FlowSatPul=(1.2, 5000, 90, Yes, 4, 6000, 0.155352536733369, 
0.135449017488208, 0, 50, 378.157911917031, <$PVM_FlowSatPulShape>)
##$PVM_FlowSatPulAmpl=(378.157911917031, 137.505983854709, -25.7767319124796)
##$PVM_InFlowSatSpoil=(Yes, 5, 0.6, 10.2024159320927)
##$PVM_InFlowSatPos=up
##$PVM_InFlowSatModuleTime=0
##$PVM_InFlowSatFL=( 20 )
-9216.0375 -6716.0375 -4216.0375 -1716.0375 783.9625 3283.9625 5783.9625 
8283.9625 10783.9625 13283.9625 -7966.0375 -5466.0375 -2966.0375 -466.0375 
2033.9625 4533.9625 7033.9625 9533.9625 12033.9625 14533.9625
##$PVM_SfD0=0.0002
##$PVM_SfD1=2.5e-05
##$PVM_SfD2=0.0006
##$PVM_SfP0=1200
##$PVM_SfLp0=1
##$PVM_MotionSupOnOff=Off
$$ @vis= PVM_FovSatGeoCub Fov_Sat_Parameters PVM_InFlowSatOnOff
##$PVM_FlipBackOnOff=On
##$PVM_MapShimReady=No
##$PVM_MapShimLocShim=No
##$PVM_MapShimStatus=( 128 )
<Mapshim disabled: No map acquired>
$$ @vis= PVM_MotionSupOnOff PVM_FlipBackOnOff Preparation PVM_MapShimReady
##$PVM_MapShimCalcStat=( 256 )
<Not Calculated.>
##$PVM_MapShimNSets=1
##$PVM_MapShimSets=( 1 )
(0, 0, 0, 0, 0, 0, 0, 0, 0, 0, 0, 0, 0, 0, 0, 0, 0, 0, 0, 0, 0, 0, 0, 0, 0, 0,
 0, 0, 0, 0, 0, 0, 0, 0, 0, 0, 0, 0, 0)
##$PVM_MapShimNVolumes=1
$$ @vis= PVM_MapShimStatus PVM_MapShimNSets PVM_MapShimSets
##$PVM_MapShimVolShape=Cuboid
##$PVM_ReqShimEnum=Current_Shim
##$PVM_MapShimUseShims=AllShims
##$PVM_MapShimVolDerive=No
##$PVM_MapShimVolMargin=( 3 )
0 0 0
##$PVM_GeoObj=( 2, 65 )
<PVM_SliceGeoObj> <PVM_FovSatGeoObj>
##$PVM_ExportHandler=( 3 )
(<BRUKER_PARIMPORT_SLICEGEO>, <>, <Slice Geometry>) (<BRUKER_PARIMPORT_FOVSAT>
, <>, <FOV Saturation>) (<BRUKER_PARIMPORT_SLICEORIENT>, <>, <Slice 
Orientation>)
$$ @vis= PVM_MapShimNVolumes PVM_ReqShimEnum MapShim MethodClass PVM_GeoObj
$$ @vis= PVM_ExportHandler StandardMethodGroup
##END=
$$ File finished by PARX at 2023-06-06 14:40:29.072 +0200
