##TITLE=Parameter List, ParaVision 6.0.1
##JCAMPDX=4.24
##DATATYPE=Parameter Values
##ORIGIN=Bruker BioSpin MRI GmbH
##OWNER=nmr
$$ 2023-06-06 14:44:44.332 +0200  nmr@CZC7039C06
$$ /opt/PV6.0.1/data/nmr/20230606_141317_ML_21304_9_1_1/900000/visu_pars
$$ process /opt/PV6.0.1/prog/mod/acq_out
##$VisuVersion=3
##$VisuUid=( 65 )
<2.16.756.5.5.100.8323328.85958.1686055484.1>
##$VisuCreator=( 65 )
<ParaVision>
##$VisuCreatorVersion=( 65 )
<6.0.1>
##$VisuCreationDate=<2023-06-06T14:44:44,290+0200>
##$VisuInstanceModality=( 65 )
<MR>
##$VisuCoreFrameCount=1
##$VisuCoreDim=3
##$VisuCoreSize=( 3 )
64 64 64
##$VisuCoreDimDesc=( 3 )
spatial spatial spatial
##$VisuCoreExtent=( 3 )
32 32 32
##$VisuCoreFrameThickness=( 1 )
32
##$VisuCoreUnits=( 3, 65 )
<mm> <mm> <mm>
##$VisuCoreOrientation=( 1, 9 )
1 0 0 0 0 -1 0 1 0
##$VisuCorePosition=( 1, 3 )
-17.08069 -16.398416 16
##$VisuCoreDataMin=( 1 )
-1996116276.21735
##$VisuCoreDataMax=( 1 )
2147483646.5
##$VisuCoreDataOffs=( 1 )
0
##$VisuCoreDataSlope=( 1 )
3.72873943653486e-07
##$VisuCoreDataUnits=( 1, 65 )
<Hz>
##$VisuCoreFrameType=( 1 )
MAGNITUDE_IMAGE
##$VisuCoreSlicePacksDef=(-1, 1)
##$VisuCoreSlicePacksSlices=( 1 )
(0, 1)
##$VisuCoreSlicePacksSliceDist=( 1 )
32
##$VisuCoreWordType=_32BIT_SGN_INT
##$VisuCoreByteOrder=littleEndian
##$VisuCoreDiskSliceOrder=disk_reverse_slice_order
##$VisuSubjectName=( 65 )
<ML_21304_9>
##$VisuSubjectId=( 65 )
<ML_21304_9>
##$VisuSubjectUid=( 65 )
<2.16.756.5.5.100.8323328.66482.1686053597.3>
##$VisuSubjectInstanceCreationDate=(1686053597, 593, 120)
##$VisuSubjectBirthDate=( 9 )
<20230606>
##$VisuSubjectSex=UNKNOWN
##$VisuSubjectType=Quadruped
##$VisuStudyUid=( 65 )
<2.16.756.5.5.100.8323328.66482.1686053597.4>
##$VisuStudyDate=<2023-06-06T14:13:17,593+0200>
##$VisuStudyId=( 65 )
<ML_21304_9>
##$VisuStudyNumber=1
##$VisuSubjectWeight=0.001
##$VisuStudyReferringPhysician=( 65 )
<nmr>
##$VisuStudyDescription=( 2048 )
<\
>
##$VisuExperimentNumber=900000
##$VisuProcessingNumber=1
##$VisuSeriesDate=<2023-06-06T14:44:44,290+0200>
##$VisuSubjectPosition=Head_Supine
##$VisuSeriesTypeId=( 65 )
<ACQ_BRUKER_PVM>
##$VisuManufacturer=( 65 )
<Bruker BioSpin MRI GmbH>
##$VisuAcqSoftwareVersion=( 65 )
<6.0.1>
##$VisuInstitution=( 65 )
<CHUS - LINC>
##$VisuStation=( 65 )
<BioSpec 94/21>
##$VisuSystemOrderNumber=( 65 )
<unknown>
##$VisuAcqDate=<2023-06-06T14:41:52,880+0200>
##$VisuAcqEchoTrainLength=1
##$VisuAcqSequenceName=( 40 )
<Bruker:FieldMap>
##$VisuAcqNumberOfAverages=2
##$VisuAcqImagingFrequency=400.342466522418
##$VisuAcqImagedNucleus=( 8 )
<1H>
##$VisuAcqRepetitionTime=( 1 )
20
##$VisuAcqPhaseEncSteps=64
##$VisuAcqPixelBandwidth=1860.11904761905
##$VisuAcqFlipAngle=29.5314341612252
##$VisuAcqSize=( 3 )
64 64 64
##$VisuAcqImageSizeAccellerated=No
##$VisuAcqGradEncoding=( 3 )
phase_enc read_enc slice_enc
##$VisuAcquisitionProtocol=( 65 )
<B0Map-ADJ_B0MAP>
##$VisuAcqScanTime=163840
##$VisuAcqAntiAlias=( 3 )
1 1 1
##$VisuAcqEchoSequenceType=Both
##$VisuAcqSpinsVelocityEncoded=No
##$VisuAcqHasTimeOfFlightContrast=No
##$VisuAcqIsEpiSequence=No
##$VisuAcqSpectralSuppression=NoSuppression
##$VisuAcqKSpaceTraversal=RectilinearTraversal
##$VisuAcqEncodingOrder=( 3 )
LinearEncoding LinearEncoding LinearEncoding
##$VisuAcqKSpaceTrajectoryCnt=1
##$VisuAcqKSpaceFiltering=( 3 )
NO_WDW NO_WDW NO_WDW
##$VisuAcqFlowCompensation=FlowNone
##$VisuAcqSpoiling=GradientSpoiled
##$VisuAcqPartialFourier=( 3 )
1 1 1
##$VisuAcqParallelReductionFactor=( 3 )
1 1 1
##$VisuAcqMagnetizationTransfer=No
##$VisuAcqBloodSignalNulling=No
##$VisuCardiacSynchUsed=No
##$VisuRespSynchUsed=No
##END=
$$ File finished by PARX at 2023-06-06 14:44:44.332 +0200
