##TITLE=Parameter List, ParaVision 6.0.1
##JCAMPDX=4.24
##DATATYPE=Parameter Values
##ORIGIN=Bruker BioSpin MRI GmbH
##OWNER=nmr
$$ 2023-06-06 15:51:03.976 +0200  nmr@CZC7039C06
$$ /opt/PV6.0.1/data/nmr/20230606_141317_ML_21304_9_1_1/11/pdata/2/visu_pars
$$ process /opt/PV6.0.1/prog/mod/xtip
##$VisuVersion=3
##$VisuUid=( 65 )
<2.16.756.5.5.100.8323328.84866.1686059463.936>
##$VisuCreator=( 65 )
<ParaVision;xtip>
##$VisuCreatorVersion=( 65 )
<6.0.1;6.0.1>
##$VisuCreationDate=<2023-06-06T15:51:03,976+0200>
$$ @vis= VisuVersion VisuUid VisuCreator VisuCreatorVersion VisuCreationDate
##$VisuCoreFrameCount=95
##$VisuCoreDim=2
##$VisuCoreSize=( 2 )
128 128
##$VisuCoreDimDesc=( 2 )
spatial spatial
$$ @vis= VisuInstance VisuCoreFrameCount VisuCoreDim VisuCoreSize
##$VisuCoreExtent=( 2 )
19.2 19.2
##$VisuCoreFrameThickness=( 1 )
1
##$VisuCoreUnits=( 2, 65 )
<mm> <mm>
##$VisuCoreOrientation=( 19, 9 )
1 0 0 0 1 0 0 0 1 1 0 0 0 1 0 0 0 1 1 0 0 0 1 0 0 0 1 1 0 0 0 1 0 0 0 1 1 0 0 
0 1 0 0 0 1 1 0 0 0 1 0 0 0 1 1 0 0 0 1 0 0 0 1 1 0 0 0 1 0 0 0 1 1 0 0 0 1 0 
0 0 1 1 0 0 0 1 0 0 0 1 1 0 0 0 1 0 0 0 1 1 0 0 0 1 0 0 0 1 1 0 0 0 1 0 0 0 1 
1 0 0 0 1 0 0 0 1 1 0 0 0 1 0 0 0 1 1 0 0 0 1 0 0 0 1 1 0 0 0 1 0 0 0 1 1 0 0 
0 1 0 0 0 1 1 0 0 0 1 0 0 0 1
$$ @vis= VisuCoreDimDesc VisuCoreExtent VisuCoreFrameThickness VisuCoreUnits
##$VisuCorePosition=( 19, 3 )
-10.031034 -11.91214 -9.646552 -10.031034 -11.91214 -8.646552 -10.031034 
-11.91214 -7.646552 -10.031034 -11.91214 -6.646552 -10.031034 -11.91214 
-5.646552 -10.031034 -11.91214 -4.646552 -10.031034 -11.91214 -3.646552 
-10.031034 -11.91214 -2.646552 -10.031034 -11.91214 -1.646552 -10.031034 
-11.91214 -0.646552 -10.031034 -11.91214 0.353448 -10.031034 -11.91214 
1.353448 -10.031034 -11.91214 2.353448 -10.031034 -11.91214 3.353448 
-10.031034 -11.91214 4.353448 -10.031034 -11.91214 5.353448 -10.031034 
-11.91214 6.353448 -10.031034 -11.91214 7.353448 -10.031034 -11.91214 8.353448
##$VisuCoreDataMin=( 95 )
0 0 0 0 7382244 0 0 0 0 12596062 0 0 0 0 5782151 0 0 0 0 5785452 0 0 0 0 
8944364 0 0 0 0 11592445 0 0 0 0 7062150 0 0 0 0 3333507 0 0 0 0 3734339 0 0 
0 0 3442642 0 0 0 0 9305201 0 0 0 0 5780728 0 0 0 0 5442501 0 0 0 0 5352856 
13096128 847022 0 0 5808025 0 0 0 0 2982096 0 0 0 0 20587574 0 0 0 0 4747419 
0 0 0 0 7771867
##$VisuCoreDataMax=( 95 )
1349814528 111872256 1439863040 1001956416 1265633664 1350801280 205150304 
1556572672 1529172608 1882559872 1306182272 162301600 1991998976 1298364544 
1147479552 1140506624 288145216 1082352256 692074496 1438305664 1978652544 
463141920 1237284480 793675264 1819157120 1719531392 244167856 1921572992 
1302893440 1571473664 1454993536 188047888 1103809664 306779040 1931243776 
1299111040 575517568 2045670016 1272227328 1457606656 1278436992 182345440 
1542210688 1429081728 1208262528 1244208256 309262208 1676057088 1284557824 
1075268096 1360638720 170286624 1761069696 857878528 2116946816 1486535680 
1038955712 1935642624 1198423936 1281961856 1656510720 237343600 1386846720 
750818624 1598724224 1784895616 323925056 1168217856 742588544 1830002816 
1831429248 438328736 1390217472 930486400 1857287296 1724793600 270082272 
1298356992 647997376 1323127552 1756033024 295387232 1396833920 1055789504 
1703556224 1934980864 213140304 2079336576 1591983616 1357974144 2010793600 
102521616 1194805632 676689024 1457898880
##$VisuCoreDataOffs=( 95 )
0 0 0 0 0 0 0 0 0 0 0 0 0 0 0 0 0 0 0 0 0 0 0 0 0 0 0 0 0 0 0 0 0 0 0 0 0 0 0 
0 0 0 0 0 0 0 0 0 0 0 0 0 0 0 0 0 0 0 0 0 0 0 0 0 0 0 0 0 0 0 0 0 0 0 0 0 0 0 
0 0 0 0 0 0 0 0 0 0 0 0 0 0 0 0 0
$$ @vis= VisuCoreOrientation VisuCorePosition VisuCoreDataMin VisuCoreDataMax
##$VisuCoreDataSlope=( 95 )
1.19209289550781e-07 1.19209289550781e-07 3.814697265625e-06 
3.814697265625e-06 7.45058059692383e-09 1.19209289550781e-07 
1.19209289550781e-07 7.62939453125e-06 7.62939453125e-06 7.45058059692383e-09 
1.19209289550781e-07 1.19209289550781e-07 3.814697265625e-06 
3.814697265625e-06 1.49011611938477e-08 1.19209289550781e-07 
1.19209289550781e-07 7.62939453125e-06 7.62939453125e-06 1.49011611938477e-08 
5.96046447753906e-08 5.96046447753906e-08 7.62939453125e-06 7.62939453125e-06 
7.45058059692383e-09 5.96046447753906e-08 5.96046447753906e-08 
3.814697265625e-06 3.814697265625e-06 7.45058059692383e-09 
5.96046447753906e-08 5.96046447753906e-08 7.62939453125e-06 7.62939453125e-06 
7.45058059692383e-09 5.96046447753906e-08 5.96046447753906e-08 
3.814697265625e-06 3.814697265625e-06 1.49011611938477e-08 
5.96046447753906e-08 5.96046447753906e-08 3.814697265625e-06 
3.814697265625e-06 1.49011611938477e-08 5.96046447753906e-08 
5.96046447753906e-08 3.814697265625e-06 3.814697265625e-06 
1.49011611938477e-08 5.96046447753906e-08 5.96046447753906e-08 
3.814697265625e-06 3.814697265625e-06 7.45058059692383e-09 
5.96046447753906e-08 5.96046447753906e-08 3.814697265625e-06 
3.814697265625e-06 1.49011611938477e-08 5.96046447753906e-08 
5.96046447753906e-08 3.814697265625e-06 3.814697265625e-06 
1.49011611938477e-08 5.96046447753906e-08 5.96046447753906e-08 
7.62939453125e-06 7.62939453125e-06 1.49011611938477e-08 5.96046447753906e-08 
5.96046447753906e-08 3.814697265625e-06 3.814697265625e-06 
1.49011611938477e-08 5.96046447753906e-08 5.96046447753906e-08 
3.814697265625e-06 3.814697265625e-06 2.98023223876953e-08 
5.96046447753906e-08 5.96046447753906e-08 3.814697265625e-06 
3.814697265625e-06 3.72529029846191e-09 5.96046447753906e-08 
5.96046447753906e-08 3.814697265625e-06 3.814697265625e-06 
7.45058059692383e-09 5.96046447753906e-08 5.96046447753906e-08 
3.814697265625e-06 3.814697265625e-06 7.45058059692383e-09
##$VisuCoreDataUnits=( 5, 65 )
<> <> <ms> <ms> <>
##$VisuCoreFrameType=( 1 )
REAL_IMAGE
$$ @vis= VisuCoreDataOffs VisuCoreDataSlope VisuCoreDataUnits
##$VisuFGElemComment=( 5, 65 )
<signal intensity> <std dev of signal intensity> <T1 relaxation time> <std 
dev of T1 relaxation time> <std dev of the fit>
##$VisuCoreSlicePacksDef=(1, 1)
##$VisuCoreSlicePacksSlices=( 1 )
(0, 19)
$$ @vis= VisuCoreFrameType VisuFGElemComment VisuCoreSlicePacksDef
##$VisuCoreSlicePacksSliceDist=( 1 )
0
##$VisuCoreWordType=_32BIT_SGN_INT
$$ @vis= VisuCoreSlicePacksSlices VisuCoreSlicePacksSliceDist VisuCore
##$VisuCoreByteOrder=littleEndian
##$VisuFGOrderDescDim=2
##$VisuFGOrderDesc=( 2 )
(5, <FG_ISA>, <T1 saturation recovery>, 0, 2) (19, <FG_SLICE>, <>, 2, 2)
$$ @vis= VisuCoreWordType VisuCoreByteOrder VisuPixel VisuFGOrderDescDim
##$VisuGroupDepVals=( 4 )
(<VisuCoreDataUnits>, 0) (<VisuFGElemComment>, 0) (<VisuCoreOrientation>, 0) 
(<VisuCorePosition>, 0)
##$VisuSubjectName=( 65 )
<ML_21304_9>
##$VisuSubjectId=( 65 )
<ML_21304_9>
$$ @vis= VisuFGOrderDesc VisuGroupDepVals VisuFrameOrderDesc VisuSubjectName
##$VisuSubjectUid=( 65 )
<2.16.756.5.5.100.8323328.66482.1686053597.3>
##$VisuSubjectInstanceCreationDate=(1686053597, 593, 120)
##$VisuSubjectBirthDate=( 9 )
<20230606>
$$ @vis= VisuSubjectId VisuSubjectUid VisuSubjectInstanceCreationDate
##$VisuSubjectSex=UNKNOWN
##$VisuSubjectType=Quadruped
##$VisuStudyUid=( 65 )
<2.16.756.5.5.100.8323328.66482.1686053597.4>
$$ @vis= VisuSubjectBirthDate VisuSubjectSex VisuSubjectType VisuSubject
##$VisuStudyDate=<2023-06-06T14:13:17,593+0200>
##$VisuStudyId=( 65 )
<ML_21304_9>
##$VisuStudyNumber=1
##$VisuSubjectWeight=0.001
$$ @vis= VisuStudyUid VisuStudyDate VisuStudyId VisuStudyNumber
##$VisuStudyReferringPhysician=( 65 )
<nmr>
##$VisuStudyDescription=( 2048 )
<\
>
$$ @vis= VisuSubjectWeight VisuStudyReferringPhysician VisuStudyDescription
##$VisuExperimentNumber=11
##$VisuProcessingNumber=2
##$VisuSeriesDate=<2023-06-06T15:51:03,976+0200>
##$VisuSubjectPosition=Head_Supine
$$ @vis= VisuStudy VisuExperimentNumber VisuProcessingNumber VisuSeriesDate
##$VisuSeriesTypeId=( 65 )
<DERIVED_ISA>
##$VisuSeriesComment=( 65 )
<Parametric image for T1 saturation recovery produced from /opt/P>
##$VisuSeriesReferenceUid=( 65 )
<2.16.756.5.5.100.8323328.128692.1686059457.1>
$$ @vis= VisuSubjectPosition VisuSeriesTypeId VisuSeriesComment
##$VisuSeriesReferenceTypeId=( 65 )
<ACQ_BRUKER_PVM>
$$ @vis= VisuSeriesReferenceUid VisuSeriesReferenceTypeId VisuSeries
##$VisuManufacturer=( 65 )
<Bruker BioSpin MRI GmbH>
$$ @vis= VisuCoilReceive VisuCoilTransmit VisuContrastAgent VisuManufacturer
$$ @vis= VisuEquipment VisuAcquisition VisuMpi VisuDepricated Visu
##END=
$$ File finished by PARX at 2023-06-06 15:51:03.976 +0200
