##TITLE=Parameter List, ParaVision 6.0.1
##JCAMPDX=4.24
##DATATYPE=Parameter Values
##ORIGIN=Bruker BioSpin MRI GmbH
##OWNER=nmr
$$ 2023-06-06 15:14:32.104 +0200  nmr@CZC7039C06
$$ /opt/PV6.0.1/data/nmr/20230606_141317_ML_21304_9_1_1/9/pdata/2/visu_pars
$$ process /opt/PV6.0.1/prog/mod/xtip
##$VisuVersion=3
##$VisuUid=( 65 )
<2.16.756.5.5.100.8323328.84866.1686057272.474>
##$VisuCreator=( 65 )
<ParaVision;xtip>
##$VisuCreatorVersion=( 65 )
<6.0.1;6.0.1>
##$VisuCreationDate=<2023-06-06T15:14:32,103+0200>
$$ @vis= VisuVersion VisuUid VisuCreator VisuCreatorVersion VisuCreationDate
##$VisuCoreFrameCount=95
##$VisuCoreDim=2
##$VisuCoreSize=( 2 )
128 128
##$VisuCoreDimDesc=( 2 )
spatial spatial
$$ @vis= VisuInstance VisuCoreFrameCount VisuCoreDim VisuCoreSize
##$VisuCoreExtent=( 2 )
19.2 19.2
##$VisuCoreFrameThickness=( 1 )
1
##$VisuCoreUnits=( 2, 65 )
<mm> <mm>
##$VisuCoreOrientation=( 19, 9 )
1 0 0 0 1 0 0 0 1 1 0 0 0 1 0 0 0 1 1 0 0 0 1 0 0 0 1 1 0 0 0 1 0 0 0 1 1 0 0 
0 1 0 0 0 1 1 0 0 0 1 0 0 0 1 1 0 0 0 1 0 0 0 1 1 0 0 0 1 0 0 0 1 1 0 0 0 1 0 
0 0 1 1 0 0 0 1 0 0 0 1 1 0 0 0 1 0 0 0 1 1 0 0 0 1 0 0 0 1 1 0 0 0 1 0 0 0 1 
1 0 0 0 1 0 0 0 1 1 0 0 0 1 0 0 0 1 1 0 0 0 1 0 0 0 1 1 0 0 0 1 0 0 0 1 1 0 0 
0 1 0 0 0 1 1 0 0 0 1 0 0 0 1
$$ @vis= VisuCoreDimDesc VisuCoreExtent VisuCoreFrameThickness VisuCoreUnits
##$VisuCorePosition=( 19, 3 )
-10.031034 -11.91214 -9.646552 -10.031034 -11.91214 -8.646552 -10.031034 
-11.91214 -7.646552 -10.031034 -11.91214 -6.646552 -10.031034 -11.91214 
-5.646552 -10.031034 -11.91214 -4.646552 -10.031034 -11.91214 -3.646552 
-10.031034 -11.91214 -2.646552 -10.031034 -11.91214 -1.646552 -10.031034 
-11.91214 -0.646552 -10.031034 -11.91214 0.353448 -10.031034 -11.91214 
1.353448 -10.031034 -11.91214 2.353448 -10.031034 -11.91214 3.353448 
-10.031034 -11.91214 4.353448 -10.031034 -11.91214 5.353448 -10.031034 
-11.91214 6.353448 -10.031034 -11.91214 7.353448 -10.031034 -11.91214 8.353448
##$VisuCoreDataMin=( 95 )
0 0 0 0 2641544 0 0 0 0 3573941 0 0 0 0 2352081 0 0 0 0 3824470 0 0 0 0 
2057960 0 0 0 0 2165587 0 0 0 0 3185380 0 0 0 0 10525182 0 0 0 0 7722737 0 0 
0 0 2224663 0 0 0 0 4659261 0 0 0 0 12518488 0 0 0 0 2786425 0 0 0 0 4875557 
0 0 0 0 12576881 0 0 0 0 14380528 0 0 0 0 18007424 0 0 0 0 2844066 0 0 0 0 
2075644
##$VisuCoreDataMax=( 95 )
1248632832 858112768 1252032256 1053507584 1833062912 1246357376 799345152 
1077027584 704086144 2126108160 1244494080 541115840 1320202496 1031996480 
1506784384 1219162368 857193408 1192746880 898080320 1809325440 1940567552 
1201141120 1177974016 953948224 1325070848 2084801664 1471759104 1500140288 
632061312 1270489216 1400221824 332727584 1199658752 634302144 1606153600 
1229177856 452240064 1831336320 1496344320 1414559744 1269387392 727471808 
2023464320 1953087360 2100178176 1493257088 1053839296 1233753984 831416320 
1750403584 1208896896 995441664 1800768640 1471257856 2145399424 1375001600 
1036232704 1226371072 906599360 2074681984 1591236992 561910720 1679818368 
1062642624 1115396096 1701162624 363812576 1604444032 1295549824 1652897664 
1722931584 616881728 1269212032 982300352 1434451456 1638382592 558432768 
1722598784 1456833920 1781227904 1662330880 448720160 1713097344 1276988672 
1796118272 1880400512 835484864 2050982784 1948455552 1442574976 1954257408 
955725888 1756796544 1074038528 1738884736
##$VisuCoreDataOffs=( 95 )
0 0 0 0 0 0 0 0 0 0 0 0 0 0 0 0 0 0 0 0 0 0 0 0 0 0 0 0 0 0 0 0 0 0 0 0 0 0 0 
0 0 0 0 0 0 0 0 0 0 0 0 0 0 0 0 0 0 0 0 0 0 0 0 0 0 0 0 0 0 0 0 0 0 0 0 0 0 0 
0 0 0 0 0 0 0 0 0 0 0 0 0 0 0 0 0
$$ @vis= VisuCoreOrientation VisuCorePosition VisuCoreDataMin VisuCoreDataMax
##$VisuCoreDataSlope=( 95 )
1.19209289550781e-07 1.19209289550781e-07 1.52587890625e-05 1.52587890625e-05 
2.98023223876953e-08 1.19209289550781e-07 1.19209289550781e-07 
3.0517578125e-05 3.0517578125e-05 7.45058059692383e-09 1.19209289550781e-07 
1.19209289550781e-07 1.52587890625e-05 1.52587890625e-05 2.98023223876953e-08 
1.19209289550781e-07 1.19209289550781e-07 3.0517578125e-05 3.0517578125e-05 
1.49011611938477e-08 5.96046447753906e-08 5.96046447753906e-08 
1.52587890625e-05 1.52587890625e-05 2.98023223876953e-08 5.96046447753906e-08 
5.96046447753906e-08 1.52587890625e-05 1.52587890625e-05 2.98023223876953e-08 
5.96046447753906e-08 5.96046447753906e-08 1.52587890625e-05 1.52587890625e-05 
1.49011611938477e-08 5.96046447753906e-08 5.96046447753906e-08 
7.62939453125e-06 7.62939453125e-06 3.72529029846191e-09 5.96046447753906e-08 
5.96046447753906e-08 7.62939453125e-06 7.62939453125e-06 7.45058059692383e-09 
5.96046447753906e-08 5.96046447753906e-08 1.52587890625e-05 1.52587890625e-05 
1.49011611938477e-08 5.96046447753906e-08 5.96046447753906e-08 
7.62939453125e-06 7.62939453125e-06 1.49011611938477e-08 5.96046447753906e-08 
5.96046447753906e-08 1.52587890625e-05 1.52587890625e-05 3.72529029846191e-09 
5.96046447753906e-08 5.96046447753906e-08 7.62939453125e-06 7.62939453125e-06 
1.49011611938477e-08 5.96046447753906e-08 5.96046447753906e-08 
7.62939453125e-06 7.62939453125e-06 1.49011611938477e-08 5.96046447753906e-08 
5.96046447753906e-08 1.52587890625e-05 1.52587890625e-05 7.45058059692383e-09 
5.96046447753906e-08 5.96046447753906e-08 7.62939453125e-06 7.62939453125e-06 
3.72529029846191e-09 5.96046447753906e-08 5.96046447753906e-08 
7.62939453125e-06 7.62939453125e-06 3.72529029846191e-09 5.96046447753906e-08 
5.96046447753906e-08 7.62939453125e-06 7.62939453125e-06 2.98023223876953e-08 
5.96046447753906e-08 5.96046447753906e-08 1.52587890625e-05 1.52587890625e-05 
2.98023223876953e-08
##$VisuCoreDataUnits=( 5, 65 )
<> <> <ms> <ms> <>
##$VisuCoreFrameType=( 1 )
REAL_IMAGE
$$ @vis= VisuCoreDataOffs VisuCoreDataSlope VisuCoreDataUnits
##$VisuFGElemComment=( 5, 65 )
<signal intensity> <std dev of signal intensity> <T1 relaxation time> <std 
dev of T1 relaxation time> <std dev of the fit>
##$VisuCoreSlicePacksDef=(1, 1)
##$VisuCoreSlicePacksSlices=( 1 )
(0, 19)
$$ @vis= VisuCoreFrameType VisuFGElemComment VisuCoreSlicePacksDef
##$VisuCoreSlicePacksSliceDist=( 1 )
0
##$VisuCoreWordType=_32BIT_SGN_INT
$$ @vis= VisuCoreSlicePacksSlices VisuCoreSlicePacksSliceDist VisuCore
##$VisuCoreByteOrder=littleEndian
##$VisuFGOrderDescDim=2
##$VisuFGOrderDesc=( 2 )
(5, <FG_ISA>, <T1 saturation recovery>, 0, 2) (19, <FG_SLICE>, <>, 2, 2)
$$ @vis= VisuCoreWordType VisuCoreByteOrder VisuPixel VisuFGOrderDescDim
##$VisuGroupDepVals=( 4 )
(<VisuCoreDataUnits>, 0) (<VisuFGElemComment>, 0) (<VisuCoreOrientation>, 0) 
(<VisuCorePosition>, 0)
##$VisuSubjectName=( 65 )
<ML_21304_9>
##$VisuSubjectId=( 65 )
<ML_21304_9>
$$ @vis= VisuFGOrderDesc VisuGroupDepVals VisuFrameOrderDesc VisuSubjectName
##$VisuSubjectUid=( 65 )
<2.16.756.5.5.100.8323328.66482.1686053597.3>
##$VisuSubjectInstanceCreationDate=(1686053597, 593, 120)
##$VisuSubjectBirthDate=( 9 )
<20230606>
$$ @vis= VisuSubjectId VisuSubjectUid VisuSubjectInstanceCreationDate
##$VisuSubjectSex=UNKNOWN
##$VisuSubjectType=Quadruped
##$VisuStudyUid=( 65 )
<2.16.756.5.5.100.8323328.66482.1686053597.4>
$$ @vis= VisuSubjectBirthDate VisuSubjectSex VisuSubjectType VisuSubject
##$VisuStudyDate=<2023-06-06T14:13:17,593+0200>
##$VisuStudyId=( 65 )
<ML_21304_9>
##$VisuStudyNumber=1
##$VisuSubjectWeight=0.001
$$ @vis= VisuStudyUid VisuStudyDate VisuStudyId VisuStudyNumber
##$VisuStudyReferringPhysician=( 65 )
<nmr>
##$VisuStudyDescription=( 2048 )
<\
>
$$ @vis= VisuSubjectWeight VisuStudyReferringPhysician VisuStudyDescription
##$VisuExperimentNumber=9
##$VisuProcessingNumber=2
##$VisuSeriesDate=<2023-06-06T15:14:32,103+0200>
##$VisuSubjectPosition=Head_Supine
$$ @vis= VisuStudy VisuExperimentNumber VisuProcessingNumber VisuSeriesDate
##$VisuSeriesTypeId=( 65 )
<DERIVED_ISA>
##$VisuSeriesComment=( 65 )
<Parametric image for T1 saturation recovery produced from /opt/P>
##$VisuSeriesReferenceUid=( 65 )
<2.16.756.5.5.100.8323328.113537.1686057265.1>
$$ @vis= VisuSubjectPosition VisuSeriesTypeId VisuSeriesComment
##$VisuSeriesReferenceTypeId=( 65 )
<ACQ_BRUKER_PVM>
$$ @vis= VisuSeriesReferenceUid VisuSeriesReferenceTypeId VisuSeries
##$VisuManufacturer=( 65 )
<Bruker BioSpin MRI GmbH>
$$ @vis= VisuCoilReceive VisuCoilTransmit VisuContrastAgent VisuManufacturer
$$ @vis= VisuEquipment VisuAcquisition VisuMpi VisuDepricated Visu
##END=
$$ File finished by PARX at 2023-06-06 15:14:32.104 +0200
