##TITLE=Parameter List, ParaVision 6.0.1
##JCAMPDX=4.24
##DATATYPE=Parameter Values
##ORIGIN=Bruker BioSpin MRI GmbH
##OWNER=nmr
$$ 2023-06-06 15:50:57.094 +0200  nmr@CZC7039C06
$$ /opt/PV6.0.1/data/nmr/20230606_141317_ML_21304_9_1_1/11/pdata/1/reco
$$ process /opt/PV6.0.1/prog/bin/parxserver
##$RECO_mode=USER_MODE
##$RecoAutoDerive=No
##$RecoDim=2
##$RecoObjectsPerRepetition=19
##$RecoObjectsPerSetupStep=38
$$ @vis= RECO_mode RecoAutoDerive RecoDim RecoObjectsPerRepetition
##$RecoNumRepetitions=6
##$RECO_inp_order=NO_REORDERING
##$RECO_inp_size=( 2 )
128 128
$$ @vis= RecoObjectsPerSetupStep RecoNumRepetitions RECO_inp_order
##$RECO_ft_size=( 2 )
128 128
##$RECO_fov=( 2 )
1.92 1.92
##$RECO_size=( 2 )
128 128
##$RECO_offset=( 2, 19 )
0 0 0 0 0 0 0 0 0 0 0 0 0 0 0 0 0 0 0 0 0 0 0 0 0 0 0 0 0 0 0 0 0 0 0 0 0 0
##$RECO_regrid_mode=NO_REGRID
##$RECO_regrid_offset=0
##$RECO_ramp_gap=0
##$RECO_ramp_time=0
##$RECO_ne_mode=NO_NAV_DATA
##$RECO_ne_dist=NeNoInterleave
##$RECO_ne_dens=NeCorrPerScan
##$RECO_ne_type=NAV_PHASE
##$RECO_bc_mode=( 2 )
NO_BC NO_BC
##$RECO_bc_start=( 2 )
96 96
##$RECO_bc_len=( 2 )
32 32
##$RECO_dc_offset=( 2 )
0 0
##$RECO_dc_divisor=1
##$RECO_bc_coroff=( 2 )
0 0
##$RECO_qopts=( 2 )
COMPLEX_CONJUGATE NO_QOPTS
##$RECO_wdw_mode=( 2 )
NO_WDW NO_WDW
$$ @vis= RECO_inp_size RECO_ft_size RECO_fov RECO_size RECO_ne_mode
##$RECO_lb=( 2 )
-0.5 -0.5
##$RECO_sw=( 2 )
89285.7142857143 1
##$RECO_gb=( 2 )
0.5 0.5
##$RECO_sbs=( 2 )
1 1
##$RECO_tm1=( 2 )
0.25 0.25
##$RECO_tm2=( 2 )
0.75 0.75
##$RECO_ft_mode=( 2 )
COMPLEX_FT COMPLEX_FT
##$RECO_pc_mode=( 2 )
FIRST_ORDER_PC FIRST_ORDER_PC
##$RECO_pc_lin=( 2 )
(0, 180) (0, 180)
##$RECO_rotate=( 2, 19 )
0.5 0.5 0.5 0.5 0.5 0.5 0.5 0.5 0.5 0.5 0.5 0.5 0.5 0.5 0.5 0.5 0.5 0.5 0.5 
0.620423958333333 0.620423958333333 0.620423958333333 0.620423958333333 
0.620423958333333 0.620423958333333 0.620423958333333 0.620423958333333 
0.620423958333333 0.620423958333333 0.620423958333333 0.620423958333333 
0.620423958333333 0.620423958333333 0.620423958333333 0.620423958333333 
0.620423958333333 0.620423958333333 0.620423958333333
##$RECO_ppc_mode=NO_PPC
##$RECO_ref_image=0
##$RECO_nr_supports=0.4
##$RECO_sig_threshold=0.15
##$RECO_ppc_degree=1
##$RECO_ppc_coeffs=( 19, 2, 2 )
0 0 0 0 0 0 0 0 0 0 0 0 0 0 0 0 0 0 0 0 0 0 0 0 0 0 0 0 0 0 0 0 0 0 0 0 0 0 0 
0 0 0 0 0 0 0 0 0 0 0 0 0 0 0 0 0 0 0 0 0 0 0 0 0 0 0 0 0 0 0 0 0 0 0 0 0
##$RECO_dc_elim=Yes
##$RECO_transposition=( 19 )
0 0 0 0 0 0 0 0 0 0 0 0 0 0 0 0 0 0 0
$$ @vis= RECO_wdw_mode RECO_ft_mode RECO_pc_mode RECO_pc_lin RECO_rotate
##$RECO_image_type=MAGNITUDE_IMAGE
##$RECO_image_threshold=0.15
##$RECO_ir_scale=10
##$RECO_wordtype=_16BIT_SGN_INT
##$RECO_map_mode=ABSOLUTE_MAPPING
##$RECO_map_range=( 2 )
-2147483647 2147483647
##$RECO_map_percentile=( 2 )
1 99.99
##$RECO_map_error=0.0025
##$RECO_globex=( 114 )
0 0 0 0 0 0 0 0 0 0 0 0 0 0 0 0 0 0 0 0 0 0 0 0 0 0 0 0 0 0 0 0 0 0 0 0 0 0 0 
0 0 0 0 0 0 0 0 0 0 0 0 0 0 0 0 0 0 0 0 0 0 0 0 0 0 0 0 0 0 0 0 0 0 0 0 0 0 0 
0 0 0 0 0 0 0 0 0 0 0 0 0 0 0 0 0 0 0 0 0 0 0 0 0 0 0 0 0 0 0 0 0 0 0 0
##$RECO_minima=( 114 )
142.096619207168 124.082342832201 159.956056411098 92.0936573675203 
106.258382526341 112.423525813183 68.431603902865 126.983523829563 
141.278124403274 100.570039120523 131.716304609354 117.787774699479 
137.285552936856 152.063378920866 117.363062205774 102.462929637949 
101.141140734067 99.40502916722 116.590212600366 168.31449954533 
121.487770543464 95.4969610006772 116.887064723541 130.091241343431 
123.195076720439 124.250954381955 97.9829150954466 127.9747116256 
138.061133889977 117.57697249935 114.745942067933 132.406563973387 
113.020737342115 141.727979918426 114.284973106755 77.1435119321527 
105.123172214594 110.756169977089 155.183801407026 129.321242220003 
121.407658690611 112.10786647146 168.767933697834 123.783104359443 
127.829094493143 110.922653395374 121.493821660351 140.459152605284 
99.7409263111292 107.17812329269 112.000006813943 129.475849695492 
125.87252106646 145.166686382051 128.108543827132 127.348436094705 
65.7380181860301 155.132554650515 180.497009972931 148.340609533108 
128.617369007673 136.812071773321 128.402082174778 119.511565172291 
124.408354518143 163.20763361784 164.740855534192 147.10358225155 
148.564543818224 136.448314011778 153.389384531038 139.640537997575 
97.7736746212344 119.612454620608 125.181844838011 118.642047074322 
170.032779874098 163.683077139327 119.570596428662 100.91937598486 
140.265731698909 151.453173689166 118.363461926508 161.952886828998 
145.834187696203 144.619693094859 153.866140167754 166.026896884179 
117.270993495722 145.368491968193 148.907673439261 111.632936480943 
134.319948439878 143.261964069945 106.426058827094 103.710081174448 
168.243254230062 131.867839798969 142.819614890374 161.762177104417 
143.499025093257 121.277767881913 152.971323431277 87.1699509505348 
168.302981974896 180.452166805647 155.455923608914 164.263829872153 
129.500565751112 124.493654047682 99.6149918771461 134.722084980115 
108.862062415397 162.507509524625
##$RECO_maxima=( 114 )
21935.5614087365 22570.9470645056 20688.0790188757 18700.8500244532 
16160.7574008521 14499.1654833102 11545.1764049393 9702.14076159183 
10269.4276088065 9464.60953091667 10003.3564686544 12905.5176472564 
10955.6335158432 12140.4621227716 12659.9144539379 12948.4255372933 
13203.8327763248 13740.4006545393 15155.4551688658 24763.399737629 
24318.1735082321 23008.1353643473 21455.3493430318 17969.8806706782 
16494.7345674887 12793.4811261655 11254.1476084978 11051.8990697713 
11360.0516919152 10916.4809279277 12944.0952434445 12910.1080967904 
14766.6581005316 14645.7613697845 14033.4072594545 14304.933808916 
16242.8431481558 17602.4259907493 26187.5852160856 25685.4319644148 
24250.5231172664 21350.1292470736 18605.0709707739 16766.8000795109 
13463.2571575636 12123.8997293218 11429.2863298934 11993.8530251864 
12487.4087263455 14056.3379027095 14542.4547985235 16149.2360600315 
16121.191563074 15264.1506054508 15450.9871803297 17954.9348274801 
19079.6389667555 29111.6983178238 27731.7401379428 26882.4302521281 
23529.6868783901 20561.3716217453 18458.1627940933 15112.6656895802 
13726.5710163043 13009.9824933223 13034.8999459983 13910.2690522436 
15007.737278797 16703.0708245482 18186.9170427398 18693.9542162666 
17406.8615374357 18096.2740896122 19523.0749100823 21213.2497091833 
31330.3537346307 31071.2047234327 30508.9358537634 26492.5874886729 
23092.401063472 19893.8168052786 16843.5797008954 15116.0539915076 
14836.850551763 14495.6582709273 15766.4312766565 17227.3450422545 
19059.8079643095 20659.7593271688 20778.8918521814 20301.7158356627 
20011.9870719169 22536.2303269442 23345.3975858088 32766.5 32511.4178178681 
31957.9758727613 27982.0277931111 24382.3213499052 21260.5493310899 
17789.9504496817 15789.5986511456 15687.4395817065 15042.9603303391 
16149.998532128 17618.5519793683 19620.4672363767 21196.9695038408 
21998.991401043 20318.2776312051 21244.7458480649 23239.4816680544 
24195.2400717263
##$RECO_map_min=( 114 )
-166.77273519315 -166.77273519315 -166.77273519315 -166.77273519315 
-166.77273519315 -166.77273519315 -166.77273519315 -166.77273519315 
-166.77273519315 -166.77273519315 -166.77273519315 -166.77273519315 
-166.77273519315 -166.77273519315 -166.77273519315 -166.77273519315 
-166.77273519315 -166.77273519315 -166.77273519315 -166.77273519315 
-166.77273519315 -166.77273519315 -166.77273519315 -166.77273519315 
-166.77273519315 -166.77273519315 -166.77273519315 -166.77273519315 
-166.77273519315 -166.77273519315 -166.77273519315 -166.77273519315 
-166.77273519315 -166.77273519315 -166.77273519315 -166.77273519315 
-166.77273519315 -166.77273519315 -166.77273519315 -166.77273519315 
-166.77273519315 -166.77273519315 -166.77273519315 -166.77273519315 
-166.77273519315 -166.77273519315 -166.77273519315 -166.77273519315 
-166.77273519315 -166.77273519315 -166.77273519315 -166.77273519315 
-166.77273519315 -166.77273519315 -166.77273519315 -166.77273519315 
-166.77273519315 -166.77273519315 -166.77273519315 -166.77273519315 
-166.77273519315 -166.77273519315 -166.77273519315 -166.77273519315 
-166.77273519315 -166.77273519315 -166.77273519315 -166.77273519315 
-166.77273519315 -166.77273519315 -166.77273519315 -166.77273519315 
-166.77273519315 -166.77273519315 -166.77273519315 -166.77273519315 
-166.77273519315 -166.77273519315 -166.77273519315 -166.77273519315 
-166.77273519315 -166.77273519315 -166.77273519315 -166.77273519315 
-166.77273519315 -166.77273519315 -166.77273519315 -166.77273519315 
-166.77273519315 -166.77273519315 -166.77273519315 -166.77273519315 
-166.77273519315 -166.77273519315 -166.77273519315 -166.77273519315 
-166.77273519315 -166.77273519315 -166.77273519315 -166.77273519315 
-166.77273519315 -166.77273519315 -166.77273519315 -166.77273519315 
-166.77273519315 -166.77273519315 -166.77273519315 -166.77273519315 
-166.77273519315 -166.77273519315 -166.77273519315 -166.77273519315 
-166.77273519315 -166.77273519315
##$RECO_map_max=( 114 )
166.77273519315 166.77273519315 166.77273519315 166.77273519315 
166.77273519315 166.77273519315 166.77273519315 166.77273519315 
166.77273519315 166.77273519315 166.77273519315 166.77273519315 
166.77273519315 166.77273519315 166.77273519315 166.77273519315 
166.77273519315 166.77273519315 166.77273519315 166.77273519315 
166.77273519315 166.77273519315 166.77273519315 166.77273519315 
166.77273519315 166.77273519315 166.77273519315 166.77273519315 
166.77273519315 166.77273519315 166.77273519315 166.77273519315 
166.77273519315 166.77273519315 166.77273519315 166.77273519315 
166.77273519315 166.77273519315 166.77273519315 166.77273519315 
166.77273519315 166.77273519315 166.77273519315 166.77273519315 
166.77273519315 166.77273519315 166.77273519315 166.77273519315 
166.77273519315 166.77273519315 166.77273519315 166.77273519315 
166.77273519315 166.77273519315 166.77273519315 166.77273519315 
166.77273519315 166.77273519315 166.77273519315 166.77273519315 
166.77273519315 166.77273519315 166.77273519315 166.77273519315 
166.77273519315 166.77273519315 166.77273519315 166.77273519315 
166.77273519315 166.77273519315 166.77273519315 166.77273519315 
166.77273519315 166.77273519315 166.77273519315 166.77273519315 
166.77273519315 166.77273519315 166.77273519315 166.77273519315 
166.77273519315 166.77273519315 166.77273519315 166.77273519315 
166.77273519315 166.77273519315 166.77273519315 166.77273519315 
166.77273519315 166.77273519315 166.77273519315 166.77273519315 
166.77273519315 166.77273519315 166.77273519315 166.77273519315 
166.77273519315 166.77273519315 166.77273519315 166.77273519315 
166.77273519315 166.77273519315 166.77273519315 166.77273519315 
166.77273519315 166.77273519315 166.77273519315 166.77273519315 
166.77273519315 166.77273519315 166.77273519315 166.77273519315 
166.77273519315 166.77273519315
##$RECO_map_offset=( 114 )
0 0 0 0 0 0 0 0 0 0 0 0 0 0 0 0 0 0 0 0 0 0 0 0 0 0 0 0 0 0 0 0 0 0 0 0 0 0 0 
0 0 0 0 0 0 0 0 0 0 0 0 0 0 0 0 0 0 0 0 0 0 0 0 0 0 0 0 0 0 0 0 0 0 0 0 0 0 0 
0 0 0 0 0 0 0 0 0 0 0 0 0 0 0 0 0 0 0 0 0 0 0 0 0 0 0 0 0 0 0 0 0 0 0 0
##$RECO_map_slope=( 114 )
196.473961778291 196.473961778291 196.473961778291 196.473961778291 
196.473961778291 196.473961778291 196.473961778291 196.473961778291 
196.473961778291 196.473961778291 196.473961778291 196.473961778291 
196.473961778291 196.473961778291 196.473961778291 196.473961778291 
196.473961778291 196.473961778291 196.473961778291 196.473961778291 
196.473961778291 196.473961778291 196.473961778291 196.473961778291 
196.473961778291 196.473961778291 196.473961778291 196.473961778291 
196.473961778291 196.473961778291 196.473961778291 196.473961778291 
196.473961778291 196.473961778291 196.473961778291 196.473961778291 
196.473961778291 196.473961778291 196.473961778291 196.473961778291 
196.473961778291 196.473961778291 196.473961778291 196.473961778291 
196.473961778291 196.473961778291 196.473961778291 196.473961778291 
196.473961778291 196.473961778291 196.473961778291 196.473961778291 
196.473961778291 196.473961778291 196.473961778291 196.473961778291 
196.473961778291 196.473961778291 196.473961778291 196.473961778291 
196.473961778291 196.473961778291 196.473961778291 196.473961778291 
196.473961778291 196.473961778291 196.473961778291 196.473961778291 
196.473961778291 196.473961778291 196.473961778291 196.473961778291 
196.473961778291 196.473961778291 196.473961778291 196.473961778291 
196.473961778291 196.473961778291 196.473961778291 196.473961778291 
196.473961778291 196.473961778291 196.473961778291 196.473961778291 
196.473961778291 196.473961778291 196.473961778291 196.473961778291 
196.473961778291 196.473961778291 196.473961778291 196.473961778291 
196.473961778291 196.473961778291 196.473961778291 196.473961778291 
196.473961778291 196.473961778291 196.473961778291 196.473961778291 
196.473961778291 196.473961778291 196.473961778291 196.473961778291 
196.473961778291 196.473961778291 196.473961778291 196.473961778291 
196.473961778291 196.473961778291 196.473961778291 196.473961778291 
196.473961778291 196.473961778291
##$RECO_byte_order=littleEndian
$$ @vis= RECO_transposition RECO_image_type RECO_wordtype RECO_map_mode
##$RECO_time=<2023-06-06T15:50:57,091+0200>
##$RECO_abs_time=(1686059457, 91, 120)
##$RECO_base_image_uid=( 65 )
<2.16.756.5.5.100.8323328.128692.1686059457.1>
##$RecoUserUpdate=Yes
##$RecoReverseSegment=0
##$RecoB0DemodOff=0
##$RecoB0DemodDelay=0
##$RecoFTOrder=( 2 )
0 1
##$RecoHalfFT=( 2 )
No No
$$ @vis= RECO_byte_order RecoUserUpdate RecoB0DemodOff RecoWindow RecoFTOrder
##$RecoHalfFTPos=( 2 )
64 64
##$RecoCorrPhase=RecoCorrPhaseOff
##$RecoCorrPhaseRef=-1
##$RECO_map_user_slope=1
##$RECO_map_user_offset=0
##$RecoNumInputChan=4
$$ @vis= RecoHalfFT RecoHalfFTPos RecoCorrPhase RecoCorrPhaseRef RecoMap
##$RecoScaleChan=( 4 )
0.879 1 0.712 0.737
##$RecoPhaseChan=( 4 )
0 0 0 0
##$RecoCombineMode=SumOfSquares
##$RecoSortDim=2
$$ @vis= RecoNumInputChan RecoScaleChan RecoPhaseChan RecoCombineMode
##$RecoSortSize=( 2 )
128 19
##$RecoSortRange=( 2 )
128 19
##$RecoSortSegment=( 2 )
2 0
##$RecoSortMaps=( 147 )
32 96 33 97 34 98 35 99 36 100 37 101 38 102 39 103 40 104 41 105 42 106 43 
107 44 108 45 109 46 110 47 111 48 112 49 113 50 114 51 115 52 116 53 117 54 
118 55 119 56 120 57 121 58 122 59 123 60 124 61 125 62 126 63 127 64 0 65 1 
66 2 67 3 68 4 69 5 70 6 71 7 72 8 73 9 74 10 75 11 76 12 77 13 78 14 79 15 
80 16 81 17 82 18 83 19 84 20 85 21 86 22 87 23 88 24 89 25 90 26 91 27 92 28 
93 29 94 30 95 31 0 2 4 6 8 10 12 14 16 18 1 3 5 7 9 11 13 15 17
$$ @vis= RecoSortDim RecoSortSize RecoSortRange RecoSortSegment RecoSortMaps
##$RecoGrappaAccelFactor=1
##$RecoGrappaKernelRead=0
##$RecoGrappaKernelPhase=0
##$RecoGrappaNumRefRead=0
##$RecoGrappaNumRefPhase=0
##$RecoGrappaIncludeRefLines=Yes
##$RecoGrappaReadCenter=0
##$RecoGrappaPhaseCenter=0
##$RecoGrappaTruncThresh=-1
##$RecoRegridN=Off
$$ @vis= RecoSortGroup RecoGrappaAccelFactor RecoGrappaGroup RecoRegridN
##$RecoStageNrPasses=4
##$RecoStagePasses=( 4 )
(<FIRSTPASS>, 0) (<FTPASS1>, 1) (<PREPPASS>, 2) (<MAPPASS>, 3)
##$RecoStageNrNodes=65
##$RecoStageNodes=( 65 )
(<merge>, 0, <RecoQueueSource 
Source0{queueId=0;nr=1;procDim=1;dim=2;sizes={256,14592}
;baseField=REAL;verbose=false;initOnce=true}>) (<merge>, 0, <RecoQueueSource 
Source1{queueId=1;nr=1;procDim=1;dim=2;sizes={256,14592}
;baseField=REAL;verbose=false;initOnce=true}>) (<merge>, 0, <RecoQueueSource 
Source2{queueId=2;nr=1;procDim=1;dim=2;sizes={256,14592}
;baseField=REAL;verbose=false;initOnce=true}>) (<merge>, 0, <RecoQueueSource 
Source3{queueId=3;nr=1;procDim=1;dim=2;sizes={256,14592}
;baseField=REAL;verbose=false;initOnce=true}>) (<merge>, 0, 
<RecoCombineFilter Combine{verbose=false;dim=1}>) (<merge>, 0, <RecoQueueSink 
Sink{verbose=false;initOnce=true;}>) (<input>, 0, <RecoFileSource 
Q{numChan=4;byteOrder=\<BYTORDA\>;contData=false;initFromACQP=true;}>) 
(<input>, 0, <RecoQueueSink S{initQueue=true;initOnce=true;}>) (<compute>, 0, 
<RecoQueueSource Q0{initFromACQP=true;initOnce=true;}>) (<compute>, 0, 
<RecoBufferSink S0{procDim=1;frameDim=2;bufferId="FIRSTPASS0";memId="out0"}>) 
(<compute>, 0, <RecoBufferSink 
S1{procDim=1;frameDim=2;bufferId="FIRSTPASS1";memId="out1"}>) (<compute>, 0, 
<RecoBufferSink S2{procDim=1;frameDim=2;bufferId="FIRSTPASS2";memId="out2"}>) 
(<compute>, 0, <RecoBufferSink 
S3{procDim=1;frameDim=2;bufferId="FIRSTPASS3";memId="out3"}>) (<compute>, 0, 
<RecoSplitFilter SP0{dim=1; keepBlocksize=1}>) (<compute>, 0, <RecoCastFilter 
CAST0{dataRep=FLOAT; wordSize=8}>) (<compute>, 0, <RecoFTShiftFilter 
FTS0{frameDim=2; winDirection=0; shift=\<RECO_rotate[0]\>; exponent=1}>) 
(<compute>, 0, <RecoFTFilter FT0{direction=0; exponent=1}>) (<compute>, 0, 
<RecoSortFilter REORD0{sortDim=\<RecoSortDim\>; sortSize=\<RecoSortSize\>; 
sortRange=\<RecoSortRange\>; sortSegment=\<RecoSortSegment\>; 
sortMaps=\<RecoSortMaps\>; frameDim = 2}>) (<compute>, 0, <RecoCastFilter 
CAST1{dataRep=FLOAT; wordSize=8}>) (<compute>, 0, <RecoFTShiftFilter 
FTS1{frameDim=2; winDirection=0; shift=\<RECO_rotate[0]\>; exponent=1}>) 
(<compute>, 0, <RecoFTFilter FT1{direction=0; exponent=1}>) (<compute>, 0, 
<RecoSortFilter REORD1{sortDim=\<RecoSortDim\>; sortSize=\<RecoSortSize\>; 
sortRange=\<RecoSortRange\>; sortSegment=\<RecoSortSegment\>; 
sortMaps=\<RecoSortMaps\>; frameDim = 2}>) (<compute>, 0, <RecoCastFilter 
CAST2{dataRep=FLOAT; wordSize=8}>) (<compute>, 0, <RecoFTShiftFilter 
FTS2{frameDim=2; winDirection=0; shift=\<RECO_rotate[0]\>; exponent=1}>) 
(<compute>, 0, <RecoFTFilter FT2{direction=0; exponent=1}>) (<compute>, 0, 
<RecoSortFilter REORD2{sortDim=\<RecoSortDim\>; sortSize=\<RecoSortSize\>; 
sortRange=\<RecoSortRange\>; sortSegment=\<RecoSortSegment\>; 
sortMaps=\<RecoSortMaps\>; frameDim = 2}>) (<compute>, 0, <RecoCastFilter 
CAST3{dataRep=FLOAT; wordSize=8}>) (<compute>, 0, <RecoFTShiftFilter 
FTS3{frameDim=2; winDirection=0; shift=\<RECO_rotate[0]\>; exponent=1}>) 
(<compute>, 0, <RecoFTFilter FT3{direction=0; exponent=1}>) (<compute>, 0, 
<RecoSortFilter REORD3{sortDim=\<RecoSortDim\>; sortSize=\<RecoSortSize\>; 
sortRange=\<RecoSortRange\>; sortSegment=\<RecoSortSegment\>; 
sortMaps=\<RecoSortMaps\>; frameDim = 2}>) (<compute>, 1, <RecoBufferSource 
Q0{procDim=1;frameDim=2;bufferId="FIRSTPASS0";memId="out0"}>) (<compute>, 1, 
<RecoBufferSource Q1{procDim=1;frameDim=2;bufferId="FIRSTPASS1";memId="out1"}>
) (<compute>, 1, <RecoBufferSource 
Q2{procDim=1;frameDim=2;bufferId="FIRSTPASS2";memId="out2"}>) (<compute>, 1, 
<RecoBufferSource Q3{procDim=1;frameDim=2;bufferId="FIRSTPASS3";memId="out3"}>
) (<compute>, 1, <RecoBufferSink 
S0{procDim=1;frameDim=2;bufferId="FTPASS10";memId="in0"}>) (<compute>, 1, 
<RecoBufferSink S1{procDim=1;frameDim=2;bufferId="FTPASS11";memId="in1"}>) 
(<compute>, 1, <RecoBufferSink 
S2{procDim=1;frameDim=2;bufferId="FTPASS12";memId="in2"}>) (<compute>, 1, 
<RecoBufferSink S3{procDim=1;frameDim=2;bufferId="FTPASS13";memId="in3"}>) 
(<compute>, 1, <RecoFTShiftFilter FTS0{frameDim=2; winDirection=1; 
shift=\<RECO_rotate[1]\>; exponent=1}>) (<compute>, 1, <RecoFTFilter 
FT0{direction=1;exponent=1;}>) (<compute>, 1, <RecoFTShiftFilter 
FTS1{frameDim=2; winDirection=1; shift=\<RECO_rotate[1]\>; exponent=1}>) 
(<compute>, 1, <RecoFTFilter FT1{direction=1;exponent=1;}>) (<compute>, 1, 
<RecoFTShiftFilter FTS2{frameDim=2; winDirection=1; shift=\<RECO_rotate[1]\>; 
exponent=1}>) (<compute>, 1, <RecoFTFilter FT2{direction=1;exponent=1;}>) 
(<compute>, 1, <RecoFTShiftFilter FTS3{frameDim=2; winDirection=1; 
shift=\<RECO_rotate[1]\>; exponent=1}>) (<compute>, 1, <RecoFTFilter 
FT3{direction=1;exponent=1;}>) (<compute>, 2, <RecoBufferSource 
Q0{procDim=2;frameDim=2;bufferId="FTPASS10";memId="in0"}>) (<compute>, 2, 
<RecoBufferSource Q1{procDim=2;frameDim=2;bufferId="FTPASS11";memId="in1"}>) 
(<compute>, 2, <RecoBufferSource 
Q2{procDim=2;frameDim=2;bufferId="FTPASS12";memId="in2"}>) (<compute>, 2, 
<RecoBufferSource Q3{procDim=2;frameDim=2;bufferId="FTPASS13";memId="in3"}>) 
(<compute>, 2, <RecoBufferSink 
S0{procDim=2;frameDim=2;bufferId="PREPPASS0";memId="out0"}>) (<compute>, 2, 
<RecoScaleFilter SCALE0{scaleFactor=\<RecoScaleChan[0]\>; 
phaseOffset=\<RecoPhaseChan[0]\>}>) (<compute>, 2, <RecoScaleFilter 
SCALE1{scaleFactor=\<RecoScaleChan[1]\>; phaseOffset=\<RecoPhaseChan[1]\>}>) 
(<compute>, 2, <RecoScaleFilter SCALE2{scaleFactor=\<RecoScaleChan[2]\>; 
phaseOffset=\<RecoPhaseChan[2]\>}>) (<compute>, 2, <RecoScaleFilter 
SCALE3{scaleFactor=\<RecoScaleChan[3]\>; phaseOffset=\<RecoPhaseChan[3]\>}>) 
(<compute>, 2, <RecoSumOfSquaresFilter SOS0>) (<compute>, 2, 
<RecoMagnitudeFilter G0>) (<compute>, 2, <RecoMinMaxFilter 
M0{map_min=\<RECO_map_min\>;map_max=\<RECO_map_max\>;}>) (<compute>, 3, 
<RecoBufferSource Q0{procDim=2;frameDim=2;bufferId="PREPPASS0";memId="out0"}>)
 (<compute>, 3, <RecoQueueSink S0>) (<compute>, 3, <RecoMapFilter 
MAP0{symmetricMode=true;minima=\<RECO_minima\>;maxima=\<RECO_maxima\>;slope=\<RECO_map_slope\>;offset=\<RECO_map_offset\>;map_min=\<RECO_map_min\>;map_max=\<RECO_map_max\>;rangeMin=-32766.500000;rangeMax=32766.500000;perObjectMode=false;cutoffMode=true;}>) (<compute>, 3, <RecoCastFilter CAST0{dataRep=SIGNED;wordSize=2}>) (<output>, 3, <RecoQueueSource Q{procDim=2;initFromRECO=true;initOnce=true;}>) (<output>, 3, <RecoImageDisplayFilter DISP{showAll=true;}>) (<output>, 3, <RecoFileSink S{writePars=true;shuffle=false;filename="2dseq";numChans=1;}>)
$$ @vis= RecoRegridNGroup RecoStageNrPasses RecoStagePasses RecoStageNrNodes
##$RecoStageNrEdges=55
##$RecoStageEdges=( 55 )
(<merge>, 0, <Source0-\>Combine>) (<merge>, 0, <Source1-\>Combine>) (<merge>, 
0, <Source2-\>Combine>) (<merge>, 0, <Source3-\>Combine>) (<merge>, 0, 
<Combine-\>Sink>) (<input>, 0, <Q-\>S>) (<compute>, 0, <Q0-\>SP0>) (<compute>,
 0, <SP0-\>CAST0>) (<compute>, 0, <SP0-\>CAST1>) (<compute>, 0, <SP0-\>CAST2>)
 (<compute>, 0, <SP0-\>CAST3>) (<compute>, 0, <CAST0-\>FTS0>) (<compute>, 0, 
<FTS0-\>FT0>) (<compute>, 0, <FT0-\>REORD0>) (<compute>, 0, <REORD0-\>S0>) 
(<compute>, 0, <CAST1-\>FTS1>) (<compute>, 0, <FTS1-\>FT1>) (<compute>, 0, 
<FT1-\>REORD1>) (<compute>, 0, <REORD1-\>S1>) (<compute>, 0, <CAST2-\>FTS2>) 
(<compute>, 0, <FTS2-\>FT2>) (<compute>, 0, <FT2-\>REORD2>) (<compute>, 0, 
<REORD2-\>S2>) (<compute>, 0, <CAST3-\>FTS3>) (<compute>, 0, <FTS3-\>FT3>) 
(<compute>, 0, <FT3-\>REORD3>) (<compute>, 0, <REORD3-\>S3>) (<compute>, 1, 
<Q0-\>FTS0>) (<compute>, 1, <Q1-\>FTS1>) (<compute>, 1, <Q2-\>FTS2>) 
(<compute>, 1, <Q3-\>FTS3>) (<compute>, 1, <FTS0-\>FT0>) (<compute>, 1, 
<FT0-\>S0>) (<compute>, 1, <FTS1-\>FT1>) (<compute>, 1, <FT1-\>S1>) (<compute>
, 1, <FTS2-\>FT2>) (<compute>, 1, <FT2-\>S2>) (<compute>, 1, <FTS3-\>FT3>) 
(<compute>, 1, <FT3-\>S3>) (<compute>, 2, <Q0-\>SCALE0>) (<compute>, 2, 
<Q1-\>SCALE1>) (<compute>, 2, <Q2-\>SCALE2>) (<compute>, 2, <Q3-\>SCALE3>) 
(<compute>, 2, <SCALE0-\>SOS0.0>) (<compute>, 2, <SCALE1-\>SOS0.1>) (<compute>
, 2, <SCALE2-\>SOS0.2>) (<compute>, 2, <SCALE3-\>SOS0.3>) (<compute>, 2, 
<SOS0-\>G0>) (<compute>, 2, <G0-\>M0>) (<compute>, 2, <M0-\>S0>) (<compute>, 
3, <Q0-\>MAP0>) (<compute>, 3, <MAP0-\>CAST0>) (<compute>, 3, <CAST0-\>S0>) 
(<output>, 3, <Q-\>DISP>) (<output>, 3, <DISP-\>S>)
$$ @vis= RecoStageNodes RecoStageNrEdges RecoStageEdges RecoStageGroup
##$GS_reco_display=Yes
##$GO_reco_display=Yes
##$GO_reco_each_nr=No
##$GO_max_reco_mem=0
$$ @vis= RecoModeUser GS_reco_display RECO_GS GO_reco_display GO_reco_each_nr
##$RecoPrototype=No
$$ @vis= GO_max_reco_mem RECO_GO RecoPrototype RECO
##END=
$$ File finished by PARX at 2023-06-06 15:50:57.095 +0200
