##TITLE=Parameter List, ParaVision 6.0.1
##JCAMPDX=4.24
##DATATYPE=Parameter Values
##ORIGIN=Bruker BioSpin MRI GmbH
##OWNER=nmr
$$ 2023-06-06 15:50:57.093 +0200  nmr@CZC7039C06
$$ /opt/PV6.0.1/data/nmr/20230606_141317_ML_21304_9_1_1/11/pdata/1/visu_pars
$$ process /opt/PV6.0.1/prog/bin/parxserver
##$VisuVersion=3
##$VisuUid=( 65 )
<2.16.756.5.5.100.8323328.128692.1686059457.1>
##$VisuCreator=( 65 )
<ParaVision>
##$VisuCreatorVersion=( 65 )
<6.0.1>
##$VisuCreationDate=<2023-06-06T15:50:57,091+0200>
##$VisuInstanceModality=( 65 )
<MR>
$$ @vis= VisuVersion VisuUid VisuCreator VisuCreatorVersion VisuCreationDate
##$VisuCoreFrameCount=114
##$VisuCoreDim=2
##$VisuCoreSize=( 2 )
128 128
$$ @vis= VisuInstanceModality VisuInstance VisuCoreFrameCount VisuCoreDim
##$VisuCoreDimDesc=( 2 )
spatial spatial
##$VisuCoreExtent=( 2 )
19.2 19.2
##$VisuCoreFrameThickness=( 1 )
1
##$VisuCoreUnits=( 2, 65 )
<mm> <mm>
$$ @vis= VisuCoreSize VisuCoreDimDesc VisuCoreExtent VisuCoreFrameThickness
##$VisuCoreOrientation=( 19, 9 )
1 0 0 0 1 0 0 0 1 1 0 0 0 1 0 0 0 1 1 0 0 0 1 0 0 0 1 1 0 0 0 1 0 0 0 1 1 0 0 
0 1 0 0 0 1 1 0 0 0 1 0 0 0 1 1 0 0 0 1 0 0 0 1 1 0 0 0 1 0 0 0 1 1 0 0 0 1 0 
0 0 1 1 0 0 0 1 0 0 0 1 1 0 0 0 1 0 0 0 1 1 0 0 0 1 0 0 0 1 1 0 0 0 1 0 0 0 1 
1 0 0 0 1 0 0 0 1 1 0 0 0 1 0 0 0 1 1 0 0 0 1 0 0 0 1 1 0 0 0 1 0 0 0 1 1 0 0 
0 1 0 0 0 1 1 0 0 0 1 0 0 0 1
##$VisuCorePosition=( 19, 3 )
-10.031034 -11.91214 -9.646552 -10.031034 -11.91214 -8.646552 -10.031034 
-11.91214 -7.646552 -10.031034 -11.91214 -6.646552 -10.031034 -11.91214 
-5.646552 -10.031034 -11.91214 -4.646552 -10.031034 -11.91214 -3.646552 
-10.031034 -11.91214 -2.646552 -10.031034 -11.91214 -1.646552 -10.031034 
-11.91214 -0.646552 -10.031034 -11.91214 0.353448 -10.031034 -11.91214 
1.353448 -10.031034 -11.91214 2.353448 -10.031034 -11.91214 3.353448 
-10.031034 -11.91214 4.353448 -10.031034 -11.91214 5.353448 -10.031034 
-11.91214 6.353448 -10.031034 -11.91214 7.353448 -10.031034 -11.91214 8.353448
##$VisuCoreDataMin=( 114 )
142.096619207168 124.082342832201 159.956056411098 92.0936573675203 
106.258382526341 112.423525813183 68.431603902865 126.983523829563 
141.278124403274 100.570039120523 131.716304609354 117.787774699479 
137.285552936856 152.063378920866 117.363062205774 102.462929637949 
101.141140734067 99.40502916722 116.590212600366 168.31449954533 
121.487770543464 95.4969610006772 116.887064723541 130.091241343431 
123.195076720439 124.250954381955 97.9829150954466 127.9747116256 
138.061133889977 117.57697249935 114.745942067933 132.406563973387 
113.020737342115 141.727979918426 114.284973106755 77.1435119321527 
105.123172214594 110.756169977089 155.183801407026 129.321242220003 
121.407658690611 112.10786647146 168.767933697834 123.783104359443 
127.829094493143 110.922653395374 121.493821660351 140.459152605284 
99.7409263111292 107.17812329269 112.000006813943 129.475849695492 
125.87252106646 145.166686382051 128.108543827132 127.348436094705 
65.7380181860301 155.132554650515 180.497009972931 148.340609533108 
128.617369007673 136.812071773321 128.402082174778 119.511565172291 
124.408354518143 163.20763361784 164.740855534192 147.10358225155 
148.564543818224 136.448314011778 153.389384531038 139.640537997575 
97.7736746212344 119.612454620608 125.181844838011 118.642047074322 
170.032779874098 163.683077139327 119.570596428662 100.91937598486 
140.265731698909 151.453173689166 118.363461926508 161.952886828998 
145.834187696203 144.619693094859 153.866140167754 166.026896884179 
117.270993495722 145.368491968193 148.907673439261 111.632936480943 
134.319948439878 143.261964069945 106.426058827094 103.710081174448 
168.243254230062 131.867839798969 142.819614890374 161.762177104417 
143.499025093257 121.277767881913 152.971323431277 87.1699509505348 
168.302981974896 180.452166805647 155.455923608914 164.263829872153 
129.500565751112 124.493654047682 99.6149918771461 134.722084980115 
108.862062415397 162.507509524625
##$VisuCoreDataMax=( 114 )
21935.5614087365 22570.9470645056 20688.0790188757 18700.8500244532 
16160.7574008521 14499.1654833102 11545.1764049393 9702.14076159183 
10269.4276088065 9464.60953091667 10003.3564686544 12905.5176472564 
10955.6335158432 12140.4621227716 12659.9144539379 12948.4255372933 
13203.8327763248 13740.4006545393 15155.4551688658 24763.399737629 
24318.1735082321 23008.1353643473 21455.3493430318 17969.8806706782 
16494.7345674887 12793.4811261655 11254.1476084978 11051.8990697713 
11360.0516919152 10916.4809279277 12944.0952434445 12910.1080967904 
14766.6581005316 14645.7613697845 14033.4072594545 14304.933808916 
16242.8431481558 17602.4259907493 26187.5852160856 25685.4319644148 
24250.5231172664 21350.1292470736 18605.0709707739 16766.8000795109 
13463.2571575636 12123.8997293218 11429.2863298934 11993.8530251864 
12487.4087263455 14056.3379027095 14542.4547985235 16149.2360600315 
16121.191563074 15264.1506054508 15450.9871803297 17954.9348274801 
19079.6389667555 29111.6983178238 27731.7401379428 26882.4302521281 
23529.6868783901 20561.3716217453 18458.1627940933 15112.6656895802 
13726.5710163043 13009.9824933223 13034.8999459983 13910.2690522436 
15007.737278797 16703.0708245482 18186.9170427398 18693.9542162666 
17406.8615374357 18096.2740896122 19523.0749100823 21213.2497091833 
31330.3537346307 31071.2047234327 30508.9358537634 26492.5874886729 
23092.401063472 19893.8168052786 16843.5797008954 15116.0539915076 
14836.850551763 14495.6582709273 15766.4312766565 17227.3450422545 
19059.8079643095 20659.7593271688 20778.8918521814 20301.7158356627 
20011.9870719169 22536.2303269442 23345.3975858088 32766.5 32511.4178178681 
31957.9758727613 27982.0277931111 24382.3213499052 21260.5493310899 
17789.9504496817 15789.5986511456 15687.4395817065 15042.9603303391 
16149.998532128 17618.5519793683 19620.4672363767 21196.9695038408 
21998.991401043 20318.2776312051 21244.7458480649 23239.4816680544 
24195.2400717263
$$ @vis= VisuCoreUnits VisuCoreOrientation VisuCorePosition VisuCoreDataMin
##$VisuCoreDataOffs=( 114 )
0 0 0 0 0 0 0 0 0 0 0 0 0 0 0 0 0 0 0 0 0 0 0 0 0 0 0 0 0 0 0 0 0 0 0 0 0 0 0 
0 0 0 0 0 0 0 0 0 0 0 0 0 0 0 0 0 0 0 0 0 0 0 0 0 0 0 0 0 0 0 0 0 0 0 0 0 0 0 
0 0 0 0 0 0 0 0 0 0 0 0 0 0 0 0 0 0 0 0 0 0 0 0 0 0 0 0 0 0 0 0 0 0 0 0
##$VisuCoreDataSlope=( 114 )
0.00508973296486199 0.00508973296486199 0.00508973296486199 
0.00508973296486199 0.00508973296486199 0.00508973296486199 
0.00508973296486199 0.00508973296486199 0.00508973296486199 
0.00508973296486199 0.00508973296486199 0.00508973296486199 
0.00508973296486199 0.00508973296486199 0.00508973296486199 
0.00508973296486199 0.00508973296486199 0.00508973296486199 
0.00508973296486199 0.00508973296486199 0.00508973296486199 
0.00508973296486199 0.00508973296486199 0.00508973296486199 
0.00508973296486199 0.00508973296486199 0.00508973296486199 
0.00508973296486199 0.00508973296486199 0.00508973296486199 
0.00508973296486199 0.00508973296486199 0.00508973296486199 
0.00508973296486199 0.00508973296486199 0.00508973296486199 
0.00508973296486199 0.00508973296486199 0.00508973296486199 
0.00508973296486199 0.00508973296486199 0.00508973296486199 
0.00508973296486199 0.00508973296486199 0.00508973296486199 
0.00508973296486199 0.00508973296486199 0.00508973296486199 
0.00508973296486199 0.00508973296486199 0.00508973296486199 
0.00508973296486199 0.00508973296486199 0.00508973296486199 
0.00508973296486199 0.00508973296486199 0.00508973296486199 
0.00508973296486199 0.00508973296486199 0.00508973296486199 
0.00508973296486199 0.00508973296486199 0.00508973296486199 
0.00508973296486199 0.00508973296486199 0.00508973296486199 
0.00508973296486199 0.00508973296486199 0.00508973296486199 
0.00508973296486199 0.00508973296486199 0.00508973296486199 
0.00508973296486199 0.00508973296486199 0.00508973296486199 
0.00508973296486199 0.00508973296486199 0.00508973296486199 
0.00508973296486199 0.00508973296486199 0.00508973296486199 
0.00508973296486199 0.00508973296486199 0.00508973296486199 
0.00508973296486199 0.00508973296486199 0.00508973296486199 
0.00508973296486199 0.00508973296486199 0.00508973296486199 
0.00508973296486199 0.00508973296486199 0.00508973296486199 
0.00508973296486199 0.00508973296486199 0.00508973296486199 
0.00508973296486199 0.00508973296486199 0.00508973296486199 
0.00508973296486199 0.00508973296486199 0.00508973296486199 
0.00508973296486199 0.00508973296486199 0.00508973296486199 
0.00508973296486199 0.00508973296486199 0.00508973296486199 
0.00508973296486199 0.00508973296486199 0.00508973296486199 
0.00508973296486199 0.00508973296486199 0.00508973296486199
##$VisuCoreFrameType=( 1 )
MAGNITUDE_IMAGE
##$VisuFGElemComment=( 6, 65 )
<VTR=   540.0ms> <VTR=   800.0ms> <VTR=  1000.0ms> <VTR=  1500.0ms> <VTR=  
3000.0ms> <VTR=  6000.0ms>
$$ @vis= VisuCoreDataMax VisuCoreDataOffs VisuCoreDataSlope VisuCoreFrameType
##$VisuCoreSlicePacksDef=(0, 1)
##$VisuCoreSlicePacksSlices=( 1 )
(0, 19)
##$VisuCoreSlicePacksSliceDist=( 1 )
1
$$ @vis= VisuFGElemComment VisuCoreSlicePacksDef VisuCoreSlicePacksSlices
##$VisuCoreWordType=_16BIT_SGN_INT
##$VisuCoreByteOrder=littleEndian
$$ @vis= VisuCoreSlicePacksSliceDist VisuCore VisuCoreWordType
##$VisuFGOrderDescDim=2
##$VisuFGOrderDesc=( 2 )
(19, <FG_SLICE>, <>, 0, 2) (6, <FG_MOVIE>, <vtr>, 2, 2)
##$VisuGroupDepVals=( 4 )
(<VisuCoreOrientation>, 0) (<VisuCorePosition>, 0) (<VisuFGElemComment>, 0) 
(<VisuAcqRepetitionTime>, 0)
$$ @vis= VisuCoreByteOrder VisuPixel VisuFGOrderDescDim VisuFGOrderDesc
##$VisuSubjectName=( 65 )
<ML_21304_9>
##$VisuSubjectId=( 65 )
<ML_21304_9>
##$VisuSubjectUid=( 65 )
<2.16.756.5.5.100.8323328.66482.1686053597.3>
$$ @vis= VisuGroupDepVals VisuFrameOrderDesc VisuSubjectName VisuSubjectId
##$VisuSubjectInstanceCreationDate=(1686053597, 593, 120)
##$VisuSubjectBirthDate=( 9 )
<20230606>
##$VisuSubjectSex=UNKNOWN
$$ @vis= VisuSubjectUid VisuSubjectInstanceCreationDate VisuSubjectBirthDate
##$VisuSubjectType=Quadruped
##$VisuStudyUid=( 65 )
<2.16.756.5.5.100.8323328.66482.1686053597.4>
##$VisuStudyDate=<2023-06-06T14:13:17,593+0200>
$$ @vis= VisuSubjectSex VisuSubjectType VisuSubject VisuStudyUid
##$VisuStudyId=( 65 )
<ML_21304_9>
##$VisuStudyNumber=1
##$VisuSubjectWeight=0.001
##$VisuStudyReferringPhysician=( 65 )
<nmr>
$$ @vis= VisuStudyDate VisuStudyId VisuStudyNumber VisuSubjectWeight
##$VisuStudyDescription=( 2048 )
<\
>
##$VisuExperimentNumber=11
$$ @vis= VisuStudyReferringPhysician VisuStudyDescription VisuStudy
##$VisuProcessingNumber=1
##$VisuSeriesDate=<2023-06-06T15:50:57,091+0200>
##$VisuSubjectPosition=Head_Supine
$$ @vis= VisuExperimentNumber VisuProcessingNumber VisuSeriesDate
##$VisuSeriesTypeId=( 65 )
<ACQ_BRUKER_PVM>
$$ @vis= VisuSubjectPosition VisuSeriesTypeId VisuSeries VisuCoilReceive
##$VisuManufacturer=( 65 )
<Bruker BioSpin MRI GmbH>
##$VisuAcqSoftwareVersion=( 65 )
<6.0.1>
$$ @vis= VisuCoilTransmit VisuContrastAgent VisuManufacturer
##$VisuInstitution=( 65 )
<CHUS - LINC>
##$VisuStation=( 65 )
<BioSpec 94/21>
##$VisuSystemOrderNumber=( 65 )
<unknown>
$$ @vis= VisuAcqSoftwareVersion VisuInstitution VisuStation
##$VisuAcqDate=<2023-06-06T15:37:11,723+0200>
##$VisuAcqEchoTrainLength=2
$$ @vis= VisuSystemOrderNumber VisuEquipment VisuAcqDate
##$VisuAcqSequenceName=( 40 )
<Bruker:RAREVTR>
##$VisuAcqNumberOfAverages=1
##$VisuAcqImagingFrequency=400.342458318047
$$ @vis= VisuAcqEchoTrainLength VisuAcqSequenceName VisuAcqNumberOfAverages
##$VisuAcqImagedNucleus=( 8 )
<1H>
##$VisuAcqRepetitionTime=( 6 )
540 800 1000 1500 3000 6000
##$VisuAcqPhaseEncSteps=128
$$ @vis= VisuAcqImagingFrequency VisuAcqImagedNucleus VisuAcqRepetitionTime
##$VisuAcqPixelBandwidth=697.544642857143
##$VisuAcqFlipAngle=90
##$VisuAcqSize=( 2 )
128 128
$$ @vis= VisuAcqPhaseEncSteps VisuAcqPixelBandwidth VisuAcqFlipAngle
##$VisuAcqImageSizeAccellerated=No
##$VisuAcqGradEncoding=( 2 )
read_enc phase_enc
##$VisuAcqEchoTime=( 1 )
7.5
$$ @vis= VisuAcqSize VisuAcqImageSizeAccellerated VisuAcqGradEncoding
##$VisuAcquisitionProtocol=( 65 )
<T1map_RARE_Rat>
##$VisuAcqScanTime=821760
##$VisuAcqAntiAlias=( 2 )
1 1
$$ @vis= VisuAcqEchoTime VisuAcquisitionProtocol VisuAcqScanTime
##$VisuAcqEchoSequenceType=Both
##$VisuAcqSpinsVelocityEncoded=No
##$VisuAcqHasTimeOfFlightContrast=No
$$ @vis= VisuAcqAntiAlias VisuAcqEchoSequenceType VisuAcqSpinsVelocityEncoded
##$VisuAcqIsEpiSequence=No
##$VisuAcqSpectralSuppression=NoSuppression
$$ @vis= VisuAcqHasTimeOfFlightContrast VisuAcqIsEpiSequence
##$VisuAcqKSpaceTraversal=RectilinearTraversal
##$VisuAcqEncodingOrder=( 2 )
LinearEncoding LinearEncoding
$$ @vis= VisuAcqSpectralSuppression VisuAcqKSpaceTraversal
##$VisuAcqKSpaceTrajectoryCnt=1
##$VisuAcqKSpaceFiltering=( 2 )
NO_WDW NO_WDW
$$ @vis= VisuAcqEncodingOrder VisuAcqKSpaceTrajectoryCnt
##$VisuAcqFlowCompensation=FlowNone
##$VisuAcqSpoiling=GradientSpoiled
##$VisuAcqSaturation=( 3 )
(FovSaturation, 10, -0 -1 -6.12323399573677e-17, 0 12.1387 
7.43281005040499e-16) (FovSaturation, 10, -1 -0 0, 14.5115 0 -0) 
(FovSaturation, 10, -1 -0 -6.12323399573677e-17, -14.9425 -0 
-9.14964239812967e-16)
$$ @vis= VisuAcqKSpaceFiltering VisuAcqFlowCompensation VisuAcqSpoiling
##$VisuAcqPartialFourier=( 2 )
1 1
##$VisuAcqParallelReductionFactor=( 2 )
1 1
$$ @vis= VisuAcqSaturation VisuAcqPartialFourier
##$VisuAcqMagnetizationTransfer=No
##$VisuAcqBloodSignalNulling=No
$$ @vis= VisuAcqParallelReductionFactor VisuAcqMagnetizationTransfer
##$VisuCardiacSynchUsed=No
##$VisuRespSynchUsed=No
$$ @vis= VisuAcqBloodSignalNulling VisuCardiacSynchUsed VisuRespSynchUsed
$$ @vis= VisuAcquisition VisuMpi VisuDepricated Visu
##END=
$$ File finished by PARX at 2023-06-06 15:50:57.093 +0200
