##TITLE=Parameter List, ParaVision 6.0.1
##JCAMPDX=4.24
##DATATYPE=Parameter Values
##ORIGIN=Bruker BioSpin MRI GmbH
##OWNER=nmr
$$ 2023-06-06 15:14:25.158 +0200  nmr@CZC7039C06
$$ /opt/PV6.0.1/data/nmr/20230606_141317_ML_21304_9_1_1/9/pdata/1/reco
$$ process /opt/PV6.0.1/prog/bin/parxserver
##$RECO_mode=USER_MODE
##$RecoAutoDerive=No
##$RecoDim=2
##$RecoObjectsPerRepetition=19
##$RecoObjectsPerSetupStep=38
$$ @vis= RECO_mode RecoAutoDerive RecoDim RecoObjectsPerRepetition
##$RecoNumRepetitions=6
##$RECO_inp_order=NO_REORDERING
##$RECO_inp_size=( 2 )
128 128
$$ @vis= RecoObjectsPerSetupStep RecoNumRepetitions RECO_inp_order
##$RECO_ft_size=( 2 )
128 128
##$RECO_fov=( 2 )
1.92 1.92
##$RECO_size=( 2 )
128 128
##$RECO_offset=( 2, 19 )
0 0 0 0 0 0 0 0 0 0 0 0 0 0 0 0 0 0 0 0 0 0 0 0 0 0 0 0 0 0 0 0 0 0 0 0 0 0
##$RECO_regrid_mode=NO_REGRID
##$RECO_regrid_offset=0
##$RECO_ramp_gap=0
##$RECO_ramp_time=0
##$RECO_ne_mode=NO_NAV_DATA
##$RECO_ne_dist=NeNoInterleave
##$RECO_ne_dens=NeCorrPerScan
##$RECO_ne_type=NAV_PHASE
##$RECO_bc_mode=( 2 )
NO_BC NO_BC
##$RECO_bc_start=( 2 )
96 96
##$RECO_bc_len=( 2 )
32 32
##$RECO_dc_offset=( 2 )
0 0
##$RECO_dc_divisor=1
##$RECO_bc_coroff=( 2 )
0 0
##$RECO_qopts=( 2 )
COMPLEX_CONJUGATE NO_QOPTS
##$RECO_wdw_mode=( 2 )
NO_WDW NO_WDW
$$ @vis= RECO_inp_size RECO_ft_size RECO_fov RECO_size RECO_ne_mode
##$RECO_lb=( 2 )
-0.5 -0.5
##$RECO_sw=( 2 )
89285.7142857143 1
##$RECO_gb=( 2 )
0.5 0.5
##$RECO_sbs=( 2 )
1 1
##$RECO_tm1=( 2 )
0.25 0.25
##$RECO_tm2=( 2 )
0.75 0.75
##$RECO_ft_mode=( 2 )
COMPLEX_FT COMPLEX_FT
##$RECO_pc_mode=( 2 )
FIRST_ORDER_PC FIRST_ORDER_PC
##$RECO_pc_lin=( 2 )
(0, 180) (0, 180)
##$RECO_rotate=( 2, 19 )
0.5 0.5 0.5 0.5 0.5 0.5 0.5 0.5 0.5 0.5 0.5 0.5 0.5 0.5 0.5 0.5 0.5 0.5 0.5 
0.620423958333333 0.620423958333333 0.620423958333333 0.620423958333333 
0.620423958333333 0.620423958333333 0.620423958333333 0.620423958333333 
0.620423958333333 0.620423958333333 0.620423958333333 0.620423958333333 
0.620423958333333 0.620423958333333 0.620423958333333 0.620423958333333 
0.620423958333333 0.620423958333333 0.620423958333333
##$RECO_ppc_mode=NO_PPC
##$RECO_ref_image=0
##$RECO_nr_supports=0.4
##$RECO_sig_threshold=0.15
##$RECO_ppc_degree=1
##$RECO_ppc_coeffs=( 19, 2, 2 )
0 0 0 0 0 0 0 0 0 0 0 0 0 0 0 0 0 0 0 0 0 0 0 0 0 0 0 0 0 0 0 0 0 0 0 0 0 0 0 
0 0 0 0 0 0 0 0 0 0 0 0 0 0 0 0 0 0 0 0 0 0 0 0 0 0 0 0 0 0 0 0 0 0 0 0 0
##$RECO_dc_elim=Yes
##$RECO_transposition=( 19 )
0 0 0 0 0 0 0 0 0 0 0 0 0 0 0 0 0 0 0
$$ @vis= RECO_wdw_mode RECO_ft_mode RECO_pc_mode RECO_pc_lin RECO_rotate
##$RECO_image_type=MAGNITUDE_IMAGE
##$RECO_image_threshold=0.15
##$RECO_ir_scale=10
##$RECO_wordtype=_16BIT_SGN_INT
##$RECO_map_mode=ABSOLUTE_MAPPING
##$RECO_map_range=( 2 )
-2147483647 2147483647
##$RECO_map_percentile=( 2 )
1 99.99
##$RECO_map_error=0.0025
##$RECO_globex=( 114 )
0 0 0 0 0 0 0 0 0 0 0 0 0 0 0 0 0 0 0 0 0 0 0 0 0 0 0 0 0 0 0 0 0 0 0 0 0 0 0 
0 0 0 0 0 0 0 0 0 0 0 0 0 0 0 0 0 0 0 0 0 0 0 0 0 0 0 0 0 0 0 0 0 0 0 0 0 0 0 
0 0 0 0 0 0 0 0 0 0 0 0 0 0 0 0 0 0 0 0 0 0 0 0 0 0 0 0 0 0 0 0 0 0 0 0
##$RECO_minima=( 114 )
104.887863212623 135.27460733427 126.310000391118 140.432921298054 
85.0362529418214 96.6348588235765 126.816451122972 117.934365755214 
133.336229436099 85.0420934129087 109.87533022024 133.476211732701 
101.842118031651 109.941534256211 130.3282167547 122.494134627743 
122.324100560499 148.532631163366 124.215971500485 107.3672688642 
113.720397494375 129.831211878866 140.019180599838 105.731305341703 
135.007747241856 133.971391115325 112.139583329268 125.19054705899 
105.246014576211 116.081598729778 139.976414985405 122.502228224217 
126.598267527785 89.2558673564155 137.901089759081 139.381757436601 
87.797720971073 117.313854964917 117.074989475239 138.374223758796 
96.7652843804934 106.599859835963 138.855709134539 97.2809488794023 
123.320751180071 106.592857482187 67.3339638593834 94.0889997558604 
53.7674372229908 135.899101908343 89.9849355967692 121.352295208239 
137.505582637294 78.1007586194767 82.0373705699808 138.412340222439 
89.0135872854557 134.155346423982 144.421088945685 132.712841606462 
126.567431387184 121.862419998826 120.449745652501 128.842566194598 
96.3362991264286 128.72506553431 122.243025315853 116.30717651464 
109.607202624367 141.411453715734 157.771296007309 151.311157869579 
96.8822337922778 136.53089195068 140.58044489366 146.481866807173 
102.189851893231 133.817237058435 136.146537218388 101.491392482367 
142.17165301904 130.232346463266 157.476896483924 123.555181212228 
139.450500679673 124.308638440367 146.147248459783 116.86741754469 
122.071720440396 120.798265432106 120.425089192616 75.8523064415315 
135.142525062638 116.524060190094 124.178696050421 102.24933288213 
70.8229065304995 140.595828472837 153.808749164942 154.947552308488 
140.342395707885 172.497797374852 149.790650703454 169.82842858748 
174.475386861752 135.811161324283 177.804066092166 111.489095026577 
145.968338335683 130.557650593097 105.31918680821 153.339053798059 
172.632652771137 140.065950964611
##$RECO_maxima=( 114 )
11516.4154622293 13483.4374863406 9810.55479168742 9238.6283651306 
11390.6213654367 9990.24889595945 8717.7183819377 7485.34348573203 
7936.21078374787 7160.89853369576 8886.34202087084 8559.67463957748 
9475.23764551312 10227.5348900616 11463.3031937599 10775.0102237158 
10406.515449122 11425.8909225004 11605.0200505393 14740.131629395 
17111.5845544621 12859.4238683732 11382.0049752989 13928.6979886329 
12906.7915216413 10904.7137993804 9565.76414915206 9627.60399078469 
8949.60895028576 10326.1546024637 11044.8590547206 12438.1345320224 
12787.6665902025 14579.2738360318 13350.7002433276 12881.876143337 
14425.7741184476 14698.0669536732 15989.6354817173 19204.6377593691 
14816.0979719046 12792.6497688902 15902.8878774925 14396.0612209232 
11888.3899817976 10920.3122588233 10398.3915559692 9773.86092094201 
11187.3286185422 12515.6483795271 13915.968003113 13818.7537804413 
15773.2998137734 14459.2531247015 14528.6382423594 15674.2220218847 
15921.2571977935 19883.6046975321 23235.6698797469 18655.7036659639 
15866.7892888024 19195.3433179678 16695.8933499161 13909.3113500187 
13108.2687585368 12528.3479543735 11959.9559204346 12522.8248472401 
14266.5355967791 17052.0853615365 16171.8992005824 18483.2383695947 
17085.1953747949 16916.2004234344 18464.5785301624 18735.4483488218 
26204.7415121289 29011.5754273445 25826.4314625993 21657.5090700342 
23290.7203986872 19571.9539750191 17094.1942058846 15177.6055939573 
15306.8757986709 14193.6218441073 15629.866294972 16814.0428787216 
19577.3878589359 19646.7458205353 21284.7353779156 20245.8988372824 
20124.2725527895 22794.4480877736 21744.8302670795 31493.6418197081 32766.5 
31833.9489861332 26921.0131192288 25282.6544297457 20965.0117109865 
18324.2125898542 15892.3488854483 16646.5089404276 15688.2139773397 
15701.5972062048 17952.3593423 20999.986829033 22430.249196397 
22684.7534892963 21560.4710518229 21997.6612258777 24801.9562358364 
23341.3911825851
##$RECO_map_min=( 114 )
-152.194687474282 -152.194687474282 -152.194687474282 -152.194687474282 
-152.194687474282 -152.194687474282 -152.194687474282 -152.194687474282 
-152.194687474282 -152.194687474282 -152.194687474282 -152.194687474282 
-152.194687474282 -152.194687474282 -152.194687474282 -152.194687474282 
-152.194687474282 -152.194687474282 -152.194687474282 -152.194687474282 
-152.194687474282 -152.194687474282 -152.194687474282 -152.194687474282 
-152.194687474282 -152.194687474282 -152.194687474282 -152.194687474282 
-152.194687474282 -152.194687474282 -152.194687474282 -152.194687474282 
-152.194687474282 -152.194687474282 -152.194687474282 -152.194687474282 
-152.194687474282 -152.194687474282 -152.194687474282 -152.194687474282 
-152.194687474282 -152.194687474282 -152.194687474282 -152.194687474282 
-152.194687474282 -152.194687474282 -152.194687474282 -152.194687474282 
-152.194687474282 -152.194687474282 -152.194687474282 -152.194687474282 
-152.194687474282 -152.194687474282 -152.194687474282 -152.194687474282 
-152.194687474282 -152.194687474282 -152.194687474282 -152.194687474282 
-152.194687474282 -152.194687474282 -152.194687474282 -152.194687474282 
-152.194687474282 -152.194687474282 -152.194687474282 -152.194687474282 
-152.194687474282 -152.194687474282 -152.194687474282 -152.194687474282 
-152.194687474282 -152.194687474282 -152.194687474282 -152.194687474282 
-152.194687474282 -152.194687474282 -152.194687474282 -152.194687474282 
-152.194687474282 -152.194687474282 -152.194687474282 -152.194687474282 
-152.194687474282 -152.194687474282 -152.194687474282 -152.194687474282 
-152.194687474282 -152.194687474282 -152.194687474282 -152.194687474282 
-152.194687474282 -152.194687474282 -152.194687474282 -152.194687474282 
-152.194687474282 -152.194687474282 -152.194687474282 -152.194687474282 
-152.194687474282 -152.194687474282 -152.194687474282 -152.194687474282 
-152.194687474282 -152.194687474282 -152.194687474282 -152.194687474282 
-152.194687474282 -152.194687474282 -152.194687474282 -152.194687474282 
-152.194687474282 -152.194687474282
##$RECO_map_max=( 114 )
152.194687474282 152.194687474282 152.194687474282 152.194687474282 
152.194687474282 152.194687474282 152.194687474282 152.194687474282 
152.194687474282 152.194687474282 152.194687474282 152.194687474282 
152.194687474282 152.194687474282 152.194687474282 152.194687474282 
152.194687474282 152.194687474282 152.194687474282 152.194687474282 
152.194687474282 152.194687474282 152.194687474282 152.194687474282 
152.194687474282 152.194687474282 152.194687474282 152.194687474282 
152.194687474282 152.194687474282 152.194687474282 152.194687474282 
152.194687474282 152.194687474282 152.194687474282 152.194687474282 
152.194687474282 152.194687474282 152.194687474282 152.194687474282 
152.194687474282 152.194687474282 152.194687474282 152.194687474282 
152.194687474282 152.194687474282 152.194687474282 152.194687474282 
152.194687474282 152.194687474282 152.194687474282 152.194687474282 
152.194687474282 152.194687474282 152.194687474282 152.194687474282 
152.194687474282 152.194687474282 152.194687474282 152.194687474282 
152.194687474282 152.194687474282 152.194687474282 152.194687474282 
152.194687474282 152.194687474282 152.194687474282 152.194687474282 
152.194687474282 152.194687474282 152.194687474282 152.194687474282 
152.194687474282 152.194687474282 152.194687474282 152.194687474282 
152.194687474282 152.194687474282 152.194687474282 152.194687474282 
152.194687474282 152.194687474282 152.194687474282 152.194687474282 
152.194687474282 152.194687474282 152.194687474282 152.194687474282 
152.194687474282 152.194687474282 152.194687474282 152.194687474282 
152.194687474282 152.194687474282 152.194687474282 152.194687474282 
152.194687474282 152.194687474282 152.194687474282 152.194687474282 
152.194687474282 152.194687474282 152.194687474282 152.194687474282 
152.194687474282 152.194687474282 152.194687474282 152.194687474282 
152.194687474282 152.194687474282 152.194687474282 152.194687474282 
152.194687474282 152.194687474282
##$RECO_map_offset=( 114 )
0 0 0 0 0 0 0 0 0 0 0 0 0 0 0 0 0 0 0 0 0 0 0 0 0 0 0 0 0 0 0 0 0 0 0 0 0 0 0 
0 0 0 0 0 0 0 0 0 0 0 0 0 0 0 0 0 0 0 0 0 0 0 0 0 0 0 0 0 0 0 0 0 0 0 0 0 0 0 
0 0 0 0 0 0 0 0 0 0 0 0 0 0 0 0 0 0 0 0 0 0 0 0 0 0 0 0 0 0 0 0 0 0 0 0
##$RECO_map_slope=( 114 )
215.293322938996 215.293322938996 215.293322938996 215.293322938996 
215.293322938996 215.293322938996 215.293322938996 215.293322938996 
215.293322938996 215.293322938996 215.293322938996 215.293322938996 
215.293322938996 215.293322938996 215.293322938996 215.293322938996 
215.293322938996 215.293322938996 215.293322938996 215.293322938996 
215.293322938996 215.293322938996 215.293322938996 215.293322938996 
215.293322938996 215.293322938996 215.293322938996 215.293322938996 
215.293322938996 215.293322938996 215.293322938996 215.293322938996 
215.293322938996 215.293322938996 215.293322938996 215.293322938996 
215.293322938996 215.293322938996 215.293322938996 215.293322938996 
215.293322938996 215.293322938996 215.293322938996 215.293322938996 
215.293322938996 215.293322938996 215.293322938996 215.293322938996 
215.293322938996 215.293322938996 215.293322938996 215.293322938996 
215.293322938996 215.293322938996 215.293322938996 215.293322938996 
215.293322938996 215.293322938996 215.293322938996 215.293322938996 
215.293322938996 215.293322938996 215.293322938996 215.293322938996 
215.293322938996 215.293322938996 215.293322938996 215.293322938996 
215.293322938996 215.293322938996 215.293322938996 215.293322938996 
215.293322938996 215.293322938996 215.293322938996 215.293322938996 
215.293322938996 215.293322938996 215.293322938996 215.293322938996 
215.293322938996 215.293322938996 215.293322938996 215.293322938996 
215.293322938996 215.293322938996 215.293322938996 215.293322938996 
215.293322938996 215.293322938996 215.293322938996 215.293322938996 
215.293322938996 215.293322938996 215.293322938996 215.293322938996 
215.293322938996 215.293322938996 215.293322938996 215.293322938996 
215.293322938996 215.293322938996 215.293322938996 215.293322938996 
215.293322938996 215.293322938996 215.293322938996 215.293322938996 
215.293322938996 215.293322938996 215.293322938996 215.293322938996 
215.293322938996 215.293322938996
##$RECO_byte_order=littleEndian
$$ @vis= RECO_transposition RECO_image_type RECO_wordtype RECO_map_mode
##$RECO_time=<2023-06-06T15:14:25,156+0200>
##$RECO_abs_time=(1686057265, 156, 120)
##$RECO_base_image_uid=( 65 )
<2.16.756.5.5.100.8323328.113537.1686057265.1>
##$RecoUserUpdate=Yes
##$RecoReverseSegment=0
##$RecoB0DemodOff=0
##$RecoB0DemodDelay=0
##$RecoFTOrder=( 2 )
0 1
##$RecoHalfFT=( 2 )
No No
$$ @vis= RECO_byte_order RecoUserUpdate RecoB0DemodOff RecoWindow RecoFTOrder
##$RecoHalfFTPos=( 2 )
64 64
##$RecoCorrPhase=RecoCorrPhaseOff
##$RecoCorrPhaseRef=-1
##$RECO_map_user_slope=1
##$RECO_map_user_offset=0
##$RecoNumInputChan=4
$$ @vis= RecoHalfFT RecoHalfFTPos RecoCorrPhase RecoCorrPhaseRef RecoMap
##$RecoScaleChan=( 4 )
0.879 1 0.712 0.737
##$RecoPhaseChan=( 4 )
0 0 0 0
##$RecoCombineMode=SumOfSquares
##$RecoSortDim=2
$$ @vis= RecoNumInputChan RecoScaleChan RecoPhaseChan RecoCombineMode
##$RecoSortSize=( 2 )
128 19
##$RecoSortRange=( 2 )
128 19
##$RecoSortSegment=( 2 )
2 0
##$RecoSortMaps=( 147 )
32 96 33 97 34 98 35 99 36 100 37 101 38 102 39 103 40 104 41 105 42 106 43 
107 44 108 45 109 46 110 47 111 48 112 49 113 50 114 51 115 52 116 53 117 54 
118 55 119 56 120 57 121 58 122 59 123 60 124 61 125 62 126 63 127 64 0 65 1 
66 2 67 3 68 4 69 5 70 6 71 7 72 8 73 9 74 10 75 11 76 12 77 13 78 14 79 15 
80 16 81 17 82 18 83 19 84 20 85 21 86 22 87 23 88 24 89 25 90 26 91 27 92 28 
93 29 94 30 95 31 0 2 4 6 8 10 12 14 16 18 1 3 5 7 9 11 13 15 17
$$ @vis= RecoSortDim RecoSortSize RecoSortRange RecoSortSegment RecoSortMaps
##$RecoGrappaAccelFactor=1
##$RecoGrappaKernelRead=0
##$RecoGrappaKernelPhase=0
##$RecoGrappaNumRefRead=0
##$RecoGrappaNumRefPhase=0
##$RecoGrappaIncludeRefLines=Yes
##$RecoGrappaReadCenter=0
##$RecoGrappaPhaseCenter=0
##$RecoGrappaTruncThresh=-1
##$RecoRegridN=Off
$$ @vis= RecoSortGroup RecoGrappaAccelFactor RecoGrappaGroup RecoRegridN
##$RecoStageNrPasses=4
##$RecoStagePasses=( 4 )
(<FIRSTPASS>, 0) (<FTPASS1>, 1) (<PREPPASS>, 2) (<MAPPASS>, 3)
##$RecoStageNrNodes=65
##$RecoStageNodes=( 65 )
(<merge>, 0, <RecoQueueSource 
Source0{queueId=0;nr=1;procDim=1;dim=2;sizes={256,14592}
;baseField=REAL;verbose=false;initOnce=true}>) (<merge>, 0, <RecoQueueSource 
Source1{queueId=1;nr=1;procDim=1;dim=2;sizes={256,14592}
;baseField=REAL;verbose=false;initOnce=true}>) (<merge>, 0, <RecoQueueSource 
Source2{queueId=2;nr=1;procDim=1;dim=2;sizes={256,14592}
;baseField=REAL;verbose=false;initOnce=true}>) (<merge>, 0, <RecoQueueSource 
Source3{queueId=3;nr=1;procDim=1;dim=2;sizes={256,14592}
;baseField=REAL;verbose=false;initOnce=true}>) (<merge>, 0, 
<RecoCombineFilter Combine{verbose=false;dim=1}>) (<merge>, 0, <RecoQueueSink 
Sink{verbose=false;initOnce=true;}>) (<input>, 0, <RecoFileSource 
Q{numChan=4;byteOrder=\<BYTORDA\>;contData=false;initFromACQP=true;}>) 
(<input>, 0, <RecoQueueSink S{initQueue=true;initOnce=true;}>) (<compute>, 0, 
<RecoQueueSource Q0{initFromACQP=true;initOnce=true;}>) (<compute>, 0, 
<RecoBufferSink S0{procDim=1;frameDim=2;bufferId="FIRSTPASS0";memId="out0"}>) 
(<compute>, 0, <RecoBufferSink 
S1{procDim=1;frameDim=2;bufferId="FIRSTPASS1";memId="out1"}>) (<compute>, 0, 
<RecoBufferSink S2{procDim=1;frameDim=2;bufferId="FIRSTPASS2";memId="out2"}>) 
(<compute>, 0, <RecoBufferSink 
S3{procDim=1;frameDim=2;bufferId="FIRSTPASS3";memId="out3"}>) (<compute>, 0, 
<RecoSplitFilter SP0{dim=1; keepBlocksize=1}>) (<compute>, 0, <RecoCastFilter 
CAST0{dataRep=FLOAT; wordSize=8}>) (<compute>, 0, <RecoFTShiftFilter 
FTS0{frameDim=2; winDirection=0; shift=\<RECO_rotate[0]\>; exponent=1}>) 
(<compute>, 0, <RecoFTFilter FT0{direction=0; exponent=1}>) (<compute>, 0, 
<RecoSortFilter REORD0{sortDim=\<RecoSortDim\>; sortSize=\<RecoSortSize\>; 
sortRange=\<RecoSortRange\>; sortSegment=\<RecoSortSegment\>; 
sortMaps=\<RecoSortMaps\>; frameDim = 2}>) (<compute>, 0, <RecoCastFilter 
CAST1{dataRep=FLOAT; wordSize=8}>) (<compute>, 0, <RecoFTShiftFilter 
FTS1{frameDim=2; winDirection=0; shift=\<RECO_rotate[0]\>; exponent=1}>) 
(<compute>, 0, <RecoFTFilter FT1{direction=0; exponent=1}>) (<compute>, 0, 
<RecoSortFilter REORD1{sortDim=\<RecoSortDim\>; sortSize=\<RecoSortSize\>; 
sortRange=\<RecoSortRange\>; sortSegment=\<RecoSortSegment\>; 
sortMaps=\<RecoSortMaps\>; frameDim = 2}>) (<compute>, 0, <RecoCastFilter 
CAST2{dataRep=FLOAT; wordSize=8}>) (<compute>, 0, <RecoFTShiftFilter 
FTS2{frameDim=2; winDirection=0; shift=\<RECO_rotate[0]\>; exponent=1}>) 
(<compute>, 0, <RecoFTFilter FT2{direction=0; exponent=1}>) (<compute>, 0, 
<RecoSortFilter REORD2{sortDim=\<RecoSortDim\>; sortSize=\<RecoSortSize\>; 
sortRange=\<RecoSortRange\>; sortSegment=\<RecoSortSegment\>; 
sortMaps=\<RecoSortMaps\>; frameDim = 2}>) (<compute>, 0, <RecoCastFilter 
CAST3{dataRep=FLOAT; wordSize=8}>) (<compute>, 0, <RecoFTShiftFilter 
FTS3{frameDim=2; winDirection=0; shift=\<RECO_rotate[0]\>; exponent=1}>) 
(<compute>, 0, <RecoFTFilter FT3{direction=0; exponent=1}>) (<compute>, 0, 
<RecoSortFilter REORD3{sortDim=\<RecoSortDim\>; sortSize=\<RecoSortSize\>; 
sortRange=\<RecoSortRange\>; sortSegment=\<RecoSortSegment\>; 
sortMaps=\<RecoSortMaps\>; frameDim = 2}>) (<compute>, 1, <RecoBufferSource 
Q0{procDim=1;frameDim=2;bufferId="FIRSTPASS0";memId="out0"}>) (<compute>, 1, 
<RecoBufferSource Q1{procDim=1;frameDim=2;bufferId="FIRSTPASS1";memId="out1"}>
) (<compute>, 1, <RecoBufferSource 
Q2{procDim=1;frameDim=2;bufferId="FIRSTPASS2";memId="out2"}>) (<compute>, 1, 
<RecoBufferSource Q3{procDim=1;frameDim=2;bufferId="FIRSTPASS3";memId="out3"}>
) (<compute>, 1, <RecoBufferSink 
S0{procDim=1;frameDim=2;bufferId="FTPASS10";memId="in0"}>) (<compute>, 1, 
<RecoBufferSink S1{procDim=1;frameDim=2;bufferId="FTPASS11";memId="in1"}>) 
(<compute>, 1, <RecoBufferSink 
S2{procDim=1;frameDim=2;bufferId="FTPASS12";memId="in2"}>) (<compute>, 1, 
<RecoBufferSink S3{procDim=1;frameDim=2;bufferId="FTPASS13";memId="in3"}>) 
(<compute>, 1, <RecoFTShiftFilter FTS0{frameDim=2; winDirection=1; 
shift=\<RECO_rotate[1]\>; exponent=1}>) (<compute>, 1, <RecoFTFilter 
FT0{direction=1;exponent=1;}>) (<compute>, 1, <RecoFTShiftFilter 
FTS1{frameDim=2; winDirection=1; shift=\<RECO_rotate[1]\>; exponent=1}>) 
(<compute>, 1, <RecoFTFilter FT1{direction=1;exponent=1;}>) (<compute>, 1, 
<RecoFTShiftFilter FTS2{frameDim=2; winDirection=1; shift=\<RECO_rotate[1]\>; 
exponent=1}>) (<compute>, 1, <RecoFTFilter FT2{direction=1;exponent=1;}>) 
(<compute>, 1, <RecoFTShiftFilter FTS3{frameDim=2; winDirection=1; 
shift=\<RECO_rotate[1]\>; exponent=1}>) (<compute>, 1, <RecoFTFilter 
FT3{direction=1;exponent=1;}>) (<compute>, 2, <RecoBufferSource 
Q0{procDim=2;frameDim=2;bufferId="FTPASS10";memId="in0"}>) (<compute>, 2, 
<RecoBufferSource Q1{procDim=2;frameDim=2;bufferId="FTPASS11";memId="in1"}>) 
(<compute>, 2, <RecoBufferSource 
Q2{procDim=2;frameDim=2;bufferId="FTPASS12";memId="in2"}>) (<compute>, 2, 
<RecoBufferSource Q3{procDim=2;frameDim=2;bufferId="FTPASS13";memId="in3"}>) 
(<compute>, 2, <RecoBufferSink 
S0{procDim=2;frameDim=2;bufferId="PREPPASS0";memId="out0"}>) (<compute>, 2, 
<RecoScaleFilter SCALE0{scaleFactor=\<RecoScaleChan[0]\>; 
phaseOffset=\<RecoPhaseChan[0]\>}>) (<compute>, 2, <RecoScaleFilter 
SCALE1{scaleFactor=\<RecoScaleChan[1]\>; phaseOffset=\<RecoPhaseChan[1]\>}>) 
(<compute>, 2, <RecoScaleFilter SCALE2{scaleFactor=\<RecoScaleChan[2]\>; 
phaseOffset=\<RecoPhaseChan[2]\>}>) (<compute>, 2, <RecoScaleFilter 
SCALE3{scaleFactor=\<RecoScaleChan[3]\>; phaseOffset=\<RecoPhaseChan[3]\>}>) 
(<compute>, 2, <RecoSumOfSquaresFilter SOS0>) (<compute>, 2, 
<RecoMagnitudeFilter G0>) (<compute>, 2, <RecoMinMaxFilter 
M0{map_min=\<RECO_map_min\>;map_max=\<RECO_map_max\>;}>) (<compute>, 3, 
<RecoBufferSource Q0{procDim=2;frameDim=2;bufferId="PREPPASS0";memId="out0"}>)
 (<compute>, 3, <RecoQueueSink S0>) (<compute>, 3, <RecoMapFilter 
MAP0{symmetricMode=true;minima=\<RECO_minima\>;maxima=\<RECO_maxima\>;slope=\<RECO_map_slope\>;offset=\<RECO_map_offset\>;map_min=\<RECO_map_min\>;map_max=\<RECO_map_max\>;rangeMin=-32766.500000;rangeMax=32766.500000;perObjectMode=false;cutoffMode=true;}>) (<compute>, 3, <RecoCastFilter CAST0{dataRep=SIGNED;wordSize=2}>) (<output>, 3, <RecoQueueSource Q{procDim=2;initFromRECO=true;initOnce=true;}>) (<output>, 3, <RecoImageDisplayFilter DISP{showAll=true;}>) (<output>, 3, <RecoFileSink S{writePars=true;shuffle=false;filename="2dseq";numChans=1;}>)
$$ @vis= RecoRegridNGroup RecoStageNrPasses RecoStagePasses RecoStageNrNodes
##$RecoStageNrEdges=55
##$RecoStageEdges=( 55 )
(<merge>, 0, <Source0-\>Combine>) (<merge>, 0, <Source1-\>Combine>) (<merge>, 
0, <Source2-\>Combine>) (<merge>, 0, <Source3-\>Combine>) (<merge>, 0, 
<Combine-\>Sink>) (<input>, 0, <Q-\>S>) (<compute>, 0, <Q0-\>SP0>) (<compute>,
 0, <SP0-\>CAST0>) (<compute>, 0, <SP0-\>CAST1>) (<compute>, 0, <SP0-\>CAST2>)
 (<compute>, 0, <SP0-\>CAST3>) (<compute>, 0, <CAST0-\>FTS0>) (<compute>, 0, 
<FTS0-\>FT0>) (<compute>, 0, <FT0-\>REORD0>) (<compute>, 0, <REORD0-\>S0>) 
(<compute>, 0, <CAST1-\>FTS1>) (<compute>, 0, <FTS1-\>FT1>) (<compute>, 0, 
<FT1-\>REORD1>) (<compute>, 0, <REORD1-\>S1>) (<compute>, 0, <CAST2-\>FTS2>) 
(<compute>, 0, <FTS2-\>FT2>) (<compute>, 0, <FT2-\>REORD2>) (<compute>, 0, 
<REORD2-\>S2>) (<compute>, 0, <CAST3-\>FTS3>) (<compute>, 0, <FTS3-\>FT3>) 
(<compute>, 0, <FT3-\>REORD3>) (<compute>, 0, <REORD3-\>S3>) (<compute>, 1, 
<Q0-\>FTS0>) (<compute>, 1, <Q1-\>FTS1>) (<compute>, 1, <Q2-\>FTS2>) 
(<compute>, 1, <Q3-\>FTS3>) (<compute>, 1, <FTS0-\>FT0>) (<compute>, 1, 
<FT0-\>S0>) (<compute>, 1, <FTS1-\>FT1>) (<compute>, 1, <FT1-\>S1>) (<compute>
, 1, <FTS2-\>FT2>) (<compute>, 1, <FT2-\>S2>) (<compute>, 1, <FTS3-\>FT3>) 
(<compute>, 1, <FT3-\>S3>) (<compute>, 2, <Q0-\>SCALE0>) (<compute>, 2, 
<Q1-\>SCALE1>) (<compute>, 2, <Q2-\>SCALE2>) (<compute>, 2, <Q3-\>SCALE3>) 
(<compute>, 2, <SCALE0-\>SOS0.0>) (<compute>, 2, <SCALE1-\>SOS0.1>) (<compute>
, 2, <SCALE2-\>SOS0.2>) (<compute>, 2, <SCALE3-\>SOS0.3>) (<compute>, 2, 
<SOS0-\>G0>) (<compute>, 2, <G0-\>M0>) (<compute>, 2, <M0-\>S0>) (<compute>, 
3, <Q0-\>MAP0>) (<compute>, 3, <MAP0-\>CAST0>) (<compute>, 3, <CAST0-\>S0>) 
(<output>, 3, <Q-\>DISP>) (<output>, 3, <DISP-\>S>)
$$ @vis= RecoStageNodes RecoStageNrEdges RecoStageEdges RecoStageGroup
##$GS_reco_display=Yes
##$GO_reco_display=Yes
##$GO_reco_each_nr=No
##$GO_max_reco_mem=0
$$ @vis= RecoModeUser GS_reco_display RECO_GS GO_reco_display GO_reco_each_nr
##$RecoPrototype=No
$$ @vis= GO_max_reco_mem RECO_GO RecoPrototype RECO
##END=
$$ File finished by PARX at 2023-06-06 15:14:25.159 +0200
