##TITLE=Parameter List, ParaVision 6.0.1
##JCAMPDX=4.24
##DATATYPE=Parameter Values
##ORIGIN=Bruker BioSpin MRI GmbH
##OWNER=nmr
$$ 2023-06-06 15:55:03.494 +0200  nmr@CZC7039C06
$$ /opt/PV6.0.1/data/nmr/20230606_141317_ML_21304_9_1_1/12/pdata/1/reco
$$ process /opt/PV6.0.1/prog/bin/parxserver
##$RECO_mode=USER_MODE
##$RecoAutoDerive=No
##$RecoDim=2
##$RecoObjectsPerRepetition=19
##$RecoObjectsPerSetupStep=76
$$ @vis= RECO_mode RecoAutoDerive RecoDim RecoObjectsPerRepetition
##$RecoNumRepetitions=1
##$RECO_inp_order=NO_REORDERING
##$RECO_inp_size=( 2 )
256 192
$$ @vis= RecoObjectsPerSetupStep RecoNumRepetitions RECO_inp_order
##$RECO_ft_size=( 2 )
256 256
##$RECO_fov=( 2 )
1.92 1.92
##$RECO_size=( 2 )
256 256
##$RECO_offset=( 2, 19 )
0 0 0 0 0 0 0 0 0 0 0 0 0 0 0 0 0 0 0 0 0 0 0 0 0 0 0 0 0 0 0 0 0 0 0 0 0 0
##$RECO_regrid_mode=NO_REGRID
##$RECO_regrid_offset=0
##$RECO_ramp_gap=0
##$RECO_ramp_time=0
##$RECO_ne_mode=NO_NAV_DATA
##$RECO_ne_dist=NeNoInterleave
##$RECO_ne_dens=NeCorrPerScan
##$RECO_ne_type=NAV_PHASE
##$RECO_bc_mode=( 2 )
NO_BC NO_BC
##$RECO_bc_start=( 2 )
192 144
##$RECO_bc_len=( 2 )
64 48
##$RECO_dc_offset=( 2 )
0 0
##$RECO_dc_divisor=1
##$RECO_bc_coroff=( 2 )
0 0
##$RECO_qopts=( 2 )
COMPLEX_CONJUGATE NO_QOPTS
##$RECO_wdw_mode=( 2 )
NO_WDW NO_WDW
$$ @vis= RECO_inp_size RECO_ft_size RECO_fov RECO_size RECO_ne_mode
##$RECO_lb=( 2 )
-0.5 -0.5
##$RECO_sw=( 2 )
100000 1
##$RECO_gb=( 2 )
0.5 0.5
##$RECO_sbs=( 2 )
1 1
##$RECO_tm1=( 2 )
0.25 0.25
##$RECO_tm2=( 2 )
0.75 0.75
##$RECO_ft_mode=( 2 )
COMPLEX_FT COMPLEX_FT
##$RECO_pc_mode=( 2 )
FIRST_ORDER_PC FIRST_ORDER_PC
##$RECO_pc_lin=( 2 )
(0, 180) (0, 180)
##$RECO_rotate=( 2, 19 )
0.5 0.5 0.5 0.5 0.5 0.5 0.5 0.5 0.5 0.5 0.5 0.5 0.5 0.5 0.5 0.5 0.5 0.5 0.5 
0.620423958333333 0.620423958333333 0.620423958333333 0.620423958333333 
0.620423958333333 0.620423958333333 0.620423958333333 0.620423958333333 
0.620423958333333 0.620423958333333 0.620423958333333 0.620423958333333 
0.620423958333333 0.620423958333333 0.620423958333333 0.620423958333333 
0.620423958333333 0.620423958333333 0.620423958333333
##$RECO_ppc_mode=NO_PPC
##$RECO_ref_image=0
##$RECO_nr_supports=0.4
##$RECO_sig_threshold=0.15
##$RECO_ppc_degree=1
##$RECO_ppc_coeffs=( 19, 2, 2 )
0 0 0 0 0 0 0 0 0 0 0 0 0 0 0 0 0 0 0 0 0 0 0 0 0 0 0 0 0 0 0 0 0 0 0 0 0 0 0 
0 0 0 0 0 0 0 0 0 0 0 0 0 0 0 0 0 0 0 0 0 0 0 0 0 0 0 0 0 0 0 0 0 0 0 0 0
##$RECO_dc_elim=Yes
##$RECO_transposition=( 19 )
0 0 0 0 0 0 0 0 0 0 0 0 0 0 0 0 0 0 0
$$ @vis= RECO_wdw_mode RECO_ft_mode RECO_pc_mode RECO_pc_lin RECO_rotate
##$RECO_image_type=MAGNITUDE_IMAGE
##$RECO_image_threshold=0.15
##$RECO_ir_scale=10
##$RECO_wordtype=_16BIT_SGN_INT
##$RECO_map_mode=ABSOLUTE_MAPPING
##$RECO_map_range=( 2 )
-2147483647 2147483647
##$RECO_map_percentile=( 2 )
1 99.99
##$RECO_map_error=0.0025
##$RECO_globex=( 19 )
0 0 0 0 0 0 0 0 0 0 0 0 0 0 0 0 0 0 0
##$RECO_minima=( 19 )
176.415676238682 185.372593080622 165.450920157298 157.068791577993 
156.167583428504 84.8332022435255 169.182668867125 135.933713861934 
167.589028595254 140.118192310845 125.600009401201 178.516129748571 
171.678100527975 142.679957668575 142.500259513192 160.982296506573 
115.250139344375 105.373360517209 172.488065698554
##$RECO_maxima=( 19 )
32377.1697706043 32766.5 28368.3942079861 27581.3362785533 23810.5968802351 
22776.9342635075 20015.5895693043 16186.820585846 16340.894445592 
15107.7410627275 15547.6334881612 16664.1822103703 17232.686725995 
19613.5596923653 20889.7394947149 19855.0942029424 20621.5709085646 
20666.768066506 24173.9218285713
##$RECO_map_min=( 19 )
-56.8965773032368 -56.8965773032368 -56.8965773032368 -56.8965773032368 
-56.8965773032368 -56.8965773032368 -56.8965773032368 -56.8965773032368 
-56.8965773032368 -56.8965773032368 -56.8965773032368 -56.8965773032368 
-56.8965773032368 -56.8965773032368 -56.8965773032368 -56.8965773032368 
-56.8965773032368 -56.8965773032368 -56.8965773032368
##$RECO_map_max=( 19 )
56.8965773032368 56.8965773032368 56.8965773032368 56.8965773032368 
56.8965773032368 56.8965773032368 56.8965773032368 56.8965773032368 
56.8965773032368 56.8965773032368 56.8965773032368 56.8965773032368 
56.8965773032368 56.8965773032368 56.8965773032368 56.8965773032368 
56.8965773032368 56.8965773032368 56.8965773032368
##$RECO_map_offset=( 19 )
0 0 0 0 0 0 0 0 0 0 0 0 0 0 0 0 0 0 0
##$RECO_map_slope=( 19 )
575.89580169941 575.89580169941 575.89580169941 575.89580169941 
575.89580169941 575.89580169941 575.89580169941 575.89580169941 
575.89580169941 575.89580169941 575.89580169941 575.89580169941 
575.89580169941 575.89580169941 575.89580169941 575.89580169941 
575.89580169941 575.89580169941 575.89580169941
##$RECO_byte_order=littleEndian
$$ @vis= RECO_transposition RECO_image_type RECO_wordtype RECO_map_mode
##$RECO_time=<2023-06-06T15:55:03,492+0200>
##$RECO_abs_time=(1686059703, 492, 120)
##$RECO_base_image_uid=( 65 )
<2.16.756.5.5.100.8323328.133829.1686059703.1>
##$RecoUserUpdate=Yes
##$RecoReverseSegment=0
##$RecoB0DemodOff=0
##$RecoB0DemodDelay=0
##$RecoFTOrder=( 2 )
0 1
##$RecoHalfFT=( 2 )
No No
$$ @vis= RECO_byte_order RecoUserUpdate RecoB0DemodOff RecoWindow RecoFTOrder
##$RecoHalfFTPos=( 2 )
128 96
##$RecoCorrPhase=RecoCorrPhaseOff
##$RecoCorrPhaseRef=-1
##$RECO_map_user_slope=1
##$RECO_map_user_offset=0
##$RecoNumInputChan=4
$$ @vis= RecoHalfFT RecoHalfFTPos RecoCorrPhase RecoCorrPhaseRef RecoMap
##$RecoScaleChan=( 4 )
0.879 1 0.712 0.737
##$RecoPhaseChan=( 4 )
0 0 0 0
##$RecoCombineMode=SumOfSquares
##$RecoSortDim=2
$$ @vis= RecoNumInputChan RecoScaleChan RecoPhaseChan RecoCombineMode
##$RecoSortSize=( 2 )
192 19
##$RecoSortRange=( 2 )
256 19
##$RecoSortSegment=( 2 )
4 0
##$RecoSortMaps=( 211 )
105 153 201 57 106 154 202 58 107 155 203 59 108 156 204 60 109 157 205 61 
110 158 206 62 111 159 207 63 112 160 208 64 113 161 209 65 114 162 210 66 
115 163 211 67 116 164 212 68 117 165 213 69 118 166 214 70 119 167 215 71 
120 168 216 72 121 169 217 73 122 170 218 74 123 171 219 75 124 172 220 76 
125 173 221 77 126 174 222 78 127 175 223 79 128 176 32 80 129 177 33 81 130 
178 34 82 131 179 35 83 132 180 36 84 133 181 37 85 134 182 38 86 135 183 39 
87 136 184 40 88 137 185 41 89 138 186 42 90 139 187 43 91 140 188 44 92 141 
189 45 93 142 190 46 94 143 191 47 95 144 192 48 96 145 193 49 97 146 194 50 
98 147 195 51 99 148 196 52 100 149 197 53 101 150 198 54 102 151 199 55 103 
152 200 56 104 0 2 4 6 8 10 12 14 16 18 1 3 5 7 9 11 13 15 17
$$ @vis= RecoSortDim RecoSortSize RecoSortRange RecoSortSegment RecoSortMaps
##$RecoGrappaAccelFactor=1
##$RecoGrappaKernelRead=0
##$RecoGrappaKernelPhase=0
##$RecoGrappaNumRefRead=0
##$RecoGrappaNumRefPhase=0
##$RecoGrappaIncludeRefLines=Yes
##$RecoGrappaReadCenter=0
##$RecoGrappaPhaseCenter=0
##$RecoGrappaTruncThresh=-1
##$RecoRegridN=Off
$$ @vis= RecoSortGroup RecoGrappaAccelFactor RecoGrappaGroup RecoRegridN
##$RecoStageNrPasses=4
##$RecoStagePasses=( 4 )
(<FIRSTPASS>, 0) (<FTPASS1>, 1) (<PREPPASS>, 2) (<MAPPASS>, 3)
##$RecoStageNrNodes=65
##$RecoStageNodes=( 65 )
(<merge>, 0, <RecoQueueSource 
Source0{queueId=0;nr=1;procDim=1;dim=2;sizes={512,10944}
;baseField=REAL;verbose=false;initOnce=true}>) (<merge>, 0, <RecoQueueSource 
Source1{queueId=1;nr=1;procDim=1;dim=2;sizes={512,10944}
;baseField=REAL;verbose=false;initOnce=true}>) (<merge>, 0, <RecoQueueSource 
Source2{queueId=2;nr=1;procDim=1;dim=2;sizes={512,10944}
;baseField=REAL;verbose=false;initOnce=true}>) (<merge>, 0, <RecoQueueSource 
Source3{queueId=3;nr=1;procDim=1;dim=2;sizes={512,10944}
;baseField=REAL;verbose=false;initOnce=true}>) (<merge>, 0, 
<RecoCombineFilter Combine{verbose=false;dim=1}>) (<merge>, 0, <RecoQueueSink 
Sink{verbose=false;initOnce=true;}>) (<input>, 0, <RecoFileSource 
Q{numChan=4;byteOrder=\<BYTORDA\>;contData=false;initFromACQP=true;}>) 
(<input>, 0, <RecoQueueSink S{initQueue=true;initOnce=true;}>) (<compute>, 0, 
<RecoQueueSource Q0{initFromACQP=true;initOnce=true;}>) (<compute>, 0, 
<RecoBufferSink S0{procDim=1;frameDim=2;bufferId="FIRSTPASS0";memId="out0"}>) 
(<compute>, 0, <RecoBufferSink 
S1{procDim=1;frameDim=2;bufferId="FIRSTPASS1";memId="out1"}>) (<compute>, 0, 
<RecoBufferSink S2{procDim=1;frameDim=2;bufferId="FIRSTPASS2";memId="out2"}>) 
(<compute>, 0, <RecoBufferSink 
S3{procDim=1;frameDim=2;bufferId="FIRSTPASS3";memId="out3"}>) (<compute>, 0, 
<RecoSplitFilter SP0{dim=1; keepBlocksize=1}>) (<compute>, 0, <RecoCastFilter 
CAST0{dataRep=FLOAT; wordSize=8}>) (<compute>, 0, <RecoFTShiftFilter 
FTS0{frameDim=2; winDirection=0; shift=\<RECO_rotate[0]\>; exponent=1}>) 
(<compute>, 0, <RecoFTFilter FT0{direction=0; exponent=1}>) (<compute>, 0, 
<RecoSortFilter REORD0{sortDim=\<RecoSortDim\>; sortSize=\<RecoSortSize\>; 
sortRange=\<RecoSortRange\>; sortSegment=\<RecoSortSegment\>; 
sortMaps=\<RecoSortMaps\>; frameDim = 2}>) (<compute>, 0, <RecoCastFilter 
CAST1{dataRep=FLOAT; wordSize=8}>) (<compute>, 0, <RecoFTShiftFilter 
FTS1{frameDim=2; winDirection=0; shift=\<RECO_rotate[0]\>; exponent=1}>) 
(<compute>, 0, <RecoFTFilter FT1{direction=0; exponent=1}>) (<compute>, 0, 
<RecoSortFilter REORD1{sortDim=\<RecoSortDim\>; sortSize=\<RecoSortSize\>; 
sortRange=\<RecoSortRange\>; sortSegment=\<RecoSortSegment\>; 
sortMaps=\<RecoSortMaps\>; frameDim = 2}>) (<compute>, 0, <RecoCastFilter 
CAST2{dataRep=FLOAT; wordSize=8}>) (<compute>, 0, <RecoFTShiftFilter 
FTS2{frameDim=2; winDirection=0; shift=\<RECO_rotate[0]\>; exponent=1}>) 
(<compute>, 0, <RecoFTFilter FT2{direction=0; exponent=1}>) (<compute>, 0, 
<RecoSortFilter REORD2{sortDim=\<RecoSortDim\>; sortSize=\<RecoSortSize\>; 
sortRange=\<RecoSortRange\>; sortSegment=\<RecoSortSegment\>; 
sortMaps=\<RecoSortMaps\>; frameDim = 2}>) (<compute>, 0, <RecoCastFilter 
CAST3{dataRep=FLOAT; wordSize=8}>) (<compute>, 0, <RecoFTShiftFilter 
FTS3{frameDim=2; winDirection=0; shift=\<RECO_rotate[0]\>; exponent=1}>) 
(<compute>, 0, <RecoFTFilter FT3{direction=0; exponent=1}>) (<compute>, 0, 
<RecoSortFilter REORD3{sortDim=\<RecoSortDim\>; sortSize=\<RecoSortSize\>; 
sortRange=\<RecoSortRange\>; sortSegment=\<RecoSortSegment\>; 
sortMaps=\<RecoSortMaps\>; frameDim = 2}>) (<compute>, 1, <RecoBufferSource 
Q0{procDim=1;frameDim=2;bufferId="FIRSTPASS0";memId="out0"}>) (<compute>, 1, 
<RecoBufferSource Q1{procDim=1;frameDim=2;bufferId="FIRSTPASS1";memId="out1"}>
) (<compute>, 1, <RecoBufferSource 
Q2{procDim=1;frameDim=2;bufferId="FIRSTPASS2";memId="out2"}>) (<compute>, 1, 
<RecoBufferSource Q3{procDim=1;frameDim=2;bufferId="FIRSTPASS3";memId="out3"}>
) (<compute>, 1, <RecoBufferSink 
S0{procDim=1;frameDim=2;bufferId="FTPASS10";memId="in0"}>) (<compute>, 1, 
<RecoBufferSink S1{procDim=1;frameDim=2;bufferId="FTPASS11";memId="in1"}>) 
(<compute>, 1, <RecoBufferSink 
S2{procDim=1;frameDim=2;bufferId="FTPASS12";memId="in2"}>) (<compute>, 1, 
<RecoBufferSink S3{procDim=1;frameDim=2;bufferId="FTPASS13";memId="in3"}>) 
(<compute>, 1, <RecoFTShiftFilter FTS0{frameDim=2; winDirection=1; 
shift=\<RECO_rotate[1]\>; exponent=1}>) (<compute>, 1, <RecoFTFilter 
FT0{direction=1;exponent=1;}>) (<compute>, 1, <RecoFTShiftFilter 
FTS1{frameDim=2; winDirection=1; shift=\<RECO_rotate[1]\>; exponent=1}>) 
(<compute>, 1, <RecoFTFilter FT1{direction=1;exponent=1;}>) (<compute>, 1, 
<RecoFTShiftFilter FTS2{frameDim=2; winDirection=1; shift=\<RECO_rotate[1]\>; 
exponent=1}>) (<compute>, 1, <RecoFTFilter FT2{direction=1;exponent=1;}>) 
(<compute>, 1, <RecoFTShiftFilter FTS3{frameDim=2; winDirection=1; 
shift=\<RECO_rotate[1]\>; exponent=1}>) (<compute>, 1, <RecoFTFilter 
FT3{direction=1;exponent=1;}>) (<compute>, 2, <RecoBufferSource 
Q0{procDim=2;frameDim=2;bufferId="FTPASS10";memId="in0"}>) (<compute>, 2, 
<RecoBufferSource Q1{procDim=2;frameDim=2;bufferId="FTPASS11";memId="in1"}>) 
(<compute>, 2, <RecoBufferSource 
Q2{procDim=2;frameDim=2;bufferId="FTPASS12";memId="in2"}>) (<compute>, 2, 
<RecoBufferSource Q3{procDim=2;frameDim=2;bufferId="FTPASS13";memId="in3"}>) 
(<compute>, 2, <RecoBufferSink 
S0{procDim=2;frameDim=2;bufferId="PREPPASS0";memId="out0"}>) (<compute>, 2, 
<RecoScaleFilter SCALE0{scaleFactor=\<RecoScaleChan[0]\>; 
phaseOffset=\<RecoPhaseChan[0]\>}>) (<compute>, 2, <RecoScaleFilter 
SCALE1{scaleFactor=\<RecoScaleChan[1]\>; phaseOffset=\<RecoPhaseChan[1]\>}>) 
(<compute>, 2, <RecoScaleFilter SCALE2{scaleFactor=\<RecoScaleChan[2]\>; 
phaseOffset=\<RecoPhaseChan[2]\>}>) (<compute>, 2, <RecoScaleFilter 
SCALE3{scaleFactor=\<RecoScaleChan[3]\>; phaseOffset=\<RecoPhaseChan[3]\>}>) 
(<compute>, 2, <RecoSumOfSquaresFilter SOS0>) (<compute>, 2, 
<RecoMagnitudeFilter G0>) (<compute>, 2, <RecoMinMaxFilter 
M0{map_min=\<RECO_map_min\>;map_max=\<RECO_map_max\>;}>) (<compute>, 3, 
<RecoBufferSource Q0{procDim=2;frameDim=2;bufferId="PREPPASS0";memId="out0"}>)
 (<compute>, 3, <RecoQueueSink S0>) (<compute>, 3, <RecoMapFilter 
MAP0{symmetricMode=true;minima=\<RECO_minima\>;maxima=\<RECO_maxima\>;slope=\<RECO_map_slope\>;offset=\<RECO_map_offset\>;map_min=\<RECO_map_min\>;map_max=\<RECO_map_max\>;rangeMin=-32766.500000;rangeMax=32766.500000;perObjectMode=false;cutoffMode=true;}>) (<compute>, 3, <RecoCastFilter CAST0{dataRep=SIGNED;wordSize=2}>) (<output>, 3, <RecoQueueSource Q{procDim=2;initFromRECO=true;initOnce=true;}>) (<output>, 3, <RecoImageDisplayFilter DISP{showAll=true;}>) (<output>, 3, <RecoFileSink S{writePars=true;shuffle=false;filename="2dseq";numChans=1;}>)
$$ @vis= RecoRegridNGroup RecoStageNrPasses RecoStagePasses RecoStageNrNodes
##$RecoStageNrEdges=55
##$RecoStageEdges=( 55 )
(<merge>, 0, <Source0-\>Combine>) (<merge>, 0, <Source1-\>Combine>) (<merge>, 
0, <Source2-\>Combine>) (<merge>, 0, <Source3-\>Combine>) (<merge>, 0, 
<Combine-\>Sink>) (<input>, 0, <Q-\>S>) (<compute>, 0, <Q0-\>SP0>) (<compute>,
 0, <SP0-\>CAST0>) (<compute>, 0, <SP0-\>CAST1>) (<compute>, 0, <SP0-\>CAST2>)
 (<compute>, 0, <SP0-\>CAST3>) (<compute>, 0, <CAST0-\>FTS0>) (<compute>, 0, 
<FTS0-\>FT0>) (<compute>, 0, <FT0-\>REORD0>) (<compute>, 0, <REORD0-\>S0>) 
(<compute>, 0, <CAST1-\>FTS1>) (<compute>, 0, <FTS1-\>FT1>) (<compute>, 0, 
<FT1-\>REORD1>) (<compute>, 0, <REORD1-\>S1>) (<compute>, 0, <CAST2-\>FTS2>) 
(<compute>, 0, <FTS2-\>FT2>) (<compute>, 0, <FT2-\>REORD2>) (<compute>, 0, 
<REORD2-\>S2>) (<compute>, 0, <CAST3-\>FTS3>) (<compute>, 0, <FTS3-\>FT3>) 
(<compute>, 0, <FT3-\>REORD3>) (<compute>, 0, <REORD3-\>S3>) (<compute>, 1, 
<Q0-\>FTS0>) (<compute>, 1, <Q1-\>FTS1>) (<compute>, 1, <Q2-\>FTS2>) 
(<compute>, 1, <Q3-\>FTS3>) (<compute>, 1, <FTS0-\>FT0>) (<compute>, 1, 
<FT0-\>S0>) (<compute>, 1, <FTS1-\>FT1>) (<compute>, 1, <FT1-\>S1>) (<compute>
, 1, <FTS2-\>FT2>) (<compute>, 1, <FT2-\>S2>) (<compute>, 1, <FTS3-\>FT3>) 
(<compute>, 1, <FT3-\>S3>) (<compute>, 2, <Q0-\>SCALE0>) (<compute>, 2, 
<Q1-\>SCALE1>) (<compute>, 2, <Q2-\>SCALE2>) (<compute>, 2, <Q3-\>SCALE3>) 
(<compute>, 2, <SCALE0-\>SOS0.0>) (<compute>, 2, <SCALE1-\>SOS0.1>) (<compute>
, 2, <SCALE2-\>SOS0.2>) (<compute>, 2, <SCALE3-\>SOS0.3>) (<compute>, 2, 
<SOS0-\>G0>) (<compute>, 2, <G0-\>M0>) (<compute>, 2, <M0-\>S0>) (<compute>, 
3, <Q0-\>MAP0>) (<compute>, 3, <MAP0-\>CAST0>) (<compute>, 3, <CAST0-\>S0>) 
(<output>, 3, <Q-\>DISP>) (<output>, 3, <DISP-\>S>)
$$ @vis= RecoStageNodes RecoStageNrEdges RecoStageEdges RecoStageGroup
##$GS_reco_display=Yes
##$GO_reco_display=Yes
##$GO_reco_each_nr=No
##$GO_max_reco_mem=0
$$ @vis= RecoModeUser GS_reco_display RECO_GS GO_reco_display GO_reco_each_nr
##$RecoPrototype=No
$$ @vis= GO_max_reco_mem RECO_GO RecoPrototype RECO
##END=
$$ File finished by PARX at 2023-06-06 15:55:03.495 +0200
